{
  "bids_meta": {
    "AcquisitionDateTime": "1800-01-01T13:49:33",
    "BodyPartExamined": "BRAIN",
    "ConversionSoftware": "dcm2nii",
    "ConversionSoftwareVersion": "6-2013",
    "EchoTime": 0.00368,
    "FlipAngle": 12.0,
    "ImageType": "ORIGINAL_PRIMARY_OTHER",
    "InversionTime": 0.65,
    "MagneticFieldStrength": 3.0,
    "Manufacturer": "GE MEDICAL SYSTEMS",
    "ProcedureStepDescription": "Mattfeld_WMAZE",
    "ProtocolName": "Mattfeld_WMAZE",
    "RepetitionTime": 0.009184,
    "ScanningSequence": "G_R",
    "SequenceVariant": "SS_SK",
    "dataset": "ds002149",
    "modality": "T1w",
    "run_id": 1,
    "subject_id": "023"
  },
  "cjv": 0.4283504880610331,
  "cnr": 3.2509260036222853,
  "efc": 0.4682970265191779,
  "fber": 14465.414434911325,
  "fwhm_avg": 3.730676666666666,
  "fwhm_x": 3.62894,
  "fwhm_y": 3.95824,
  "fwhm_z": 3.60485,
  "icvs_csf": 0.17075176119784177,
  "icvs_gm": 0.40963776120827444,
  "icvs_wm": 0.4196104775938838,
  "inu_med": 0.8455269932746887,
  "inu_range": 0.30007824003696426,
  "provenance": {
    "md5sum": "6c1b4f73ecb9d863d445d1d37ac94b21",
    "settings": {
      "testing": false
    },
    "software": "mriqc",
    "version": "22.0.1",
    "warnings": {
      "large_rot_frame": true,
      "small_air_mask": false
    },
    "webapi_port": null,
    "webapi_url": "https://mriqc.nimh.nih.gov/api/v1"
  },
  "qi_1": 0.0023072734814989135,
  "qi_2": 0.0010455488031517028,
  "rpve_csf": 34.80861680607165,
  "rpve_gm": 14.94645825000559,
  "rpve_wm": 16.714541880039373,
  "size_x": 186,
  "size_y": 256,
  "size_z": 256,
  "snr_csf": 2.6751449552946673,
  "snr_gm": 17.73438146834626,
  "snr_total": 13.025429121078721,
  "snr_wm": 18.666760939595232,
  "snrd_csf": 25.52447796702971,
  "snrd_gm": 59.32467980208467,
  "snrd_total": 53.90459151568049,
  "snrd_wm": 76.86461677792707,
  "spacing_x": 1.0,
  "spacing_y": 1.0,
  "spacing_z": 1.0,
  "summary_bg_k": 64.22666882963733,
  "summary_bg_mad": 8.523817398637995,
  "summary_bg_mean": 8.491170228366254,
  "summary_bg_median": 5.7492274679243565,
  "summary_bg_n": 3418711.0,
  "summary_bg_p05": 0.0,
  "summary_bg_p95": 33.36545883119106,
  "summary_bg_stdv": 12.77816991091606,
  "summary_csf_k": 4.422474730668533,
  "summary_csf_mad": 96.22552242508674,
  "summary_csf_mean": 324.64429066985593,
  "summary_csf_median": 332.0926594622433,
  "summary_csf_n": 21597.0,
  "summary_csf_p05": 87.8867454431951,
  "summary_csf_p95": 521.4981336280704,
  "summary_csf_stdv": 124.13718752625516,
  "summary_gm_k": 0.07323934121996745,
  "summary_gm_mad": 43.60449940921749,
  "summary_gm_mean": 771.3571046550801,
  "summary_gm_median": 771.8587119653821,
  "summary_gm_n": 28200.0,
  "summary_gm_p05": 699.5114969499409,
  "summary_gm_p95": 842.182065981999,
  "summary_gm_stdv": 43.52252305971598,
  "summary_wm_k": 0.2606697430775182,
  "summary_wm_mad": 54.148412260711886,
  "summary_wm_mean": 1005.5183424379386,
  "summary_wm_median": 1000.0664866603911,
  "summary_wm_n": 197746.0,
  "summary_wm_p05": 929.7796884253621,
  "summary_wm_p95": 1103.5525810830295,
  "summary_wm_stdv": 53.57458432285557,
  "tpm_overlap_csf": 0.14620852636544965,
  "tpm_overlap_gm": 0.4571365866197025,
  "tpm_overlap_wm": 0.48686293338847575,
  "wm2max": 0.5431851410624357
}