{
  "aor": 0.0006645,
  "aqi": 0.0019534955,
  "bids_meta": {
    "AcquisitionDateTime": "1800-01-01T16:19:05",
    "BodyPartExamined": "BRAIN",
    "ConversionSoftware": "dcm2nii",
    "ConversionSoftwareVersion": "6-2013",
    "EchoTime": 0.025,
    "FlipAngle": 75.0,
    "ImageType": "ORIGINAL_PRIMARY_EPI_NONE",
    "MagneticFieldStrength": 3.0,
    "Manufacturer": "GE MEDICAL SYSTEMS",
    "ProcedureStepDescription": "Mattfeld_WMAZE",
    "ProtocolName": "Mattfeld_WMAZE",
    "RepetitionTime": 2.0,
    "ScanningSequence": "EP_GR",
    "SequenceVariant": "S_S",
    "SliceTiming": [
      0.0,
      1.0,
      0.047619047619047616,
      1.0476190476190477,
      0.09523809523809523,
      1.0952380952380953,
      0.14285714285714285,
      1.1428571428571428,
      0.19047619047619047,
      1.1904761904761905,
      0.23809523809523808,
      1.2380952380952381,
      0.2857142857142857,
      1.2857142857142858,
      0.3333333333333333,
      1.3333333333333333,
      0.38095238095238093,
      1.380952380952381,
      0.42857142857142855,
      1.4285714285714286,
      0.47619047619047616,
      1.4761904761904763,
      0.5238095238095238,
      1.5238095238095237,
      0.5714285714285714,
      1.5714285714285714,
      0.6190476190476191,
      1.619047619047619,
      0.6666666666666666,
      1.6666666666666667,
      0.7142857142857143,
      1.7142857142857142,
      0.7619047619047619,
      1.7619047619047619,
      0.8095238095238095,
      1.8095238095238095,
      0.8571428571428571,
      1.8571428571428572,
      0.9047619047619048,
      1.9047619047619047,
      0.9523809523809523,
      1.9523809523809523
    ],
    "TaskName": "conditional visual associative learning task",
    "dataset": "ds002149",
    "modality": "bold",
    "run_id": 1,
    "subject_id": "022",
    "task_id": "condassoc"
  },
  "dummy_trs": 0,
  "dvars_nstd": 15.823557024472363,
  "dvars_std": 1.110398748241206,
  "dvars_vstd": 0.9641749373366838,
  "efc": 0.41279805699558336,
  "fber": 58436.484375,
  "fd_mean": 0.06760755400768247,
  "fd_num": 5,
  "fd_perc": 2.5,
  "fwhm_avg": 3.1588987910291677,
  "fwhm_x": 3.067008,
  "fwhm_y": 3.3602040000000004,
  "fwhm_z": 3.0494843730875014,
  "gcor": 0.0287147,
  "gsr_x": -0.029578179121017456,
  "gsr_y": 0.021774867549538612,
  "provenance": {
    "md5sum": "e50e631bd6688738a64ba3321f41eaa2",
    "settings": {
      "fd_thres": 0.2,
      "testing": false
    },
    "software": "mriqc",
    "version": "22.0.1",
    "webapi_port": null,
    "webapi_url": "https://mriqc.nimh.nih.gov/api/v1"
  },
  "size_t": 200,
  "size_x": 96,
  "size_y": 96,
  "size_z": 42,
  "snr": 3.8521141608813667,
  "spacing_tr": 2.0,
  "spacing_x": 2.5,
  "spacing_y": 2.5,
  "spacing_z": 2.9996349811553955,
  "summary_bg_k": 40.204339917963054,
  "summary_bg_mad": 11.171407401842586,
  "summary_bg_mean": 62.2776985168457,
  "summary_bg_median": 7.989999771118164,
  "summary_bg_n": 276502.0,
  "summary_bg_p05": 0.08500000089406967,
  "summary_bg_p95": 340.6945068359376,
  "summary_bg_stdv": 172.6324005126953,
  "summary_fg_k": 1.3569838029947379,
  "summary_fg_mad": 412.76762420384455,
  "summary_fg_mean": 1998.5936279296875,
  "summary_fg_median": 1931.572509765625,
  "summary_fg_n": 52668.0,
  "summary_fg_p05": 1298.4292602539062,
  "summary_fg_p95": 2930.803100585937,
  "summary_fg_stdv": 501.4270324707031,
  "tsnr": 96.01018071407452
}