{
  "aor": 0.00089375,
  "aqi": 0.0036095354000000002,
  "bids_meta": {
    "AcquisitionDateTime": "1800-01-01T16:50:57",
    "BodyPartExamined": "BRAIN",
    "ConversionSoftware": "dcm2nii",
    "ConversionSoftwareVersion": "6-2013",
    "EchoTime": 0.025,
    "FlipAngle": 75.0,
    "ImageType": "ORIGINAL_PRIMARY_EPI_NONE",
    "MagneticFieldStrength": 3.0,
    "Manufacturer": "GE MEDICAL SYSTEMS",
    "ProcedureStepDescription": "Mattfeld_WMAZE",
    "ProtocolName": "Mattfeld_WMAZE",
    "RepetitionTime": 2.0,
    "ScanningSequence": "EP_GR",
    "SequenceVariant": "S_S",
    "SliceTiming": [
      0.0,
      1.0,
      0.047619047619047616,
      1.0476190476190477,
      0.09523809523809523,
      1.0952380952380953,
      0.14285714285714285,
      1.1428571428571428,
      0.19047619047619047,
      1.1904761904761905,
      0.23809523809523808,
      1.2380952380952381,
      0.2857142857142857,
      1.2857142857142858,
      0.3333333333333333,
      1.3333333333333333,
      0.38095238095238093,
      1.380952380952381,
      0.42857142857142855,
      1.4285714285714286,
      0.47619047619047616,
      1.4761904761904763,
      0.5238095238095238,
      1.5238095238095237,
      0.5714285714285714,
      1.5714285714285714,
      0.6190476190476191,
      1.619047619047619,
      0.6666666666666666,
      1.6666666666666667,
      0.7142857142857143,
      1.7142857142857142,
      0.7619047619047619,
      1.7619047619047619,
      0.8095238095238095,
      1.8095238095238095,
      0.8571428571428571,
      1.8571428571428572,
      0.9047619047619048,
      1.9047619047619047,
      0.9523809523809523,
      1.9523809523809523
    ],
    "TaskName": "conditional visual associative learning task",
    "dataset": "ds002149",
    "modality": "bold",
    "run_id": 5,
    "subject_id": "022",
    "task_id": "condassoc"
  },
  "dummy_trs": 0,
  "dvars_nstd": 16.10047751080403,
  "dvars_std": 1.0399862590452258,
  "dvars_vstd": 0.9237377458793965,
  "efc": 0.4137460632462908,
  "fber": 55526.15625,
  "fd_mean": 0.07260380701282369,
  "fd_num": 6,
  "fd_perc": 3.0,
  "fwhm_avg": 3.174376138153779,
  "fwhm_x": 3.083064,
  "fwhm_y": 3.39024,
  "fwhm_z": 3.049824414461338,
  "gcor": 0.0268344,
  "gsr_x": -0.02917868085205555,
  "gsr_y": 0.02135600335896015,
  "provenance": {
    "md5sum": "9a6eb47bbf59852e42427c4acfd1e891",
    "settings": {
      "fd_thres": 0.2,
      "testing": false
    },
    "software": "mriqc",
    "version": "22.0.1",
    "webapi_port": null,
    "webapi_url": "https://mriqc.nimh.nih.gov/api/v1"
  },
  "size_t": 200,
  "size_x": 96,
  "size_y": 96,
  "size_z": 42,
  "snr": 3.79610621798226,
  "spacing_tr": 2.0,
  "spacing_x": 2.5,
  "spacing_y": 2.5,
  "spacing_z": 2.9996349811553955,
  "summary_bg_k": 40.07162075297877,
  "summary_bg_mad": 11.40121043818343,
  "summary_bg_mean": 64.0776138305664,
  "summary_bg_median": 8.1899995803833,
  "summary_bg_n": 276536.0,
  "summary_bg_p05": 0.10499999672174454,
  "summary_bg_p95": 352.1112518310547,
  "summary_bg_stdv": 178.41729736328125,
  "summary_fg_k": 1.517174028674419,
  "summary_fg_mad": 415.03966866809253,
  "summary_fg_mean": 2005.3831787109375,
  "summary_fg_median": 1934.594970703125,
  "summary_fg_n": 52694.0,
  "summary_fg_p05": 1301.7615112304688,
  "summary_fg_p95": 2952.5309448242188,
  "summary_fg_stdv": 509.6213073730469,
  "tsnr": 74.81143068685196
}