{
  "aor": 0.0027193000000000004,
  "aqi": 0.002096165795,
  "bids_meta": {
    "AcquisitionDateTime": "1800-01-01T16:58:51",
    "BodyPartExamined": "BRAIN",
    "ConversionSoftware": "dcm2nii",
    "ConversionSoftwareVersion": "6-2013",
    "EchoTime": 0.025,
    "FlipAngle": 75.0,
    "ImageType": "ORIGINAL_PRIMARY_EPI_NONE",
    "MagneticFieldStrength": 3.0,
    "Manufacturer": "GE MEDICAL SYSTEMS",
    "ProcedureStepDescription": "Mattfeld_WMAZE",
    "ProtocolName": "Mattfeld_WMAZE",
    "RepetitionTime": 2.0,
    "ScanningSequence": "EP_GR",
    "SequenceVariant": "S_S",
    "SliceTiming": [
      0.0,
      1.0,
      0.047619047619047616,
      1.0476190476190477,
      0.09523809523809523,
      1.0952380952380953,
      0.14285714285714285,
      1.1428571428571428,
      0.19047619047619047,
      1.1904761904761905,
      0.23809523809523808,
      1.2380952380952381,
      0.2857142857142857,
      1.2857142857142858,
      0.3333333333333333,
      1.3333333333333333,
      0.38095238095238093,
      1.380952380952381,
      0.42857142857142855,
      1.4285714285714286,
      0.47619047619047616,
      1.4761904761904763,
      0.5238095238095238,
      1.5238095238095237,
      0.5714285714285714,
      1.5714285714285714,
      0.6190476190476191,
      1.619047619047619,
      0.6666666666666666,
      1.6666666666666667,
      0.7142857142857143,
      1.7142857142857142,
      0.7619047619047619,
      1.7619047619047619,
      0.8095238095238095,
      1.8095238095238095,
      0.8571428571428571,
      1.8571428571428572,
      0.9047619047619048,
      1.9047619047619047,
      0.9523809523809523,
      1.9523809523809523
    ],
    "TaskName": "conditional visual associative learning task",
    "dataset": "ds002149",
    "modality": "bold",
    "run_id": 6,
    "subject_id": "022",
    "task_id": "condassoc"
  },
  "dummy_trs": 0,
  "dvars_nstd": 15.509783260552755,
  "dvars_std": 1.1416708215075382,
  "dvars_vstd": 1.013254344572865,
  "efc": 0.4150233082280212,
  "fber": 54341.08203125,
  "fd_mean": 0.06803380370219833,
  "fd_num": 7,
  "fd_perc": 3.5,
  "fwhm_avg": 3.1612823963414933,
  "fwhm_x": 3.070252,
  "fwhm_y": 3.3628839999999998,
  "fwhm_z": 3.0507111890244802,
  "gcor": 0.0205203,
  "gsr_x": -0.029533671215176582,
  "gsr_y": 0.0221098605543375,
  "provenance": {
    "md5sum": "0ff21613a51cad85d91ce0fcb9809392",
    "settings": {
      "fd_thres": 0.2,
      "testing": false
    },
    "software": "mriqc",
    "version": "22.0.1",
    "webapi_port": null,
    "webapi_url": "https://mriqc.nimh.nih.gov/api/v1"
  },
  "size_t": 200,
  "size_x": 96,
  "size_y": 96,
  "size_z": 42,
  "snr": 3.8057369433509054,
  "spacing_tr": 2.0,
  "spacing_x": 2.5,
  "spacing_y": 2.5,
  "spacing_z": 2.9996349811553955,
  "summary_bg_k": 39.72528233261206,
  "summary_bg_mad": 11.549470386087057,
  "summary_bg_mean": 65.20822143554688,
  "summary_bg_median": 8.264999389648438,
  "summary_bg_n": 276327.0,
  "summary_bg_p05": 0.09999999403953552,
  "summary_bg_p95": 359.62349853515633,
  "summary_bg_stdv": 180.83663940429688,
  "summary_fg_k": 1.4851225391789393,
  "summary_fg_mad": 414.92103515317183,
  "summary_fg_mean": 2001.9154052734375,
  "summary_fg_median": 1932.2249755859375,
  "summary_fg_n": 52928.0,
  "summary_fg_p05": 1301.0792053222656,
  "summary_fg_p95": 2942.722473144531,
  "summary_fg_stdv": 507.7089538574219,
  "tsnr": 95.56079168617725
}