{
  "bids_meta": {
    "AcquisitionDateTime": "2015-11-12T16:02:02",
    "BodyPartExamined": "BRAIN",
    "ConversionSoftware": "dcm2nii",
    "ConversionSoftwareVersion": "6-2013",
    "EchoTime": 0.00368,
    "FlipAngle": 12.0,
    "ImageType": "ORIGINAL_PRIMARY_OTHER",
    "InversionTime": 0.65,
    "MagneticFieldStrength": 3.0,
    "Manufacturer": "GE MEDICAL SYSTEMS",
    "ProcedureStepDescription": "Mattfeld_WMAZE",
    "ProtocolName": "Mattfeld_WMAZE",
    "RepetitionTime": 0.009184,
    "ScanningSequence": "G_R",
    "SequenceVariant": "SS_SK",
    "dataset": "ds002149",
    "modality": "T1w",
    "run_id": 1,
    "subject_id": "026"
  },
  "cjv": 0.30066034518385854,
  "cnr": 4.422600511318609,
  "efc": 0.6765569992960079,
  "fber": 44685.26234567902,
  "fwhm_avg": 4.432243333333333,
  "fwhm_x": 4.51035,
  "fwhm_y": 4.62685,
  "fwhm_z": 4.15953,
  "icvs_csf": 0.16201277622372018,
  "icvs_gm": 0.46679319227350297,
  "icvs_wm": 0.3711940315027769,
  "inu_med": 0.28263725340366364,
  "inu_range": 0.05917771607637404,
  "provenance": {
    "md5sum": "7c8190b6219e13c4eb8a05a86208eff2",
    "settings": {
      "testing": false
    },
    "software": "mriqc",
    "version": "22.0.1",
    "warnings": {
      "large_rot_frame": true,
      "small_air_mask": false
    },
    "webapi_port": null,
    "webapi_url": "https://mriqc.nimh.nih.gov/api/v1"
  },
  "qi_1": 0.0,
  "qi_2": 0.002949002250187564,
  "rpve_csf": 29.919474836966856,
  "rpve_gm": 11.880410193795923,
  "rpve_wm": 16.64025215353642,
  "size_x": 186,
  "size_y": 256,
  "size_z": 256,
  "snr_csf": 2.789364696073958,
  "snr_gm": 16.172387304914093,
  "snr_total": 16.083564571725276,
  "snr_wm": 29.28894171418778,
  "snrd_csf": 18.056953633696388,
  "snrd_gm": 40.470672242964866,
  "snrd_total": 37.699030468219014,
  "snrd_wm": 54.569465527995796,
  "spacing_x": 1.0,
  "spacing_y": 1.0,
  "spacing_z": 1.0,
  "summary_bg_k": 2.9188748969239384,
  "summary_bg_mad": 0.0,
  "summary_bg_mean": 7.538057044902026,
  "summary_bg_median": 0.0,
  "summary_bg_n": 906169.0,
  "summary_bg_p05": 0.0,
  "summary_bg_p95": 33.9976543597877,
  "summary_bg_stdv": 12.005548797038609,
  "summary_csf_k": 0.04295073897218327,
  "summary_csf_mad": 103.43943398964821,
  "summary_csf_mean": 318.0852401359279,
  "summary_csf_median": 330.8984785079956,
  "summary_csf_n": 25115.0,
  "summary_csf_p05": 95.43090477101505,
  "summary_csf_p95": 512.4086786147207,
  "summary_csf_stdv": 118.62625609402951,
  "summary_gm_k": 0.1304958095078712,
  "summary_gm_mad": 45.235254415981444,
  "summary_gm_mean": 742.7910659122107,
  "summary_gm_median": 741.6358340978622,
  "summary_gm_n": 73169.0,
  "summary_gm_p05": 669.672629378736,
  "summary_gm_p95": 819.9116006344557,
  "summary_gm_stdv": 45.85784103070475,
  "summary_wm_k": 0.6685802362887228,
  "summary_wm_mad": 32.4445962707729,
  "summary_wm_mean": 1000.6214441857283,
  "summary_wm_median": 999.9999713413417,
  "summary_wm_n": 255790.0,
  "summary_wm_p05": 945.7119397111237,
  "summary_wm_p95": 1056.8731473349035,
  "summary_wm_stdv": 34.14251106678234,
  "tpm_overlap_csf": 0.1459488716815494,
  "tpm_overlap_gm": 0.4763939039816409,
  "tpm_overlap_wm": 0.5143022475174465,
  "wm2max": 0.6546173675200221
}