{
  "aor": 0.00062595,
  "aqi": 0.0027089804,
  "bids_meta": {
    "AcquisitionDateTime": "2015-11-12T16:55:52",
    "BodyPartExamined": "BRAIN",
    "ConversionSoftware": "dcm2nii",
    "ConversionSoftwareVersion": "6-2013",
    "EchoTime": 0.025,
    "FlipAngle": 75.0,
    "ImageType": "ORIGINAL_PRIMARY_EPI_NONE",
    "MagneticFieldStrength": 3.0,
    "Manufacturer": "GE MEDICAL SYSTEMS",
    "ProcedureStepDescription": "Mattfeld_WMAZE",
    "ProtocolName": "Mattfeld_WMAZE",
    "RepetitionTime": 2.0,
    "ScanningSequence": "EP_GR",
    "SequenceVariant": "S_S",
    "SliceTiming": [
      0.0,
      1.0,
      0.047619047619047616,
      1.0476190476190477,
      0.09523809523809523,
      1.0952380952380953,
      0.14285714285714285,
      1.1428571428571428,
      0.19047619047619047,
      1.1904761904761905,
      0.23809523809523808,
      1.2380952380952381,
      0.2857142857142857,
      1.2857142857142858,
      0.3333333333333333,
      1.3333333333333333,
      0.38095238095238093,
      1.380952380952381,
      0.42857142857142855,
      1.4285714285714286,
      0.47619047619047616,
      1.4761904761904763,
      0.5238095238095238,
      1.5238095238095237,
      0.5714285714285714,
      1.5714285714285714,
      0.6190476190476191,
      1.619047619047619,
      0.6666666666666666,
      1.6666666666666667,
      0.7142857142857143,
      1.7142857142857142,
      0.7619047619047619,
      1.7619047619047619,
      0.8095238095238095,
      1.8095238095238095,
      0.8571428571428571,
      1.8571428571428572,
      0.9047619047619048,
      1.9047619047619047,
      0.9523809523809523,
      1.9523809523809523
    ],
    "TaskName": "conditional visual associative learning task",
    "dataset": "ds002149",
    "modality": "bold",
    "run_id": 6,
    "subject_id": "026",
    "task_id": "condassoc"
  },
  "dummy_trs": 0,
  "dvars_nstd": 15.883104894623125,
  "dvars_std": 1.0688704653768841,
  "dvars_vstd": 0.9470968521608035,
  "efc": 0.4472531723146226,
  "fber": 64291.3671875,
  "fd_mean": 0.04212035520721022,
  "fd_num": 0,
  "fd_perc": 0.0,
  "fwhm_avg": 3.231022051490696,
  "fwhm_x": 3.160196,
  "fwhm_y": 3.4382996720981915,
  "fwhm_z": 3.094570482373897,
  "gcor": 0.0146718,
  "gsr_x": -0.018301166594028473,
  "gsr_y": 0.029800595715641975,
  "provenance": {
    "md5sum": "16ed1cf37e60e7f399a4d7ae009ef739",
    "settings": {
      "fd_thres": 0.2,
      "testing": false
    },
    "software": "mriqc",
    "version": "22.0.1",
    "webapi_port": null,
    "webapi_url": "https://mriqc.nimh.nih.gov/api/v1"
  },
  "size_t": 200,
  "size_x": 96,
  "size_y": 96,
  "size_z": 42,
  "snr": 3.535778893517015,
  "spacing_tr": 2.0,
  "spacing_x": 2.5,
  "spacing_y": 2.500000238418579,
  "spacing_z": 3.000267744064331,
  "summary_bg_k": 27.0590525264668,
  "summary_bg_mad": 11.067625124596624,
  "summary_bg_mean": 62.30461120605469,
  "summary_bg_median": 7.819999694824219,
  "summary_bg_n": 258898.0,
  "summary_bg_p05": 0.06499999761581421,
  "summary_bg_p95": 359.1015029907226,
  "summary_bg_stdv": 170.41452026367188,
  "summary_fg_k": 1.4458963280829948,
  "summary_fg_mad": 460.8706640421618,
  "summary_fg_mean": 2091.84423828125,
  "summary_fg_median": 1988.419921875,
  "summary_fg_n": 67390.0,
  "summary_fg_p05": 1377.2819763183593,
  "summary_fg_p95": 3179.682434082031,
  "summary_fg_stdv": 562.366943359375,
  "tsnr": 81.9890280184336
}