{
  "bids_meta": {
    "AcquisitionDateTime": "1800-01-01T13:53:21",
    "BodyPartExamined": "BRAIN",
    "ConversionSoftware": "dcm2nii",
    "ConversionSoftwareVersion": "6-2013",
    "EchoTime": 0.00368,
    "FlipAngle": 12.0,
    "ImageType": "ORIGINAL_PRIMARY_OTHER",
    "InversionTime": 0.65,
    "MagneticFieldStrength": 3.0,
    "Manufacturer": "GE MEDICAL SYSTEMS",
    "ProcedureStepDescription": "Mattfeld_WMAZE",
    "ProtocolName": "Mattfeld_WMAZE",
    "RepetitionTime": 0.009184,
    "ScanningSequence": "G_R",
    "SequenceVariant": "SS_SK",
    "dataset": "ds002149",
    "modality": "T1w",
    "run_id": 1,
    "subject_id": "019"
  },
  "cjv": 0.44746983468634,
  "cnr": 2.999422542351361,
  "efc": 0.5472688502017147,
  "fber": 6526.331632653061,
  "fwhm_avg": 3.5448233333333334,
  "fwhm_x": 3.53273,
  "fwhm_y": 3.62815,
  "fwhm_z": 3.47359,
  "icvs_csf": 0.17414818564226464,
  "icvs_gm": 0.39646870296722525,
  "icvs_wm": 0.4293831113905101,
  "inu_med": 0.9317535161972046,
  "inu_range": 0.2847901076078413,
  "provenance": {
    "md5sum": "8c1156954206610e6396016eff8dc5f1",
    "settings": {
      "testing": false
    },
    "software": "mriqc",
    "version": "22.0.1",
    "warnings": {
      "large_rot_frame": true,
      "small_air_mask": false
    },
    "webapi_port": null,
    "webapi_url": "https://mriqc.nimh.nih.gov/api/v1"
  },
  "qi_1": 6.451071845587144e-06,
  "qi_2": 0.0009727245269022631,
  "rpve_csf": 27.329665421471496,
  "rpve_gm": 11.969156067840476,
  "rpve_wm": 12.829166515939168,
  "size_x": 186,
  "size_y": 256,
  "size_z": 256,
  "snr_csf": 3.532129217570068,
  "snr_gm": 17.480986691041355,
  "snr_total": 12.922688461738906,
  "snr_wm": 17.754949476605294,
  "snrd_csf": 30.924347611926674,
  "snrd_gm": 65.70399841413368,
  "snrd_total": 60.31534540380839,
  "snrd_wm": 84.31769018536481,
  "spacing_x": 1.0,
  "spacing_y": 1.0,
  "spacing_z": 1.0,
  "summary_bg_k": 31.09447594899821,
  "summary_bg_mad": 7.770314483084422,
  "summary_bg_mean": 10.841499958611841,
  "summary_bg_median": 5.240997474640608,
  "summary_bg_n": 3012315.0,
  "summary_bg_p05": 0.0,
  "summary_bg_p95": 41.39799128845334,
  "summary_bg_stdv": 16.054547180729713,
  "summary_csf_k": 6.621596506344455,
  "summary_csf_mad": 71.7662753381505,
  "summary_csf_mean": 367.17226900777894,
  "summary_csf_median": 366.7814918067306,
  "summary_csf_n": 34644.0,
  "summary_csf_p05": 188.97034714743495,
  "summary_csf_p95": 532.2718758297151,
  "summary_csf_stdv": 103.83997175561936,
  "summary_gm_k": 0.1101062925807077,
  "summary_gm_mad": 44.13364012583343,
  "summary_gm_mean": 779.2159733076751,
  "summary_gm_median": 779.2892143893987,
  "summary_gm_n": 30528.0,
  "summary_gm_p05": 706.1213563866913,
  "summary_gm_p95": 851.4854267928749,
  "summary_gm_stdv": 44.578516335610516,
  "summary_wm_k": 0.4871657222705923,
  "summary_wm_mad": 54.65412209450392,
  "summary_wm_mean": 1008.1462854184148,
  "summary_wm_median": 1000.058872057125,
  "summary_wm_n": 235265.0,
  "summary_wm_p05": 932.1025677230209,
  "summary_wm_p95": 1116.3619059044868,
  "summary_wm_stdv": 56.325519145208816,
  "tpm_overlap_csf": 0.1528610297393252,
  "tpm_overlap_gm": 0.4409525359828004,
  "tpm_overlap_wm": 0.45073909224844055,
  "wm2max": 0.6564934186365657
}