{
  "aor": 0.0068645728643216075,
  "aqi": 0.004475407085427136,
  "bids_meta": {
    "AcquisitionDateTime": "1800-01-01T14:35:03",
    "BodyPartExamined": "BRAIN",
    "ConversionSoftware": "dcm2nii",
    "ConversionSoftwareVersion": "6-2013",
    "EchoTime": 0.025,
    "FlipAngle": 75.0,
    "ImageType": "ORIGINAL_PRIMARY_EPI_NONE",
    "MagneticFieldStrength": 3.0,
    "Manufacturer": "GE MEDICAL SYSTEMS",
    "ProcedureStepDescription": "Mattfeld_WMAZE",
    "ProtocolName": "Mattfeld_WMAZE",
    "RepetitionTime": 2.0,
    "ScanningSequence": "EP_GR",
    "SequenceVariant": "S_S",
    "SliceTiming": [
      0.0,
      1.0,
      0.047619047619047616,
      1.0476190476190477,
      0.09523809523809523,
      1.0952380952380953,
      0.14285714285714285,
      1.1428571428571428,
      0.19047619047619047,
      1.1904761904761905,
      0.23809523809523808,
      1.2380952380952381,
      0.2857142857142857,
      1.2857142857142858,
      0.3333333333333333,
      1.3333333333333333,
      0.38095238095238093,
      1.380952380952381,
      0.42857142857142855,
      1.4285714285714286,
      0.47619047619047616,
      1.4761904761904763,
      0.5238095238095238,
      1.5238095238095237,
      0.5714285714285714,
      1.5714285714285714,
      0.6190476190476191,
      1.619047619047619,
      0.6666666666666666,
      1.6666666666666667,
      0.7142857142857143,
      1.7142857142857142,
      0.7619047619047619,
      1.7619047619047619,
      0.8095238095238095,
      1.8095238095238095,
      0.8571428571428571,
      1.8571428571428572,
      0.9047619047619048,
      1.9047619047619047,
      0.9523809523809523,
      1.9523809523809523
    ],
    "TaskName": "conditional visual associative learning task",
    "dataset": "ds002149",
    "modality": "bold",
    "run_id": 5,
    "subject_id": "020",
    "task_id": "condassoc"
  },
  "dummy_trs": 1,
  "dvars_nstd": 14.680917167020208,
  "dvars_std": 1.0350325271717178,
  "dvars_vstd": 0.9600591116666677,
  "efc": 0.42898074298431876,
  "fber": 74689.1015625,
  "fd_mean": 0.07819916314584216,
  "fd_num": 5,
  "fd_perc": 2.512562814070352,
  "fwhm_avg": 3.36358194968409,
  "fwhm_x": 3.321692,
  "fwhm_y": 3.621188,
  "fwhm_z": 3.14786584905227,
  "gcor": 0.0193149,
  "gsr_x": -0.022066554054617882,
  "gsr_y": 0.017730696126818657,
  "provenance": {
    "md5sum": "5f8fdfd5d1020711aa748d2c97279102",
    "settings": {
      "fd_thres": 0.2,
      "testing": false
    },
    "software": "mriqc",
    "version": "22.0.1",
    "webapi_port": null,
    "webapi_url": "https://mriqc.nimh.nih.gov/api/v1"
  },
  "size_t": 199,
  "size_x": 96,
  "size_y": 96,
  "size_z": 42,
  "snr": 3.5601628347048484,
  "spacing_tr": 2.0,
  "spacing_x": 2.5,
  "spacing_y": 2.5,
  "spacing_z": 2.999861001968384,
  "summary_bg_k": 26.454007686753116,
  "summary_bg_mad": 10.86993251296653,
  "summary_bg_mean": 77.3146743774414,
  "summary_bg_median": 7.683416843414307,
  "summary_bg_n": 271035.0,
  "summary_bg_p05": 0.11055276542901993,
  "summary_bg_p95": 468.46029663085926,
  "summary_bg_stdv": 214.34963989257812,
  "summary_fg_k": 1.0961610989207076,
  "summary_fg_mad": 499.52519142667995,
  "summary_fg_mean": 2169.78173828125,
  "summary_fg_median": 2057.989990234375,
  "summary_fg_n": 58140.0,
  "summary_fg_p05": 1426.537927246094,
  "summary_fg_p95": 3305.9279052734355,
  "summary_fg_stdv": 578.0556640625,
  "tsnr": 66.33016502019018
}