{
  "aor": 0.001547,
  "aqi": 0.0023153732,
  "bids_meta": {
    "AcquisitionDateTime": "1800-01-01T14:26:48",
    "BodyPartExamined": "BRAIN",
    "ConversionSoftware": "dcm2nii",
    "ConversionSoftwareVersion": "6-2013",
    "EchoTime": 0.025,
    "FlipAngle": 75.0,
    "ImageType": "ORIGINAL_PRIMARY_EPI_NONE",
    "MagneticFieldStrength": 3.0,
    "Manufacturer": "GE MEDICAL SYSTEMS",
    "ProcedureStepDescription": "Mattfeld_WMAZE",
    "ProtocolName": "Mattfeld_WMAZE",
    "RepetitionTime": 2.0,
    "ScanningSequence": "EP_GR",
    "SequenceVariant": "S_S",
    "SliceTiming": [
      0.0,
      1.0,
      0.047619047619047616,
      1.0476190476190477,
      0.09523809523809523,
      1.0952380952380953,
      0.14285714285714285,
      1.1428571428571428,
      0.19047619047619047,
      1.1904761904761905,
      0.23809523809523808,
      1.2380952380952381,
      0.2857142857142857,
      1.2857142857142858,
      0.3333333333333333,
      1.3333333333333333,
      0.38095238095238093,
      1.380952380952381,
      0.42857142857142855,
      1.4285714285714286,
      0.47619047619047616,
      1.4761904761904763,
      0.5238095238095238,
      1.5238095238095237,
      0.5714285714285714,
      1.5714285714285714,
      0.6190476190476191,
      1.619047619047619,
      0.6666666666666666,
      1.6666666666666667,
      0.7142857142857143,
      1.7142857142857142,
      0.7619047619047619,
      1.7619047619047619,
      0.8095238095238095,
      1.8095238095238095,
      0.8571428571428571,
      1.8571428571428572,
      0.9047619047619048,
      1.9047619047619047,
      0.9523809523809523,
      1.9523809523809523
    ],
    "TaskName": "conditional visual associative learning task",
    "dataset": "ds002149",
    "modality": "bold",
    "run_id": 4,
    "subject_id": "020",
    "task_id": "condassoc"
  },
  "dummy_trs": 0,
  "dvars_nstd": 14.983510214120608,
  "dvars_std": 1.1048547374874378,
  "dvars_vstd": 0.9829954443718589,
  "efc": 0.42719358208373953,
  "fber": 78032.875,
  "fd_mean": 0.06396242632641999,
  "fd_num": 5,
  "fd_perc": 2.5,
  "fwhm_avg": 3.3232290917995653,
  "fwhm_x": 3.3176200000000002,
  "fwhm_y": 3.54536,
  "fwhm_z": 3.106707275398696,
  "gcor": 0.036975,
  "gsr_x": -0.02218284271657467,
  "gsr_y": 0.01607579179108143,
  "provenance": {
    "md5sum": "f5ac839b7248618500311ef5f0ca3523",
    "settings": {
      "fd_thres": 0.2,
      "testing": false
    },
    "software": "mriqc",
    "version": "22.0.1",
    "webapi_port": null,
    "webapi_url": "https://mriqc.nimh.nih.gov/api/v1"
  },
  "size_t": 200,
  "size_x": 96,
  "size_y": 96,
  "size_z": 42,
  "snr": 3.5692670487552682,
  "spacing_tr": 2.0,
  "spacing_x": 2.5,
  "spacing_y": 2.5,
  "spacing_z": 2.999861001968384,
  "summary_bg_k": 25.050570567715553,
  "summary_bg_mad": 10.719213935518928,
  "summary_bg_mean": 77.56855010986328,
  "summary_bg_median": 7.579999923706055,
  "summary_bg_n": 271592.0,
  "summary_bg_p05": 0.08999999612569809,
  "summary_bg_p95": 473.3917358398435,
  "summary_bg_stdv": 216.4563751220703,
  "summary_fg_k": 1.1947738138986779,
  "summary_fg_mad": 493.6509773755147,
  "summary_fg_mean": 2185.839111328125,
  "summary_fg_median": 2072.367431640625,
  "summary_fg_n": 57704.0,
  "summary_fg_p05": 1441.190692138672,
  "summary_fg_p95": 3335.545568847656,
  "summary_fg_stdv": 580.6092529296875,
  "tsnr": 88.88241463154554
}