{
  "aor": 0.0012682500000000003,
  "aqi": 0.00279209015,
  "bids_meta": {
    "AcquisitionDateTime": "1800-01-01T14:10:47",
    "BodyPartExamined": "BRAIN",
    "ConversionSoftware": "dcm2nii",
    "ConversionSoftwareVersion": "6-2013",
    "EchoTime": 0.025,
    "FlipAngle": 75.0,
    "ImageType": "ORIGINAL_PRIMARY_EPI_NONE",
    "MagneticFieldStrength": 3.0,
    "Manufacturer": "GE MEDICAL SYSTEMS",
    "ProcedureStepDescription": "Mattfeld_WMAZE",
    "ProtocolName": "Mattfeld_WMAZE",
    "RepetitionTime": 2.0,
    "ScanningSequence": "EP_GR",
    "SequenceVariant": "S_S",
    "SliceTiming": [
      0.0,
      1.0,
      0.047619047619047616,
      1.0476190476190477,
      0.09523809523809523,
      1.0952380952380953,
      0.14285714285714285,
      1.1428571428571428,
      0.19047619047619047,
      1.1904761904761905,
      0.23809523809523808,
      1.2380952380952381,
      0.2857142857142857,
      1.2857142857142858,
      0.3333333333333333,
      1.3333333333333333,
      0.38095238095238093,
      1.380952380952381,
      0.42857142857142855,
      1.4285714285714286,
      0.47619047619047616,
      1.4761904761904763,
      0.5238095238095238,
      1.5238095238095237,
      0.5714285714285714,
      1.5714285714285714,
      0.6190476190476191,
      1.619047619047619,
      0.6666666666666666,
      1.6666666666666667,
      0.7142857142857143,
      1.7142857142857142,
      0.7619047619047619,
      1.7619047619047619,
      0.8095238095238095,
      1.8095238095238095,
      0.8571428571428571,
      1.8571428571428572,
      0.9047619047619048,
      1.9047619047619047,
      0.9523809523809523,
      1.9523809523809523
    ],
    "TaskName": "conditional visual associative learning task",
    "dataset": "ds002149",
    "modality": "bold",
    "run_id": 2,
    "subject_id": "020",
    "task_id": "condassoc"
  },
  "dummy_trs": 0,
  "dvars_nstd": 13.884493573668335,
  "dvars_std": 1.0318961015075374,
  "dvars_vstd": 0.9450223503015078,
  "efc": 0.4263959673274901,
  "fber": 78863.2734375,
  "fd_mean": 0.06925040658711235,
  "fd_num": 2,
  "fd_perc": 1.0,
  "fwhm_avg": 3.332478319344535,
  "fwhm_x": 3.298352,
  "fwhm_y": 3.570448,
  "fwhm_z": 3.128634958033604,
  "gcor": 0.0126042,
  "gsr_x": -0.02167697064578533,
  "gsr_y": 0.017375990748405457,
  "provenance": {
    "md5sum": "1f027f0aa5dd2188203f8ba97a3591db",
    "settings": {
      "fd_thres": 0.2,
      "testing": false
    },
    "software": "mriqc",
    "version": "22.0.1",
    "webapi_port": null,
    "webapi_url": "https://mriqc.nimh.nih.gov/api/v1"
  },
  "size_t": 200,
  "size_x": 96,
  "size_y": 96,
  "size_z": 42,
  "snr": 3.579231276332142,
  "spacing_tr": 2.0,
  "spacing_x": 2.5,
  "spacing_y": 2.5,
  "spacing_z": 2.999861001968384,
  "summary_bg_k": 25.23470004008344,
  "summary_bg_mad": 10.593192690389165,
  "summary_bg_mean": 74.13510131835938,
  "summary_bg_median": 7.494999885559082,
  "summary_bg_n": 271236.0,
  "summary_bg_p05": 0.08500000089406967,
  "summary_bg_p95": 449.82374572753906,
  "summary_bg_stdv": 208.4861602783203,
  "summary_fg_k": 1.095015502629237,
  "summary_fg_mad": 498.102403665354,
  "summary_fg_mean": 2178.45263671875,
  "summary_fg_median": 2069.1298828125,
  "summary_fg_n": 57873.0,
  "summary_fg_p05": 1431.4669677734375,
  "summary_fg_p95": 3315.7529296874977,
  "summary_fg_stdv": 578.08837890625,
  "tsnr": 84.12388493213803
}