{
  "aor": 0.0012897,
  "aqi": 0.001937046865,
  "bids_meta": {
    "AcquisitionDateTime": "1800-01-01T14:18:49",
    "BodyPartExamined": "BRAIN",
    "ConversionSoftware": "dcm2nii",
    "ConversionSoftwareVersion": "6-2013",
    "EchoTime": 0.025,
    "FlipAngle": 75.0,
    "ImageType": "ORIGINAL_PRIMARY_EPI_NONE",
    "MagneticFieldStrength": 3.0,
    "Manufacturer": "GE MEDICAL SYSTEMS",
    "ProcedureStepDescription": "Mattfeld_WMAZE",
    "ProtocolName": "Mattfeld_WMAZE",
    "RepetitionTime": 2.0,
    "ScanningSequence": "EP_GR",
    "SequenceVariant": "S_S",
    "SliceTiming": [
      0.0,
      1.0,
      0.047619047619047616,
      1.0476190476190477,
      0.09523809523809523,
      1.0952380952380953,
      0.14285714285714285,
      1.1428571428571428,
      0.19047619047619047,
      1.1904761904761905,
      0.23809523809523808,
      1.2380952380952381,
      0.2857142857142857,
      1.2857142857142858,
      0.3333333333333333,
      1.3333333333333333,
      0.38095238095238093,
      1.380952380952381,
      0.42857142857142855,
      1.4285714285714286,
      0.47619047619047616,
      1.4761904761904763,
      0.5238095238095238,
      1.5238095238095237,
      0.5714285714285714,
      1.5714285714285714,
      0.6190476190476191,
      1.619047619047619,
      0.6666666666666666,
      1.6666666666666667,
      0.7142857142857143,
      1.7142857142857142,
      0.7619047619047619,
      1.7619047619047619,
      0.8095238095238095,
      1.8095238095238095,
      0.8571428571428571,
      1.8571428571428572,
      0.9047619047619048,
      1.9047619047619047,
      0.9523809523809523,
      1.9523809523809523
    ],
    "TaskName": "conditional visual associative learning task",
    "dataset": "ds002149",
    "modality": "bold",
    "run_id": 3,
    "subject_id": "020",
    "task_id": "condassoc"
  },
  "dummy_trs": 0,
  "dvars_nstd": 14.372320069949742,
  "dvars_std": 1.1085566666834172,
  "dvars_vstd": 0.9868425478391961,
  "efc": 0.4270304419288306,
  "fber": 80738.875,
  "fd_mean": 0.06652494666529968,
  "fd_num": 6,
  "fd_perc": 3.0,
  "fwhm_avg": 3.332290130298453,
  "fwhm_x": 3.318544,
  "fwhm_y": 3.561932,
  "fwhm_z": 3.1163943908953584,
  "gcor": 0.0366137,
  "gsr_x": -0.021987376734614372,
  "gsr_y": 0.016745729371905327,
  "provenance": {
    "md5sum": "6d23e3f1fa7d5bf680e3addd84d5615e",
    "settings": {
      "fd_thres": 0.2,
      "testing": false
    },
    "software": "mriqc",
    "version": "22.0.1",
    "webapi_port": null,
    "webapi_url": "https://mriqc.nimh.nih.gov/api/v1"
  },
  "size_t": 200,
  "size_x": 96,
  "size_y": 96,
  "size_z": 42,
  "snr": 3.5606156695479965,
  "spacing_tr": 2.0,
  "spacing_x": 2.5,
  "spacing_y": 2.5,
  "spacing_z": 2.999861001968384,
  "summary_bg_k": 25.588678715318252,
  "summary_bg_mad": 10.52647552162783,
  "summary_bg_mean": 75.83267211914062,
  "summary_bg_median": 7.409999847412109,
  "summary_bg_n": 271196.0,
  "summary_bg_p05": 0.05999999865889549,
  "summary_bg_p95": 459.9762496948242,
  "summary_bg_stdv": 213.06552124023438,
  "summary_fg_k": 1.1463976922085584,
  "summary_fg_mad": 497.2204797626712,
  "summary_fg_mean": 2180.62841796875,
  "summary_fg_median": 2069.28515625,
  "summary_fg_n": 57986.0,
  "summary_fg_p05": 1432.1374816894531,
  "summary_fg_p95": 3325.9636840820312,
  "summary_fg_stdv": 581.1543579101562,
  "tsnr": 93.82292868569493
}