{
  "aor": 0.00224965,
  "aqi": 0.002327643325,
  "bids_meta": {
    "AcquisitionDateTime": "1800-01-01T15:01:56",
    "BodyPartExamined": "BRAIN",
    "ConversionSoftware": "dcm2nii",
    "ConversionSoftwareVersion": "6-2013",
    "EchoTime": 0.025,
    "FlipAngle": 75.0,
    "ImageType": "ORIGINAL_PRIMARY_EPI_NONE",
    "MagneticFieldStrength": 3.0,
    "Manufacturer": "GE MEDICAL SYSTEMS",
    "ProcedureStepDescription": "Mattfeld_WMAZE",
    "ProtocolName": "Mattfeld_WMAZE",
    "RepetitionTime": 2.0,
    "ScanningSequence": "EP_GR",
    "SequenceVariant": "S_S",
    "SliceTiming": [
      0.0,
      1.0,
      0.047619047619047616,
      1.0476190476190477,
      0.09523809523809523,
      1.0952380952380953,
      0.14285714285714285,
      1.1428571428571428,
      0.19047619047619047,
      1.1904761904761905,
      0.23809523809523808,
      1.2380952380952381,
      0.2857142857142857,
      1.2857142857142858,
      0.3333333333333333,
      1.3333333333333333,
      0.38095238095238093,
      1.380952380952381,
      0.42857142857142855,
      1.4285714285714286,
      0.47619047619047616,
      1.4761904761904763,
      0.5238095238095238,
      1.5238095238095237,
      0.5714285714285714,
      1.5714285714285714,
      0.6190476190476191,
      1.619047619047619,
      0.6666666666666666,
      1.6666666666666667,
      0.7142857142857143,
      1.7142857142857142,
      0.7619047619047619,
      1.7619047619047619,
      0.8095238095238095,
      1.8095238095238095,
      0.8571428571428571,
      1.8571428571428572,
      0.9047619047619048,
      1.9047619047619047,
      0.9523809523809523,
      1.9523809523809523
    ],
    "TaskName": "conditional visual associative learning task",
    "dataset": "ds002149",
    "modality": "bold",
    "run_id": 1,
    "subject_id": "012",
    "task_id": "condassoc"
  },
  "dummy_trs": 0,
  "dvars_nstd": 13.961554316381909,
  "dvars_std": 1.0749617801507543,
  "dvars_vstd": 0.9813219654773869,
  "efc": 0.4318644716788025,
  "fber": 89347.1640625,
  "fd_mean": 0.061481326764545347,
  "fd_num": 5,
  "fd_perc": 2.5,
  "fwhm_avg": 3.1524227482656957,
  "fwhm_x": 3.1755240000000002,
  "fwhm_y": 3.328396,
  "fwhm_z": 2.9533482447970854,
  "gcor": 0.0208811,
  "gsr_x": -0.00723932683467865,
  "gsr_y": 0.015386267565190792,
  "provenance": {
    "md5sum": "fc2a8938e48e9d40a7d8443a5e82708f",
    "settings": {
      "fd_thres": 0.2,
      "testing": false
    },
    "software": "mriqc",
    "version": "22.0.1",
    "webapi_port": null,
    "webapi_url": "https://mriqc.nimh.nih.gov/api/v1"
  },
  "size_t": 200,
  "size_x": 96,
  "size_y": 96,
  "size_z": 42,
  "snr": 3.642874909123086,
  "spacing_tr": 2.0,
  "spacing_x": 2.5,
  "spacing_y": 2.5,
  "spacing_z": 2.999859571456909,
  "summary_bg_k": 34.96957727632558,
  "summary_bg_mad": 9.59984913506183,
  "summary_bg_mean": 68.49671936035156,
  "summary_bg_median": 6.804999828338623,
  "summary_bg_n": 266673.0,
  "summary_bg_p05": 0.07499999552965164,
  "summary_bg_p95": 385.6499999999997,
  "summary_bg_stdv": 209.49740600585938,
  "summary_fg_k": 1.1388190113952472,
  "summary_fg_mad": 463.81369821894754,
  "summary_fg_mean": 2120.502197265625,
  "summary_fg_median": 2024.362548828125,
  "summary_fg_n": 60628.0,
  "summary_fg_p05": 1372.6454772949219,
  "summary_fg_p95": 3204.6796020507813,
  "summary_fg_stdv": 555.7000732421875,
  "tsnr": 93.41802688641474
}