{
  "aor": 0.0013367000000000001,
  "aqi": 0.0016106030899999998,
  "bids_meta": {
    "AcquisitionDateTime": "1800-01-01T15:09:58",
    "BodyPartExamined": "BRAIN",
    "ConversionSoftware": "dcm2nii",
    "ConversionSoftwareVersion": "6-2013",
    "EchoTime": 0.025,
    "FlipAngle": 75.0,
    "ImageType": "ORIGINAL_PRIMARY_EPI_NONE",
    "MagneticFieldStrength": 3.0,
    "Manufacturer": "GE MEDICAL SYSTEMS",
    "ProcedureStepDescription": "Mattfeld_WMAZE",
    "ProtocolName": "Mattfeld_WMAZE",
    "RepetitionTime": 2.0,
    "ScanningSequence": "EP_GR",
    "SequenceVariant": "S_S",
    "SliceTiming": [
      0.0,
      1.0,
      0.047619047619047616,
      1.0476190476190477,
      0.09523809523809523,
      1.0952380952380953,
      0.14285714285714285,
      1.1428571428571428,
      0.19047619047619047,
      1.1904761904761905,
      0.23809523809523808,
      1.2380952380952381,
      0.2857142857142857,
      1.2857142857142858,
      0.3333333333333333,
      1.3333333333333333,
      0.38095238095238093,
      1.380952380952381,
      0.42857142857142855,
      1.4285714285714286,
      0.47619047619047616,
      1.4761904761904763,
      0.5238095238095238,
      1.5238095238095237,
      0.5714285714285714,
      1.5714285714285714,
      0.6190476190476191,
      1.619047619047619,
      0.6666666666666666,
      1.6666666666666667,
      0.7142857142857143,
      1.7142857142857142,
      0.7619047619047619,
      1.7619047619047619,
      0.8095238095238095,
      1.8095238095238095,
      0.8571428571428571,
      1.8571428571428572,
      0.9047619047619048,
      1.9047619047619047,
      0.9523809523809523,
      1.9523809523809523
    ],
    "TaskName": "conditional visual associative learning task",
    "dataset": "ds002149",
    "modality": "bold",
    "run_id": 2,
    "subject_id": "012",
    "task_id": "condassoc"
  },
  "dummy_trs": 0,
  "dvars_nstd": 14.036287001055284,
  "dvars_std": 1.0980798801005032,
  "dvars_vstd": 0.9891793726130655,
  "efc": 0.4331367757921285,
  "fber": 86485.40625,
  "fd_mean": 0.05260784484041658,
  "fd_num": 3,
  "fd_perc": 1.5,
  "fwhm_avg": 3.1859382858834575,
  "fwhm_x": 3.196316,
  "fwhm_y": 3.3808160000000003,
  "fwhm_z": 2.980682857650372,
  "gcor": 0.0066629,
  "gsr_x": -0.007696580141782761,
  "gsr_y": 0.016329530626535416,
  "provenance": {
    "md5sum": "174bff7b09d27fc5d0d8a9748058d684",
    "settings": {
      "fd_thres": 0.2,
      "testing": false
    },
    "software": "mriqc",
    "version": "22.0.1",
    "webapi_port": null,
    "webapi_url": "https://mriqc.nimh.nih.gov/api/v1"
  },
  "size_t": 200,
  "size_x": 96,
  "size_y": 96,
  "size_z": 42,
  "snr": 3.601997727585015,
  "spacing_tr": 2.0,
  "spacing_x": 2.5,
  "spacing_y": 2.5,
  "spacing_z": 2.999859571456909,
  "summary_bg_k": 34.28358200890678,
  "summary_bg_mad": 9.711044195405774,
  "summary_bg_mean": 69.47171020507812,
  "summary_bg_median": 6.884999752044678,
  "summary_bg_n": 266212.0,
  "summary_bg_p05": 0.07499999552965164,
  "summary_bg_p95": 393.71399536132776,
  "summary_bg_stdv": 212.0416259765625,
  "summary_fg_k": 1.149144146893473,
  "summary_fg_mad": 470.8375081309462,
  "summary_fg_mean": 2119.65380859375,
  "summary_fg_median": 2021.7349853515625,
  "summary_fg_n": 60941.0,
  "summary_fg_p05": 1369.614990234375,
  "summary_fg_p95": 3215.514892578125,
  "summary_fg_stdv": 561.2769775390625,
  "tsnr": 104.90375541010872
}