{
  "aor": 0.0030315499999999996,
  "aqi": 0.0018288304500000002,
  "bids_meta": {
    "AcquisitionDateTime": "1800-01-01T15:25:58",
    "BodyPartExamined": "BRAIN",
    "ConversionSoftware": "dcm2nii",
    "ConversionSoftwareVersion": "6-2013",
    "EchoTime": 0.025,
    "FlipAngle": 75.0,
    "ImageType": "ORIGINAL_PRIMARY_EPI_NONE",
    "MagneticFieldStrength": 3.0,
    "Manufacturer": "GE MEDICAL SYSTEMS",
    "ProcedureStepDescription": "Mattfeld_WMAZE",
    "ProtocolName": "Mattfeld_WMAZE",
    "RepetitionTime": 2.0,
    "ScanningSequence": "EP_GR",
    "SequenceVariant": "S_S",
    "SliceTiming": [
      0.0,
      1.0,
      0.047619047619047616,
      1.0476190476190477,
      0.09523809523809523,
      1.0952380952380953,
      0.14285714285714285,
      1.1428571428571428,
      0.19047619047619047,
      1.1904761904761905,
      0.23809523809523808,
      1.2380952380952381,
      0.2857142857142857,
      1.2857142857142858,
      0.3333333333333333,
      1.3333333333333333,
      0.38095238095238093,
      1.380952380952381,
      0.42857142857142855,
      1.4285714285714286,
      0.47619047619047616,
      1.4761904761904763,
      0.5238095238095238,
      1.5238095238095237,
      0.5714285714285714,
      1.5714285714285714,
      0.6190476190476191,
      1.619047619047619,
      0.6666666666666666,
      1.6666666666666667,
      0.7142857142857143,
      1.7142857142857142,
      0.7619047619047619,
      1.7619047619047619,
      0.8095238095238095,
      1.8095238095238095,
      0.8571428571428571,
      1.8571428571428572,
      0.9047619047619048,
      1.9047619047619047,
      0.9523809523809523,
      1.9523809523809523
    ],
    "TaskName": "conditional visual associative learning task",
    "dataset": "ds002149",
    "modality": "bold",
    "run_id": 4,
    "subject_id": "012",
    "task_id": "condassoc"
  },
  "dummy_trs": 0,
  "dvars_nstd": 15.507306837085421,
  "dvars_std": 1.1327327814070356,
  "dvars_vstd": 1.003138072864322,
  "efc": 0.43054489382457,
  "fber": 85058.28125,
  "fd_mean": 0.0745675061347751,
  "fd_num": 14,
  "fd_perc": 7.0,
  "fwhm_avg": 3.142975020368391,
  "fwhm_x": 3.166264,
  "fwhm_y": 3.3061160000000003,
  "fwhm_z": 2.9565450611051713,
  "gcor": 0.0161024,
  "gsr_x": -0.006594477687031031,
  "gsr_y": 0.015262049622833729,
  "provenance": {
    "md5sum": "885472472d414631d93495b8f9322283",
    "settings": {
      "fd_thres": 0.2,
      "testing": false
    },
    "software": "mriqc",
    "version": "22.0.1",
    "webapi_port": null,
    "webapi_url": "https://mriqc.nimh.nih.gov/api/v1"
  },
  "size_t": 200,
  "size_x": 96,
  "size_y": 96,
  "size_z": 42,
  "snr": 3.613490321053021,
  "spacing_tr": 2.0,
  "spacing_x": 2.5,
  "spacing_y": 2.5,
  "spacing_z": 2.999859571456909,
  "summary_bg_k": 34.31473308015515,
  "summary_bg_mad": 9.82223921156473,
  "summary_bg_mean": 69.49127197265625,
  "summary_bg_median": 6.964999675750732,
  "summary_bg_n": 267439.0,
  "summary_bg_p05": 0.07499999552965164,
  "summary_bg_p95": 392.2295043945302,
  "summary_bg_stdv": 212.07943725585938,
  "summary_fg_k": 1.1143219015365906,
  "summary_fg_mad": 462.51253017085844,
  "summary_fg_mean": 2127.853271484375,
  "summary_fg_median": 2023.81494140625,
  "summary_fg_n": 59967.0,
  "summary_fg_p05": 1375.2179321289063,
  "summary_fg_p95": 3223.6429687499995,
  "summary_fg_stdv": 560.0673828125,
  "tsnr": 95.16656496562064
}