{
  "aor": 0.004028232323232323,
  "aqi": 0.0024627146969696968,
  "bids_meta": {
    "AcquisitionDateTime": "1800-01-01T15:17:53",
    "BodyPartExamined": "BRAIN",
    "ConversionSoftware": "dcm2nii",
    "ConversionSoftwareVersion": "6-2013",
    "EchoTime": 0.025,
    "FlipAngle": 75.0,
    "ImageType": "ORIGINAL_PRIMARY_EPI_NONE",
    "MagneticFieldStrength": 3.0,
    "Manufacturer": "GE MEDICAL SYSTEMS",
    "ProcedureStepDescription": "Mattfeld_WMAZE",
    "ProtocolName": "Mattfeld_WMAZE",
    "RepetitionTime": 2.0,
    "ScanningSequence": "EP_GR",
    "SequenceVariant": "S_S",
    "SliceTiming": [
      0.0,
      1.0,
      0.047619047619047616,
      1.0476190476190477,
      0.09523809523809523,
      1.0952380952380953,
      0.14285714285714285,
      1.1428571428571428,
      0.19047619047619047,
      1.1904761904761905,
      0.23809523809523808,
      1.2380952380952381,
      0.2857142857142857,
      1.2857142857142858,
      0.3333333333333333,
      1.3333333333333333,
      0.38095238095238093,
      1.380952380952381,
      0.42857142857142855,
      1.4285714285714286,
      0.47619047619047616,
      1.4761904761904763,
      0.5238095238095238,
      1.5238095238095237,
      0.5714285714285714,
      1.5714285714285714,
      0.6190476190476191,
      1.619047619047619,
      0.6666666666666666,
      1.6666666666666667,
      0.7142857142857143,
      1.7142857142857142,
      0.7619047619047619,
      1.7619047619047619,
      0.8095238095238095,
      1.8095238095238095,
      0.8571428571428571,
      1.8571428571428572,
      0.9047619047619048,
      1.9047619047619047,
      0.9523809523809523,
      1.9523809523809523
    ],
    "TaskName": "conditional visual associative learning task",
    "dataset": "ds002149",
    "modality": "bold",
    "run_id": 3,
    "subject_id": "012",
    "task_id": "condassoc"
  },
  "dummy_trs": 2,
  "dvars_nstd": 15.54905170091371,
  "dvars_std": 1.125586108274112,
  "dvars_vstd": 1.01450885573604,
  "efc": 0.430372756409295,
  "fber": 86138.734375,
  "fd_mean": 0.09294206626065521,
  "fd_num": 17,
  "fd_perc": 8.585858585858587,
  "fwhm_avg": 3.14850964365621,
  "fwhm_x": 3.182416,
  "fwhm_y": 3.309348,
  "fwhm_z": 2.9537649309686294,
  "gcor": 0.0203947,
  "gsr_x": -0.006746417842805386,
  "gsr_y": 0.015528377145528793,
  "provenance": {
    "md5sum": "743df0d7a059d55bd51d8a341dccd7de",
    "settings": {
      "fd_thres": 0.2,
      "testing": false
    },
    "software": "mriqc",
    "version": "22.0.1",
    "webapi_port": null,
    "webapi_url": "https://mriqc.nimh.nih.gov/api/v1"
  },
  "size_t": 198,
  "size_x": 96,
  "size_y": 96,
  "size_z": 42,
  "snr": 3.6204667274922397,
  "spacing_tr": 2.0,
  "spacing_x": 2.5,
  "spacing_y": 2.5,
  "spacing_z": 2.999859571456909,
  "summary_bg_k": 35.234050012587325,
  "summary_bg_mad": 9.794160181091687,
  "summary_bg_mean": 69.05443572998047,
  "summary_bg_median": 6.954545497894287,
  "summary_bg_n": 267435.0,
  "summary_bg_p05": 0.08080808073282242,
  "summary_bg_p95": 385.86262207031155,
  "summary_bg_stdv": 211.0963897705078,
  "summary_fg_k": 1.1288639423357543,
  "summary_fg_mad": 463.20840486936356,
  "summary_fg_mean": 2125.23974609375,
  "summary_fg_median": 2024.4747314453125,
  "summary_fg_n": 60015.0,
  "summary_fg_p05": 1371.636328125,
  "summary_fg_p95": 3215.5883544921876,
  "summary_fg_stdv": 559.17041015625,
  "tsnr": 89.0029336726293
}