{
  "aor": 0.0025217500000000006,
  "aqi": 0.0016863813550000001,
  "bids_meta": {
    "AcquisitionDateTime": "1800-01-01T15:41:45",
    "BodyPartExamined": "BRAIN",
    "ConversionSoftware": "dcm2nii",
    "ConversionSoftwareVersion": "6-2013",
    "EchoTime": 0.025,
    "FlipAngle": 75.0,
    "ImageType": "ORIGINAL_PRIMARY_EPI_NONE",
    "MagneticFieldStrength": 3.0,
    "Manufacturer": "GE MEDICAL SYSTEMS",
    "ProcedureStepDescription": "Mattfeld_WMAZE",
    "ProtocolName": "Mattfeld_WMAZE",
    "RepetitionTime": 2.0,
    "ScanningSequence": "EP_GR",
    "SequenceVariant": "S_S",
    "SliceTiming": [
      0.0,
      1.0,
      0.047619047619047616,
      1.0476190476190477,
      0.09523809523809523,
      1.0952380952380953,
      0.14285714285714285,
      1.1428571428571428,
      0.19047619047619047,
      1.1904761904761905,
      0.23809523809523808,
      1.2380952380952381,
      0.2857142857142857,
      1.2857142857142858,
      0.3333333333333333,
      1.3333333333333333,
      0.38095238095238093,
      1.380952380952381,
      0.42857142857142855,
      1.4285714285714286,
      0.47619047619047616,
      1.4761904761904763,
      0.5238095238095238,
      1.5238095238095237,
      0.5714285714285714,
      1.5714285714285714,
      0.6190476190476191,
      1.619047619047619,
      0.6666666666666666,
      1.6666666666666667,
      0.7142857142857143,
      1.7142857142857142,
      0.7619047619047619,
      1.7619047619047619,
      0.8095238095238095,
      1.8095238095238095,
      0.8571428571428571,
      1.8571428571428572,
      0.9047619047619048,
      1.9047619047619047,
      0.9523809523809523,
      1.9523809523809523
    ],
    "TaskName": "conditional visual associative learning task",
    "dataset": "ds002149",
    "modality": "bold",
    "run_id": 6,
    "subject_id": "012",
    "task_id": "condassoc"
  },
  "dummy_trs": 0,
  "dvars_nstd": 14.926817021708533,
  "dvars_std": 1.1007829707537695,
  "dvars_vstd": 0.9883213212060308,
  "efc": 0.434142059517302,
  "fber": 82522.2421875,
  "fd_mean": 0.06402056583725288,
  "fd_num": 9,
  "fd_perc": 4.5,
  "fwhm_avg": 3.161788355574192,
  "fwhm_x": 3.178224,
  "fwhm_y": 3.3504759999999996,
  "fwhm_z": 2.9566650667225756,
  "gcor": 0.0225483,
  "gsr_x": -0.007320652715861797,
  "gsr_y": 0.01684899814426899,
  "provenance": {
    "md5sum": "79fe80026290b2f46c343b7d7bfc8638",
    "settings": {
      "fd_thres": 0.2,
      "testing": false
    },
    "software": "mriqc",
    "version": "22.0.1",
    "webapi_port": null,
    "webapi_url": "https://mriqc.nimh.nih.gov/api/v1"
  },
  "size_t": 200,
  "size_x": 96,
  "size_y": 96,
  "size_z": 42,
  "snr": 3.6251830118324087,
  "spacing_tr": 2.0,
  "spacing_x": 2.5,
  "spacing_y": 2.5,
  "spacing_z": 2.999859571456909,
  "summary_bg_k": 32.762829466971176,
  "summary_bg_mad": 9.970499866428186,
  "summary_bg_mean": 71.74699401855469,
  "summary_bg_median": 7.059999942779541,
  "summary_bg_n": 266537.0,
  "summary_bg_p05": 0.07000000029802322,
  "summary_bg_p95": 408.3709838867178,
  "summary_bg_stdv": 216.63914489746094,
  "summary_fg_k": 1.1535290443710409,
  "summary_fg_mad": 465.7074908964918,
  "summary_fg_mean": 2122.06591796875,
  "summary_fg_median": 2023.342529296875,
  "summary_fg_n": 60640.0,
  "summary_fg_p05": 1377.9084167480469,
  "summary_fg_p95": 3217.138000488281,
  "summary_fg_stdv": 558.1306762695312,
  "tsnr": 97.66771287447773
}