{
  "aor": 0.0055062,
  "aqi": 0.0021025403450000003,
  "bids_meta": {
    "AcquisitionDateTime": "1800-01-01T15:33:52",
    "BodyPartExamined": "BRAIN",
    "ConversionSoftware": "dcm2nii",
    "ConversionSoftwareVersion": "6-2013",
    "EchoTime": 0.025,
    "FlipAngle": 75.0,
    "ImageType": "ORIGINAL_PRIMARY_EPI_NONE",
    "MagneticFieldStrength": 3.0,
    "Manufacturer": "GE MEDICAL SYSTEMS",
    "ProcedureStepDescription": "Mattfeld_WMAZE",
    "ProtocolName": "Mattfeld_WMAZE",
    "RepetitionTime": 2.0,
    "ScanningSequence": "EP_GR",
    "SequenceVariant": "S_S",
    "SliceTiming": [
      0.0,
      1.0,
      0.047619047619047616,
      1.0476190476190477,
      0.09523809523809523,
      1.0952380952380953,
      0.14285714285714285,
      1.1428571428571428,
      0.19047619047619047,
      1.1904761904761905,
      0.23809523809523808,
      1.2380952380952381,
      0.2857142857142857,
      1.2857142857142858,
      0.3333333333333333,
      1.3333333333333333,
      0.38095238095238093,
      1.380952380952381,
      0.42857142857142855,
      1.4285714285714286,
      0.47619047619047616,
      1.4761904761904763,
      0.5238095238095238,
      1.5238095238095237,
      0.5714285714285714,
      1.5714285714285714,
      0.6190476190476191,
      1.619047619047619,
      0.6666666666666666,
      1.6666666666666667,
      0.7142857142857143,
      1.7142857142857142,
      0.7619047619047619,
      1.7619047619047619,
      0.8095238095238095,
      1.8095238095238095,
      0.8571428571428571,
      1.8571428571428572,
      0.9047619047619048,
      1.9047619047619047,
      0.9523809523809523,
      1.9523809523809523
    ],
    "TaskName": "conditional visual associative learning task",
    "dataset": "ds002149",
    "modality": "bold",
    "run_id": 5,
    "subject_id": "012",
    "task_id": "condassoc"
  },
  "dummy_trs": 0,
  "dvars_nstd": 15.59604559462311,
  "dvars_std": 1.1046192989447239,
  "dvars_vstd": 1.0082412466834167,
  "efc": 0.43456752318546044,
  "fber": 85205.125,
  "fd_mean": 0.09160892914099009,
  "fd_num": 15,
  "fd_perc": 7.5,
  "fwhm_avg": 3.1804761297177535,
  "fwhm_x": 3.1830760000000002,
  "fwhm_y": 3.3734360000000003,
  "fwhm_z": 2.984916389153259,
  "gcor": 0.0299962,
  "gsr_x": -0.007482951506972313,
  "gsr_y": 0.017085567116737366,
  "provenance": {
    "md5sum": "959f23b9493037c4159165cac9801626",
    "settings": {
      "fd_thres": 0.2,
      "testing": false
    },
    "software": "mriqc",
    "version": "22.0.1",
    "webapi_port": null,
    "webapi_url": "https://mriqc.nimh.nih.gov/api/v1"
  },
  "size_t": 200,
  "size_x": 96,
  "size_y": 96,
  "size_z": 42,
  "snr": 3.6270914370545935,
  "spacing_tr": 2.0,
  "spacing_x": 2.5,
  "spacing_y": 2.5,
  "spacing_z": 2.999859571456909,
  "summary_bg_k": 33.8759547251029,
  "summary_bg_mad": 9.800000199495942,
  "summary_bg_mean": 71.38610076904297,
  "summary_bg_median": 6.964999675750732,
  "summary_bg_n": 266217.0,
  "summary_bg_p05": 0.08999999612569809,
  "summary_bg_p95": 404.25499877929644,
  "summary_bg_stdv": 216.18673706054688,
  "summary_fg_k": 1.1301427291821726,
  "summary_fg_mad": 468.03518723844854,
  "summary_fg_mean": 2114.99072265625,
  "summary_fg_median": 2018.64990234375,
  "summary_fg_n": 60953.0,
  "summary_fg_p05": 1370.340966796875,
  "summary_fg_p95": 3201.007958984374,
  "summary_fg_stdv": 556.5432739257812,
  "tsnr": 88.98707918822765
}