{
  "aor": 0.00063365,
  "aqi": 0.0024509430999999997,
  "bids_meta": {
    "AcquisitionDateTime": "1800-01-01T12:20:19",
    "BodyPartExamined": "BRAIN",
    "ConversionSoftware": "dcm2nii",
    "ConversionSoftwareVersion": "6-2013",
    "EchoTime": 0.025,
    "FlipAngle": 75.0,
    "ImageType": "ORIGINAL_PRIMARY_EPI_NONE",
    "MagneticFieldStrength": 3.0,
    "Manufacturer": "GE MEDICAL SYSTEMS",
    "ProcedureStepDescription": "Mattfeld_WMAZE",
    "ProtocolName": "Mattfeld_WMAZE",
    "RepetitionTime": 2.0,
    "ScanningSequence": "EP_GR",
    "SequenceVariant": "S_S",
    "SliceTiming": [
      0.0,
      1.0,
      0.047619047619047616,
      1.0476190476190477,
      0.09523809523809523,
      1.0952380952380953,
      0.14285714285714285,
      1.1428571428571428,
      0.19047619047619047,
      1.1904761904761905,
      0.23809523809523808,
      1.2380952380952381,
      0.2857142857142857,
      1.2857142857142858,
      0.3333333333333333,
      1.3333333333333333,
      0.38095238095238093,
      1.380952380952381,
      0.42857142857142855,
      1.4285714285714286,
      0.47619047619047616,
      1.4761904761904763,
      0.5238095238095238,
      1.5238095238095237,
      0.5714285714285714,
      1.5714285714285714,
      0.6190476190476191,
      1.619047619047619,
      0.6666666666666666,
      1.6666666666666667,
      0.7142857142857143,
      1.7142857142857142,
      0.7619047619047619,
      1.7619047619047619,
      0.8095238095238095,
      1.8095238095238095,
      0.8571428571428571,
      1.8571428571428572,
      0.9047619047619048,
      1.9047619047619047,
      0.9523809523809523,
      1.9523809523809523
    ],
    "TaskName": "conditional visual associative learning task",
    "dataset": "ds002149",
    "modality": "bold",
    "run_id": 6,
    "subject_id": "010",
    "task_id": "condassoc"
  },
  "dummy_trs": 0,
  "dvars_nstd": 16.197322409497488,
  "dvars_std": 1.0765827710552764,
  "dvars_vstd": 0.966616496783919,
  "efc": 0.40744654752821763,
  "fber": 54708.3046875,
  "fd_mean": 0.07132185629696845,
  "fd_num": 5,
  "fd_perc": 2.5,
  "fwhm_avg": 3.0392684238510235,
  "fwhm_x": 2.979376,
  "fwhm_y": 3.212664,
  "fwhm_z": 2.925765271553069,
  "gcor": 0.018508,
  "gsr_x": -0.020287837833166122,
  "gsr_y": 0.016165120527148247,
  "provenance": {
    "md5sum": "30c4dd9524586c20cc9c173fc7e2450a",
    "settings": {
      "fd_thres": 0.2,
      "testing": false
    },
    "software": "mriqc",
    "version": "22.0.1",
    "webapi_port": null,
    "webapi_url": "https://mriqc.nimh.nih.gov/api/v1"
  },
  "size_t": 200,
  "size_x": 96,
  "size_y": 96,
  "size_z": 42,
  "snr": 4.08470614039649,
  "spacing_tr": 2.0,
  "spacing_x": 2.5,
  "spacing_y": 2.5,
  "spacing_z": 3.0000014305114746,
  "summary_bg_k": 40.45103177871053,
  "summary_bg_mad": 12.20922840690264,
  "summary_bg_mean": 58.730140686035156,
  "summary_bg_median": 8.764999389648438,
  "summary_bg_n": 277822.0,
  "summary_bg_p05": 0.125,
  "summary_bg_p95": 304.34400024414083,
  "summary_bg_stdv": 165.18325805664062,
  "summary_fg_k": 1.0533900969197303,
  "summary_fg_mad": 438.3683023676142,
  "summary_fg_mean": 2120.15185546875,
  "summary_fg_median": 2040.0150146484375,
  "summary_fg_n": 52507.0,
  "summary_fg_p05": 1464.789501953125,
  "summary_fg_p95": 3065.744409179687,
  "summary_fg_stdv": 499.4228515625,
  "tsnr": 91.0745549928397
}