{
  "aor": 0.0046193,
  "aqi": 0.00419357215,
  "bids_meta": {
    "AcquisitionDateTime": "1800-01-01T17:53:26",
    "BodyPartExamined": "BRAIN",
    "ConversionSoftware": "dcm2nii",
    "ConversionSoftwareVersion": "6-2013",
    "EchoTime": 0.025,
    "FlipAngle": 75.0,
    "ImageType": "ORIGINAL_PRIMARY_EPI_NONE",
    "MagneticFieldStrength": 3.0,
    "Manufacturer": "GE MEDICAL SYSTEMS",
    "ProcedureStepDescription": "Mattfeld_WMAZE",
    "ProtocolName": "Mattfeld_WMAZE",
    "RepetitionTime": 2.0,
    "ScanningSequence": "EP_GR",
    "SequenceVariant": "S_S",
    "SliceTiming": [
      0.0,
      1.0,
      0.047619047619047616,
      1.0476190476190477,
      0.09523809523809523,
      1.0952380952380953,
      0.14285714285714285,
      1.1428571428571428,
      0.19047619047619047,
      1.1904761904761905,
      0.23809523809523808,
      1.2380952380952381,
      0.2857142857142857,
      1.2857142857142858,
      0.3333333333333333,
      1.3333333333333333,
      0.38095238095238093,
      1.380952380952381,
      0.42857142857142855,
      1.4285714285714286,
      0.47619047619047616,
      1.4761904761904763,
      0.5238095238095238,
      1.5238095238095237,
      0.5714285714285714,
      1.5714285714285714,
      0.6190476190476191,
      1.619047619047619,
      0.6666666666666666,
      1.6666666666666667,
      0.7142857142857143,
      1.7142857142857142,
      0.7619047619047619,
      1.7619047619047619,
      0.8095238095238095,
      1.8095238095238095,
      0.8571428571428571,
      1.8571428571428572,
      0.9047619047619048,
      1.9047619047619047,
      0.9523809523809523,
      1.9523809523809523
    ],
    "TaskName": "conditional visual associative learning task",
    "dataset": "ds002149",
    "modality": "bold",
    "run_id": 5,
    "subject_id": "007",
    "task_id": "condassoc"
  },
  "dummy_trs": 0,
  "dvars_nstd": 24.954786003618114,
  "dvars_std": 1.2540971182914566,
  "dvars_vstd": 0.9708953046733669,
  "efc": 0.48588698133791897,
  "fber": 33053.73828125,
  "fd_mean": 0.08415360513523329,
  "fd_num": 12,
  "fd_perc": 6.0,
  "fwhm_avg": 3.3884190020409792,
  "fwhm_x": 3.076176,
  "fwhm_y": 3.505464,
  "fwhm_z": 3.583617006122937,
  "gcor": 0.0123433,
  "gsr_x": -0.021228838711977005,
  "gsr_y": 0.03424756973981857,
  "provenance": {
    "md5sum": "0b95e6ec252367f54182c1e7eb0072e5",
    "settings": {
      "fd_thres": 0.2,
      "testing": false
    },
    "software": "mriqc",
    "version": "22.0.1",
    "webapi_port": null,
    "webapi_url": "https://mriqc.nimh.nih.gov/api/v1"
  },
  "size_t": 200,
  "size_x": 96,
  "size_y": 96,
  "size_z": 42,
  "snr": 3.0149724651066814,
  "spacing_tr": 2.0,
  "spacing_x": 2.5,
  "spacing_y": 2.5,
  "spacing_z": 2.9997904300689697,
  "summary_bg_k": 19.832740644341996,
  "summary_bg_mad": 14.08472098743324,
  "summary_bg_mean": 92.96723937988281,
  "summary_bg_median": 9.829999923706055,
  "summary_bg_n": 247558.0,
  "summary_bg_p05": 0.054999999701976776,
  "summary_bg_p95": 585.6867401123044,
  "summary_bg_stdv": 235.95399475097656,
  "summary_fg_k": 0.5086793977493431,
  "summary_fg_mad": 568.118438219654,
  "summary_fg_mean": 1945.884765625,
  "summary_fg_median": 1897.9549560546875,
  "summary_fg_n": 72755.0,
  "summary_fg_p05": 977.8549743652344,
  "summary_fg_p95": 3048.3928955078127,
  "summary_fg_stdv": 629.5055541992188,
  "tsnr": 61.43056749738753
}