{
  "aor": 0.0010709,
  "aqi": 0.0019146896499999998,
  "bids_meta": {
    "AcquisitionDateTime": "1800-01-01T17:29:31",
    "BodyPartExamined": "BRAIN",
    "ConversionSoftware": "dcm2nii",
    "ConversionSoftwareVersion": "6-2013",
    "EchoTime": 0.025,
    "FlipAngle": 75.0,
    "ImageType": "ORIGINAL_PRIMARY_EPI_NONE",
    "MagneticFieldStrength": 3.0,
    "Manufacturer": "GE MEDICAL SYSTEMS",
    "ProcedureStepDescription": "Mattfeld_WMAZE",
    "ProtocolName": "Mattfeld_WMAZE",
    "RepetitionTime": 2.0,
    "ScanningSequence": "EP_GR",
    "SequenceVariant": "S_S",
    "SliceTiming": [
      0.0,
      1.0,
      0.047619047619047616,
      1.0476190476190477,
      0.09523809523809523,
      1.0952380952380953,
      0.14285714285714285,
      1.1428571428571428,
      0.19047619047619047,
      1.1904761904761905,
      0.23809523809523808,
      1.2380952380952381,
      0.2857142857142857,
      1.2857142857142858,
      0.3333333333333333,
      1.3333333333333333,
      0.38095238095238093,
      1.380952380952381,
      0.42857142857142855,
      1.4285714285714286,
      0.47619047619047616,
      1.4761904761904763,
      0.5238095238095238,
      1.5238095238095237,
      0.5714285714285714,
      1.5714285714285714,
      0.6190476190476191,
      1.619047619047619,
      0.6666666666666666,
      1.6666666666666667,
      0.7142857142857143,
      1.7142857142857142,
      0.7619047619047619,
      1.7619047619047619,
      0.8095238095238095,
      1.8095238095238095,
      0.8571428571428571,
      1.8571428571428572,
      0.9047619047619048,
      1.9047619047619047,
      0.9523809523809523,
      1.9523809523809523
    ],
    "TaskName": "conditional visual associative learning task",
    "dataset": "ds002149",
    "modality": "bold",
    "run_id": 2,
    "subject_id": "007",
    "task_id": "condassoc"
  },
  "dummy_trs": 0,
  "dvars_nstd": 16.836476814773874,
  "dvars_std": 1.143001861457287,
  "dvars_vstd": 0.9855966223115582,
  "efc": 0.4845484939873239,
  "fber": 32737.9609375,
  "fd_mean": 0.032175452511536716,
  "fd_num": 0,
  "fd_perc": 0.0,
  "fwhm_avg": 3.376087740680063,
  "fwhm_x": 3.06858,
  "fwhm_y": 3.463432,
  "fwhm_z": 3.5962512220401903,
  "gcor": 0.0103911,
  "gsr_x": -0.02086576819419861,
  "gsr_y": 0.03304825350642204,
  "provenance": {
    "md5sum": "eba27e88ac0af340b7d12c33b9e2dc9d",
    "settings": {
      "fd_thres": 0.2,
      "testing": false
    },
    "software": "mriqc",
    "version": "22.0.1",
    "webapi_port": null,
    "webapi_url": "https://mriqc.nimh.nih.gov/api/v1"
  },
  "size_t": 200,
  "size_x": 96,
  "size_y": 96,
  "size_z": 42,
  "snr": 2.9803978443785324,
  "spacing_tr": 2.0,
  "spacing_x": 2.5,
  "spacing_y": 2.5,
  "spacing_z": 2.9997904300689697,
  "summary_bg_k": 20.86904493332717,
  "summary_bg_mad": 14.232980891151877,
  "summary_bg_mean": 91.31061553955078,
  "summary_bg_median": 9.904999732971191,
  "summary_bg_n": 247562.0,
  "summary_bg_p05": 0.03500000014901161,
  "summary_bg_p95": 570.7142181396482,
  "summary_bg_stdv": 233.20155334472656,
  "summary_fg_k": 0.536525782077292,
  "summary_fg_mad": 573.0443080783182,
  "summary_fg_mean": 1951.625244140625,
  "summary_fg_median": 1903.3699951171875,
  "summary_fg_n": 72882.0,
  "summary_fg_p05": 961.5297149658203,
  "summary_fg_p95": 3068.7699096679685,
  "summary_fg_stdv": 638.6251220703125,
  "tsnr": 86.40845144540071
}