{
  "aor": 0.00518255,
  "aqi": 0.006289666899999999,
  "bids_meta": {
    "AcquisitionDateTime": "1800-01-01T18:01:25",
    "BodyPartExamined": "BRAIN",
    "ConversionSoftware": "dcm2nii",
    "ConversionSoftwareVersion": "6-2013",
    "EchoTime": 0.025,
    "FlipAngle": 75.0,
    "ImageType": "ORIGINAL_PRIMARY_EPI_NONE",
    "MagneticFieldStrength": 3.0,
    "Manufacturer": "GE MEDICAL SYSTEMS",
    "ProcedureStepDescription": "Mattfeld_WMAZE",
    "ProtocolName": "Mattfeld_WMAZE",
    "RepetitionTime": 2.0,
    "ScanningSequence": "EP_GR",
    "SequenceVariant": "S_S",
    "SliceTiming": [
      0.0,
      1.0,
      0.047619047619047616,
      1.0476190476190477,
      0.09523809523809523,
      1.0952380952380953,
      0.14285714285714285,
      1.1428571428571428,
      0.19047619047619047,
      1.1904761904761905,
      0.23809523809523808,
      1.2380952380952381,
      0.2857142857142857,
      1.2857142857142858,
      0.3333333333333333,
      1.3333333333333333,
      0.38095238095238093,
      1.380952380952381,
      0.42857142857142855,
      1.4285714285714286,
      0.47619047619047616,
      1.4761904761904763,
      0.5238095238095238,
      1.5238095238095237,
      0.5714285714285714,
      1.5714285714285714,
      0.6190476190476191,
      1.619047619047619,
      0.6666666666666666,
      1.6666666666666667,
      0.7142857142857143,
      1.7142857142857142,
      0.7619047619047619,
      1.7619047619047619,
      0.8095238095238095,
      1.8095238095238095,
      0.8571428571428571,
      1.8571428571428572,
      0.9047619047619048,
      1.9047619047619047,
      0.9523809523809523,
      1.9523809523809523
    ],
    "TaskName": "conditional visual associative learning task",
    "dataset": "ds002149",
    "modality": "bold",
    "run_id": 6,
    "subject_id": "007",
    "task_id": "condassoc"
  },
  "dummy_trs": 0,
  "dvars_nstd": 24.842876070150744,
  "dvars_std": 1.1902215605025128,
  "dvars_vstd": 0.9448359506532661,
  "efc": 0.4860221537377239,
  "fber": 30902.89453125,
  "fd_mean": 0.07559777609687363,
  "fd_num": 14,
  "fd_perc": 7.0,
  "fwhm_avg": 3.406129289562346,
  "fwhm_x": 3.112288,
  "fwhm_y": 3.5578519999999996,
  "fwhm_z": 3.5482478686870396,
  "gcor": 0.0221392,
  "gsr_x": -0.021802185103297234,
  "gsr_y": 0.037401530891656876,
  "provenance": {
    "md5sum": "a13dcae79584e010d3896ee8615d481f",
    "settings": {
      "fd_thres": 0.2,
      "testing": false
    },
    "software": "mriqc",
    "version": "22.0.1",
    "webapi_port": null,
    "webapi_url": "https://mriqc.nimh.nih.gov/api/v1"
  },
  "size_t": 200,
  "size_x": 96,
  "size_y": 96,
  "size_z": 42,
  "snr": 3.0318489587848627,
  "spacing_tr": 2.0,
  "spacing_x": 2.5,
  "spacing_y": 2.5,
  "spacing_z": 2.9997904300689697,
  "summary_bg_k": 19.93622241498111,
  "summary_bg_mad": 14.63328324094505,
  "summary_bg_mean": 96.82188415527344,
  "summary_bg_median": 10.229999542236328,
  "summary_bg_n": 248349.0,
  "summary_bg_p05": 0.05999999865889549,
  "summary_bg_p95": 599.2839721679684,
  "summary_bg_stdv": 242.2509002685547,
  "summary_fg_k": 0.498017749571396,
  "summary_fg_mad": 567.8218091869232,
  "summary_fg_mean": 1952.1158447265625,
  "summary_fg_median": 1901.4349365234375,
  "summary_fg_n": 72059.0,
  "summary_fg_p05": 990.0009521484375,
  "summary_fg_p95": 3054.617846679685,
  "summary_fg_stdv": 627.1492309570312,
  "tsnr": 47.41287966398522
}