{
  "aor": 0.001518232323232323,
  "aqi": 0.0018318913636363638,
  "bids_meta": {
    "AcquisitionDateTime": "1800-01-01T17:37:31",
    "BodyPartExamined": "BRAIN",
    "ConversionSoftware": "dcm2nii",
    "ConversionSoftwareVersion": "6-2013",
    "EchoTime": 0.025,
    "FlipAngle": 75.0,
    "ImageType": "ORIGINAL_PRIMARY_EPI_NONE",
    "MagneticFieldStrength": 3.0,
    "Manufacturer": "GE MEDICAL SYSTEMS",
    "ProcedureStepDescription": "Mattfeld_WMAZE",
    "ProtocolName": "Mattfeld_WMAZE",
    "RepetitionTime": 2.0,
    "ScanningSequence": "EP_GR",
    "SequenceVariant": "S_S",
    "SliceTiming": [
      0.0,
      1.0,
      0.047619047619047616,
      1.0476190476190477,
      0.09523809523809523,
      1.0952380952380953,
      0.14285714285714285,
      1.1428571428571428,
      0.19047619047619047,
      1.1904761904761905,
      0.23809523809523808,
      1.2380952380952381,
      0.2857142857142857,
      1.2857142857142858,
      0.3333333333333333,
      1.3333333333333333,
      0.38095238095238093,
      1.380952380952381,
      0.42857142857142855,
      1.4285714285714286,
      0.47619047619047616,
      1.4761904761904763,
      0.5238095238095238,
      1.5238095238095237,
      0.5714285714285714,
      1.5714285714285714,
      0.6190476190476191,
      1.619047619047619,
      0.6666666666666666,
      1.6666666666666667,
      0.7142857142857143,
      1.7142857142857142,
      0.7619047619047619,
      1.7619047619047619,
      0.8095238095238095,
      1.8095238095238095,
      0.8571428571428571,
      1.8571428571428572,
      0.9047619047619048,
      1.9047619047619047,
      0.9523809523809523,
      1.9523809523809523
    ],
    "TaskName": "conditional visual associative learning task",
    "dataset": "ds002149",
    "modality": "bold",
    "run_id": 3,
    "subject_id": "007",
    "task_id": "condassoc"
  },
  "dummy_trs": 2,
  "dvars_nstd": 17.535649570609145,
  "dvars_std": 1.1920528979187817,
  "dvars_vstd": 1.0085156556345178,
  "efc": 0.48415243153609056,
  "fber": 32356.642578125,
  "fd_mean": 0.03249283239627228,
  "fd_num": 0,
  "fd_perc": 0.0,
  "fwhm_avg": 3.3779838109772355,
  "fwhm_x": 3.067116,
  "fwhm_y": 3.4866520000000003,
  "fwhm_z": 3.5801834329317055,
  "gcor": 0.0127536,
  "gsr_x": -0.021967697888612747,
  "gsr_y": 0.033837124705314636,
  "provenance": {
    "md5sum": "d70bd1c41e9c81484184df8f5546aec7",
    "settings": {
      "fd_thres": 0.2,
      "testing": false
    },
    "software": "mriqc",
    "version": "22.0.1",
    "webapi_port": null,
    "webapi_url": "https://mriqc.nimh.nih.gov/api/v1"
  },
  "size_t": 198,
  "size_x": 96,
  "size_y": 96,
  "size_z": 42,
  "snr": 2.9903934201805145,
  "spacing_tr": 2.0,
  "spacing_x": 2.5,
  "spacing_y": 2.5,
  "spacing_z": 2.9997904300689697,
  "summary_bg_k": 20.593309709382453,
  "summary_bg_mad": 14.301869221916876,
  "summary_bg_mean": 91.21534729003906,
  "summary_bg_median": 9.984848022460938,
  "summary_bg_n": 247840.0,
  "summary_bg_p05": 0.04545454680919647,
  "summary_bg_p95": 572.1687072753901,
  "summary_bg_stdv": 233.6574249267578,
  "summary_fg_k": 0.5267642315537149,
  "summary_fg_mad": 571.5806184491477,
  "summary_fg_mean": 1950.37646484375,
  "summary_fg_median": 1902.6817626953125,
  "summary_fg_n": 72603.0,
  "summary_fg_p05": 965.2373657226564,
  "summary_fg_p95": 3064.1995361328118,
  "summary_fg_stdv": 636.2603149414062,
  "tsnr": 88.17039020592347
}