{
  "aor": 0.0014218181818181819,
  "aqi": 0.0022544942424242427,
  "bids_meta": {
    "AcquisitionDateTime": "1800-01-01T17:21:33",
    "BodyPartExamined": "BRAIN",
    "ConversionSoftware": "dcm2nii",
    "ConversionSoftwareVersion": "6-2013",
    "EchoTime": 0.025,
    "FlipAngle": 75.0,
    "ImageType": "ORIGINAL_PRIMARY_EPI_NONE",
    "MagneticFieldStrength": 3.0,
    "Manufacturer": "GE MEDICAL SYSTEMS",
    "ProcedureStepDescription": "Mattfeld_WMAZE",
    "ProtocolName": "Mattfeld_WMAZE",
    "RepetitionTime": 2.0,
    "ScanningSequence": "EP_GR",
    "SequenceVariant": "S_S",
    "SliceTiming": [
      0.0,
      1.0,
      0.047619047619047616,
      1.0476190476190477,
      0.09523809523809523,
      1.0952380952380953,
      0.14285714285714285,
      1.1428571428571428,
      0.19047619047619047,
      1.1904761904761905,
      0.23809523809523808,
      1.2380952380952381,
      0.2857142857142857,
      1.2857142857142858,
      0.3333333333333333,
      1.3333333333333333,
      0.38095238095238093,
      1.380952380952381,
      0.42857142857142855,
      1.4285714285714286,
      0.47619047619047616,
      1.4761904761904763,
      0.5238095238095238,
      1.5238095238095237,
      0.5714285714285714,
      1.5714285714285714,
      0.6190476190476191,
      1.619047619047619,
      0.6666666666666666,
      1.6666666666666667,
      0.7142857142857143,
      1.7142857142857142,
      0.7619047619047619,
      1.7619047619047619,
      0.8095238095238095,
      1.8095238095238095,
      0.8571428571428571,
      1.8571428571428572,
      0.9047619047619048,
      1.9047619047619047,
      0.9523809523809523,
      1.9523809523809523
    ],
    "TaskName": "conditional visual associative learning task",
    "dataset": "ds002149",
    "modality": "bold",
    "run_id": 1,
    "subject_id": "007",
    "task_id": "condassoc"
  },
  "dummy_trs": 2,
  "dvars_nstd": 17.076643188527914,
  "dvars_std": 1.1571873288832488,
  "dvars_vstd": 0.9924027092893406,
  "efc": 0.48454806699869635,
  "fber": 32691.201171875,
  "fd_mean": 0.03165618253452865,
  "fd_num": 0,
  "fd_perc": 0.0,
  "fwhm_avg": 3.4263728328485548,
  "fwhm_x": 3.0995239999999997,
  "fwhm_y": 3.5364400000000002,
  "fwhm_z": 3.643154498545664,
  "gcor": 0.0151615,
  "gsr_x": -0.021704774349927902,
  "gsr_y": 0.03546760603785515,
  "provenance": {
    "md5sum": "298026f0c34a9bd549edcb222a6d7b7f",
    "settings": {
      "fd_thres": 0.2,
      "testing": false
    },
    "software": "mriqc",
    "version": "22.0.1",
    "webapi_port": null,
    "webapi_url": "https://mriqc.nimh.nih.gov/api/v1"
  },
  "size_t": 198,
  "size_x": 96,
  "size_y": 96,
  "size_z": 42,
  "snr": 2.944744849210584,
  "spacing_tr": 2.0,
  "spacing_x": 2.5,
  "spacing_y": 2.5,
  "spacing_z": 2.9997904300689697,
  "summary_bg_k": 22.053773670194126,
  "summary_bg_mad": 14.189552127954936,
  "summary_bg_mean": 89.52610778808594,
  "summary_bg_median": 9.91919231414795,
  "summary_bg_n": 246663.0,
  "summary_bg_p05": 0.05050504952669144,
  "summary_bg_p95": 554.1939331054685,
  "summary_bg_stdv": 231.0032958984375,
  "summary_fg_k": 0.5104559193018807,
  "summary_fg_mad": 579.1395912957314,
  "summary_fg_mean": 1947.92919921875,
  "summary_fg_median": 1904.10107421875,
  "summary_fg_n": 73514.0,
  "summary_fg_p05": 927.8517578125001,
  "summary_fg_p95": 3071.6151733398433,
  "summary_fg_stdv": 646.60546875,
  "tsnr": 81.66542002558708
}