{
  "aor": 0.0034863000000000003,
  "aqi": 0.0025256765000000003,
  "bids_meta": {
    "AcquisitionDateTime": "1800-01-01T16:19:08",
    "BodyPartExamined": "BRAIN",
    "ConversionSoftware": "dcm2nii",
    "ConversionSoftwareVersion": "6-2013",
    "EchoTime": 0.025,
    "FlipAngle": 75.0,
    "ImageType": "ORIGINAL_PRIMARY_EPI_NONE",
    "MagneticFieldStrength": 3.0,
    "Manufacturer": "GE MEDICAL SYSTEMS",
    "ProcedureStepDescription": "Mattfeld_WMAZE",
    "ProtocolName": "Mattfeld_WMAZE",
    "RepetitionTime": 2.0,
    "ScanningSequence": "EP_GR",
    "SequenceVariant": "S_S",
    "SliceTiming": [
      0.0,
      1.0,
      0.047619047619047616,
      1.0476190476190477,
      0.09523809523809523,
      1.0952380952380953,
      0.14285714285714285,
      1.1428571428571428,
      0.19047619047619047,
      1.1904761904761905,
      0.23809523809523808,
      1.2380952380952381,
      0.2857142857142857,
      1.2857142857142858,
      0.3333333333333333,
      1.3333333333333333,
      0.38095238095238093,
      1.380952380952381,
      0.42857142857142855,
      1.4285714285714286,
      0.47619047619047616,
      1.4761904761904763,
      0.5238095238095238,
      1.5238095238095237,
      0.5714285714285714,
      1.5714285714285714,
      0.6190476190476191,
      1.619047619047619,
      0.6666666666666666,
      1.6666666666666667,
      0.7142857142857143,
      1.7142857142857142,
      0.7619047619047619,
      1.7619047619047619,
      0.8095238095238095,
      1.8095238095238095,
      0.8571428571428571,
      1.8571428571428572,
      0.9047619047619048,
      1.9047619047619047,
      0.9523809523809523,
      1.9523809523809523
    ],
    "TaskName": "conditional visual associative learning task",
    "dataset": "ds002149",
    "modality": "bold",
    "run_id": 5,
    "subject_id": "008",
    "task_id": "condassoc"
  },
  "dummy_trs": 0,
  "dvars_nstd": 18.414653888040206,
  "dvars_std": 1.220307150502513,
  "dvars_vstd": 1.0215510316080403,
  "efc": 0.4401148679369298,
  "fber": 48046.109375,
  "fd_mean": 0.10429083513173605,
  "fd_num": 22,
  "fd_perc": 11.0,
  "fwhm_avg": 3.167767830272695,
  "fwhm_x": 3.095908,
  "fwhm_y": 3.322076,
  "fwhm_z": 3.085319490818085,
  "gcor": 0.038899,
  "gsr_x": -0.027116617187857628,
  "gsr_y": 0.026063326746225357,
  "provenance": {
    "md5sum": "8e20bf940dffae70a5b33ed5f4d66336",
    "settings": {
      "fd_thres": 0.2,
      "testing": false
    },
    "software": "mriqc",
    "version": "22.0.1",
    "webapi_port": null,
    "webapi_url": "https://mriqc.nimh.nih.gov/api/v1"
  },
  "size_t": 200,
  "size_x": 96,
  "size_y": 96,
  "size_z": 42,
  "snr": 3.7876830123260676,
  "spacing_tr": 2.0,
  "spacing_x": 2.5,
  "spacing_y": 2.5,
  "spacing_z": 2.999929189682007,
  "summary_bg_k": 30.24971892787108,
  "summary_bg_mad": 12.313011170183486,
  "summary_bg_mean": 70.46720123291016,
  "summary_bg_median": 8.824999809265137,
  "summary_bg_n": 266579.0,
  "summary_bg_p05": 0.11999999731779099,
  "summary_bg_p95": 417.29147949218714,
  "summary_bg_stdv": 195.19935607910156,
  "summary_fg_k": 1.1954696563360008,
  "summary_fg_mad": 435.17343213283885,
  "summary_fg_mean": 2025.888671875,
  "summary_fg_median": 1944.0849609375,
  "summary_fg_n": 60879.0,
  "summary_fg_p05": 1349.9409545898438,
  "summary_fg_p95": 3011.6648925781246,
  "summary_fg_stdv": 513.2607421875,
  "tsnr": 84.76276158867404
}