{
  "aor": 0.00106695,
  "aqi": 0.0012882411500000001,
  "bids_meta": {
    "AcquisitionDateTime": "1800-01-01T17:25:52",
    "BodyPartExamined": "BRAIN",
    "ConversionSoftware": "dcm2nii",
    "ConversionSoftwareVersion": "6-2013",
    "EchoTime": 0.025,
    "FlipAngle": 75.0,
    "ImageType": "ORIGINAL_PRIMARY_EPI_NONE",
    "MagneticFieldStrength": 3.0,
    "Manufacturer": "GE MEDICAL SYSTEMS",
    "ProcedureStepDescription": "Mattfeld_WMAZE",
    "ProtocolName": "Mattfeld_WMAZE",
    "RepetitionTime": 2.0,
    "ScanningSequence": "EP_GR",
    "SequenceVariant": "S_S",
    "SliceTiming": [
      0.0,
      1.0,
      0.047619047619047616,
      1.0476190476190477,
      0.09523809523809523,
      1.0952380952380953,
      0.14285714285714285,
      1.1428571428571428,
      0.19047619047619047,
      1.1904761904761905,
      0.23809523809523808,
      1.2380952380952381,
      0.2857142857142857,
      1.2857142857142858,
      0.3333333333333333,
      1.3333333333333333,
      0.38095238095238093,
      1.380952380952381,
      0.42857142857142855,
      1.4285714285714286,
      0.47619047619047616,
      1.4761904761904763,
      0.5238095238095238,
      1.5238095238095237,
      0.5714285714285714,
      1.5714285714285714,
      0.6190476190476191,
      1.619047619047619,
      0.6666666666666666,
      1.6666666666666667,
      0.7142857142857143,
      1.7142857142857142,
      0.7619047619047619,
      1.7619047619047619,
      0.8095238095238095,
      1.8095238095238095,
      0.8571428571428571,
      1.8571428571428572,
      0.9047619047619048,
      1.9047619047619047,
      0.9523809523809523,
      1.9523809523809523
    ],
    "TaskName": "conditional visual associative learning task",
    "dataset": "ds002149",
    "modality": "bold",
    "run_id": 2,
    "subject_id": "005",
    "task_id": "condassoc"
  },
  "dummy_trs": 0,
  "dvars_nstd": 16.692083502462296,
  "dvars_std": 1.1534641839195976,
  "dvars_vstd": 0.9930700088442216,
  "efc": 0.4549399435843937,
  "fber": 70251.5234375,
  "fd_mean": 0.052073566939681584,
  "fd_num": 0,
  "fd_perc": 0.0,
  "fwhm_avg": 3.314245085963241,
  "fwhm_x": 3.185016,
  "fwhm_y": 3.527812,
  "fwhm_z": 3.2299072578897237,
  "gcor": 0.0123827,
  "gsr_x": -0.008745192550122738,
  "gsr_y": 0.01830301433801651,
  "provenance": {
    "md5sum": "63bb1d3466dcd9235e34ac7b6c7078dc",
    "settings": {
      "fd_thres": 0.2,
      "testing": false
    },
    "software": "mriqc",
    "version": "22.0.1",
    "webapi_port": null,
    "webapi_url": "https://mriqc.nimh.nih.gov/api/v1"
  },
  "size_t": 200,
  "size_x": 96,
  "size_y": 96,
  "size_z": 42,
  "snr": 3.4544516392454394,
  "spacing_tr": 2.0,
  "spacing_x": 2.5,
  "spacing_y": 2.5,
  "spacing_z": 2.9997146129608154,
  "summary_bg_k": 24.512154230670966,
  "summary_bg_mad": 10.40045467416297,
  "summary_bg_mean": 72.41424560546875,
  "summary_bg_median": 7.315000057220459,
  "summary_bg_n": 259019.0,
  "summary_bg_p05": 0.04999999701976776,
  "summary_bg_p95": 450.6029785156243,
  "summary_bg_stdv": 198.96421813964844,
  "summary_fg_k": 1.1475184772268348,
  "summary_fg_mad": 487.2275743067646,
  "summary_fg_mean": 2071.853271484375,
  "summary_fg_median": 1971.0050048828125,
  "summary_fg_n": 67817.0,
  "summary_fg_p05": 1323.372998046875,
  "summary_fg_p95": 3172.19482421875,
  "summary_fg_stdv": 570.5653686523438,
  "tsnr": 104.11514394776896
}