{
  "aor": 0.0020804,
  "aqi": 0.0012669271849999999,
  "bids_meta": {
    "AcquisitionDateTime": "1800-01-01T17:17:36",
    "BodyPartExamined": "BRAIN",
    "ConversionSoftware": "dcm2nii",
    "ConversionSoftwareVersion": "6-2013",
    "EchoTime": 0.025,
    "FlipAngle": 75.0,
    "ImageType": "ORIGINAL_PRIMARY_EPI_NONE",
    "MagneticFieldStrength": 3.0,
    "Manufacturer": "GE MEDICAL SYSTEMS",
    "ProcedureStepDescription": "Mattfeld_WMAZE",
    "ProtocolName": "Mattfeld_WMAZE",
    "RepetitionTime": 2.0,
    "ScanningSequence": "EP_GR",
    "SequenceVariant": "S_S",
    "SliceTiming": [
      0.0,
      1.0,
      0.047619047619047616,
      1.0476190476190477,
      0.09523809523809523,
      1.0952380952380953,
      0.14285714285714285,
      1.1428571428571428,
      0.19047619047619047,
      1.1904761904761905,
      0.23809523809523808,
      1.2380952380952381,
      0.2857142857142857,
      1.2857142857142858,
      0.3333333333333333,
      1.3333333333333333,
      0.38095238095238093,
      1.380952380952381,
      0.42857142857142855,
      1.4285714285714286,
      0.47619047619047616,
      1.4761904761904763,
      0.5238095238095238,
      1.5238095238095237,
      0.5714285714285714,
      1.5714285714285714,
      0.6190476190476191,
      1.619047619047619,
      0.6666666666666666,
      1.6666666666666667,
      0.7142857142857143,
      1.7142857142857142,
      0.7619047619047619,
      1.7619047619047619,
      0.8095238095238095,
      1.8095238095238095,
      0.8571428571428571,
      1.8571428571428572,
      0.9047619047619048,
      1.9047619047619047,
      0.9523809523809523,
      1.9523809523809523
    ],
    "TaskName": "conditional visual associative learning task",
    "dataset": "ds002149",
    "modality": "bold",
    "run_id": 1,
    "subject_id": "005",
    "task_id": "condassoc"
  },
  "dummy_trs": 0,
  "dvars_nstd": 16.579726851708543,
  "dvars_std": 1.1799899681407036,
  "dvars_vstd": 1.0121775717587946,
  "efc": 0.45409404861404434,
  "fber": 71498.3515625,
  "fd_mean": 0.052916390596401054,
  "fd_num": 0,
  "fd_perc": 0.0,
  "fwhm_avg": 3.3457504110470366,
  "fwhm_x": 3.2127600000000003,
  "fwhm_y": 3.5598039999999997,
  "fwhm_z": 3.26468723314111,
  "gcor": 0.0281623,
  "gsr_x": -0.00850655697286129,
  "gsr_y": 0.017670879140496254,
  "provenance": {
    "md5sum": "8c38dd641869f21ce9a89eb023e6d72b",
    "settings": {
      "fd_thres": 0.2,
      "testing": false
    },
    "software": "mriqc",
    "version": "22.0.1",
    "webapi_port": null,
    "webapi_url": "https://mriqc.nimh.nih.gov/api/v1"
  },
  "size_t": 200,
  "size_x": 96,
  "size_y": 96,
  "size_z": 42,
  "snr": 3.4410250307400503,
  "spacing_tr": 2.0,
  "spacing_x": 2.5,
  "spacing_y": 2.5,
  "spacing_z": 2.9997146129608154,
  "summary_bg_k": 24.480559509235796,
  "summary_bg_mad": 10.385627959157283,
  "summary_bg_mean": 72.75898742675781,
  "summary_bg_median": 7.294999599456787,
  "summary_bg_n": 259280.0,
  "summary_bg_p05": 0.04999999701976776,
  "summary_bg_p95": 453.17498779296875,
  "summary_bg_stdv": 199.76846313476562,
  "summary_fg_k": 1.0943323090543435,
  "summary_fg_mad": 492.5613769535771,
  "summary_fg_mean": 2084.51318359375,
  "summary_fg_median": 1981.885009765625,
  "summary_fg_n": 67734.0,
  "summary_fg_p05": 1326.6894836425781,
  "summary_fg_p95": 3198.013391113281,
  "summary_fg_stdv": 575.9534912109375,
  "tsnr": 104.09839838277549
}