{
  "aor": 0.0015930499999999997,
  "aqi": 0.0016379139,
  "bids_meta": {
    "AcquisitionDateTime": "1800-01-01T17:33:54",
    "BodyPartExamined": "BRAIN",
    "ConversionSoftware": "dcm2nii",
    "ConversionSoftwareVersion": "6-2013",
    "EchoTime": 0.025,
    "FlipAngle": 75.0,
    "ImageType": "ORIGINAL_PRIMARY_EPI_NONE",
    "MagneticFieldStrength": 3.0,
    "Manufacturer": "GE MEDICAL SYSTEMS",
    "ProcedureStepDescription": "Mattfeld_WMAZE",
    "ProtocolName": "Mattfeld_WMAZE",
    "RepetitionTime": 2.0,
    "ScanningSequence": "EP_GR",
    "SequenceVariant": "S_S",
    "SliceTiming": [
      0.0,
      1.0,
      0.047619047619047616,
      1.0476190476190477,
      0.09523809523809523,
      1.0952380952380953,
      0.14285714285714285,
      1.1428571428571428,
      0.19047619047619047,
      1.1904761904761905,
      0.23809523809523808,
      1.2380952380952381,
      0.2857142857142857,
      1.2857142857142858,
      0.3333333333333333,
      1.3333333333333333,
      0.38095238095238093,
      1.380952380952381,
      0.42857142857142855,
      1.4285714285714286,
      0.47619047619047616,
      1.4761904761904763,
      0.5238095238095238,
      1.5238095238095237,
      0.5714285714285714,
      1.5714285714285714,
      0.6190476190476191,
      1.619047619047619,
      0.6666666666666666,
      1.6666666666666667,
      0.7142857142857143,
      1.7142857142857142,
      0.7619047619047619,
      1.7619047619047619,
      0.8095238095238095,
      1.8095238095238095,
      0.8571428571428571,
      1.8571428571428572,
      0.9047619047619048,
      1.9047619047619047,
      0.9523809523809523,
      1.9523809523809523
    ],
    "TaskName": "conditional visual associative learning task",
    "dataset": "ds002149",
    "modality": "bold",
    "run_id": 3,
    "subject_id": "005",
    "task_id": "condassoc"
  },
  "dummy_trs": 0,
  "dvars_nstd": 16.642400272110557,
  "dvars_std": 1.1313233039698494,
  "dvars_vstd": 0.9888931823115574,
  "efc": 0.4539129139384033,
  "fber": 71863.5390625,
  "fd_mean": 0.0685222299437746,
  "fd_num": 6,
  "fd_perc": 3.0,
  "fwhm_avg": 3.334906246524156,
  "fwhm_x": 3.2216720000000003,
  "fwhm_y": 3.544572,
  "fwhm_z": 3.2384747395724665,
  "gcor": 0.00963746,
  "gsr_x": -0.008071841672062874,
  "gsr_y": 0.01750621572136879,
  "provenance": {
    "md5sum": "c03f374561b368860f564a62e4667c1c",
    "settings": {
      "fd_thres": 0.2,
      "testing": false
    },
    "software": "mriqc",
    "version": "22.0.1",
    "webapi_port": null,
    "webapi_url": "https://mriqc.nimh.nih.gov/api/v1"
  },
  "size_t": 200,
  "size_x": 96,
  "size_y": 96,
  "size_z": 42,
  "snr": 3.4569476650923754,
  "spacing_tr": 2.0,
  "spacing_x": 2.5,
  "spacing_y": 2.5,
  "spacing_z": 2.9997146129608154,
  "summary_bg_k": 23.78888491511979,
  "summary_bg_mad": 10.333737284476689,
  "summary_bg_mean": 73.59444427490234,
  "summary_bg_median": 7.264999866485596,
  "summary_bg_n": 259704.0,
  "summary_bg_p05": 0.04999999701976776,
  "summary_bg_p95": 461.8999938964844,
  "summary_bg_stdv": 201.6471710205078,
  "summary_fg_k": 1.1534490653533096,
  "summary_fg_mad": 489.5405206388571,
  "summary_fg_mean": 2081.773681640625,
  "summary_fg_median": 1980.3399658203125,
  "summary_fg_n": 67315.0,
  "summary_fg_p05": 1330.4319702148437,
  "summary_fg_p95": 3182.9643798828124,
  "summary_fg_stdv": 572.8536987304688,
  "tsnr": 95.24621521960944
}