{
  "aor": 0.00330955,
  "aqi": 0.00202167473,
  "bids_meta": {
    "AcquisitionDateTime": "1800-01-01T17:42:06",
    "BodyPartExamined": "BRAIN",
    "ConversionSoftware": "dcm2nii",
    "ConversionSoftwareVersion": "6-2013",
    "EchoTime": 0.025,
    "FlipAngle": 75.0,
    "ImageType": "ORIGINAL_PRIMARY_EPI_NONE",
    "MagneticFieldStrength": 3.0,
    "Manufacturer": "GE MEDICAL SYSTEMS",
    "ProcedureStepDescription": "Mattfeld_WMAZE",
    "ProtocolName": "Mattfeld_WMAZE",
    "RepetitionTime": 2.0,
    "ScanningSequence": "EP_GR",
    "SequenceVariant": "S_S",
    "SliceTiming": [
      0.0,
      1.0,
      0.047619047619047616,
      1.0476190476190477,
      0.09523809523809523,
      1.0952380952380953,
      0.14285714285714285,
      1.1428571428571428,
      0.19047619047619047,
      1.1904761904761905,
      0.23809523809523808,
      1.2380952380952381,
      0.2857142857142857,
      1.2857142857142858,
      0.3333333333333333,
      1.3333333333333333,
      0.38095238095238093,
      1.380952380952381,
      0.42857142857142855,
      1.4285714285714286,
      0.47619047619047616,
      1.4761904761904763,
      0.5238095238095238,
      1.5238095238095237,
      0.5714285714285714,
      1.5714285714285714,
      0.6190476190476191,
      1.619047619047619,
      0.6666666666666666,
      1.6666666666666667,
      0.7142857142857143,
      1.7142857142857142,
      0.7619047619047619,
      1.7619047619047619,
      0.8095238095238095,
      1.8095238095238095,
      0.8571428571428571,
      1.8571428571428572,
      0.9047619047619048,
      1.9047619047619047,
      0.9523809523809523,
      1.9523809523809523
    ],
    "TaskName": "conditional visual associative learning task",
    "dataset": "ds002149",
    "modality": "bold",
    "run_id": 4,
    "subject_id": "005",
    "task_id": "condassoc"
  },
  "dummy_trs": 0,
  "dvars_nstd": 16.094798495477377,
  "dvars_std": 1.1310135161809052,
  "dvars_vstd": 0.9934342787437189,
  "efc": 0.45707940060188323,
  "fber": 68651.484375,
  "fd_mean": 0.05480200611456063,
  "fd_num": 3,
  "fd_perc": 1.5,
  "fwhm_avg": 3.327882355492342,
  "fwhm_x": 3.198776,
  "fwhm_y": 3.5709919999999995,
  "fwhm_z": 3.2138790664770265,
  "gcor": 0.0285128,
  "gsr_x": -0.008301643654704094,
  "gsr_y": 0.019229570403695107,
  "provenance": {
    "md5sum": "9327f6ddf27fad48123c8ce567543bbb",
    "settings": {
      "fd_thres": 0.2,
      "testing": false
    },
    "software": "mriqc",
    "version": "22.0.1",
    "webapi_port": null,
    "webapi_url": "https://mriqc.nimh.nih.gov/api/v1"
  },
  "size_t": 200,
  "size_x": 96,
  "size_y": 96,
  "size_z": 42,
  "snr": 3.4858982946106303,
  "spacing_tr": 2.0,
  "spacing_x": 2.5,
  "spacing_y": 2.5,
  "spacing_z": 2.9997146129608154,
  "summary_bg_k": 23.53938977177288,
  "summary_bg_mad": 10.489410678253138,
  "summary_bg_mean": 74.19084930419922,
  "summary_bg_median": 7.394999980926514,
  "summary_bg_n": 258825.0,
  "summary_bg_p05": 0.07499999552965164,
  "summary_bg_p95": 464.8929870605468,
  "summary_bg_stdv": 201.86160278320312,
  "summary_fg_k": 1.0512168598299692,
  "summary_fg_mad": 484.14373635483275,
  "summary_fg_mean": 2060.843505859375,
  "summary_fg_median": 1961.20751953125,
  "summary_fg_n": 68022.0,
  "summary_fg_p05": 1313.7577514648438,
  "summary_fg_p95": 3139.865380859375,
  "summary_fg_stdv": 562.607666015625,
  "tsnr": 90.94477539043874
}