{
  "aor": 0.00580115,
  "aqi": 0.00311618515,
  "bids_meta": {
    "AcquisitionDateTime": "1800-01-01T17:50:02",
    "BodyPartExamined": "BRAIN",
    "ConversionSoftware": "dcm2nii",
    "ConversionSoftwareVersion": "6-2013",
    "EchoTime": 0.025,
    "FlipAngle": 75.0,
    "ImageType": "ORIGINAL_PRIMARY_EPI_NONE",
    "MagneticFieldStrength": 3.0,
    "Manufacturer": "GE MEDICAL SYSTEMS",
    "ProcedureStepDescription": "Mattfeld_WMAZE",
    "ProtocolName": "Mattfeld_WMAZE",
    "RepetitionTime": 2.0,
    "ScanningSequence": "EP_GR",
    "SequenceVariant": "S_S",
    "SliceTiming": [
      0.0,
      1.0,
      0.047619047619047616,
      1.0476190476190477,
      0.09523809523809523,
      1.0952380952380953,
      0.14285714285714285,
      1.1428571428571428,
      0.19047619047619047,
      1.1904761904761905,
      0.23809523809523808,
      1.2380952380952381,
      0.2857142857142857,
      1.2857142857142858,
      0.3333333333333333,
      1.3333333333333333,
      0.38095238095238093,
      1.380952380952381,
      0.42857142857142855,
      1.4285714285714286,
      0.47619047619047616,
      1.4761904761904763,
      0.5238095238095238,
      1.5238095238095237,
      0.5714285714285714,
      1.5714285714285714,
      0.6190476190476191,
      1.619047619047619,
      0.6666666666666666,
      1.6666666666666667,
      0.7142857142857143,
      1.7142857142857142,
      0.7619047619047619,
      1.7619047619047619,
      0.8095238095238095,
      1.8095238095238095,
      0.8571428571428571,
      1.8571428571428572,
      0.9047619047619048,
      1.9047619047619047,
      0.9523809523809523,
      1.9523809523809523
    ],
    "TaskName": "conditional visual associative learning task",
    "dataset": "ds002149",
    "modality": "bold",
    "run_id": 5,
    "subject_id": "005",
    "task_id": "condassoc"
  },
  "dummy_trs": 0,
  "dvars_nstd": 16.478367868090455,
  "dvars_std": 1.1455809962814067,
  "dvars_vstd": 1.0204556060301504,
  "efc": 0.4569512430152451,
  "fber": 66028.0,
  "fd_mean": 0.07597883209590175,
  "fd_num": 7,
  "fd_perc": 3.5,
  "fwhm_avg": 3.3546126792746462,
  "fwhm_x": 3.2428719999999998,
  "fwhm_y": 3.5618360000000004,
  "fwhm_z": 3.2591300378239376,
  "gcor": 0.035681,
  "gsr_x": -0.00865453016012907,
  "gsr_y": 0.019202211871743202,
  "provenance": {
    "md5sum": "6152e295c37f60f5845f062f5e6d2c05",
    "settings": {
      "fd_thres": 0.2,
      "testing": false
    },
    "software": "mriqc",
    "version": "22.0.1",
    "webapi_port": null,
    "webapi_url": "https://mriqc.nimh.nih.gov/api/v1"
  },
  "size_t": 200,
  "size_x": 96,
  "size_y": 96,
  "size_z": 42,
  "snr": 3.468372859275436,
  "spacing_tr": 2.0,
  "spacing_x": 2.5,
  "spacing_y": 2.5,
  "spacing_z": 2.9997146129608154,
  "summary_bg_k": 22.45749679127368,
  "summary_bg_mad": 10.600605871152052,
  "summary_bg_mean": 75.27835083007812,
  "summary_bg_median": 7.5,
  "summary_bg_n": 259038.0,
  "summary_bg_p05": 0.08500000089406967,
  "summary_bg_p95": 473.7449951171875,
  "summary_bg_stdv": 203.85997009277344,
  "summary_fg_k": 1.0991439209647043,
  "summary_fg_mad": 486.760460497443,
  "summary_fg_mean": 2070.658447265625,
  "summary_fg_median": 1968.14990234375,
  "summary_fg_n": 67945.0,
  "summary_fg_p05": 1323.4249267578125,
  "summary_fg_p95": 3159.9770019531247,
  "summary_fg_stdv": 567.4520874023438,
  "tsnr": 75.83401751704514
}