{
  "aor": 0.004781708542713568,
  "aqi": 0.0019316072864321609,
  "bids_meta": {
    "AcquisitionDateTime": "1800-01-01T17:57:50",
    "BodyPartExamined": "BRAIN",
    "ConversionSoftware": "dcm2nii",
    "ConversionSoftwareVersion": "6-2013",
    "EchoTime": 0.025,
    "FlipAngle": 75.0,
    "ImageType": "ORIGINAL_PRIMARY_EPI_NONE",
    "MagneticFieldStrength": 3.0,
    "Manufacturer": "GE MEDICAL SYSTEMS",
    "ProcedureStepDescription": "Mattfeld_WMAZE",
    "ProtocolName": "Mattfeld_WMAZE",
    "RepetitionTime": 2.0,
    "ScanningSequence": "EP_GR",
    "SequenceVariant": "S_S",
    "SliceTiming": [
      0.0,
      1.0,
      0.047619047619047616,
      1.0476190476190477,
      0.09523809523809523,
      1.0952380952380953,
      0.14285714285714285,
      1.1428571428571428,
      0.19047619047619047,
      1.1904761904761905,
      0.23809523809523808,
      1.2380952380952381,
      0.2857142857142857,
      1.2857142857142858,
      0.3333333333333333,
      1.3333333333333333,
      0.38095238095238093,
      1.380952380952381,
      0.42857142857142855,
      1.4285714285714286,
      0.47619047619047616,
      1.4761904761904763,
      0.5238095238095238,
      1.5238095238095237,
      0.5714285714285714,
      1.5714285714285714,
      0.6190476190476191,
      1.619047619047619,
      0.6666666666666666,
      1.6666666666666667,
      0.7142857142857143,
      1.7142857142857142,
      0.7619047619047619,
      1.7619047619047619,
      0.8095238095238095,
      1.8095238095238095,
      0.8571428571428571,
      1.8571428571428572,
      0.9047619047619048,
      1.9047619047619047,
      0.9523809523809523,
      1.9523809523809523
    ],
    "TaskName": "conditional visual associative learning task",
    "dataset": "ds002149",
    "modality": "bold",
    "run_id": 6,
    "subject_id": "005",
    "task_id": "condassoc"
  },
  "dummy_trs": 1,
  "dvars_nstd": 16.10828242651515,
  "dvars_std": 1.1863080469696965,
  "dvars_vstd": 1.0519834279797982,
  "efc": 0.4569324860148209,
  "fber": 67677.265625,
  "fd_mean": 0.06587767629561876,
  "fd_num": 5,
  "fd_perc": 2.512562814070352,
  "fwhm_avg": 3.3235162491271395,
  "fwhm_x": 3.20796,
  "fwhm_y": 3.545056,
  "fwhm_z": 3.2175327473814184,
  "gcor": 0.0419408,
  "gsr_x": -0.0079041738063097,
  "gsr_y": 0.019220193848013878,
  "provenance": {
    "md5sum": "778b1cf90bf05d0f3696f7ae6366a0ec",
    "settings": {
      "fd_thres": 0.2,
      "testing": false
    },
    "software": "mriqc",
    "version": "22.0.1",
    "webapi_port": null,
    "webapi_url": "https://mriqc.nimh.nih.gov/api/v1"
  },
  "size_t": 199,
  "size_x": 96,
  "size_y": 96,
  "size_z": 42,
  "snr": 3.485994131603321,
  "spacing_tr": 2.0,
  "spacing_x": 2.5,
  "spacing_y": 2.5,
  "spacing_z": 2.9997146129608154,
  "summary_bg_k": 22.677541604544107,
  "summary_bg_mad": 10.56447204968666,
  "summary_bg_mean": 75.88148498535156,
  "summary_bg_median": 7.467336654663086,
  "summary_bg_n": 259093.0,
  "summary_bg_p05": 0.08040200918912888,
  "summary_bg_p95": 480.8693542480464,
  "summary_bg_stdv": 206.46641540527344,
  "summary_fg_k": 1.1896533278012216,
  "summary_fg_mad": 482.41201280407944,
  "summary_fg_mean": 2071.85888671875,
  "summary_fg_median": 1971.1759033203125,
  "summary_fg_n": 67871.0,
  "summary_fg_p05": 1329.2612915039062,
  "summary_fg_p95": 3156.9798583984375,
  "summary_fg_stdv": 565.4517211914062,
  "tsnr": 91.47729182243347
}