{
  "bids_meta": {
    "AcquisitionDateTime": "1800-01-01T15:23:34",
    "BodyPartExamined": "BRAIN",
    "ConversionSoftware": "dcm2nii",
    "ConversionSoftwareVersion": "6-2013",
    "EchoTime": 0.00368,
    "FlipAngle": 12.0,
    "ImageType": "ORIGINAL_PRIMARY_OTHER",
    "InversionTime": 0.65,
    "MagneticFieldStrength": 3.0,
    "Manufacturer": "GE MEDICAL SYSTEMS",
    "ProcedureStepDescription": "Mattfeld_WMAZE",
    "ProtocolName": "Mattfeld_WMAZE",
    "RepetitionTime": 0.009184,
    "ScanningSequence": "G_R",
    "SequenceVariant": "SS_SK",
    "dataset": "ds002149",
    "modality": "T1w",
    "run_id": 1,
    "subject_id": "008"
  },
  "cjv": 0.43756110672602777,
  "cnr": 3.1353275736683384,
  "efc": 0.4782759673212465,
  "fber": 16666.30372933487,
  "fwhm_avg": 3.762113333333333,
  "fwhm_x": 3.69858,
  "fwhm_y": 3.89396,
  "fwhm_z": 3.6938,
  "icvs_csf": 0.18052667322308136,
  "icvs_gm": 0.39574771097001094,
  "icvs_wm": 0.4237256158069077,
  "inu_med": 0.8150379657745361,
  "inu_range": 0.23339465260505676,
  "provenance": {
    "md5sum": "4eee4fb6e78e021416295e7efa07c205",
    "settings": {
      "testing": false
    },
    "software": "mriqc",
    "version": "22.0.1",
    "warnings": {
      "large_rot_frame": true,
      "small_air_mask": false
    },
    "webapi_port": null,
    "webapi_url": "https://mriqc.nimh.nih.gov/api/v1"
  },
  "qi_1": 0.003919532854796884,
  "qi_2": 0.0009283722406657978,
  "rpve_csf": 31.07956452989372,
  "rpve_gm": 14.406558676719968,
  "rpve_wm": 15.626876975849083,
  "size_x": 186,
  "size_y": 256,
  "size_z": 256,
  "snr_csf": 3.133102307178954,
  "snr_gm": 17.267197922637305,
  "snr_total": 13.342504269265467,
  "snr_wm": 19.627212577980142,
  "snrd_csf": 26.57293701359895,
  "snrd_gm": 63.55379180868531,
  "snrd_total": 57.09283420483248,
  "snrd_wm": 81.15177379221316,
  "spacing_x": 1.0,
  "spacing_y": 1.0,
  "spacing_z": 1.0,
  "summary_bg_k": 17.408726198662322,
  "summary_bg_mad": 8.07360507124844,
  "summary_bg_mean": 7.839099559013188,
  "summary_bg_median": 5.445563867688179,
  "summary_bg_n": 3447469.0,
  "summary_bg_p05": 0.0,
  "summary_bg_p95": 31.03971404582262,
  "summary_bg_stdv": 11.440512374598873,
  "summary_csf_k": 1.986127403471544,
  "summary_csf_mad": 86.61824869296541,
  "summary_csf_mean": 329.5939209016484,
  "summary_csf_median": 327.47287287190557,
  "summary_csf_n": 36172.0,
  "summary_csf_p05": 146.13948576636614,
  "summary_csf_p95": 504.89906790237865,
  "summary_csf_stdv": 104.5188806899352,
  "summary_gm_k": -0.043199870017998965,
  "summary_gm_mad": 46.50973207115619,
  "summary_gm_mean": 782.0203814388669,
  "summary_gm_median": 783.2082232702523,
  "summary_gm_n": 31262.0,
  "summary_gm_p05": 707.8085569893941,
  "summary_gm_p95": 854.4848197655751,
  "summary_gm_stdv": 45.35742858555637,
  "summary_wm_k": 0.699006682610785,
  "summary_wm_mad": 48.383961819838866,
  "summary_wm_mean": 1007.0166732451867,
  "summary_wm_median": 1000.0778043009341,
  "summary_wm_n": 238533.0,
  "summary_wm_p05": 937.9205824397504,
  "summary_wm_p95": 1104.5548367910087,
  "summary_wm_stdv": 50.953527100002546,
  "tpm_overlap_csf": 0.1341584725700372,
  "tpm_overlap_gm": 0.44517291217697147,
  "tpm_overlap_wm": 0.4819676586252286,
  "wm2max": 0.5456476398288415
}