{
  "aor": 0.0009522499999999999,
  "aqi": 0.00233903915,
  "bids_meta": {
    "AcquisitionDateTime": "1800-01-01T15:44:03",
    "BodyPartExamined": "BRAIN",
    "ConversionSoftware": "dcm2nii",
    "ConversionSoftwareVersion": "6-2013",
    "EchoTime": 0.025,
    "FlipAngle": 75.0,
    "ImageType": "ORIGINAL_PRIMARY_EPI_NONE",
    "MagneticFieldStrength": 3.0,
    "Manufacturer": "GE MEDICAL SYSTEMS",
    "ProcedureStepDescription": "Mattfeld_WMAZE",
    "ProtocolName": "Mattfeld_WMAZE",
    "RepetitionTime": 2.0,
    "ScanningSequence": "EP_GR",
    "SequenceVariant": "S_S",
    "SliceTiming": [
      0.0,
      1.0,
      0.047619047619047616,
      1.0476190476190477,
      0.09523809523809523,
      1.0952380952380953,
      0.14285714285714285,
      1.1428571428571428,
      0.19047619047619047,
      1.1904761904761905,
      0.23809523809523808,
      1.2380952380952381,
      0.2857142857142857,
      1.2857142857142858,
      0.3333333333333333,
      1.3333333333333333,
      0.38095238095238093,
      1.380952380952381,
      0.42857142857142855,
      1.4285714285714286,
      0.47619047619047616,
      1.4761904761904763,
      0.5238095238095238,
      1.5238095238095237,
      0.5714285714285714,
      1.5714285714285714,
      0.6190476190476191,
      1.619047619047619,
      0.6666666666666666,
      1.6666666666666667,
      0.7142857142857143,
      1.7142857142857142,
      0.7619047619047619,
      1.7619047619047619,
      0.8095238095238095,
      1.8095238095238095,
      0.8571428571428571,
      1.8571428571428572,
      0.9047619047619048,
      1.9047619047619047,
      0.9523809523809523,
      1.9523809523809523
    ],
    "TaskName": "conditional visual associative learning task",
    "dataset": "ds002149",
    "modality": "bold",
    "run_id": 1,
    "subject_id": "004",
    "task_id": "condassoc"
  },
  "dummy_trs": 0,
  "dvars_nstd": 14.644842660753774,
  "dvars_std": 1.0977258393969849,
  "dvars_vstd": 0.9739356975376885,
  "efc": 0.4196296615419499,
  "fber": 52964.1328125,
  "fd_mean": 0.06582090740142237,
  "fd_num": 1,
  "fd_perc": 0.5,
  "fwhm_avg": 2.9934996316804026,
  "fwhm_x": 2.960408,
  "fwhm_y": 3.160444,
  "fwhm_z": 2.859646895041207,
  "gcor": 0.0160371,
  "gsr_x": -0.022220395505428314,
  "gsr_y": 0.01833437755703926,
  "provenance": {
    "md5sum": "0d44a6eab378ce4731c54fc50a0ee507",
    "settings": {
      "fd_thres": 0.2,
      "testing": false
    },
    "software": "mriqc",
    "version": "22.0.1",
    "webapi_port": null,
    "webapi_url": "https://mriqc.nimh.nih.gov/api/v1"
  },
  "size_t": 200,
  "size_x": 96,
  "size_y": 96,
  "size_z": 42,
  "snr": 4.384105668997634,
  "spacing_tr": 2.0,
  "spacing_x": 2.5,
  "spacing_y": 2.5,
  "spacing_z": 3.0000312328338623,
  "summary_bg_k": 27.401097043815323,
  "summary_bg_mad": 12.720727142589439,
  "summary_bg_mean": 73.1360855102539,
  "summary_bg_median": 9.045000076293945,
  "summary_bg_n": 276532.0,
  "summary_bg_p05": 0.11999999731779099,
  "summary_bg_p95": 407.9344970703126,
  "summary_bg_stdv": 194.42564392089844,
  "summary_fg_k": 0.6209746542809995,
  "summary_fg_mad": 418.6239210651133,
  "summary_fg_mean": 2132.268798828125,
  "summary_fg_median": 2073.0498046875,
  "summary_fg_n": 53086.0,
  "summary_fg_p05": 1457.5762023925781,
  "summary_fg_p95": 3012.9524536132812,
  "summary_fg_stdv": 472.8513488769531,
  "tsnr": 95.68121543945745
}