{
  "aor": 0.0020650000000000004,
  "aqi": 0.0020883325950000003,
  "bids_meta": {
    "AcquisitionDateTime": "1800-01-01T16:24:31",
    "BodyPartExamined": "BRAIN",
    "ConversionSoftware": "dcm2nii",
    "ConversionSoftwareVersion": "6-2013",
    "EchoTime": 0.025,
    "FlipAngle": 75.0,
    "ImageType": "ORIGINAL_PRIMARY_EPI_NONE",
    "MagneticFieldStrength": 3.0,
    "Manufacturer": "GE MEDICAL SYSTEMS",
    "ProcedureStepDescription": "Mattfeld_WMAZE",
    "ProtocolName": "Mattfeld_WMAZE",
    "RepetitionTime": 2.0,
    "ScanningSequence": "EP_GR",
    "SequenceVariant": "S_S",
    "SliceTiming": [
      0.0,
      1.0,
      0.047619047619047616,
      1.0476190476190477,
      0.09523809523809523,
      1.0952380952380953,
      0.14285714285714285,
      1.1428571428571428,
      0.19047619047619047,
      1.1904761904761905,
      0.23809523809523808,
      1.2380952380952381,
      0.2857142857142857,
      1.2857142857142858,
      0.3333333333333333,
      1.3333333333333333,
      0.38095238095238093,
      1.380952380952381,
      0.42857142857142855,
      1.4285714285714286,
      0.47619047619047616,
      1.4761904761904763,
      0.5238095238095238,
      1.5238095238095237,
      0.5714285714285714,
      1.5714285714285714,
      0.6190476190476191,
      1.619047619047619,
      0.6666666666666666,
      1.6666666666666667,
      0.7142857142857143,
      1.7142857142857142,
      0.7619047619047619,
      1.7619047619047619,
      0.8095238095238095,
      1.8095238095238095,
      0.8571428571428571,
      1.8571428571428572,
      0.9047619047619048,
      1.9047619047619047,
      0.9523809523809523,
      1.9523809523809523
    ],
    "TaskName": "conditional visual associative learning task",
    "dataset": "ds002149",
    "modality": "bold",
    "run_id": 6,
    "subject_id": "004",
    "task_id": "condassoc"
  },
  "dummy_trs": 0,
  "dvars_nstd": 16.320523899296486,
  "dvars_std": 1.1696238752261303,
  "dvars_vstd": 1.0054387481909548,
  "efc": 0.42038326597037473,
  "fber": 51806.47265625,
  "fd_mean": 0.1137212261277147,
  "fd_num": 15,
  "fd_perc": 7.5,
  "fwhm_avg": 2.987121690640438,
  "fwhm_x": 2.943652,
  "fwhm_y": 3.175056,
  "fwhm_z": 2.842657071921315,
  "gcor": 0.0352375,
  "gsr_x": -0.021957771852612495,
  "gsr_y": 0.01925327628850937,
  "provenance": {
    "md5sum": "12dc69d249804e45f274e25e39449701",
    "settings": {
      "fd_thres": 0.2,
      "testing": false
    },
    "software": "mriqc",
    "version": "22.0.1",
    "webapi_port": null,
    "webapi_url": "https://mriqc.nimh.nih.gov/api/v1"
  },
  "size_t": 200,
  "size_x": 96,
  "size_y": 96,
  "size_z": 42,
  "snr": 4.365534443470064,
  "spacing_tr": 2.0,
  "spacing_x": 2.5,
  "spacing_y": 2.5,
  "spacing_z": 3.0000312328338623,
  "summary_bg_k": 26.620677615901542,
  "summary_bg_mad": 12.861574660874997,
  "summary_bg_mean": 73.70452880859375,
  "summary_bg_median": 9.095000267028809,
  "summary_bg_n": 276512.0,
  "summary_bg_p05": 0.0949999988079071,
  "summary_bg_p95": 416.5589828491213,
  "summary_bg_stdv": 194.04098510742188,
  "summary_fg_k": 0.7141027381815808,
  "summary_fg_mad": 414.8580535159599,
  "summary_fg_mean": 2120.017822265625,
  "summary_fg_median": 2060.60986328125,
  "summary_fg_n": 53146.0,
  "summary_fg_p05": 1447.4974670410156,
  "summary_fg_p95": 2996.0011596679688,
  "summary_fg_stdv": 472.0133361816406,
  "tsnr": 97.04736497439444
}