{
  "aor": 0.00108315,
  "aqi": 0.002000702385,
  "bids_meta": {
    "AcquisitionDateTime": "1800-01-01T16:16:30",
    "BodyPartExamined": "BRAIN",
    "ConversionSoftware": "dcm2nii",
    "ConversionSoftwareVersion": "6-2013",
    "EchoTime": 0.025,
    "FlipAngle": 75.0,
    "ImageType": "ORIGINAL_PRIMARY_EPI_NONE",
    "MagneticFieldStrength": 3.0,
    "Manufacturer": "GE MEDICAL SYSTEMS",
    "ProcedureStepDescription": "Mattfeld_WMAZE",
    "ProtocolName": "Mattfeld_WMAZE",
    "RepetitionTime": 2.0,
    "ScanningSequence": "EP_GR",
    "SequenceVariant": "S_S",
    "SliceTiming": [
      0.0,
      1.0,
      0.047619047619047616,
      1.0476190476190477,
      0.09523809523809523,
      1.0952380952380953,
      0.14285714285714285,
      1.1428571428571428,
      0.19047619047619047,
      1.1904761904761905,
      0.23809523809523808,
      1.2380952380952381,
      0.2857142857142857,
      1.2857142857142858,
      0.3333333333333333,
      1.3333333333333333,
      0.38095238095238093,
      1.380952380952381,
      0.42857142857142855,
      1.4285714285714286,
      0.47619047619047616,
      1.4761904761904763,
      0.5238095238095238,
      1.5238095238095237,
      0.5714285714285714,
      1.5714285714285714,
      0.6190476190476191,
      1.619047619047619,
      0.6666666666666666,
      1.6666666666666667,
      0.7142857142857143,
      1.7142857142857142,
      0.7619047619047619,
      1.7619047619047619,
      0.8095238095238095,
      1.8095238095238095,
      0.8571428571428571,
      1.8571428571428572,
      0.9047619047619048,
      1.9047619047619047,
      0.9523809523809523,
      1.9523809523809523
    ],
    "TaskName": "conditional visual associative learning task",
    "dataset": "ds002149",
    "modality": "bold",
    "run_id": 5,
    "subject_id": "004",
    "task_id": "condassoc"
  },
  "dummy_trs": 0,
  "dvars_nstd": 15.900377288040202,
  "dvars_std": 1.1370046335175878,
  "dvars_vstd": 0.9860034500502508,
  "efc": 0.42203799939804043,
  "fber": 49587.0078125,
  "fd_mean": 0.09957784123307327,
  "fd_num": 9,
  "fd_perc": 4.5,
  "fwhm_avg": 2.988215722324083,
  "fwhm_x": 2.9393599999999998,
  "fwhm_y": 3.19176,
  "fwhm_z": 2.8335271669722495,
  "gcor": 0.0181271,
  "gsr_x": -0.0225517600774765,
  "gsr_y": 0.019013503566384315,
  "provenance": {
    "md5sum": "51fb3911318af1876b56516db61ec53c",
    "settings": {
      "fd_thres": 0.2,
      "testing": false
    },
    "software": "mriqc",
    "version": "22.0.1",
    "webapi_port": null,
    "webapi_url": "https://mriqc.nimh.nih.gov/api/v1"
  },
  "size_t": 200,
  "size_x": 96,
  "size_y": 96,
  "size_z": 42,
  "snr": 4.357233754251008,
  "spacing_tr": 2.0,
  "spacing_x": 2.5,
  "spacing_y": 2.5,
  "spacing_z": 3.0000312328338623,
  "summary_bg_k": 27.82283901578903,
  "summary_bg_mad": 13.113616399989704,
  "summary_bg_mean": 74.96784210205078,
  "summary_bg_median": 9.28499984741211,
  "summary_bg_n": 276069.0,
  "summary_bg_p05": 0.10999999940395355,
  "summary_bg_p95": 422.822979736328,
  "summary_bg_stdv": 198.01507568359375,
  "summary_fg_k": 0.725442754246957,
  "summary_fg_mad": 415.50307235223363,
  "summary_fg_mean": 2117.5869140625,
  "summary_fg_median": 2055.925048828125,
  "summary_fg_n": 53560.0,
  "summary_fg_p05": 1449.9046630859375,
  "summary_fg_p95": 2994.7800170898427,
  "summary_fg_stdv": 471.83740234375,
  "tsnr": 96.42442159354687
}