{
  "aor": 0.0024223499999999998,
  "aqi": 0.0031124558000000004,
  "bids_meta": {
    "AcquisitionDateTime": "1800-01-01T15:52:19",
    "BodyPartExamined": "BRAIN",
    "ConversionSoftware": "dcm2nii",
    "ConversionSoftwareVersion": "6-2013",
    "EchoTime": 0.025,
    "FlipAngle": 75.0,
    "ImageType": "ORIGINAL_PRIMARY_EPI_NONE",
    "MagneticFieldStrength": 3.0,
    "Manufacturer": "GE MEDICAL SYSTEMS",
    "ProcedureStepDescription": "Mattfeld_WMAZE",
    "ProtocolName": "Mattfeld_WMAZE",
    "RepetitionTime": 2.0,
    "ScanningSequence": "EP_GR",
    "SequenceVariant": "S_S",
    "SliceTiming": [
      0.0,
      1.0,
      0.047619047619047616,
      1.0476190476190477,
      0.09523809523809523,
      1.0952380952380953,
      0.14285714285714285,
      1.1428571428571428,
      0.19047619047619047,
      1.1904761904761905,
      0.23809523809523808,
      1.2380952380952381,
      0.2857142857142857,
      1.2857142857142858,
      0.3333333333333333,
      1.3333333333333333,
      0.38095238095238093,
      1.380952380952381,
      0.42857142857142855,
      1.4285714285714286,
      0.47619047619047616,
      1.4761904761904763,
      0.5238095238095238,
      1.5238095238095237,
      0.5714285714285714,
      1.5714285714285714,
      0.6190476190476191,
      1.619047619047619,
      0.6666666666666666,
      1.6666666666666667,
      0.7142857142857143,
      1.7142857142857142,
      0.7619047619047619,
      1.7619047619047619,
      0.8095238095238095,
      1.8095238095238095,
      0.8571428571428571,
      1.8571428571428572,
      0.9047619047619048,
      1.9047619047619047,
      0.9523809523809523,
      1.9523809523809523
    ],
    "TaskName": "conditional visual associative learning task",
    "dataset": "ds002149",
    "modality": "bold",
    "run_id": 2,
    "subject_id": "004",
    "task_id": "condassoc"
  },
  "dummy_trs": 0,
  "dvars_nstd": 14.776666991356784,
  "dvars_std": 1.0559063429145734,
  "dvars_vstd": 0.9524636510050262,
  "efc": 0.4197729772248658,
  "fber": 50816.9375,
  "fd_mean": 0.06972372243646001,
  "fd_num": 7,
  "fd_perc": 3.5,
  "fwhm_avg": 2.9828822746797683,
  "fwhm_x": 2.943988,
  "fwhm_y": 3.138192,
  "fwhm_z": 2.8664668240393043,
  "gcor": 0.01201,
  "gsr_x": -0.022526735439896584,
  "gsr_y": 0.019959187135100365,
  "provenance": {
    "md5sum": "27e40211b76f750e950297dc71849c3f",
    "settings": {
      "fd_thres": 0.2,
      "testing": false
    },
    "software": "mriqc",
    "version": "22.0.1",
    "webapi_port": null,
    "webapi_url": "https://mriqc.nimh.nih.gov/api/v1"
  },
  "size_t": 200,
  "size_x": 96,
  "size_y": 96,
  "size_z": 42,
  "snr": 4.390948157924365,
  "spacing_tr": 2.0,
  "spacing_x": 2.5,
  "spacing_y": 2.5,
  "spacing_z": 3.0000312328338623,
  "summary_bg_k": 26.610456653194284,
  "summary_bg_mad": 13.13585563298344,
  "summary_bg_mean": 74.38945770263672,
  "summary_bg_median": 9.289999961853027,
  "summary_bg_n": 277001.0,
  "summary_bg_p05": 0.11499999463558197,
  "summary_bg_p95": 418.3199768066406,
  "summary_bg_stdv": 195.6766357421875,
  "summary_fg_k": 0.6591777391780678,
  "summary_fg_mad": 419.09429254532523,
  "summary_fg_mean": 2136.207275390625,
  "summary_fg_median": 2079.570068359375,
  "summary_fg_n": 52851.0,
  "summary_fg_p05": 1456.2749633789062,
  "summary_fg_p95": 3015.3973388671875,
  "summary_fg_stdv": 473.5993957519531,
  "tsnr": 88.3799481363967
}