{
  "aor": 0.0035831499999999994,
  "aqi": 0.0021992731,
  "bids_meta": {
    "AcquisitionDateTime": "1800-01-01T17:45:28",
    "BodyPartExamined": "BRAIN",
    "ConversionSoftware": "dcm2nii",
    "ConversionSoftwareVersion": "6-2013",
    "EchoTime": 0.025,
    "FlipAngle": 75.0,
    "ImageType": "ORIGINAL_PRIMARY_EPI_NONE",
    "MagneticFieldStrength": 3.0,
    "Manufacturer": "GE MEDICAL SYSTEMS",
    "ProcedureStepDescription": "Mattfeld_WMAZE",
    "ProtocolName": "Mattfeld_WMAZE",
    "RepetitionTime": 2.0,
    "ScanningSequence": "EP_GR",
    "SequenceVariant": "S_S",
    "SliceTiming": [
      0.0,
      1.0,
      0.047619047619047616,
      1.0476190476190477,
      0.09523809523809523,
      1.0952380952380953,
      0.14285714285714285,
      1.1428571428571428,
      0.19047619047619047,
      1.1904761904761905,
      0.23809523809523808,
      1.2380952380952381,
      0.2857142857142857,
      1.2857142857142858,
      0.3333333333333333,
      1.3333333333333333,
      0.38095238095238093,
      1.380952380952381,
      0.42857142857142855,
      1.4285714285714286,
      0.47619047619047616,
      1.4761904761904763,
      0.5238095238095238,
      1.5238095238095237,
      0.5714285714285714,
      1.5714285714285714,
      0.6190476190476191,
      1.619047619047619,
      0.6666666666666666,
      1.6666666666666667,
      0.7142857142857143,
      1.7142857142857142,
      0.7619047619047619,
      1.7619047619047619,
      0.8095238095238095,
      1.8095238095238095,
      0.8571428571428571,
      1.8571428571428572,
      0.9047619047619048,
      1.9047619047619047,
      0.9523809523809523,
      1.9523809523809523
    ],
    "TaskName": "conditional visual associative learning task",
    "dataset": "ds002149",
    "modality": "bold",
    "run_id": 4,
    "subject_id": "007",
    "task_id": "condassoc"
  },
  "dummy_trs": 0,
  "dvars_nstd": 21.968506358241203,
  "dvars_std": 1.329746985879397,
  "dvars_vstd": 1.029066249497487,
  "efc": 0.4853334210814978,
  "fber": 30990.689453125,
  "fd_mean": 0.0415380469577065,
  "fd_num": 2,
  "fd_perc": 1.0,
  "fwhm_avg": 3.3987180599321802,
  "fwhm_x": 3.094684,
  "fwhm_y": 3.501052,
  "fwhm_z": 3.6004181797965398,
  "gcor": 0.0123368,
  "gsr_x": -0.02155817672610283,
  "gsr_y": 0.03474027290940285,
  "provenance": {
    "md5sum": "e3621f172c1542cc4e3340bb3f5f81fa",
    "settings": {
      "fd_thres": 0.2,
      "testing": false
    },
    "software": "mriqc",
    "version": "22.0.1",
    "webapi_port": null,
    "webapi_url": "https://mriqc.nimh.nih.gov/api/v1"
  },
  "size_t": 200,
  "size_x": 96,
  "size_y": 96,
  "size_z": 42,
  "snr": 2.96850421732061,
  "spacing_tr": 2.0,
  "spacing_x": 2.5,
  "spacing_y": 2.5,
  "spacing_z": 2.9997904300689697,
  "summary_bg_k": 20.14932270568616,
  "summary_bg_mad": 14.536913879352038,
  "summary_bg_mean": 92.76998901367188,
  "summary_bg_median": 10.139999389648438,
  "summary_bg_n": 247535.0,
  "summary_bg_p05": 0.044999998062849045,
  "summary_bg_p95": 580.9969787597652,
  "summary_bg_stdv": 235.3788604736328,
  "summary_fg_k": 0.5154254504189191,
  "summary_fg_mad": 575.4461164330285,
  "summary_fg_mean": 1941.7093505859375,
  "summary_fg_median": 1894.17236328125,
  "summary_fg_n": 72762.0,
  "summary_fg_p05": 952.324755859375,
  "summary_fg_p95": 3052.759143066406,
  "summary_fg_stdv": 638.08544921875,
  "tsnr": 84.42664929339662
}