{
  "bids_meta": {
    "AcquisitionDateTime": "1800-01-01T17:06:58",
    "BodyPartExamined": "BRAIN",
    "ConversionSoftware": "dcm2nii",
    "ConversionSoftwareVersion": "6-2013",
    "EchoTime": 0.00368,
    "FlipAngle": 12.0,
    "ImageType": "ORIGINAL_PRIMARY_OTHER",
    "InversionTime": 0.65,
    "MagneticFieldStrength": 3.0,
    "Manufacturer": "GE MEDICAL SYSTEMS",
    "ProcedureStepDescription": "Mattfeld_WMAZE",
    "ProtocolName": "Mattfeld_WMAZE",
    "RepetitionTime": 0.009184,
    "ScanningSequence": "G_R",
    "SequenceVariant": "SS_SK",
    "dataset": "ds002149",
    "modality": "T1w",
    "run_id": 1,
    "subject_id": "009"
  },
  "cjv": 0.40784889404134167,
  "cnr": 3.2907651799276794,
  "efc": 0.4929117544166749,
  "fber": 11708.252419547895,
  "fwhm_avg": 3.9320733333333338,
  "fwhm_x": 3.71148,
  "fwhm_y": 4.30341,
  "fwhm_z": 3.78133,
  "icvs_csf": 0.16841007318653478,
  "icvs_gm": 0.4050233229040891,
  "icvs_wm": 0.4265666039093761,
  "inu_med": 0.9135927557945251,
  "inu_range": 0.2574604600667951,
  "provenance": {
    "md5sum": "6ca1129176150dc4a638487b20d2c7e4",
    "settings": {
      "testing": false
    },
    "software": "mriqc",
    "version": "22.0.1",
    "warnings": {
      "large_rot_frame": true,
      "small_air_mask": false
    },
    "webapi_port": null,
    "webapi_url": "https://mriqc.nimh.nih.gov/api/v1"
  },
  "qi_1": 0.00019542053685278482,
  "qi_2": 0.0008212194140806455,
  "rpve_csf": 32.948669402922235,
  "rpve_gm": 13.763399158585544,
  "rpve_wm": 14.8176716904557,
  "size_x": 186,
  "size_y": 256,
  "size_z": 256,
  "snr_csf": 1.8168016354194658,
  "snr_gm": 17.48475786691123,
  "snr_total": 12.127474560899621,
  "snr_wm": 17.080864180368167,
  "snrd_csf": 21.974157920090896,
  "snrd_gm": 55.25583298004479,
  "snrd_total": 50.129797561654506,
  "snrd_wm": 73.15940178482786,
  "spacing_x": 1.0,
  "spacing_y": 1.0,
  "spacing_z": 1.0,
  "summary_bg_k": 26.283249984481706,
  "summary_bg_mad": 8.955275816035147,
  "summary_bg_mean": 10.513175948491623,
  "summary_bg_median": 6.040241748094559,
  "summary_bg_n": 3441593.0,
  "summary_bg_p05": 0.0,
  "summary_bg_p95": 39.40157696604729,
  "summary_bg_stdv": 15.391037948884808,
  "summary_csf_k": 14.455230954155759,
  "summary_csf_mad": 124.42495802676649,
  "summary_csf_mean": 286.60987721843736,
  "summary_csf_median": 300.37202176451683,
  "summary_csf_n": 30695.0,
  "summary_csf_p05": 53.562143713235855,
  "summary_csf_p95": 485.6314363867044,
  "summary_csf_stdv": 165.32742101256625,
  "summary_gm_k": 0.2001462893161463,
  "summary_gm_mad": 42.759959360008885,
  "summary_gm_mean": 754.4956701718631,
  "summary_gm_median": 755.3102297186852,
  "summary_gm_n": 35757.0,
  "summary_gm_p05": 683.0593380272388,
  "summary_gm_p95": 823.6729657948017,
  "summary_gm_stdv": 43.19760523322927,
  "summary_wm_k": 0.48112011032558044,
  "summary_wm_mad": 57.05281678825041,
  "summary_wm_mean": 1007.3845832508989,
  "summary_wm_median": 1000.0400245189667,
  "summary_wm_n": 206782.0,
  "summary_wm_p05": 927.6771283447742,
  "summary_wm_p95": 1118.0447474122047,
  "summary_wm_stdv": 58.547248889386864,
  "tpm_overlap_csf": 0.14150276748325732,
  "tpm_overlap_gm": 0.454243279959087,
  "tpm_overlap_wm": 0.4740683007086283,
  "wm2max": 0.5441744196556688
}