{
  "aor": 0.0057015999999999985,
  "aqi": 0.00342983455,
  "bids_meta": {
    "AcquisitionDateTime": "1800-01-01T14:09:58",
    "BodyPartExamined": "BRAIN",
    "ConversionSoftware": "dcm2nii",
    "ConversionSoftwareVersion": "6-2013",
    "EchoTime": 0.025,
    "FlipAngle": 75.0,
    "ImageType": "ORIGINAL_PRIMARY_EPI_NONE",
    "MagneticFieldStrength": 3.0,
    "Manufacturer": "GE MEDICAL SYSTEMS",
    "ProcedureStepDescription": "Mattfeld_WMAZE",
    "ProtocolName": "Mattfeld_WMAZE",
    "RepetitionTime": 2.0,
    "ScanningSequence": "EP_GR",
    "SequenceVariant": "S_S",
    "SliceTiming": [
      0.0,
      1.0,
      0.047619047619047616,
      1.0476190476190477,
      0.09523809523809523,
      1.0952380952380953,
      0.14285714285714285,
      1.1428571428571428,
      0.19047619047619047,
      1.1904761904761905,
      0.23809523809523808,
      1.2380952380952381,
      0.2857142857142857,
      1.2857142857142858,
      0.3333333333333333,
      1.3333333333333333,
      0.38095238095238093,
      1.380952380952381,
      0.42857142857142855,
      1.4285714285714286,
      0.47619047619047616,
      1.4761904761904763,
      0.5238095238095238,
      1.5238095238095237,
      0.5714285714285714,
      1.5714285714285714,
      0.6190476190476191,
      1.619047619047619,
      0.6666666666666666,
      1.6666666666666667,
      0.7142857142857143,
      1.7142857142857142,
      0.7619047619047619,
      1.7619047619047619,
      0.8095238095238095,
      1.8095238095238095,
      0.8571428571428571,
      1.8571428571428572,
      0.9047619047619048,
      1.9047619047619047,
      0.9523809523809523,
      1.9523809523809523
    ],
    "TaskName": "conditional visual associative learning task",
    "dataset": "ds002149",
    "modality": "bold",
    "run_id": 3,
    "subject_id": "017",
    "task_id": "condassoc"
  },
  "dummy_trs": 0,
  "dvars_nstd": 15.64117851427135,
  "dvars_std": 1.0965681706030146,
  "dvars_vstd": 1.0183333133165826,
  "efc": 0.4231132177605679,
  "fber": 65202.58984375,
  "fd_mean": 0.07035462515579145,
  "fd_num": 4,
  "fd_perc": 2.0,
  "fwhm_avg": 3.208555823797632,
  "fwhm_x": 2.924532,
  "fwhm_y": 3.557636,
  "fwhm_z": 3.143499471392897,
  "gcor": 0.0174491,
  "gsr_x": -0.016561070457100868,
  "gsr_y": 0.022859053686261177,
  "provenance": {
    "md5sum": "772306a5d7c8ac52111b154c641a3062",
    "settings": {
      "fd_thres": 0.2,
      "testing": false
    },
    "software": "mriqc",
    "version": "22.0.1",
    "webapi_port": null,
    "webapi_url": "https://mriqc.nimh.nih.gov/api/v1"
  },
  "size_t": 200,
  "size_x": 96,
  "size_y": 96,
  "size_z": 42,
  "snr": 3.728380756292859,
  "spacing_tr": 2.0,
  "spacing_x": 2.5,
  "spacing_y": 2.5,
  "spacing_z": 3.0000736713409424,
  "summary_bg_k": 27.97155315362574,
  "summary_bg_mad": 11.27518897212872,
  "summary_bg_mean": 62.04693603515625,
  "summary_bg_median": 8.014999389648438,
  "summary_bg_n": 270016.0,
  "summary_bg_p05": 0.09999999403953552,
  "summary_bg_p95": 349.8724899291992,
  "summary_bg_stdv": 164.28814697265625,
  "summary_fg_k": 1.527417218978357,
  "summary_fg_mad": 458.5093955918636,
  "summary_fg_mean": 2090.1435546875,
  "summary_fg_median": 2037.0799560546875,
  "summary_fg_n": 57289.0,
  "summary_fg_p05": 1345.1739990234375,
  "summary_fg_p95": 3077.734912109375,
  "summary_fg_stdv": 546.366455078125,
  "tsnr": 72.24124765302986
}