{
  "aor": 0.0014354,
  "aqi": 0.0021077366,
  "bids_meta": {
    "AcquisitionDateTime": "1800-01-01T14:02:00",
    "BodyPartExamined": "BRAIN",
    "ConversionSoftware": "dcm2nii",
    "ConversionSoftwareVersion": "6-2013",
    "EchoTime": 0.025,
    "FlipAngle": 75.0,
    "ImageType": "ORIGINAL_PRIMARY_EPI_NONE",
    "MagneticFieldStrength": 3.0,
    "Manufacturer": "GE MEDICAL SYSTEMS",
    "ProcedureStepDescription": "Mattfeld_WMAZE",
    "ProtocolName": "Mattfeld_WMAZE",
    "RepetitionTime": 2.0,
    "ScanningSequence": "EP_GR",
    "SequenceVariant": "S_S",
    "SliceTiming": [
      0.0,
      1.0,
      0.047619047619047616,
      1.0476190476190477,
      0.09523809523809523,
      1.0952380952380953,
      0.14285714285714285,
      1.1428571428571428,
      0.19047619047619047,
      1.1904761904761905,
      0.23809523809523808,
      1.2380952380952381,
      0.2857142857142857,
      1.2857142857142858,
      0.3333333333333333,
      1.3333333333333333,
      0.38095238095238093,
      1.380952380952381,
      0.42857142857142855,
      1.4285714285714286,
      0.47619047619047616,
      1.4761904761904763,
      0.5238095238095238,
      1.5238095238095237,
      0.5714285714285714,
      1.5714285714285714,
      0.6190476190476191,
      1.619047619047619,
      0.6666666666666666,
      1.6666666666666667,
      0.7142857142857143,
      1.7142857142857142,
      0.7619047619047619,
      1.7619047619047619,
      0.8095238095238095,
      1.8095238095238095,
      0.8571428571428571,
      1.8571428571428572,
      0.9047619047619048,
      1.9047619047619047,
      0.9523809523809523,
      1.9523809523809523
    ],
    "TaskName": "conditional visual associative learning task",
    "dataset": "ds002149",
    "modality": "bold",
    "run_id": 2,
    "subject_id": "017",
    "task_id": "condassoc"
  },
  "dummy_trs": 0,
  "dvars_nstd": 15.798080161457293,
  "dvars_std": 1.1141678503015084,
  "dvars_vstd": 0.9888969774874379,
  "efc": 0.4213531706378376,
  "fber": 64658.09375,
  "fd_mean": 0.06882231405322005,
  "fd_num": 2,
  "fd_perc": 1.0,
  "fwhm_avg": 3.1698432474858382,
  "fwhm_x": 2.89726,
  "fwhm_y": 3.506956,
  "fwhm_z": 3.1053137424575152,
  "gcor": 0.024466,
  "gsr_x": -0.015328015200793743,
  "gsr_y": 0.022715114057064056,
  "provenance": {
    "md5sum": "89b1ac33f3067d450b1321b493694b78",
    "settings": {
      "fd_thres": 0.2,
      "testing": false
    },
    "software": "mriqc",
    "version": "22.0.1",
    "webapi_port": null,
    "webapi_url": "https://mriqc.nimh.nih.gov/api/v1"
  },
  "size_t": 200,
  "size_x": 96,
  "size_y": 96,
  "size_z": 42,
  "snr": 3.774699344791563,
  "spacing_tr": 2.0,
  "spacing_x": 2.5,
  "spacing_y": 2.5,
  "spacing_z": 3.0000736713409424,
  "summary_bg_k": 29.80920266732973,
  "summary_bg_mad": 11.178820847715409,
  "summary_bg_mean": 59.723079681396484,
  "summary_bg_median": 7.940000057220459,
  "summary_bg_n": 270165.0,
  "summary_bg_p05": 0.08500000089406967,
  "summary_bg_p95": 336.5229919433593,
  "summary_bg_stdv": 162.21153259277344,
  "summary_fg_k": 1.4348050201476976,
  "summary_fg_mad": 457.6571526906255,
  "summary_fg_mean": 2079.575927734375,
  "summary_fg_median": 2028.25,
  "summary_fg_n": 57321.0,
  "summary_fg_p05": 1343.510009765625,
  "summary_fg_p95": 3048.385009765625,
  "summary_fg_stdv": 537.3228759765625,
  "tsnr": 88.3844883441925
}