{
  "aor": 0.0009762499999999999,
  "aqi": 0.0022033997,
  "bids_meta": {
    "AcquisitionDateTime": "1800-01-01T16:26:38",
    "BodyPartExamined": "BRAIN",
    "ConversionSoftware": "dcm2nii",
    "ConversionSoftwareVersion": "6-2013",
    "EchoTime": 0.025,
    "FlipAngle": 75.0,
    "ImageType": "ORIGINAL_PRIMARY_EPI_NONE",
    "MagneticFieldStrength": 3.0,
    "Manufacturer": "GE MEDICAL SYSTEMS",
    "ProcedureStepDescription": "Mattfeld_WMAZE",
    "ProtocolName": "Mattfeld_WMAZE",
    "RepetitionTime": 2.0,
    "ScanningSequence": "EP_GR",
    "SequenceVariant": "S_S",
    "SliceTiming": [
      0.0,
      1.0,
      0.047619047619047616,
      1.0476190476190477,
      0.09523809523809523,
      1.0952380952380953,
      0.14285714285714285,
      1.1428571428571428,
      0.19047619047619047,
      1.1904761904761905,
      0.23809523809523808,
      1.2380952380952381,
      0.2857142857142857,
      1.2857142857142858,
      0.3333333333333333,
      1.3333333333333333,
      0.38095238095238093,
      1.380952380952381,
      0.42857142857142855,
      1.4285714285714286,
      0.47619047619047616,
      1.4761904761904763,
      0.5238095238095238,
      1.5238095238095237,
      0.5714285714285714,
      1.5714285714285714,
      0.6190476190476191,
      1.619047619047619,
      0.6666666666666666,
      1.6666666666666667,
      0.7142857142857143,
      1.7142857142857142,
      0.7619047619047619,
      1.7619047619047619,
      0.8095238095238095,
      1.8095238095238095,
      0.8571428571428571,
      1.8571428571428572,
      0.9047619047619048,
      1.9047619047619047,
      0.9523809523809523,
      1.9523809523809523
    ],
    "TaskName": "conditional visual associative learning task",
    "dataset": "ds002149",
    "modality": "bold",
    "run_id": 3,
    "subject_id": "001",
    "task_id": "condassoc"
  },
  "dummy_trs": 0,
  "dvars_nstd": 16.978931877185918,
  "dvars_std": 1.182715594321609,
  "dvars_vstd": 0.9742819772361817,
  "efc": 0.4183169155057581,
  "fber": 71844.2578125,
  "fd_mean": 0.03923880984990038,
  "fd_num": 0,
  "fd_perc": 0.0,
  "fwhm_avg": 3.449664550393227,
  "fwhm_x": 3.499964,
  "fwhm_y": 3.604168,
  "fwhm_z": 3.244861651179681,
  "gcor": 0.0182011,
  "gsr_x": -0.02502698265016079,
  "gsr_y": 0.014844193123281002,
  "provenance": {
    "md5sum": "c403e42d45ef140bc37ca15e84fdd25f",
    "settings": {
      "fd_thres": 0.2,
      "testing": false
    },
    "software": "mriqc",
    "version": "22.0.1",
    "webapi_port": null,
    "webapi_url": "https://mriqc.nimh.nih.gov/api/v1"
  },
  "size_t": 200,
  "size_x": 96,
  "size_y": 96,
  "size_z": 42,
  "snr": 3.3123159242894116,
  "spacing_tr": 2.0,
  "spacing_x": 2.5,
  "spacing_y": 2.5,
  "spacing_z": 2.9997735023498535,
  "summary_bg_k": 29.735249539561345,
  "summary_bg_mad": 10.667322421323536,
  "summary_bg_mean": 73.18276977539062,
  "summary_bg_median": 7.774999618530273,
  "summary_bg_n": 274065.0,
  "summary_bg_p05": 0.1550000011920929,
  "summary_bg_p95": 457.3529968261709,
  "summary_bg_stdv": 213.74203491210938,
  "summary_fg_k": 1.958849119085973,
  "summary_fg_mad": 472.2125167192148,
  "summary_fg_mean": 2159.872802734375,
  "summary_fg_median": 2024.492431640625,
  "summary_fg_n": 56114.0,
  "summary_fg_p05": 1420.1827270507813,
  "summary_fg_p95": 3425.2792358398438,
  "summary_fg_stdv": 611.196044921875,
  "tsnr": 95.85335357114673
}