{
  "aor": 0.0015897,
  "aqi": 0.00228968265,
  "bids_meta": {
    "AcquisitionDateTime": "1800-01-01T11:55:42",
    "BodyPartExamined": "BRAIN",
    "ConversionSoftware": "dcm2nii",
    "ConversionSoftwareVersion": "6-2013",
    "EchoTime": 0.025,
    "FlipAngle": 75.0,
    "ImageType": "ORIGINAL_PRIMARY_EPI_NONE",
    "MagneticFieldStrength": 3.0,
    "Manufacturer": "GE MEDICAL SYSTEMS",
    "ProcedureStepDescription": "Mattfeld_WMAZE",
    "ProtocolName": "Mattfeld_WMAZE",
    "RepetitionTime": 2.0,
    "ScanningSequence": "EP_GR",
    "SequenceVariant": "S_S",
    "SliceTiming": [
      0.0,
      1.0,
      0.047619047619047616,
      1.0476190476190477,
      0.09523809523809523,
      1.0952380952380953,
      0.14285714285714285,
      1.1428571428571428,
      0.19047619047619047,
      1.1904761904761905,
      0.23809523809523808,
      1.2380952380952381,
      0.2857142857142857,
      1.2857142857142858,
      0.3333333333333333,
      1.3333333333333333,
      0.38095238095238093,
      1.380952380952381,
      0.42857142857142855,
      1.4285714285714286,
      0.47619047619047616,
      1.4761904761904763,
      0.5238095238095238,
      1.5238095238095237,
      0.5714285714285714,
      1.5714285714285714,
      0.6190476190476191,
      1.619047619047619,
      0.6666666666666666,
      1.6666666666666667,
      0.7142857142857143,
      1.7142857142857142,
      0.7619047619047619,
      1.7619047619047619,
      0.8095238095238095,
      1.8095238095238095,
      0.8571428571428571,
      1.8571428571428572,
      0.9047619047619048,
      1.9047619047619047,
      0.9523809523809523,
      1.9523809523809523
    ],
    "TaskName": "conditional visual associative learning task",
    "dataset": "ds002149",
    "modality": "bold",
    "run_id": 3,
    "subject_id": "010",
    "task_id": "condassoc"
  },
  "dummy_trs": 0,
  "dvars_nstd": 14.714200997437189,
  "dvars_std": 1.0733644429648244,
  "dvars_vstd": 0.9837417829145725,
  "efc": 0.40673704492518037,
  "fber": 54204.5078125,
  "fd_mean": 0.047731096126291755,
  "fd_num": 3,
  "fd_perc": 1.5,
  "fwhm_avg": 3.0411439769164303,
  "fwhm_x": 2.97592,
  "fwhm_y": 3.20608,
  "fwhm_z": 2.94143193074929,
  "gcor": 0.0136895,
  "gsr_x": -0.021236594766378403,
  "gsr_y": 0.016407104209065437,
  "provenance": {
    "md5sum": "14e43d14f2525734adb95cc0ef9f7844",
    "settings": {
      "fd_thres": 0.2,
      "testing": false
    },
    "software": "mriqc",
    "version": "22.0.1",
    "webapi_port": null,
    "webapi_url": "https://mriqc.nimh.nih.gov/api/v1"
  },
  "size_t": 200,
  "size_x": 96,
  "size_y": 96,
  "size_z": 42,
  "snr": 4.050696957284869,
  "spacing_tr": 2.0,
  "spacing_x": 2.5,
  "spacing_y": 2.5,
  "spacing_z": 3.0000014305114746,
  "summary_bg_k": 40.596650053739154,
  "summary_bg_mad": 12.372315776771785,
  "summary_bg_mean": 60.3902702331543,
  "summary_bg_median": 8.84000015258789,
  "summary_bg_n": 278473.0,
  "summary_bg_p05": 0.11499999463558197,
  "summary_bg_p95": 309.98798217773106,
  "summary_bg_stdv": 173.4114227294922,
  "summary_fg_k": 0.9842722868543055,
  "summary_fg_mad": 443.6390328863567,
  "summary_fg_mean": 2128.810546875,
  "summary_fg_median": 2044.9749755859375,
  "summary_fg_n": 52351.0,
  "summary_fg_p05": 1465.7774658203125,
  "summary_fg_p95": 3091.972412109375,
  "summary_fg_stdv": 504.84039306640625,
  "tsnr": 94.27009674254805
}