{
  "aor": 0.0006226,
  "aqi": 0.0021316681000000002,
  "bids_meta": {
    "AcquisitionDateTime": "1800-01-01T12:03:52",
    "BodyPartExamined": "BRAIN",
    "ConversionSoftware": "dcm2nii",
    "ConversionSoftwareVersion": "6-2013",
    "EchoTime": 0.025,
    "FlipAngle": 75.0,
    "ImageType": "ORIGINAL_PRIMARY_EPI_NONE",
    "MagneticFieldStrength": 3.0,
    "Manufacturer": "GE MEDICAL SYSTEMS",
    "ProcedureStepDescription": "Mattfeld_WMAZE",
    "ProtocolName": "Mattfeld_WMAZE",
    "RepetitionTime": 2.0,
    "ScanningSequence": "EP_GR",
    "SequenceVariant": "S_S",
    "SliceTiming": [
      0.0,
      1.0,
      0.047619047619047616,
      1.0476190476190477,
      0.09523809523809523,
      1.0952380952380953,
      0.14285714285714285,
      1.1428571428571428,
      0.19047619047619047,
      1.1904761904761905,
      0.23809523809523808,
      1.2380952380952381,
      0.2857142857142857,
      1.2857142857142858,
      0.3333333333333333,
      1.3333333333333333,
      0.38095238095238093,
      1.380952380952381,
      0.42857142857142855,
      1.4285714285714286,
      0.47619047619047616,
      1.4761904761904763,
      0.5238095238095238,
      1.5238095238095237,
      0.5714285714285714,
      1.5714285714285714,
      0.6190476190476191,
      1.619047619047619,
      0.6666666666666666,
      1.6666666666666667,
      0.7142857142857143,
      1.7142857142857142,
      0.7619047619047619,
      1.7619047619047619,
      0.8095238095238095,
      1.8095238095238095,
      0.8571428571428571,
      1.8571428571428572,
      0.9047619047619048,
      1.9047619047619047,
      0.9523809523809523,
      1.9523809523809523
    ],
    "TaskName": "conditional visual associative learning task",
    "dataset": "ds002149",
    "modality": "bold",
    "run_id": 4,
    "subject_id": "010",
    "task_id": "condassoc"
  },
  "dummy_trs": 0,
  "dvars_nstd": 15.904047199246227,
  "dvars_std": 1.0947690895477384,
  "dvars_vstd": 0.9720452049246233,
  "efc": 0.40630718937399574,
  "fber": 54359.09375,
  "fd_mean": 0.04983014435540917,
  "fd_num": 0,
  "fd_perc": 0.0,
  "fwhm_avg": 2.9979704306904544,
  "fwhm_x": 2.954916,
  "fwhm_y": 3.15626,
  "fwhm_z": 2.8827352920713625,
  "gcor": 0.0214594,
  "gsr_x": -0.020735859870910645,
  "gsr_y": 0.015557968057692051,
  "provenance": {
    "md5sum": "b8f62e843a769856ae0863ee5aa69060",
    "settings": {
      "fd_thres": 0.2,
      "testing": false
    },
    "software": "mriqc",
    "version": "22.0.1",
    "webapi_port": null,
    "webapi_url": "https://mriqc.nimh.nih.gov/api/v1"
  },
  "size_t": 200,
  "size_x": 96,
  "size_y": 96,
  "size_z": 42,
  "snr": 4.101913073793065,
  "spacing_tr": 2.0,
  "spacing_x": 2.5,
  "spacing_y": 2.5,
  "spacing_z": 3.0000014305114746,
  "summary_bg_k": 41.74051414107704,
  "summary_bg_mad": 12.27965249743284,
  "summary_bg_mean": 59.894676208496094,
  "summary_bg_median": 8.779999732971191,
  "summary_bg_n": 278768.0,
  "summary_bg_p05": 0.10999999940395355,
  "summary_bg_p95": 305.60799407958916,
  "summary_bg_stdv": 170.9032440185547,
  "summary_fg_k": 1.0049213451101897,
  "summary_fg_mad": 436.3150647981628,
  "summary_fg_mean": 2116.379638671875,
  "summary_fg_median": 2035.679931640625,
  "summary_fg_n": 52011.0,
  "summary_fg_p05": 1462.8074340820312,
  "summary_fg_p95": 3061.4798583984375,
  "summary_fg_stdv": 496.2709655761719,
  "tsnr": 94.51399991754442
}