{
  "aor": 0.00073685,
  "aqi": 0.0022542770000000003,
  "bids_meta": {
    "AcquisitionDateTime": "1800-01-01T11:47:30",
    "BodyPartExamined": "BRAIN",
    "ConversionSoftware": "dcm2nii",
    "ConversionSoftwareVersion": "6-2013",
    "EchoTime": 0.025,
    "FlipAngle": 75.0,
    "ImageType": "ORIGINAL_PRIMARY_EPI_NONE",
    "MagneticFieldStrength": 3.0,
    "Manufacturer": "GE MEDICAL SYSTEMS",
    "ProcedureStepDescription": "Mattfeld_WMAZE",
    "ProtocolName": "Mattfeld_WMAZE",
    "RepetitionTime": 2.0,
    "ScanningSequence": "EP_GR",
    "SequenceVariant": "S_S",
    "SliceTiming": [
      0.0,
      1.0,
      0.047619047619047616,
      1.0476190476190477,
      0.09523809523809523,
      1.0952380952380953,
      0.14285714285714285,
      1.1428571428571428,
      0.19047619047619047,
      1.1904761904761905,
      0.23809523809523808,
      1.2380952380952381,
      0.2857142857142857,
      1.2857142857142858,
      0.3333333333333333,
      1.3333333333333333,
      0.38095238095238093,
      1.380952380952381,
      0.42857142857142855,
      1.4285714285714286,
      0.47619047619047616,
      1.4761904761904763,
      0.5238095238095238,
      1.5238095238095237,
      0.5714285714285714,
      1.5714285714285714,
      0.6190476190476191,
      1.619047619047619,
      0.6666666666666666,
      1.6666666666666667,
      0.7142857142857143,
      1.7142857142857142,
      0.7619047619047619,
      1.7619047619047619,
      0.8095238095238095,
      1.8095238095238095,
      0.8571428571428571,
      1.8571428571428572,
      0.9047619047619048,
      1.9047619047619047,
      0.9523809523809523,
      1.9523809523809523
    ],
    "TaskName": "conditional visual associative learning task",
    "dataset": "ds002149",
    "modality": "bold",
    "run_id": 2,
    "subject_id": "010",
    "task_id": "condassoc"
  },
  "dummy_trs": 0,
  "dvars_nstd": 14.363201055075375,
  "dvars_std": 1.0503396815577888,
  "dvars_vstd": 0.968455542914573,
  "efc": 0.4080022732269642,
  "fber": 53025.76953125,
  "fd_mean": 0.043965158664895185,
  "fd_num": 0,
  "fd_perc": 0.0,
  "fwhm_avg": 3.056065533591493,
  "fwhm_x": 3.017948,
  "fwhm_y": 3.21586,
  "fwhm_z": 2.9343886007744784,
  "gcor": 0.0207587,
  "gsr_x": -0.02198919653892517,
  "gsr_y": 0.016964737325906754,
  "provenance": {
    "md5sum": "c7688a2c4ad49c449e617f2478381f05",
    "settings": {
      "fd_thres": 0.2,
      "testing": false
    },
    "software": "mriqc",
    "version": "22.0.1",
    "webapi_port": null,
    "webapi_url": "https://mriqc.nimh.nih.gov/api/v1"
  },
  "size_t": 200,
  "size_x": 96,
  "size_y": 96,
  "size_z": 42,
  "snr": 4.025778462095398,
  "spacing_tr": 2.0,
  "spacing_x": 2.5,
  "spacing_y": 2.5,
  "spacing_z": 3.0000014305114746,
  "summary_bg_k": 40.854566949625635,
  "summary_bg_mad": 12.476097126132972,
  "summary_bg_mean": 61.35942459106445,
  "summary_bg_median": 8.899999618530273,
  "summary_bg_n": 278246.0,
  "summary_bg_p05": 0.10999999940395355,
  "summary_bg_p95": 310.9100036621094,
  "summary_bg_stdv": 176.48829650878906,
  "summary_fg_k": 1.0351057203687768,
  "summary_fg_mad": 443.0830570544171,
  "summary_fg_mean": 2118.967041015625,
  "summary_fg_median": 2035.2249755859375,
  "summary_fg_n": 52500.0,
  "summary_fg_p05": 1451.7612609863281,
  "summary_fg_p95": 3089.0122436523425,
  "summary_fg_stdv": 505.5433654785156,
  "tsnr": 93.58240586821921
}