{
  "aor": 0.0009376500000000002,
  "aqi": 0.0021837244,
  "bids_meta": {
    "AcquisitionDateTime": "1800-01-01T11:39:06",
    "BodyPartExamined": "BRAIN",
    "ConversionSoftware": "dcm2nii",
    "ConversionSoftwareVersion": "6-2013",
    "EchoTime": 0.025,
    "FlipAngle": 75.0,
    "ImageType": "ORIGINAL_PRIMARY_EPI_NONE",
    "MagneticFieldStrength": 3.0,
    "Manufacturer": "GE MEDICAL SYSTEMS",
    "ProcedureStepDescription": "Mattfeld_WMAZE",
    "ProtocolName": "Mattfeld_WMAZE",
    "RepetitionTime": 2.0,
    "ScanningSequence": "EP_GR",
    "SequenceVariant": "S_S",
    "SliceTiming": [
      0.0,
      1.0,
      0.047619047619047616,
      1.0476190476190477,
      0.09523809523809523,
      1.0952380952380953,
      0.14285714285714285,
      1.1428571428571428,
      0.19047619047619047,
      1.1904761904761905,
      0.23809523809523808,
      1.2380952380952381,
      0.2857142857142857,
      1.2857142857142858,
      0.3333333333333333,
      1.3333333333333333,
      0.38095238095238093,
      1.380952380952381,
      0.42857142857142855,
      1.4285714285714286,
      0.47619047619047616,
      1.4761904761904763,
      0.5238095238095238,
      1.5238095238095237,
      0.5714285714285714,
      1.5714285714285714,
      0.6190476190476191,
      1.619047619047619,
      0.6666666666666666,
      1.6666666666666667,
      0.7142857142857143,
      1.7142857142857142,
      0.7619047619047619,
      1.7619047619047619,
      0.8095238095238095,
      1.8095238095238095,
      0.8571428571428571,
      1.8571428571428572,
      0.9047619047619048,
      1.9047619047619047,
      0.9523809523809523,
      1.9523809523809523
    ],
    "TaskName": "conditional visual associative learning task",
    "dataset": "ds002149",
    "modality": "bold",
    "run_id": 1,
    "subject_id": "010",
    "task_id": "condassoc"
  },
  "dummy_trs": 0,
  "dvars_nstd": 14.310359930854263,
  "dvars_std": 1.059125168743719,
  "dvars_vstd": 0.9711724096984924,
  "efc": 0.4063883172132288,
  "fber": 55557.078125,
  "fd_mean": 0.03807305299647947,
  "fd_num": 0,
  "fd_perc": 0.0,
  "fwhm_avg": 3.064280416946424,
  "fwhm_x": 3.005568,
  "fwhm_y": 3.218068,
  "fwhm_z": 2.9692052508392726,
  "gcor": 0.0181148,
  "gsr_x": -0.02163879945874214,
  "gsr_y": 0.014982502907514572,
  "provenance": {
    "md5sum": "62a326d016b3591eb9f6024446b7b198",
    "settings": {
      "fd_thres": 0.2,
      "testing": false
    },
    "software": "mriqc",
    "version": "22.0.1",
    "webapi_port": null,
    "webapi_url": "https://mriqc.nimh.nih.gov/api/v1"
  },
  "size_t": 200,
  "size_x": 96,
  "size_y": 96,
  "size_z": 42,
  "snr": 4.041099581177901,
  "spacing_tr": 2.0,
  "spacing_x": 2.5,
  "spacing_y": 2.5,
  "spacing_z": 3.0000014305114746,
  "summary_bg_k": 41.813017287105254,
  "summary_bg_mad": 12.290772025559729,
  "summary_bg_mean": 60.85821533203125,
  "summary_bg_median": 8.779999732971191,
  "summary_bg_n": 278772.0,
  "summary_bg_p05": 0.10999999940395355,
  "summary_bg_p95": 309.4235031127933,
  "summary_bg_stdv": 175.39019775390625,
  "summary_fg_k": 1.0005577085383432,
  "summary_fg_mad": 446.47827404894406,
  "summary_fg_mean": 2141.195556640625,
  "summary_fg_median": 2054.56982421875,
  "summary_fg_n": 52158.0,
  "summary_fg_p05": 1476.9116821289062,
  "summary_fg_p95": 3118.914147949218,
  "summary_fg_stdv": 508.41363525390625,
  "tsnr": 97.38581998832524
}