{
  "aor": 0.00133415,
  "aqi": 0.0021852469000000004,
  "bids_meta": {
    "AcquisitionDateTime": "1800-01-01T12:12:14",
    "BodyPartExamined": "BRAIN",
    "ConversionSoftware": "dcm2nii",
    "ConversionSoftwareVersion": "6-2013",
    "EchoTime": 0.025,
    "FlipAngle": 75.0,
    "ImageType": "ORIGINAL_PRIMARY_EPI_NONE",
    "MagneticFieldStrength": 3.0,
    "Manufacturer": "GE MEDICAL SYSTEMS",
    "ProcedureStepDescription": "Mattfeld_WMAZE",
    "ProtocolName": "Mattfeld_WMAZE",
    "RepetitionTime": 2.0,
    "ScanningSequence": "EP_GR",
    "SequenceVariant": "S_S",
    "SliceTiming": [
      0.0,
      1.0,
      0.047619047619047616,
      1.0476190476190477,
      0.09523809523809523,
      1.0952380952380953,
      0.14285714285714285,
      1.1428571428571428,
      0.19047619047619047,
      1.1904761904761905,
      0.23809523809523808,
      1.2380952380952381,
      0.2857142857142857,
      1.2857142857142858,
      0.3333333333333333,
      1.3333333333333333,
      0.38095238095238093,
      1.380952380952381,
      0.42857142857142855,
      1.4285714285714286,
      0.47619047619047616,
      1.4761904761904763,
      0.5238095238095238,
      1.5238095238095237,
      0.5714285714285714,
      1.5714285714285714,
      0.6190476190476191,
      1.619047619047619,
      0.6666666666666666,
      1.6666666666666667,
      0.7142857142857143,
      1.7142857142857142,
      0.7619047619047619,
      1.7619047619047619,
      0.8095238095238095,
      1.8095238095238095,
      0.8571428571428571,
      1.8571428571428572,
      0.9047619047619048,
      1.9047619047619047,
      0.9523809523809523,
      1.9523809523809523
    ],
    "TaskName": "conditional visual associative learning task",
    "dataset": "ds002149",
    "modality": "bold",
    "run_id": 5,
    "subject_id": "010",
    "task_id": "condassoc"
  },
  "dummy_trs": 0,
  "dvars_nstd": 15.909053630050252,
  "dvars_std": 1.1176688796482404,
  "dvars_vstd": 0.9941907236683417,
  "efc": 0.40705298601037415,
  "fber": 55561.06640625,
  "fd_mean": 0.06249063425322851,
  "fd_num": 5,
  "fd_perc": 2.5,
  "fwhm_avg": 3.0173837600723985,
  "fwhm_x": 2.9555,
  "fwhm_y": 3.189056,
  "fwhm_z": 2.907595280217196,
  "gcor": 0.0206191,
  "gsr_x": -0.020676180720329285,
  "gsr_y": 0.01571076735854149,
  "provenance": {
    "md5sum": "78123bfc86c56b976359b866a78e61ce",
    "settings": {
      "fd_thres": 0.2,
      "testing": false
    },
    "software": "mriqc",
    "version": "22.0.1",
    "webapi_port": null,
    "webapi_url": "https://mriqc.nimh.nih.gov/api/v1"
  },
  "size_t": 200,
  "size_x": 96,
  "size_y": 96,
  "size_z": 42,
  "snr": 4.105435292401374,
  "spacing_tr": 2.0,
  "spacing_x": 2.5,
  "spacing_y": 2.5,
  "spacing_z": 3.0000014305114746,
  "summary_bg_k": 40.53714073832271,
  "summary_bg_mad": 12.164751619944763,
  "summary_bg_mean": 60.199501037597656,
  "summary_bg_median": 8.720000267028809,
  "summary_bg_n": 278309.0,
  "summary_bg_p05": 0.11499999463558197,
  "summary_bg_p95": 310.274987792967,
  "summary_bg_stdv": 172.82066345214844,
  "summary_fg_k": 1.0106619263077503,
  "summary_fg_mad": 437.0190836738936,
  "summary_fg_mean": 2125.401611328125,
  "summary_fg_median": 2044.89990234375,
  "summary_fg_n": 52385.0,
  "summary_fg_p05": 1469.4309326171874,
  "summary_fg_p95": 3074.85595703125,
  "summary_fg_stdv": 498.09100341796875,
  "tsnr": 93.25821324344724
}