{
  "aor": 0.0007863000000000001,
  "aqi": 0.0019450932399999999,
  "bids_meta": {
    "AcquisitionDateTime": "1800-01-01T14:12:15",
    "BodyPartExamined": "BRAIN",
    "ConversionSoftware": "dcm2nii",
    "ConversionSoftwareVersion": "6-2013",
    "EchoTime": 0.025,
    "FlipAngle": 75.0,
    "ImageType": "ORIGINAL_PRIMARY_EPI_NONE",
    "MagneticFieldStrength": 3.0,
    "Manufacturer": "GE MEDICAL SYSTEMS",
    "ProcedureStepDescription": "Mattfeld_WMAZE",
    "ProtocolName": "Mattfeld_WMAZE",
    "RepetitionTime": 2.0,
    "ScanningSequence": "EP_GR",
    "SequenceVariant": "S_S",
    "SliceTiming": [
      0.0,
      1.0,
      0.047619047619047616,
      1.0476190476190477,
      0.09523809523809523,
      1.0952380952380953,
      0.14285714285714285,
      1.1428571428571428,
      0.19047619047619047,
      1.1904761904761905,
      0.23809523809523808,
      1.2380952380952381,
      0.2857142857142857,
      1.2857142857142858,
      0.3333333333333333,
      1.3333333333333333,
      0.38095238095238093,
      1.380952380952381,
      0.42857142857142855,
      1.4285714285714286,
      0.47619047619047616,
      1.4761904761904763,
      0.5238095238095238,
      1.5238095238095237,
      0.5714285714285714,
      1.5714285714285714,
      0.6190476190476191,
      1.619047619047619,
      0.6666666666666666,
      1.6666666666666667,
      0.7142857142857143,
      1.7142857142857142,
      0.7619047619047619,
      1.7619047619047619,
      0.8095238095238095,
      1.8095238095238095,
      0.8571428571428571,
      1.8571428571428572,
      0.9047619047619048,
      1.9047619047619047,
      0.9523809523809523,
      1.9523809523809523
    ],
    "TaskName": "conditional visual associative learning task",
    "dataset": "ds002149",
    "modality": "bold",
    "run_id": 2,
    "subject_id": "023",
    "task_id": "condassoc"
  },
  "dummy_trs": 0,
  "dvars_nstd": 15.482695498542716,
  "dvars_std": 1.1591809003015074,
  "dvars_vstd": 0.971793925075377,
  "efc": 0.40760764423755186,
  "fber": 59314.6875,
  "fd_mean": 0.04649999818225005,
  "fd_num": 0,
  "fd_perc": 0.0,
  "fwhm_avg": 3.329075524054575,
  "fwhm_x": 3.338976,
  "fwhm_y": 3.510004,
  "fwhm_z": 3.1382465721637236,
  "gcor": 0.0205633,
  "gsr_x": -0.020250651985406876,
  "gsr_y": 0.015510868281126022,
  "provenance": {
    "md5sum": "8fba049a9602e0006931152013404ad1",
    "settings": {
      "fd_thres": 0.2,
      "testing": false
    },
    "software": "mriqc",
    "version": "22.0.1",
    "webapi_port": null,
    "webapi_url": "https://mriqc.nimh.nih.gov/api/v1"
  },
  "size_t": 200,
  "size_x": 96,
  "size_y": 96,
  "size_z": 42,
  "snr": 3.494296161466155,
  "spacing_tr": 2.0,
  "spacing_x": 2.5,
  "spacing_y": 2.5,
  "spacing_z": 3.0001626014709473,
  "summary_bg_k": 30.904376803653456,
  "summary_bg_mad": 11.593948896259517,
  "summary_bg_mean": 63.37101364135742,
  "summary_bg_median": 8.359999656677246,
  "summary_bg_n": 276403.0,
  "summary_bg_p05": 0.11999999731779099,
  "summary_bg_p95": 338.53747863769445,
  "summary_bg_stdv": 187.55352783203125,
  "summary_fg_k": 1.1953999763952643,
  "summary_fg_mad": 469.16958063512743,
  "summary_fg_mean": 2120.90380859375,
  "summary_fg_median": 2012.5999755859375,
  "summary_fg_n": 53253.0,
  "summary_fg_p05": 1362.09697265625,
  "summary_fg_p95": 3269.136865234373,
  "summary_fg_stdv": 575.9617919921875,
  "tsnr": 94.84773769509047
}