{
  "aor": 0.00125635,
  "aqi": 0.0020196520499999996,
  "bids_meta": {
    "AcquisitionDateTime": "1800-01-01T14:20:07",
    "BodyPartExamined": "BRAIN",
    "ConversionSoftware": "dcm2nii",
    "ConversionSoftwareVersion": "6-2013",
    "EchoTime": 0.025,
    "FlipAngle": 75.0,
    "ImageType": "ORIGINAL_PRIMARY_EPI_NONE",
    "MagneticFieldStrength": 3.0,
    "Manufacturer": "GE MEDICAL SYSTEMS",
    "ProcedureStepDescription": "Mattfeld_WMAZE",
    "ProtocolName": "Mattfeld_WMAZE",
    "RepetitionTime": 2.0,
    "ScanningSequence": "EP_GR",
    "SequenceVariant": "S_S",
    "SliceTiming": [
      0.0,
      1.0,
      0.047619047619047616,
      1.0476190476190477,
      0.09523809523809523,
      1.0952380952380953,
      0.14285714285714285,
      1.1428571428571428,
      0.19047619047619047,
      1.1904761904761905,
      0.23809523809523808,
      1.2380952380952381,
      0.2857142857142857,
      1.2857142857142858,
      0.3333333333333333,
      1.3333333333333333,
      0.38095238095238093,
      1.380952380952381,
      0.42857142857142855,
      1.4285714285714286,
      0.47619047619047616,
      1.4761904761904763,
      0.5238095238095238,
      1.5238095238095237,
      0.5714285714285714,
      1.5714285714285714,
      0.6190476190476191,
      1.619047619047619,
      0.6666666666666666,
      1.6666666666666667,
      0.7142857142857143,
      1.7142857142857142,
      0.7619047619047619,
      1.7619047619047619,
      0.8095238095238095,
      1.8095238095238095,
      0.8571428571428571,
      1.8571428571428572,
      0.9047619047619048,
      1.9047619047619047,
      0.9523809523809523,
      1.9523809523809523
    ],
    "TaskName": "conditional visual associative learning task",
    "dataset": "ds002149",
    "modality": "bold",
    "run_id": 3,
    "subject_id": "023",
    "task_id": "condassoc"
  },
  "dummy_trs": 0,
  "dvars_nstd": 16.168119742261304,
  "dvars_std": 1.1841058845728645,
  "dvars_vstd": 0.9832897576381907,
  "efc": 0.40665771653802046,
  "fber": 60504.96484375,
  "fd_mean": 0.05597034687245832,
  "fd_num": 0,
  "fd_perc": 0.0,
  "fwhm_avg": 3.334625430003966,
  "fwhm_x": 3.3593719999999996,
  "fwhm_y": 3.4887520000000003,
  "fwhm_z": 3.1557522900118995,
  "gcor": 0.0254196,
  "gsr_x": -0.020101528614759445,
  "gsr_y": 0.014936316758394241,
  "provenance": {
    "md5sum": "e5bc529b696107abec4d7ce3c243f504",
    "settings": {
      "fd_thres": 0.2,
      "testing": false
    },
    "software": "mriqc",
    "version": "22.0.1",
    "webapi_port": null,
    "webapi_url": "https://mriqc.nimh.nih.gov/api/v1"
  },
  "size_t": 200,
  "size_x": 96,
  "size_y": 96,
  "size_z": 42,
  "snr": 3.4903239570217766,
  "spacing_tr": 2.0,
  "spacing_x": 2.5,
  "spacing_y": 2.5,
  "spacing_z": 3.0001626014709473,
  "summary_bg_k": 31.066294881318,
  "summary_bg_mad": 11.467928092979648,
  "summary_bg_mean": 63.001747131347656,
  "summary_bg_median": 8.289999961853027,
  "summary_bg_n": 276730.0,
  "summary_bg_p05": 0.12999999523162842,
  "summary_bg_p95": 338.60824737548813,
  "summary_bg_stdv": 186.19674682617188,
  "summary_fg_k": 1.1561938810514434,
  "summary_fg_mad": 474.2844858962853,
  "summary_fg_mean": 2123.78515625,
  "summary_fg_median": 2014.6649169921875,
  "summary_fg_n": 53027.0,
  "summary_fg_p05": 1361.5504272460937,
  "summary_fg_p95": 3273.214916992187,
  "summary_fg_stdv": 577.2088623046875,
  "tsnr": 94.46781263686717
}