{
  "bids_meta": {
    "AcquisitionDateTime": "1800-01-01T15:55:50",
    "BodyPartExamined": "BRAIN",
    "ConversionSoftware": "dcm2nii",
    "ConversionSoftwareVersion": "6-2013",
    "EchoTime": 0.00368,
    "FlipAngle": 12.0,
    "ImageType": "ORIGINAL_PRIMARY_OTHER",
    "InversionTime": 0.65,
    "MagneticFieldStrength": 3.0,
    "Manufacturer": "GE MEDICAL SYSTEMS",
    "ProcedureStepDescription": "Mattfeld_WMAZE",
    "ProtocolName": "Mattfeld_WMAZE",
    "RepetitionTime": 0.009184,
    "ScanningSequence": "G_R",
    "SequenceVariant": "SS_SK",
    "dataset": "ds002149",
    "modality": "T1w",
    "run_id": 1,
    "subject_id": "001"
  },
  "cjv": 0.4381638843501502,
  "cnr": 3.1929938003318985,
  "efc": 0.4718491607078913,
  "fber": 8209.770599519525,
  "fwhm_avg": 3.7760433333333334,
  "fwhm_x": 3.68009,
  "fwhm_y": 3.98256,
  "fwhm_z": 3.66548,
  "icvs_csf": 0.19086100340768025,
  "icvs_gm": 0.3886555130428888,
  "icvs_wm": 0.4204834835494309,
  "inu_med": 0.8399814069271088,
  "inu_range": 0.2959194242954254,
  "provenance": {
    "md5sum": "c10a5475842107678eb4a992fba5d965",
    "settings": {
      "testing": false
    },
    "software": "mriqc",
    "version": "22.0.1",
    "warnings": {
      "large_rot_frame": true,
      "small_air_mask": false
    },
    "webapi_port": null,
    "webapi_url": "https://mriqc.nimh.nih.gov/api/v1"
  },
  "qi_1": 0.008460635750570598,
  "qi_2": 0.0008129327954971553,
  "rpve_csf": 30.953451625172626,
  "rpve_gm": 14.902266187139517,
  "rpve_wm": 16.165615378236456,
  "size_x": 186,
  "size_y": 256,
  "size_z": 256,
  "snr_csf": 3.2317552442330424,
  "snr_gm": 16.967251773414592,
  "snr_total": 12.794245977065899,
  "snr_wm": 18.183730913550058,
  "snrd_csf": 29.795221560550733,
  "snrd_gm": 66.33552892892668,
  "snrd_total": 60.787917147456575,
  "snrd_wm": 86.23300095289233,
  "spacing_x": 1.0,
  "spacing_y": 1.0,
  "spacing_z": 1.0,
  "summary_bg_k": 10.095160061251912,
  "summary_bg_mad": 7.59784322117576,
  "summary_bg_mean": 8.958988143800061,
  "summary_bg_median": 5.124667376279831,
  "summary_bg_n": 3427703.0,
  "summary_bg_p05": 0.0,
  "summary_bg_p95": 33.901645720005035,
  "summary_bg_stdv": 11.934622335968577,
  "summary_csf_k": 1.5052160671127552,
  "summary_csf_mad": 76.34371313585258,
  "summary_csf_mean": 345.27204651806426,
  "summary_csf_median": 345.54548054002225,
  "summary_csf_n": 32260.0,
  "summary_csf_p05": 144.96402840651572,
  "summary_csf_p95": 523.481076813396,
  "summary_csf_stdv": 106.92026429956668,
  "summary_gm_k": 0.11410534075156287,
  "summary_gm_mad": 45.769699789102056,
  "summary_gm_mean": 767.618937977688,
  "summary_gm_median": 769.3160520400852,
  "summary_gm_n": 21381.0,
  "summary_gm_p05": 692.5938683394343,
  "summary_gm_p95": 838.794715506956,
  "summary_gm_stdv": 45.34016890042215,
  "summary_wm_k": 0.4061083650868258,
  "summary_wm_mad": 55.34006000039075,
  "summary_wm_mean": 1006.4251416105806,
  "summary_wm_median": 1000.0739109162241,
  "summary_wm_n": 201195.0,
  "summary_wm_p05": 930.398144857958,
  "summary_wm_p95": 1108.9730926621705,
  "summary_wm_stdv": 54.99814258871411,
  "tpm_overlap_csf": 0.15933908682143624,
  "tpm_overlap_gm": 0.4536631695894272,
  "tpm_overlap_wm": 0.49418118168870606,
  "wm2max": 0.6874703610866473
}