{
  "aor": 0.00129485,
  "aqi": 0.0038479369999999996,
  "bids_meta": {
    "AcquisitionDateTime": "1800-01-01T15:53:38",
    "BodyPartExamined": "BRAIN",
    "ConversionSoftware": "dcm2nii",
    "ConversionSoftwareVersion": "6-2013",
    "EchoTime": 0.025,
    "FlipAngle": 75.0,
    "ImageType": "ORIGINAL_PRIMARY_EPI_NONE",
    "MagneticFieldStrength": 3.0,
    "Manufacturer": "GE MEDICAL SYSTEMS",
    "ProcedureStepDescription": "Mattfeld_WMAZE",
    "ProtocolName": "Mattfeld_WMAZE",
    "RepetitionTime": 2.0,
    "ScanningSequence": "EP_GR",
    "SequenceVariant": "S_S",
    "SliceTiming": [
      0.0,
      1.0,
      0.047619047619047616,
      1.0476190476190477,
      0.09523809523809523,
      1.0952380952380953,
      0.14285714285714285,
      1.1428571428571428,
      0.19047619047619047,
      1.1904761904761905,
      0.23809523809523808,
      1.2380952380952381,
      0.2857142857142857,
      1.2857142857142858,
      0.3333333333333333,
      1.3333333333333333,
      0.38095238095238093,
      1.380952380952381,
      0.42857142857142855,
      1.4285714285714286,
      0.47619047619047616,
      1.4761904761904763,
      0.5238095238095238,
      1.5238095238095237,
      0.5714285714285714,
      1.5714285714285714,
      0.6190476190476191,
      1.619047619047619,
      0.6666666666666666,
      1.6666666666666667,
      0.7142857142857143,
      1.7142857142857142,
      0.7619047619047619,
      1.7619047619047619,
      0.8095238095238095,
      1.8095238095238095,
      0.8571428571428571,
      1.8571428571428572,
      0.9047619047619048,
      1.9047619047619047,
      0.9523809523809523,
      1.9523809523809523
    ],
    "TaskName": "conditional visual associative learning task",
    "dataset": "ds002149",
    "modality": "bold",
    "run_id": 4,
    "subject_id": "021",
    "task_id": "condassoc"
  },
  "dummy_trs": 0,
  "dvars_nstd": 16.58807139211056,
  "dvars_std": 1.1360793776381908,
  "dvars_vstd": 0.9528836868341708,
  "efc": 0.41728729342881465,
  "fber": 66133.9921875,
  "fd_mean": 0.0731684729244917,
  "fd_num": 6,
  "fd_perc": 3.0,
  "fwhm_avg": 3.2065662359299725,
  "fwhm_x": 3.257812,
  "fwhm_y": 3.3687359999999997,
  "fwhm_z": 2.993150707789917,
  "gcor": 0.0238615,
  "gsr_x": -0.026098161935806274,
  "gsr_y": 0.01902392879128456,
  "provenance": {
    "md5sum": "383bbd1cac941c60a5f5576c5c3f427c",
    "settings": {
      "fd_thres": 0.2,
      "testing": false
    },
    "software": "mriqc",
    "version": "22.0.1",
    "webapi_port": null,
    "webapi_url": "https://mriqc.nimh.nih.gov/api/v1"
  },
  "size_t": 200,
  "size_x": 96,
  "size_y": 96,
  "size_z": 42,
  "snr": 3.862580803805878,
  "spacing_tr": 2.0,
  "spacing_x": 2.5,
  "spacing_y": 2.5,
  "spacing_z": 3.0002498626708984,
  "summary_bg_k": 24.85187892780977,
  "summary_bg_mad": 11.504992671244404,
  "summary_bg_mean": 74.64370727539062,
  "summary_bg_median": 8.274999618530273,
  "summary_bg_n": 276019.0,
  "summary_bg_p05": 0.17000000178813934,
  "summary_bg_p95": 444.13100280761694,
  "summary_bg_stdv": 211.51023864746094,
  "summary_fg_k": 1.5228110644515347,
  "summary_fg_mad": 435.38834792073874,
  "summary_fg_mean": 2186.180419921875,
  "summary_fg_median": 2077.572509765625,
  "summary_fg_n": 54222.0,
  "summary_fg_p05": 1510.8907592773437,
  "summary_fg_p95": 3250.0993530273436,
  "summary_fg_stdv": 537.8666381835938,
  "tsnr": 82.38667978788726
}