{
  "aor": 0.0007945000000000001,
  "aqi": 0.0037575466,
  "bids_meta": {
    "AcquisitionDateTime": "1800-01-01T15:45:33",
    "BodyPartExamined": "BRAIN",
    "ConversionSoftware": "dcm2nii",
    "ConversionSoftwareVersion": "6-2013",
    "EchoTime": 0.025,
    "FlipAngle": 75.0,
    "ImageType": "ORIGINAL_PRIMARY_EPI_NONE",
    "MagneticFieldStrength": 3.0,
    "Manufacturer": "GE MEDICAL SYSTEMS",
    "ProcedureStepDescription": "Mattfeld_WMAZE",
    "ProtocolName": "Mattfeld_WMAZE",
    "RepetitionTime": 2.0,
    "ScanningSequence": "EP_GR",
    "SequenceVariant": "S_S",
    "SliceTiming": [
      0.0,
      1.0,
      0.047619047619047616,
      1.0476190476190477,
      0.09523809523809523,
      1.0952380952380953,
      0.14285714285714285,
      1.1428571428571428,
      0.19047619047619047,
      1.1904761904761905,
      0.23809523809523808,
      1.2380952380952381,
      0.2857142857142857,
      1.2857142857142858,
      0.3333333333333333,
      1.3333333333333333,
      0.38095238095238093,
      1.380952380952381,
      0.42857142857142855,
      1.4285714285714286,
      0.47619047619047616,
      1.4761904761904763,
      0.5238095238095238,
      1.5238095238095237,
      0.5714285714285714,
      1.5714285714285714,
      0.6190476190476191,
      1.619047619047619,
      0.6666666666666666,
      1.6666666666666667,
      0.7142857142857143,
      1.7142857142857142,
      0.7619047619047619,
      1.7619047619047619,
      0.8095238095238095,
      1.8095238095238095,
      0.8571428571428571,
      1.8571428571428572,
      0.9047619047619048,
      1.9047619047619047,
      0.9523809523809523,
      1.9523809523809523
    ],
    "TaskName": "conditional visual associative learning task",
    "dataset": "ds002149",
    "modality": "bold",
    "run_id": 3,
    "subject_id": "021",
    "task_id": "condassoc"
  },
  "dummy_trs": 0,
  "dvars_nstd": 17.12236935884422,
  "dvars_std": 1.1450648868341706,
  "dvars_vstd": 0.9392849547236181,
  "efc": 0.4164299002647093,
  "fber": 68736.84375,
  "fd_mean": 0.06765099260320394,
  "fd_num": 4,
  "fd_perc": 2.0,
  "fwhm_avg": 3.2329778162507403,
  "fwhm_x": 3.2417160000000003,
  "fwhm_y": 3.4089280000000004,
  "fwhm_z": 3.048289448752221,
  "gcor": 0.0154697,
  "gsr_x": -0.02231580950319767,
  "gsr_y": 0.01968720182776451,
  "provenance": {
    "md5sum": "372dc91c228f65a42c9219b7800f3c38",
    "settings": {
      "fd_thres": 0.2,
      "testing": false
    },
    "software": "mriqc",
    "version": "22.0.1",
    "webapi_port": null,
    "webapi_url": "https://mriqc.nimh.nih.gov/api/v1"
  },
  "size_t": 200,
  "size_x": 96,
  "size_y": 96,
  "size_z": 42,
  "snr": 3.7819478643558395,
  "spacing_tr": 2.0,
  "spacing_x": 2.5,
  "spacing_y": 2.5,
  "spacing_z": 3.0002498626708984,
  "summary_bg_k": 26.19656171280267,
  "summary_bg_mad": 11.178820847715409,
  "summary_bg_mean": 69.49417114257812,
  "summary_bg_median": 8.045000076293945,
  "summary_bg_n": 274982.0,
  "summary_bg_p05": 0.1599999964237213,
  "summary_bg_p95": 410.8847305297851,
  "summary_bg_stdv": 196.68089294433594,
  "summary_fg_k": 1.63168229962689,
  "summary_fg_mad": 440.09559186632237,
  "summary_fg_mean": 2175.352783203125,
  "summary_fg_median": 2072.2548828125,
  "summary_fg_n": 54789.0,
  "summary_fg_p05": 1487.0919677734375,
  "summary_fg_p95": 3244.28603515625,
  "summary_fg_stdv": 547.92822265625,
  "tsnr": 82.09626968577504
}