{
  "aor": 0.0014971499999999998,
  "aqi": 0.0025845586500000003,
  "bids_meta": {
    "AcquisitionDateTime": "1800-01-01T14:43:05",
    "BodyPartExamined": "BRAIN",
    "ConversionSoftware": "dcm2nii",
    "ConversionSoftwareVersion": "6-2013",
    "EchoTime": 0.025,
    "FlipAngle": 75.0,
    "ImageType": "ORIGINAL_PRIMARY_EPI_NONE",
    "MagneticFieldStrength": 3.0,
    "Manufacturer": "GE MEDICAL SYSTEMS",
    "ProcedureStepDescription": "Mattfeld_WMAZE",
    "ProtocolName": "Mattfeld_WMAZE",
    "RepetitionTime": 2.0,
    "ScanningSequence": "EP_GR",
    "SequenceVariant": "S_S",
    "SliceTiming": [
      0.0,
      1.0,
      0.047619047619047616,
      1.0476190476190477,
      0.09523809523809523,
      1.0952380952380953,
      0.14285714285714285,
      1.1428571428571428,
      0.19047619047619047,
      1.1904761904761905,
      0.23809523809523808,
      1.2380952380952381,
      0.2857142857142857,
      1.2857142857142858,
      0.3333333333333333,
      1.3333333333333333,
      0.38095238095238093,
      1.380952380952381,
      0.42857142857142855,
      1.4285714285714286,
      0.47619047619047616,
      1.4761904761904763,
      0.5238095238095238,
      1.5238095238095237,
      0.5714285714285714,
      1.5714285714285714,
      0.6190476190476191,
      1.619047619047619,
      0.6666666666666666,
      1.6666666666666667,
      0.7142857142857143,
      1.7142857142857142,
      0.7619047619047619,
      1.7619047619047619,
      0.8095238095238095,
      1.8095238095238095,
      0.8571428571428571,
      1.8571428571428572,
      0.9047619047619048,
      1.9047619047619047,
      0.9523809523809523,
      1.9523809523809523
    ],
    "TaskName": "conditional visual associative learning task",
    "dataset": "ds002149",
    "modality": "bold",
    "run_id": 6,
    "subject_id": "020",
    "task_id": "condassoc"
  },
  "dummy_trs": 0,
  "dvars_nstd": 15.188488835979895,
  "dvars_std": 1.0847229286432158,
  "dvars_vstd": 0.9738523280402006,
  "efc": 0.4287576109272401,
  "fber": 76183.1953125,
  "fd_mean": 0.07259652512340285,
  "fd_num": 9,
  "fd_perc": 4.5,
  "fwhm_avg": 3.349831545890325,
  "fwhm_x": 3.248932,
  "fwhm_y": 3.635676,
  "fwhm_z": 3.1648866376709752,
  "gcor": 0.0183352,
  "gsr_x": -0.02071048505604267,
  "gsr_y": 0.019373349845409393,
  "provenance": {
    "md5sum": "3566e96e3df1d91b7f2644b0cd9702de",
    "settings": {
      "fd_thres": 0.2,
      "testing": false
    },
    "software": "mriqc",
    "version": "22.0.1",
    "webapi_port": null,
    "webapi_url": "https://mriqc.nimh.nih.gov/api/v1"
  },
  "size_t": 200,
  "size_x": 96,
  "size_y": 96,
  "size_z": 42,
  "snr": 3.4831151174336084,
  "spacing_tr": 2.0,
  "spacing_x": 2.5,
  "spacing_y": 2.5,
  "spacing_z": 2.999861001968384,
  "summary_bg_k": 25.82196027110687,
  "summary_bg_mad": 10.645083718549673,
  "summary_bg_mean": 72.09444427490234,
  "summary_bg_median": 7.534999847412109,
  "summary_bg_n": 269605.0,
  "summary_bg_p05": 0.0949999988079071,
  "summary_bg_p95": 439.12698364257767,
  "summary_bg_stdv": 198.9186248779297,
  "summary_fg_k": 1.275189037936073,
  "summary_fg_mad": 498.82904525560065,
  "summary_fg_mean": 2163.97802734375,
  "summary_fg_median": 2057.135009765625,
  "summary_fg_n": 58739.0,
  "summary_fg_p05": 1403.3869262695314,
  "summary_fg_p95": 3312.434814453125,
  "summary_fg_stdv": 590.5970458984375,
  "tsnr": 84.88879694370553
}