{
  "aor": 0.001882,
  "aqi": 0.0034930179000000005,
  "bids_meta": {
    "AcquisitionDateTime": "1800-01-01T14:02:32",
    "BodyPartExamined": "BRAIN",
    "ConversionSoftware": "dcm2nii",
    "ConversionSoftwareVersion": "6-2013",
    "EchoTime": 0.025,
    "FlipAngle": 75.0,
    "ImageType": "ORIGINAL_PRIMARY_EPI_NONE",
    "MagneticFieldStrength": 3.0,
    "Manufacturer": "GE MEDICAL SYSTEMS",
    "ProcedureStepDescription": "Mattfeld_WMAZE",
    "ProtocolName": "Mattfeld_WMAZE",
    "RepetitionTime": 2.0,
    "ScanningSequence": "EP_GR",
    "SequenceVariant": "S_S",
    "SliceTiming": [
      0.0,
      1.0,
      0.047619047619047616,
      1.0476190476190477,
      0.09523809523809523,
      1.0952380952380953,
      0.14285714285714285,
      1.1428571428571428,
      0.19047619047619047,
      1.1904761904761905,
      0.23809523809523808,
      1.2380952380952381,
      0.2857142857142857,
      1.2857142857142858,
      0.3333333333333333,
      1.3333333333333333,
      0.38095238095238093,
      1.380952380952381,
      0.42857142857142855,
      1.4285714285714286,
      0.47619047619047616,
      1.4761904761904763,
      0.5238095238095238,
      1.5238095238095237,
      0.5714285714285714,
      1.5714285714285714,
      0.6190476190476191,
      1.619047619047619,
      0.6666666666666666,
      1.6666666666666667,
      0.7142857142857143,
      1.7142857142857142,
      0.7619047619047619,
      1.7619047619047619,
      0.8095238095238095,
      1.8095238095238095,
      0.8571428571428571,
      1.8571428571428572,
      0.9047619047619048,
      1.9047619047619047,
      0.9523809523809523,
      1.9523809523809523
    ],
    "TaskName": "conditional visual associative learning task",
    "dataset": "ds002149",
    "modality": "bold",
    "run_id": 1,
    "subject_id": "020",
    "task_id": "condassoc"
  },
  "dummy_trs": 0,
  "dvars_nstd": 14.200978839598,
  "dvars_std": 1.028802463065327,
  "dvars_vstd": 0.9324554795979898,
  "efc": 0.42620333445809305,
  "fber": 76381.4453125,
  "fd_mean": 0.07983926462890684,
  "fd_num": 3,
  "fd_perc": 1.5,
  "fwhm_avg": 3.335787009950861,
  "fwhm_x": 3.2953479999999997,
  "fwhm_y": 3.5818280000000002,
  "fwhm_z": 3.1301850298525813,
  "gcor": 0.0279173,
  "gsr_x": -0.02188902162015438,
  "gsr_y": 0.016662755981087685,
  "provenance": {
    "md5sum": "561a14919a42c67fed29f416c4478a9b",
    "settings": {
      "fd_thres": 0.2,
      "testing": false
    },
    "software": "mriqc",
    "version": "22.0.1",
    "webapi_port": null,
    "webapi_url": "https://mriqc.nimh.nih.gov/api/v1"
  },
  "size_t": 200,
  "size_x": 96,
  "size_y": 96,
  "size_z": 42,
  "snr": 3.587656280110318,
  "spacing_tr": 2.0,
  "spacing_x": 2.5,
  "spacing_y": 2.5,
  "spacing_z": 2.999861001968384,
  "summary_bg_k": 26.081073762741596,
  "summary_bg_mad": 10.756278602153662,
  "summary_bg_mean": 74.13395690917969,
  "summary_bg_median": 7.609999656677246,
  "summary_bg_n": 271281.0,
  "summary_bg_p05": 0.0949999988079071,
  "summary_bg_p95": 444.6199951171875,
  "summary_bg_stdv": 207.82786560058594,
  "summary_fg_k": 1.0785407839812482,
  "summary_fg_mad": 498.5915972440431,
  "summary_fg_mean": 2180.75830078125,
  "summary_fg_median": 2071.179931640625,
  "summary_fg_n": 57845.0,
  "summary_fg_p05": 1435.7259521484375,
  "summary_fg_p95": 3325.5978515624975,
  "summary_fg_stdv": 577.30224609375,
  "tsnr": 71.5842613033019
}