{
  "aor": 0.0008569500000000001,
  "aqi": 0.0024815904000000002,
  "bids_meta": {
    "AcquisitionDateTime": "1800-01-01T15:37:36",
    "BodyPartExamined": "BRAIN",
    "ConversionSoftware": "dcm2nii",
    "ConversionSoftwareVersion": "6-2013",
    "EchoTime": 0.025,
    "FlipAngle": 75.0,
    "ImageType": "ORIGINAL_PRIMARY_EPI_NONE",
    "MagneticFieldStrength": 3.0,
    "Manufacturer": "GE MEDICAL SYSTEMS",
    "ProcedureStepDescription": "Mattfeld_WMAZE",
    "ProtocolName": "Mattfeld_WMAZE",
    "RepetitionTime": 2.0,
    "ScanningSequence": "EP_GR",
    "SequenceVariant": "S_S",
    "SliceTiming": [
      0.0,
      1.0,
      0.047619047619047616,
      1.0476190476190477,
      0.09523809523809523,
      1.0952380952380953,
      0.14285714285714285,
      1.1428571428571428,
      0.19047619047619047,
      1.1904761904761905,
      0.23809523809523808,
      1.2380952380952381,
      0.2857142857142857,
      1.2857142857142858,
      0.3333333333333333,
      1.3333333333333333,
      0.38095238095238093,
      1.380952380952381,
      0.42857142857142855,
      1.4285714285714286,
      0.47619047619047616,
      1.4761904761904763,
      0.5238095238095238,
      1.5238095238095237,
      0.5714285714285714,
      1.5714285714285714,
      0.6190476190476191,
      1.619047619047619,
      0.6666666666666666,
      1.6666666666666667,
      0.7142857142857143,
      1.7142857142857142,
      0.7619047619047619,
      1.7619047619047619,
      0.8095238095238095,
      1.8095238095238095,
      0.8571428571428571,
      1.8571428571428572,
      0.9047619047619048,
      1.9047619047619047,
      0.9523809523809523,
      1.9523809523809523
    ],
    "TaskName": "conditional visual associative learning task",
    "dataset": "ds002149",
    "modality": "bold",
    "run_id": 2,
    "subject_id": "024",
    "task_id": "condassoc"
  },
  "dummy_trs": 0,
  "dvars_nstd": 15.261329784974867,
  "dvars_std": 1.1093767441206037,
  "dvars_vstd": 0.9675543379396988,
  "efc": 0.414608549774739,
  "fber": 83656.359375,
  "fd_mean": 0.05765493900908379,
  "fd_num": 3,
  "fd_perc": 1.5,
  "fwhm_avg": 3.321075231900268,
  "fwhm_x": 3.281188,
  "fwhm_y": 3.516232,
  "fwhm_z": 3.1658056957008034,
  "gcor": 0.01494,
  "gsr_x": -0.014337952248752117,
  "gsr_y": 0.013913808390498161,
  "provenance": {
    "md5sum": "7b2f5bcbe0545437221dfc52f3ff5c17",
    "settings": {
      "fd_thres": 0.2,
      "testing": false
    },
    "software": "mriqc",
    "version": "22.0.1",
    "webapi_port": null,
    "webapi_url": "https://mriqc.nimh.nih.gov/api/v1"
  },
  "size_t": 200,
  "size_x": 96,
  "size_y": 96,
  "size_z": 42,
  "snr": 3.6138271977395435,
  "spacing_tr": 2.0,
  "spacing_x": 2.5,
  "spacing_y": 2.5,
  "spacing_z": 3.000282049179077,
  "summary_bg_k": 33.68113653332562,
  "summary_bg_mad": 9.851891713691332,
  "summary_bg_mean": 61.40675735473633,
  "summary_bg_median": 7.184999942779541,
  "summary_bg_n": 272687.0,
  "summary_bg_p05": 0.20999999344348907,
  "summary_bg_p95": 334.6984985351553,
  "summary_bg_stdv": 185.18991088867188,
  "summary_fg_k": 1.0667789417812985,
  "summary_fg_mad": 463.18351988339623,
  "summary_fg_mean": 2159.145263671875,
  "summary_fg_median": 2042.362548828125,
  "summary_fg_n": 56214.0,
  "summary_fg_p05": 1444.1094482421875,
  "summary_fg_p95": 3298.1679565429686,
  "summary_fg_stdv": 565.147216796875,
  "tsnr": 89.73202931880951
}