{
  "aor": 0.0005767,
  "aqi": 0.0023280784,
  "bids_meta": {
    "AcquisitionDateTime": "1800-01-01T15:29:21",
    "BodyPartExamined": "BRAIN",
    "ConversionSoftware": "dcm2nii",
    "ConversionSoftwareVersion": "6-2013",
    "EchoTime": 0.025,
    "FlipAngle": 75.0,
    "ImageType": "ORIGINAL_PRIMARY_EPI_NONE",
    "MagneticFieldStrength": 3.0,
    "Manufacturer": "GE MEDICAL SYSTEMS",
    "ProcedureStepDescription": "Mattfeld_WMAZE",
    "ProtocolName": "Mattfeld_WMAZE",
    "RepetitionTime": 2.0,
    "ScanningSequence": "EP_GR",
    "SequenceVariant": "S_S",
    "SliceTiming": [
      0.0,
      1.0,
      0.047619047619047616,
      1.0476190476190477,
      0.09523809523809523,
      1.0952380952380953,
      0.14285714285714285,
      1.1428571428571428,
      0.19047619047619047,
      1.1904761904761905,
      0.23809523809523808,
      1.2380952380952381,
      0.2857142857142857,
      1.2857142857142858,
      0.3333333333333333,
      1.3333333333333333,
      0.38095238095238093,
      1.380952380952381,
      0.42857142857142855,
      1.4285714285714286,
      0.47619047619047616,
      1.4761904761904763,
      0.5238095238095238,
      1.5238095238095237,
      0.5714285714285714,
      1.5714285714285714,
      0.6190476190476191,
      1.619047619047619,
      0.6666666666666666,
      1.6666666666666667,
      0.7142857142857143,
      1.7142857142857142,
      0.7619047619047619,
      1.7619047619047619,
      0.8095238095238095,
      1.8095238095238095,
      0.8571428571428571,
      1.8571428571428572,
      0.9047619047619048,
      1.9047619047619047,
      0.9523809523809523,
      1.9523809523809523
    ],
    "TaskName": "conditional visual associative learning task",
    "dataset": "ds002149",
    "modality": "bold",
    "run_id": 1,
    "subject_id": "024",
    "task_id": "condassoc"
  },
  "dummy_trs": 0,
  "dvars_nstd": 16.20680367155779,
  "dvars_std": 1.133340935376884,
  "dvars_vstd": 0.9534053155276382,
  "efc": 0.4148137483094609,
  "fber": 84308.6796875,
  "fd_mean": 0.05043940174977556,
  "fd_num": 3,
  "fd_perc": 1.5,
  "fwhm_avg": 3.2971633923445958,
  "fwhm_x": 3.2969,
  "fwhm_y": 3.4622680000000003,
  "fwhm_z": 3.1323221770337875,
  "gcor": 0.0281667,
  "gsr_x": -0.015830023214221,
  "gsr_y": 0.012714918702840805,
  "provenance": {
    "md5sum": "d588bd2bb5ee4ac398b74670e6cfd355",
    "settings": {
      "fd_thres": 0.2,
      "testing": false
    },
    "software": "mriqc",
    "version": "22.0.1",
    "webapi_port": null,
    "webapi_url": "https://mriqc.nimh.nih.gov/api/v1"
  },
  "size_t": 200,
  "size_x": 96,
  "size_y": 96,
  "size_z": 42,
  "snr": 3.66220194711956,
  "spacing_tr": 2.0,
  "spacing_x": 2.5,
  "spacing_y": 2.5,
  "spacing_z": 3.000282049179077,
  "summary_bg_k": 33.62309422060405,
  "summary_bg_mad": 9.8296528783625,
  "summary_bg_mean": 63.38597106933594,
  "summary_bg_median": 7.170000076293945,
  "summary_bg_n": 273127.0,
  "summary_bg_p05": 0.19999998807907104,
  "summary_bg_p95": 345.27998657226476,
  "summary_bg_stdv": 193.42724609375,
  "summary_fg_k": 0.9201014141972417,
  "summary_fg_mad": 462.7573984327771,
  "summary_fg_mean": 2158.85986328125,
  "summary_fg_median": 2040.0399169921875,
  "summary_fg_n": 56075.0,
  "summary_fg_p05": 1448.9359741210938,
  "summary_fg_p95": 3287.963427734375,
  "summary_fg_stdv": 557.0478515625,
  "tsnr": 92.13723092898726
}