{
  "aor": 0.0007522,
  "aqi": 0.00223022465,
  "bids_meta": {
    "AcquisitionDateTime": "1800-01-01T15:53:41",
    "BodyPartExamined": "BRAIN",
    "ConversionSoftware": "dcm2nii",
    "ConversionSoftwareVersion": "6-2013",
    "EchoTime": 0.025,
    "FlipAngle": 75.0,
    "ImageType": "ORIGINAL_PRIMARY_EPI_NONE",
    "MagneticFieldStrength": 3.0,
    "Manufacturer": "GE MEDICAL SYSTEMS",
    "ProcedureStepDescription": "Mattfeld_WMAZE",
    "ProtocolName": "Mattfeld_WMAZE",
    "RepetitionTime": 2.0,
    "ScanningSequence": "EP_GR",
    "SequenceVariant": "S_S",
    "SliceTiming": [
      0.0,
      1.0,
      0.047619047619047616,
      1.0476190476190477,
      0.09523809523809523,
      1.0952380952380953,
      0.14285714285714285,
      1.1428571428571428,
      0.19047619047619047,
      1.1904761904761905,
      0.23809523809523808,
      1.2380952380952381,
      0.2857142857142857,
      1.2857142857142858,
      0.3333333333333333,
      1.3333333333333333,
      0.38095238095238093,
      1.380952380952381,
      0.42857142857142855,
      1.4285714285714286,
      0.47619047619047616,
      1.4761904761904763,
      0.5238095238095238,
      1.5238095238095237,
      0.5714285714285714,
      1.5714285714285714,
      0.6190476190476191,
      1.619047619047619,
      0.6666666666666666,
      1.6666666666666667,
      0.7142857142857143,
      1.7142857142857142,
      0.7619047619047619,
      1.7619047619047619,
      0.8095238095238095,
      1.8095238095238095,
      0.8571428571428571,
      1.8571428571428572,
      0.9047619047619048,
      1.9047619047619047,
      0.9523809523809523,
      1.9523809523809523
    ],
    "TaskName": "conditional visual associative learning task",
    "dataset": "ds002149",
    "modality": "bold",
    "run_id": 4,
    "subject_id": "024",
    "task_id": "condassoc"
  },
  "dummy_trs": 0,
  "dvars_nstd": 14.181153867688442,
  "dvars_std": 1.0828027504522617,
  "dvars_vstd": 0.9740439433668342,
  "efc": 0.4155205364847945,
  "fber": 83811.078125,
  "fd_mean": 0.059305018962287695,
  "fd_num": 6,
  "fd_perc": 3.0,
  "fwhm_avg": 3.3010797845115873,
  "fwhm_x": 3.3079720000000004,
  "fwhm_y": 3.4683680000000003,
  "fwhm_z": 3.1268993535347596,
  "gcor": 0.0171617,
  "gsr_x": -0.016443980857729912,
  "gsr_y": 0.013439473696053028,
  "provenance": {
    "md5sum": "a47610ba73c0ee3a4b3632a6d3d0a888",
    "settings": {
      "fd_thres": 0.2,
      "testing": false
    },
    "software": "mriqc",
    "version": "22.0.1",
    "webapi_port": null,
    "webapi_url": "https://mriqc.nimh.nih.gov/api/v1"
  },
  "size_t": 200,
  "size_x": 96,
  "size_y": 96,
  "size_z": 42,
  "snr": 3.6587782641043507,
  "spacing_tr": 2.0,
  "spacing_x": 2.5,
  "spacing_y": 2.5,
  "spacing_z": 3.000282049179077,
  "summary_bg_k": 33.69533173156421,
  "summary_bg_mad": 9.918608308047807,
  "summary_bg_mean": 65.143798828125,
  "summary_bg_median": 7.234999656677246,
  "summary_bg_n": 273278.0,
  "summary_bg_p05": 0.2149999886751175,
  "summary_bg_p95": 360.4194778442381,
  "summary_bg_stdv": 197.85552978515625,
  "summary_fg_k": 0.955073814885262,
  "summary_fg_mad": 462.6978554481716,
  "summary_fg_mean": 2168.28515625,
  "summary_fg_median": 2047.659912109375,
  "summary_fg_n": 55903.0,
  "summary_fg_p05": 1455.6814331054688,
  "summary_fg_p95": 3298.7788330078106,
  "summary_fg_stdv": 559.6517333984375,
  "tsnr": 96.10569845465943
}