{
  "aor": 0.0075189,
  "aqi": 0.00415983895,
  "bids_meta": {
    "AcquisitionDateTime": "1800-01-01T14:31:35",
    "BodyPartExamined": "BRAIN",
    "ConversionSoftware": "dcm2nii",
    "ConversionSoftwareVersion": "6-2013",
    "EchoTime": 0.025,
    "FlipAngle": 75.0,
    "ImageType": "ORIGINAL_PRIMARY_EPI_NONE",
    "MagneticFieldStrength": 3.0,
    "Manufacturer": "GE MEDICAL SYSTEMS",
    "ProcedureStepDescription": "Mattfeld_WMAZE",
    "ProtocolName": "Mattfeld_WMAZE",
    "RepetitionTime": 2.0,
    "ScanningSequence": "EP_GR",
    "SequenceVariant": "S_S",
    "SliceTiming": [
      0.0,
      1.0,
      0.047619047619047616,
      1.0476190476190477,
      0.09523809523809523,
      1.0952380952380953,
      0.14285714285714285,
      1.1428571428571428,
      0.19047619047619047,
      1.1904761904761905,
      0.23809523809523808,
      1.2380952380952381,
      0.2857142857142857,
      1.2857142857142858,
      0.3333333333333333,
      1.3333333333333333,
      0.38095238095238093,
      1.380952380952381,
      0.42857142857142855,
      1.4285714285714286,
      0.47619047619047616,
      1.4761904761904763,
      0.5238095238095238,
      1.5238095238095237,
      0.5714285714285714,
      1.5714285714285714,
      0.6190476190476191,
      1.619047619047619,
      0.6666666666666666,
      1.6666666666666667,
      0.7142857142857143,
      1.7142857142857142,
      0.7619047619047619,
      1.7619047619047619,
      0.8095238095238095,
      1.8095238095238095,
      0.8571428571428571,
      1.8571428571428572,
      0.9047619047619048,
      1.9047619047619047,
      0.9523809523809523,
      1.9523809523809523
    ],
    "TaskName": "conditional visual associative learning task",
    "dataset": "ds002149",
    "modality": "bold",
    "run_id": 4,
    "subject_id": "019",
    "task_id": "condassoc"
  },
  "dummy_trs": 0,
  "dvars_nstd": 16.75206053507537,
  "dvars_std": 1.0926790235175876,
  "dvars_vstd": 0.9938399517587947,
  "efc": 0.49629949550998315,
  "fber": 38432.234375,
  "fd_mean": 0.07045064080185988,
  "fd_num": 2,
  "fd_perc": 1.0,
  "fwhm_avg": 3.34649011736885,
  "fwhm_x": 2.905588,
  "fwhm_y": 3.6983159999999997,
  "fwhm_z": 3.4355663521065494,
  "gcor": 0.00675777,
  "gsr_x": -0.013184930197894573,
  "gsr_y": 0.038735371083021164,
  "provenance": {
    "md5sum": "2eddf5a4cb477fe2b87d501072cd7b14",
    "settings": {
      "fd_thres": 0.2,
      "testing": false
    },
    "software": "mriqc",
    "version": "22.0.1",
    "webapi_port": null,
    "webapi_url": "https://mriqc.nimh.nih.gov/api/v1"
  },
  "size_t": 200,
  "size_x": 96,
  "size_y": 96,
  "size_z": 42,
  "snr": 3.046612816098075,
  "spacing_tr": 2.0,
  "spacing_x": 2.5,
  "spacing_y": 2.5,
  "spacing_z": 3.000291347503662,
  "summary_bg_k": 23.863008759494942,
  "summary_bg_mad": 14.010590682094007,
  "summary_bg_mean": 107.32286834716797,
  "summary_bg_median": 9.699999809265137,
  "summary_bg_n": 244308.0,
  "summary_bg_p05": 0.029999999329447746,
  "summary_bg_p95": 672.3677429199216,
  "summary_bg_stdv": 284.369140625,
  "summary_fg_k": 1.227613883288309,
  "summary_fg_mad": 533.7737189321065,
  "summary_fg_mean": 2010.643310546875,
  "summary_fg_median": 1939.27490234375,
  "summary_fg_n": 78757.0,
  "summary_fg_p05": 1136.8409912109375,
  "summary_fg_p95": 3141.1079589843744,
  "summary_fg_stdv": 636.5307006835938,
  "tsnr": 62.928731594234705
}