{
  "aor": 0.00642395,
  "aqi": 0.00449189935,
  "bids_meta": {
    "AcquisitionDateTime": "1800-01-01T14:47:40",
    "BodyPartExamined": "BRAIN",
    "ConversionSoftware": "dcm2nii",
    "ConversionSoftwareVersion": "6-2013",
    "EchoTime": 0.025,
    "FlipAngle": 75.0,
    "ImageType": "ORIGINAL_PRIMARY_EPI_NONE",
    "MagneticFieldStrength": 3.0,
    "Manufacturer": "GE MEDICAL SYSTEMS",
    "ProcedureStepDescription": "Mattfeld_WMAZE",
    "ProtocolName": "Mattfeld_WMAZE",
    "RepetitionTime": 2.0,
    "ScanningSequence": "EP_GR",
    "SequenceVariant": "S_S",
    "SliceTiming": [
      0.0,
      1.0,
      0.047619047619047616,
      1.0476190476190477,
      0.09523809523809523,
      1.0952380952380953,
      0.14285714285714285,
      1.1428571428571428,
      0.19047619047619047,
      1.1904761904761905,
      0.23809523809523808,
      1.2380952380952381,
      0.2857142857142857,
      1.2857142857142858,
      0.3333333333333333,
      1.3333333333333333,
      0.38095238095238093,
      1.380952380952381,
      0.42857142857142855,
      1.4285714285714286,
      0.47619047619047616,
      1.4761904761904763,
      0.5238095238095238,
      1.5238095238095237,
      0.5714285714285714,
      1.5714285714285714,
      0.6190476190476191,
      1.619047619047619,
      0.6666666666666666,
      1.6666666666666667,
      0.7142857142857143,
      1.7142857142857142,
      0.7619047619047619,
      1.7619047619047619,
      0.8095238095238095,
      1.8095238095238095,
      0.8571428571428571,
      1.8571428571428572,
      0.9047619047619048,
      1.9047619047619047,
      0.9523809523809523,
      1.9523809523809523
    ],
    "TaskName": "conditional visual associative learning task",
    "dataset": "ds002149",
    "modality": "bold",
    "run_id": 6,
    "subject_id": "019",
    "task_id": "condassoc"
  },
  "dummy_trs": 0,
  "dvars_nstd": 17.507554720502515,
  "dvars_std": 1.0964718119095471,
  "dvars_vstd": 0.9918934171356779,
  "efc": 0.49529091787254004,
  "fber": 35896.70703125,
  "fd_mean": 0.07732966778831164,
  "fd_num": 7,
  "fd_perc": 3.5,
  "fwhm_avg": 3.4225473171191596,
  "fwhm_x": 2.94014,
  "fwhm_y": 3.7505159999999997,
  "fwhm_z": 3.576985951357479,
  "gcor": 0.030264,
  "gsr_x": -0.013817745260894299,
  "gsr_y": 0.03873124346137047,
  "provenance": {
    "md5sum": "894571fad4036de4a215162c885d148b",
    "settings": {
      "fd_thres": 0.2,
      "testing": false
    },
    "software": "mriqc",
    "version": "22.0.1",
    "webapi_port": null,
    "webapi_url": "https://mriqc.nimh.nih.gov/api/v1"
  },
  "size_t": 200,
  "size_x": 96,
  "size_y": 96,
  "size_z": 42,
  "snr": 3.004581367883441,
  "spacing_tr": 2.0,
  "spacing_x": 2.5,
  "spacing_y": 2.5,
  "spacing_z": 3.000291347503662,
  "summary_bg_k": 19.73798779868282,
  "summary_bg_mad": 14.188502513534385,
  "summary_bg_mean": 104.91217803955078,
  "summary_bg_median": 9.894999504089355,
  "summary_bg_n": 244168.0,
  "summary_bg_p05": 0.03999999910593033,
  "summary_bg_p95": 668.2144866943357,
  "summary_bg_stdv": 279.92138671875,
  "summary_fg_k": 1.2777093074547032,
  "summary_fg_mad": 537.3025004331346,
  "summary_fg_mean": 2015.0452880859375,
  "summary_fg_median": 1943.2249755859375,
  "summary_fg_n": 78720.0,
  "summary_fg_p05": 1129.8369689941405,
  "summary_fg_p95": 3169.5720825195312,
  "summary_fg_stdv": 646.7498779296875,
  "tsnr": 60.73889624560252
}