{
  "aor": 0.00202425,
  "aqi": 0.0039718879,
  "bids_meta": {
    "AcquisitionDateTime": "1800-01-01T14:23:36",
    "BodyPartExamined": "BRAIN",
    "ConversionSoftware": "dcm2nii",
    "ConversionSoftwareVersion": "6-2013",
    "EchoTime": 0.025,
    "FlipAngle": 75.0,
    "ImageType": "ORIGINAL_PRIMARY_EPI_NONE",
    "MagneticFieldStrength": 3.0,
    "Manufacturer": "GE MEDICAL SYSTEMS",
    "ProcedureStepDescription": "Mattfeld_WMAZE",
    "ProtocolName": "Mattfeld_WMAZE",
    "RepetitionTime": 2.0,
    "ScanningSequence": "EP_GR",
    "SequenceVariant": "S_S",
    "SliceTiming": [
      0.0,
      1.0,
      0.047619047619047616,
      1.0476190476190477,
      0.09523809523809523,
      1.0952380952380953,
      0.14285714285714285,
      1.1428571428571428,
      0.19047619047619047,
      1.1904761904761905,
      0.23809523809523808,
      1.2380952380952381,
      0.2857142857142857,
      1.2857142857142858,
      0.3333333333333333,
      1.3333333333333333,
      0.38095238095238093,
      1.380952380952381,
      0.42857142857142855,
      1.4285714285714286,
      0.47619047619047616,
      1.4761904761904763,
      0.5238095238095238,
      1.5238095238095237,
      0.5714285714285714,
      1.5714285714285714,
      0.6190476190476191,
      1.619047619047619,
      0.6666666666666666,
      1.6666666666666667,
      0.7142857142857143,
      1.7142857142857142,
      0.7619047619047619,
      1.7619047619047619,
      0.8095238095238095,
      1.8095238095238095,
      0.8571428571428571,
      1.8571428571428572,
      0.9047619047619048,
      1.9047619047619047,
      0.9523809523809523,
      1.9523809523809523
    ],
    "TaskName": "conditional visual associative learning task",
    "dataset": "ds002149",
    "modality": "bold",
    "run_id": 3,
    "subject_id": "019",
    "task_id": "condassoc"
  },
  "dummy_trs": 0,
  "dvars_nstd": 17.487134027537675,
  "dvars_std": 1.0924921380402013,
  "dvars_vstd": 0.96753808798995,
  "efc": 0.4961437666576809,
  "fber": 37683.17578125,
  "fd_mean": 0.0825467118958516,
  "fd_num": 9,
  "fd_perc": 4.5,
  "fwhm_avg": 3.3691853433190295,
  "fwhm_x": 2.881948,
  "fwhm_y": 3.697484,
  "fwhm_z": 3.528124029957087,
  "gcor": 0.012612,
  "gsr_x": -0.01575157232582569,
  "gsr_y": 0.03887804597616196,
  "provenance": {
    "md5sum": "23c26827bcf4084f1e7b8190372f1f01",
    "settings": {
      "fd_thres": 0.2,
      "testing": false
    },
    "software": "mriqc",
    "version": "22.0.1",
    "webapi_port": null,
    "webapi_url": "https://mriqc.nimh.nih.gov/api/v1"
  },
  "size_t": 200,
  "size_x": 96,
  "size_y": 96,
  "size_z": 42,
  "snr": 3.038900828740442,
  "spacing_tr": 2.0,
  "spacing_x": 2.5,
  "spacing_y": 2.5,
  "spacing_z": 3.000291347503662,
  "summary_bg_k": 23.59375868078842,
  "summary_bg_mad": 14.099546266426776,
  "summary_bg_mean": 106.8600845336914,
  "summary_bg_median": 9.72499942779541,
  "summary_bg_n": 244632.0,
  "summary_bg_p05": 0.02499999850988388,
  "summary_bg_p95": 665.2989868164059,
  "summary_bg_stdv": 285.3720397949219,
  "summary_fg_k": 1.1553077647293044,
  "summary_fg_mad": 536.6352208457773,
  "summary_fg_mean": 2016.2042236328125,
  "summary_fg_median": 1945.4249267578125,
  "summary_fg_n": 78498.0,
  "summary_fg_p05": 1131.046960449219,
  "summary_fg_p95": 3150.713464355468,
  "summary_fg_stdv": 640.1697998046875,
  "tsnr": 72.1188368210569
}