{
  "aor": 0.0012831000000000001,
  "aqi": 0.0032448436999999997,
  "bids_meta": {
    "AcquisitionDateTime": "1800-01-01T14:15:38",
    "BodyPartExamined": "BRAIN",
    "ConversionSoftware": "dcm2nii",
    "ConversionSoftwareVersion": "6-2013",
    "EchoTime": 0.025,
    "FlipAngle": 75.0,
    "ImageType": "ORIGINAL_PRIMARY_EPI_NONE",
    "MagneticFieldStrength": 3.0,
    "Manufacturer": "GE MEDICAL SYSTEMS",
    "ProcedureStepDescription": "Mattfeld_WMAZE",
    "ProtocolName": "Mattfeld_WMAZE",
    "RepetitionTime": 2.0,
    "ScanningSequence": "EP_GR",
    "SequenceVariant": "S_S",
    "SliceTiming": [
      0.0,
      1.0,
      0.047619047619047616,
      1.0476190476190477,
      0.09523809523809523,
      1.0952380952380953,
      0.14285714285714285,
      1.1428571428571428,
      0.19047619047619047,
      1.1904761904761905,
      0.23809523809523808,
      1.2380952380952381,
      0.2857142857142857,
      1.2857142857142858,
      0.3333333333333333,
      1.3333333333333333,
      0.38095238095238093,
      1.380952380952381,
      0.42857142857142855,
      1.4285714285714286,
      0.47619047619047616,
      1.4761904761904763,
      0.5238095238095238,
      1.5238095238095237,
      0.5714285714285714,
      1.5714285714285714,
      0.6190476190476191,
      1.619047619047619,
      0.6666666666666666,
      1.6666666666666667,
      0.7142857142857143,
      1.7142857142857142,
      0.7619047619047619,
      1.7619047619047619,
      0.8095238095238095,
      1.8095238095238095,
      0.8571428571428571,
      1.8571428571428572,
      0.9047619047619048,
      1.9047619047619047,
      0.9523809523809523,
      1.9523809523809523
    ],
    "TaskName": "conditional visual associative learning task",
    "dataset": "ds002149",
    "modality": "bold",
    "run_id": 2,
    "subject_id": "019",
    "task_id": "condassoc"
  },
  "dummy_trs": 0,
  "dvars_nstd": 16.82068121231156,
  "dvars_std": 1.1008489062814077,
  "dvars_vstd": 0.9639259230150748,
  "efc": 0.494156561585098,
  "fber": 38826.25390625,
  "fd_mean": 0.06258146190058399,
  "fd_num": 1,
  "fd_perc": 0.5,
  "fwhm_avg": 3.354183693119818,
  "fwhm_x": 2.882212,
  "fwhm_y": 3.6973439999999997,
  "fwhm_z": 3.4829950793594535,
  "gcor": 0.00936872,
  "gsr_x": -0.014460542239248753,
  "gsr_y": 0.03667556494474411,
  "provenance": {
    "md5sum": "88da9800f8ccccc70d5a70295067f340",
    "settings": {
      "fd_thres": 0.2,
      "testing": false
    },
    "software": "mriqc",
    "version": "22.0.1",
    "webapi_port": null,
    "webapi_url": "https://mriqc.nimh.nih.gov/api/v1"
  },
  "size_t": 200,
  "size_x": 96,
  "size_y": 96,
  "size_z": 42,
  "snr": 3.0445482841180653,
  "spacing_tr": 2.0,
  "spacing_x": 2.5,
  "spacing_y": 2.5,
  "spacing_z": 3.000291347503662,
  "summary_bg_k": 21.504374520049794,
  "summary_bg_mad": 13.825264962930914,
  "summary_bg_mean": 105.01764678955078,
  "summary_bg_median": 9.644999504089355,
  "summary_bg_n": 245394.0,
  "summary_bg_p05": 0.044999998062849045,
  "summary_bg_p95": 659.2922302246086,
  "summary_bg_stdv": 279.5101013183594,
  "summary_fg_k": 1.1152781980519748,
  "summary_fg_mad": 542.1580588950836,
  "summary_fg_mean": 2027.0076904296875,
  "summary_fg_median": 1958.875,
  "summary_fg_n": 77983.0,
  "summary_fg_p05": 1133.6199829101563,
  "summary_fg_p95": 3170.75439453125,
  "summary_fg_stdv": 643.4000244140625,
  "tsnr": 72.30767506873235
}