{
  "aor": 0.0029207,
  "aqi": 0.00295306325,
  "bids_meta": {
    "AcquisitionDateTime": "1800-01-01T14:39:35",
    "BodyPartExamined": "BRAIN",
    "ConversionSoftware": "dcm2nii",
    "ConversionSoftwareVersion": "6-2013",
    "EchoTime": 0.025,
    "FlipAngle": 75.0,
    "ImageType": "ORIGINAL_PRIMARY_EPI_NONE",
    "MagneticFieldStrength": 3.0,
    "Manufacturer": "GE MEDICAL SYSTEMS",
    "ProcedureStepDescription": "Mattfeld_WMAZE",
    "ProtocolName": "Mattfeld_WMAZE",
    "RepetitionTime": 2.0,
    "ScanningSequence": "EP_GR",
    "SequenceVariant": "S_S",
    "SliceTiming": [
      0.0,
      1.0,
      0.047619047619047616,
      1.0476190476190477,
      0.09523809523809523,
      1.0952380952380953,
      0.14285714285714285,
      1.1428571428571428,
      0.19047619047619047,
      1.1904761904761905,
      0.23809523809523808,
      1.2380952380952381,
      0.2857142857142857,
      1.2857142857142858,
      0.3333333333333333,
      1.3333333333333333,
      0.38095238095238093,
      1.380952380952381,
      0.42857142857142855,
      1.4285714285714286,
      0.47619047619047616,
      1.4761904761904763,
      0.5238095238095238,
      1.5238095238095237,
      0.5714285714285714,
      1.5714285714285714,
      0.6190476190476191,
      1.619047619047619,
      0.6666666666666666,
      1.6666666666666667,
      0.7142857142857143,
      1.7142857142857142,
      0.7619047619047619,
      1.7619047619047619,
      0.8095238095238095,
      1.8095238095238095,
      0.8571428571428571,
      1.8571428571428572,
      0.9047619047619048,
      1.9047619047619047,
      0.9523809523809523,
      1.9523809523809523
    ],
    "TaskName": "conditional visual associative learning task",
    "dataset": "ds002149",
    "modality": "bold",
    "run_id": 5,
    "subject_id": "019",
    "task_id": "condassoc"
  },
  "dummy_trs": 0,
  "dvars_nstd": 17.696051654874367,
  "dvars_std": 1.1064392186934677,
  "dvars_vstd": 0.987083413969849,
  "efc": 0.4948352600085768,
  "fber": 39048.16796875,
  "fd_mean": 0.08637208166515559,
  "fd_num": 8,
  "fd_perc": 4.0,
  "fwhm_avg": 3.345530020001165,
  "fwhm_x": 2.888912,
  "fwhm_y": 3.6679160000000004,
  "fwhm_z": 3.4797620600034933,
  "gcor": 0.014015,
  "gsr_x": -0.013731974177062511,
  "gsr_y": 0.038552653044462204,
  "provenance": {
    "md5sum": "bf8913aab8b245fa9d1002735e5d57b3",
    "settings": {
      "fd_thres": 0.2,
      "testing": false
    },
    "software": "mriqc",
    "version": "22.0.1",
    "webapi_port": null,
    "webapi_url": "https://mriqc.nimh.nih.gov/api/v1"
  },
  "size_t": 200,
  "size_x": 96,
  "size_y": 96,
  "size_z": 42,
  "snr": 3.043860049435419,
  "spacing_tr": 2.0,
  "spacing_x": 2.5,
  "spacing_y": 2.5,
  "spacing_z": 3.000291347503662,
  "summary_bg_k": 19.897109987891,
  "summary_bg_mad": 13.736309003025736,
  "summary_bg_mean": 103.53779602050781,
  "summary_bg_median": 9.524999618530273,
  "summary_bg_n": 244377.0,
  "summary_bg_p05": 0.02499999850988388,
  "summary_bg_p95": 661.9209838867187,
  "summary_bg_stdv": 276.1266784667969,
  "summary_fg_k": 1.2284722352052428,
  "summary_fg_mad": 531.6166883484566,
  "summary_fg_mean": 2008.781982421875,
  "summary_fg_median": 1943.482421875,
  "summary_fg_n": 78774.0,
  "summary_fg_p05": 1122.803973388672,
  "summary_fg_p95": 3140.7287231445284,
  "summary_fg_stdv": 638.4886474609375,
  "tsnr": 71.9373651673086
}