{
  "aor": 0.0053228500000000005,
  "aqi": 0.0076332433,
  "bids_meta": {
    "AcquisitionDateTime": "1800-01-01T14:07:39",
    "BodyPartExamined": "BRAIN",
    "ConversionSoftware": "dcm2nii",
    "ConversionSoftwareVersion": "6-2013",
    "EchoTime": 0.025,
    "FlipAngle": 75.0,
    "ImageType": "ORIGINAL_PRIMARY_EPI_NONE",
    "MagneticFieldStrength": 3.0,
    "Manufacturer": "GE MEDICAL SYSTEMS",
    "ProcedureStepDescription": "Mattfeld_WMAZE",
    "ProtocolName": "Mattfeld_WMAZE",
    "RepetitionTime": 2.0,
    "ScanningSequence": "EP_GR",
    "SequenceVariant": "S_S",
    "SliceTiming": [
      0.0,
      1.0,
      0.047619047619047616,
      1.0476190476190477,
      0.09523809523809523,
      1.0952380952380953,
      0.14285714285714285,
      1.1428571428571428,
      0.19047619047619047,
      1.1904761904761905,
      0.23809523809523808,
      1.2380952380952381,
      0.2857142857142857,
      1.2857142857142858,
      0.3333333333333333,
      1.3333333333333333,
      0.38095238095238093,
      1.380952380952381,
      0.42857142857142855,
      1.4285714285714286,
      0.47619047619047616,
      1.4761904761904763,
      0.5238095238095238,
      1.5238095238095237,
      0.5714285714285714,
      1.5714285714285714,
      0.6190476190476191,
      1.619047619047619,
      0.6666666666666666,
      1.6666666666666667,
      0.7142857142857143,
      1.7142857142857142,
      0.7619047619047619,
      1.7619047619047619,
      0.8095238095238095,
      1.8095238095238095,
      0.8571428571428571,
      1.8571428571428572,
      0.9047619047619048,
      1.9047619047619047,
      0.9523809523809523,
      1.9523809523809523
    ],
    "TaskName": "conditional visual associative learning task",
    "dataset": "ds002149",
    "modality": "bold",
    "run_id": 1,
    "subject_id": "019",
    "task_id": "condassoc"
  },
  "dummy_trs": 0,
  "dvars_nstd": 17.113089063316583,
  "dvars_std": 1.0442474002010051,
  "dvars_vstd": 0.9553901368844229,
  "efc": 0.49435001793256245,
  "fber": 41303.3984375,
  "fd_mean": 0.08397226553496613,
  "fd_num": 11,
  "fd_perc": 5.5,
  "fwhm_avg": 3.302144838078382,
  "fwhm_x": 2.907472,
  "fwhm_y": 3.716088,
  "fwhm_z": 3.282874514235147,
  "gcor": 0.0145649,
  "gsr_x": -0.014742566272616386,
  "gsr_y": 0.038512639701366425,
  "provenance": {
    "md5sum": "5ed99526dbb4126a6e0d14d52ea4c9d5",
    "settings": {
      "fd_thres": 0.2,
      "testing": false
    },
    "software": "mriqc",
    "version": "22.0.1",
    "webapi_port": null,
    "webapi_url": "https://mriqc.nimh.nih.gov/api/v1"
  },
  "size_t": 200,
  "size_x": 96,
  "size_y": 96,
  "size_z": 42,
  "snr": 3.020322765843259,
  "spacing_tr": 2.0,
  "spacing_x": 2.5,
  "spacing_y": 2.5,
  "spacing_z": 3.000291347503662,
  "summary_bg_k": 20.50276800784891,
  "summary_bg_mad": 13.284116111106936,
  "summary_bg_mean": 103.59317779541016,
  "summary_bg_median": 9.21500015258789,
  "summary_bg_n": 244654.0,
  "summary_bg_p05": 0.03500000014901161,
  "summary_bg_p95": 651.8559600830064,
  "summary_bg_stdv": 275.1261901855469,
  "summary_fg_k": 1.0677428338774106,
  "summary_fg_mad": 544.3521002396812,
  "summary_fg_mean": 2022.444091796875,
  "summary_fg_median": 1951.2899169921875,
  "summary_fg_n": 78310.0,
  "summary_fg_p05": 1130.5747680664062,
  "summary_fg_p95": 3176.675415039063,
  "summary_fg_stdv": 646.04931640625,
  "tsnr": 53.61639862507582
}