{
  "bids_meta": {
    "AcquisitionDateTime": "1800-01-01T14:47:10",
    "BodyPartExamined": "BRAIN",
    "ConversionSoftware": "dcm2nii",
    "ConversionSoftwareVersion": "6-2013",
    "EchoTime": 0.00368,
    "FlipAngle": 12.0,
    "ImageType": "ORIGINAL_PRIMARY_OTHER",
    "InversionTime": 0.65,
    "MagneticFieldStrength": 3.0,
    "Manufacturer": "GE MEDICAL SYSTEMS",
    "ProcedureStepDescription": "Mattfeld_WMAZE",
    "ProtocolName": "Mattfeld_WMAZE",
    "RepetitionTime": 0.009184,
    "ScanningSequence": "G_R",
    "SequenceVariant": "SS_SK",
    "dataset": "ds002149",
    "modality": "T1w",
    "run_id": 1,
    "subject_id": "012"
  },
  "cjv": 0.43205477599157244,
  "cnr": 3.1874505570890372,
  "efc": 0.49003301885345296,
  "fber": 17180.533505651787,
  "fwhm_avg": 3.7193433333333332,
  "fwhm_x": 3.74465,
  "fwhm_y": 3.7857,
  "fwhm_z": 3.62768,
  "icvs_csf": 0.17982102755265544,
  "icvs_gm": 0.3817254164142719,
  "icvs_wm": 0.4384535560330727,
  "inu_med": 0.8568695783615112,
  "inu_range": 0.29467201232910156,
  "provenance": {
    "md5sum": "c8e9ae002494246e60db2d5c9580c5b0",
    "settings": {
      "testing": false
    },
    "software": "mriqc",
    "version": "22.0.1",
    "warnings": {
      "large_rot_frame": true,
      "small_air_mask": false
    },
    "webapi_port": null,
    "webapi_url": "https://mriqc.nimh.nih.gov/api/v1"
  },
  "qi_1": 0.0036385825348038327,
  "qi_2": 0.0010137677089065943,
  "rpve_csf": 29.822835943535015,
  "rpve_gm": 13.983192172557414,
  "rpve_wm": 14.548109936676859,
  "size_x": 186,
  "size_y": 256,
  "size_z": 256,
  "snr_csf": 3.141330290042379,
  "snr_gm": 16.607123386505812,
  "snr_total": 13.257294064213774,
  "snr_wm": 20.02342851609313,
  "snrd_csf": 31.084275754570548,
  "snrd_gm": 67.48359235294994,
  "snrd_total": 61.74326525895342,
  "snrd_wm": 86.6619276693398,
  "spacing_x": 1.0,
  "spacing_y": 1.0,
  "spacing_z": 1.0,
  "summary_bg_k": 9.236504588046408,
  "summary_bg_mad": 7.560222155063409,
  "summary_bg_mean": 8.086519601728376,
  "summary_bg_median": 5.099292352795601,
  "summary_bg_n": 3099002.0,
  "summary_bg_p05": 0.0,
  "summary_bg_p95": 32.463100612163544,
  "summary_bg_stdv": 11.299883052403784,
  "summary_csf_k": 5.835600505334332,
  "summary_csf_mad": 77.62537959212993,
  "summary_csf_mean": 353.93596920779856,
  "summary_csf_median": 358.7100796625018,
  "summary_csf_n": 35164.0,
  "summary_csf_p05": 123.05095194429161,
  "summary_csf_p95": 524.4011706188321,
  "summary_csf_stdv": 114.18887731519528,
  "summary_gm_k": 0.044123238616563754,
  "summary_gm_mad": 47.224767968600304,
  "summary_gm_mean": 777.5270525561717,
  "summary_gm_median": 778.7553095966578,
  "summary_gm_n": 24548.0,
  "summary_gm_p05": 699.5133837494999,
  "summary_gm_p95": 852.156391069293,
  "summary_gm_stdv": 46.89189267894133,
  "summary_wm_k": 0.7198106746171393,
  "summary_wm_mad": 48.39606999262421,
  "summary_wm_mean": 1006.8409449951765,
  "summary_wm_median": 1000.0717798098922,
  "summary_wm_n": 245613.0,
  "summary_wm_p05": 938.901817882061,
  "summary_wm_p95": 1100.0466383323073,
  "summary_wm_stdv": 49.94498035813698,
  "tpm_overlap_csf": 0.1552916863916822,
  "tpm_overlap_gm": 0.43473728638637993,
  "tpm_overlap_wm": 0.48686439840597523,
  "wm2max": 0.5999870734229577
}