{
  "aor": 0.00407975,
  "aqi": 0.0043341472,
  "bids_meta": {
    "AcquisitionDateTime": "2015-11-12T17:58:20",
    "BodyPartExamined": "BRAIN",
    "ConversionSoftware": "dcm2nii",
    "ConversionSoftwareVersion": "6-2013",
    "EchoTime": 0.025,
    "FlipAngle": 75.0,
    "ImageType": "ORIGINAL_PRIMARY_EPI_NONE",
    "MagneticFieldStrength": 3.0,
    "Manufacturer": "GE MEDICAL SYSTEMS",
    "ProcedureStepDescription": "Mattfeld_WMAZE",
    "ProtocolName": "Mattfeld_WMAZE",
    "RepetitionTime": 2.0,
    "ScanningSequence": "EP_GR",
    "SequenceVariant": "S_S",
    "SliceTiming": [
      0.0,
      1.0,
      0.047619047619047616,
      1.0476190476190477,
      0.09523809523809523,
      1.0952380952380953,
      0.14285714285714285,
      1.1428571428571428,
      0.19047619047619047,
      1.1904761904761905,
      0.23809523809523808,
      1.2380952380952381,
      0.2857142857142857,
      1.2857142857142858,
      0.3333333333333333,
      1.3333333333333333,
      0.38095238095238093,
      1.380952380952381,
      0.42857142857142855,
      1.4285714285714286,
      0.47619047619047616,
      1.4761904761904763,
      0.5238095238095238,
      1.5238095238095237,
      0.5714285714285714,
      1.5714285714285714,
      0.6190476190476191,
      1.619047619047619,
      0.6666666666666666,
      1.6666666666666667,
      0.7142857142857143,
      1.7142857142857142,
      0.7619047619047619,
      1.7619047619047619,
      0.8095238095238095,
      1.8095238095238095,
      0.8571428571428571,
      1.8571428571428572,
      0.9047619047619048,
      1.9047619047619047,
      0.9523809523809523,
      1.9523809523809523
    ],
    "TaskName": "conditional visual associative learning task",
    "dataset": "ds002149",
    "modality": "bold",
    "run_id": 3,
    "subject_id": "027",
    "task_id": "condassoc"
  },
  "dummy_trs": 0,
  "dvars_nstd": 22.51765507040201,
  "dvars_std": 1.1053430968844218,
  "dvars_vstd": 0.9612944998492459,
  "efc": 0.4431113216290848,
  "fber": 47904.63671875,
  "fd_mean": 0.16106207395539415,
  "fd_num": 46,
  "fd_perc": 23.0,
  "fwhm_avg": 3.152254959899581,
  "fwhm_x": 3.141524,
  "fwhm_y": 3.286592,
  "fwhm_z": 3.0286488796987427,
  "gcor": 0.0522673,
  "gsr_x": -0.018160536885261536,
  "gsr_y": 0.0171925388276577,
  "provenance": {
    "md5sum": "5570a8dfecb5ee2078b4a4f1a9b12f52",
    "settings": {
      "fd_thres": 0.2,
      "testing": false
    },
    "software": "mriqc",
    "version": "22.0.1",
    "webapi_port": null,
    "webapi_url": "https://mriqc.nimh.nih.gov/api/v1"
  },
  "size_t": 200,
  "size_x": 96,
  "size_y": 96,
  "size_z": 42,
  "snr": 3.850413997489944,
  "spacing_tr": 2.0,
  "spacing_x": 2.5,
  "spacing_y": 2.5,
  "spacing_z": 3.0001463890075684,
  "summary_bg_k": 26.858198458239375,
  "summary_bg_mad": 12.639184275077168,
  "summary_bg_mean": 72.97513580322266,
  "summary_bg_median": 9.010000228881836,
  "summary_bg_n": 265828.0,
  "summary_bg_p05": 0.09999999403953552,
  "summary_bg_p95": 418.15149536132805,
  "summary_bg_stdv": 195.28001403808594,
  "summary_fg_k": 1.8095754150608423,
  "summary_fg_mad": 415.57329325809053,
  "summary_fg_mean": 2032.7413330078125,
  "summary_fg_median": 1942.5299072265625,
  "summary_fg_n": 62931.0,
  "summary_fg_p05": 1385.4949951171875,
  "summary_fg_p95": 3007.2274169921875,
  "summary_fg_stdv": 504.4949645996094,
  "tsnr": 64.90565658314154
}