{
  "aor": 0.0033810999999999997,
  "aqi": 0.00420837625,
  "bids_meta": {
    "AcquisitionDateTime": "2015-11-12T17:50:23",
    "BodyPartExamined": "BRAIN",
    "ConversionSoftware": "dcm2nii",
    "ConversionSoftwareVersion": "6-2013",
    "EchoTime": 0.025,
    "FlipAngle": 75.0,
    "ImageType": "ORIGINAL_PRIMARY_EPI_NONE",
    "MagneticFieldStrength": 3.0,
    "Manufacturer": "GE MEDICAL SYSTEMS",
    "ProcedureStepDescription": "Mattfeld_WMAZE",
    "ProtocolName": "Mattfeld_WMAZE",
    "RepetitionTime": 2.0,
    "ScanningSequence": "EP_GR",
    "SequenceVariant": "S_S",
    "SliceTiming": [
      0.0,
      1.0,
      0.047619047619047616,
      1.0476190476190477,
      0.09523809523809523,
      1.0952380952380953,
      0.14285714285714285,
      1.1428571428571428,
      0.19047619047619047,
      1.1904761904761905,
      0.23809523809523808,
      1.2380952380952381,
      0.2857142857142857,
      1.2857142857142858,
      0.3333333333333333,
      1.3333333333333333,
      0.38095238095238093,
      1.380952380952381,
      0.42857142857142855,
      1.4285714285714286,
      0.47619047619047616,
      1.4761904761904763,
      0.5238095238095238,
      1.5238095238095237,
      0.5714285714285714,
      1.5714285714285714,
      0.6190476190476191,
      1.619047619047619,
      0.6666666666666666,
      1.6666666666666667,
      0.7142857142857143,
      1.7142857142857142,
      0.7619047619047619,
      1.7619047619047619,
      0.8095238095238095,
      1.8095238095238095,
      0.8571428571428571,
      1.8571428571428572,
      0.9047619047619048,
      1.9047619047619047,
      0.9523809523809523,
      1.9523809523809523
    ],
    "TaskName": "conditional visual associative learning task",
    "dataset": "ds002149",
    "modality": "bold",
    "run_id": 2,
    "subject_id": "027",
    "task_id": "condassoc"
  },
  "dummy_trs": 0,
  "dvars_nstd": 21.05777146713567,
  "dvars_std": 1.1056270092462306,
  "dvars_vstd": 0.9669073184924621,
  "efc": 0.4397582714345564,
  "fber": 50609.51953125,
  "fd_mean": 0.14238552349279526,
  "fd_num": 38,
  "fd_perc": 19.0,
  "fwhm_avg": 3.1475528750594495,
  "fwhm_x": 3.1485,
  "fwhm_y": 3.2739559999999996,
  "fwhm_z": 3.020202625178348,
  "gcor": 0.0392619,
  "gsr_x": -0.0174795463681221,
  "gsr_y": 0.01601048931479454,
  "provenance": {
    "md5sum": "f795540c5b335b2c99a7861b05cd188f",
    "settings": {
      "fd_thres": 0.2,
      "testing": false
    },
    "software": "mriqc",
    "version": "22.0.1",
    "webapi_port": null,
    "webapi_url": "https://mriqc.nimh.nih.gov/api/v1"
  },
  "size_t": 200,
  "size_x": 96,
  "size_y": 96,
  "size_z": 42,
  "snr": 3.852170324116683,
  "spacing_tr": 2.0,
  "spacing_x": 2.5,
  "spacing_y": 2.5,
  "spacing_z": 3.0001463890075684,
  "summary_bg_k": 27.140464414685262,
  "summary_bg_mad": 12.446445507706157,
  "summary_bg_mean": 72.0018081665039,
  "summary_bg_median": 8.829999923706055,
  "summary_bg_n": 266991.0,
  "summary_bg_p05": 0.08500000089406967,
  "summary_bg_p95": 409.61248779296875,
  "summary_bg_stdv": 192.6589813232422,
  "summary_fg_k": 1.8136757106196963,
  "summary_fg_mad": 417.69720418768924,
  "summary_fg_mean": 2046.789794921875,
  "summary_fg_median": 1955.5399169921875,
  "summary_fg_n": 62000.0,
  "summary_fg_p05": 1396.5937255859376,
  "summary_fg_p95": 3029.451953125,
  "summary_fg_stdv": 507.6421813964844,
  "tsnr": 67.74727229727432
}