{
  "aor": 0.0025416080402010043,
  "aqi": 0.002405026231155779,
  "bids_meta": {
    "AcquisitionDateTime": "2015-11-12T18:22:10",
    "BodyPartExamined": "BRAIN",
    "ConversionSoftware": "dcm2nii",
    "ConversionSoftwareVersion": "6-2013",
    "EchoTime": 0.025,
    "FlipAngle": 75.0,
    "ImageType": "ORIGINAL_PRIMARY_EPI_NONE",
    "MagneticFieldStrength": 3.0,
    "Manufacturer": "GE MEDICAL SYSTEMS",
    "ProcedureStepDescription": "Mattfeld_WMAZE",
    "ProtocolName": "Mattfeld_WMAZE",
    "RepetitionTime": 2.0,
    "ScanningSequence": "EP_GR",
    "SequenceVariant": "S_S",
    "SliceTiming": [
      0.0,
      1.0,
      0.047619047619047616,
      1.0476190476190477,
      0.09523809523809523,
      1.0952380952380953,
      0.14285714285714285,
      1.1428571428571428,
      0.19047619047619047,
      1.1904761904761905,
      0.23809523809523808,
      1.2380952380952381,
      0.2857142857142857,
      1.2857142857142858,
      0.3333333333333333,
      1.3333333333333333,
      0.38095238095238093,
      1.380952380952381,
      0.42857142857142855,
      1.4285714285714286,
      0.47619047619047616,
      1.4761904761904763,
      0.5238095238095238,
      1.5238095238095237,
      0.5714285714285714,
      1.5714285714285714,
      0.6190476190476191,
      1.619047619047619,
      0.6666666666666666,
      1.6666666666666667,
      0.7142857142857143,
      1.7142857142857142,
      0.7619047619047619,
      1.7619047619047619,
      0.8095238095238095,
      1.8095238095238095,
      0.8571428571428571,
      1.8571428571428572,
      0.9047619047619048,
      1.9047619047619047,
      0.9523809523809523,
      1.9523809523809523
    ],
    "TaskName": "conditional visual associative learning task",
    "dataset": "ds002149",
    "modality": "bold",
    "run_id": 6,
    "subject_id": "027",
    "task_id": "condassoc"
  },
  "dummy_trs": 1,
  "dvars_nstd": 18.36325446984848,
  "dvars_std": 1.1506620873737379,
  "dvars_vstd": 0.9822913208080805,
  "efc": 0.44206279005577875,
  "fber": 47643.9765625,
  "fd_mean": 0.07215713238773311,
  "fd_num": 13,
  "fd_perc": 6.532663316582915,
  "fwhm_avg": 3.145802201337632,
  "fwhm_x": 3.14708,
  "fwhm_y": 3.2560279999999997,
  "fwhm_z": 3.034298604012897,
  "gcor": 0.036709,
  "gsr_x": -0.01830136775970459,
  "gsr_y": 0.017390461638569832,
  "provenance": {
    "md5sum": "263741364f24c7aad572a9c4917372af",
    "settings": {
      "fd_thres": 0.2,
      "testing": false
    },
    "software": "mriqc",
    "version": "22.0.1",
    "webapi_port": null,
    "webapi_url": "https://mriqc.nimh.nih.gov/api/v1"
  },
  "size_t": 199,
  "size_x": 96,
  "size_y": 96,
  "size_z": 42,
  "snr": 3.8702822007467494,
  "spacing_tr": 2.0,
  "spacing_x": 2.5,
  "spacing_y": 2.5,
  "spacing_z": 3.0001463890075684,
  "summary_bg_k": 25.07196808347481,
  "summary_bg_mad": 12.821901842692533,
  "summary_bg_mean": 75.28424072265625,
  "summary_bg_median": 9.085427284240723,
  "summary_bg_n": 266986.0,
  "summary_bg_p05": 0.06030150502920151,
  "summary_bg_p95": 438.1319122314453,
  "summary_bg_stdv": 199.21697998046875,
  "summary_fg_k": 1.7804409339807163,
  "summary_fg_mad": 420.0158514438397,
  "summary_fg_mean": 2045.423095703125,
  "summary_fg_median": 1955.482421875,
  "summary_fg_n": 62175.0,
  "summary_fg_p05": 1396.846240234375,
  "summary_fg_p95": 3015.651708984373,
  "summary_fg_stdv": 505.251708984375,
  "tsnr": 86.82490910869092
}