{
  "aor": 0.00145215,
  "aqi": 0.0030565967499999996,
  "bids_meta": {
    "AcquisitionDateTime": "1800-01-01T14:26:17",
    "BodyPartExamined": "BRAIN",
    "ConversionSoftware": "dcm2nii",
    "ConversionSoftwareVersion": "6-2013",
    "EchoTime": 0.025,
    "FlipAngle": 75.0,
    "ImageType": "ORIGINAL_PRIMARY_EPI_NONE",
    "MagneticFieldStrength": 3.0,
    "Manufacturer": "GE MEDICAL SYSTEMS",
    "ProcedureStepDescription": "Mattfeld_WMAZE",
    "ProtocolName": "Mattfeld_WMAZE",
    "RepetitionTime": 2.0,
    "ScanningSequence": "EP_GR",
    "SequenceVariant": "S_S",
    "SliceTiming": [
      0.0,
      1.0,
      0.047619047619047616,
      1.0476190476190477,
      0.09523809523809523,
      1.0952380952380953,
      0.14285714285714285,
      1.1428571428571428,
      0.19047619047619047,
      1.1904761904761905,
      0.23809523809523808,
      1.2380952380952381,
      0.2857142857142857,
      1.2857142857142858,
      0.3333333333333333,
      1.3333333333333333,
      0.38095238095238093,
      1.380952380952381,
      0.42857142857142855,
      1.4285714285714286,
      0.47619047619047616,
      1.4761904761904763,
      0.5238095238095238,
      1.5238095238095237,
      0.5714285714285714,
      1.5714285714285714,
      0.6190476190476191,
      1.619047619047619,
      0.6666666666666666,
      1.6666666666666667,
      0.7142857142857143,
      1.7142857142857142,
      0.7619047619047619,
      1.7619047619047619,
      0.8095238095238095,
      1.8095238095238095,
      0.8571428571428571,
      1.8571428571428572,
      0.9047619047619048,
      1.9047619047619047,
      0.9523809523809523,
      1.9523809523809523
    ],
    "TaskName": "conditional visual associative learning task",
    "dataset": "ds002149",
    "modality": "bold",
    "run_id": 5,
    "subject_id": "017",
    "task_id": "condassoc"
  },
  "dummy_trs": 0,
  "dvars_nstd": 15.538369945728647,
  "dvars_std": 1.057374284221106,
  "dvars_vstd": 0.9538934743216082,
  "efc": 0.42385187758702875,
  "fber": 65332.2890625,
  "fd_mean": 0.07276382175642851,
  "fd_num": 0,
  "fd_perc": 0.0,
  "fwhm_avg": 3.194411142970045,
  "fwhm_x": 2.901732,
  "fwhm_y": 3.5362720000000003,
  "fwhm_z": 3.1452294289101332,
  "gcor": 0.013332,
  "gsr_x": -0.01586773991584778,
  "gsr_y": 0.02705279365181923,
  "provenance": {
    "md5sum": "7d1c1e1a64661f13426d74b8718cb244",
    "settings": {
      "fd_thres": 0.2,
      "testing": false
    },
    "software": "mriqc",
    "version": "22.0.1",
    "webapi_port": null,
    "webapi_url": "https://mriqc.nimh.nih.gov/api/v1"
  },
  "size_t": 200,
  "size_x": 96,
  "size_y": 96,
  "size_z": 42,
  "snr": 3.764700684092911,
  "spacing_tr": 2.0,
  "spacing_x": 2.5,
  "spacing_y": 2.5,
  "spacing_z": 3.0000736713409424,
  "summary_bg_k": 28.60574936329356,
  "summary_bg_mad": 11.178820317495537,
  "summary_bg_mean": 62.286407470703125,
  "summary_bg_median": 7.924999713897705,
  "summary_bg_n": 269895.0,
  "summary_bg_p05": 0.08500000089406967,
  "summary_bg_p95": 350.64949340820294,
  "summary_bg_stdv": 167.9026641845703,
  "summary_fg_k": 1.5103530125602935,
  "summary_fg_mad": 454.06176991806296,
  "summary_fg_mean": 2077.861572265625,
  "summary_fg_median": 2025.510009765625,
  "summary_fg_n": 57439.0,
  "summary_fg_p05": 1343.1134887695312,
  "summary_fg_p95": 3044.6039550781247,
  "summary_fg_stdv": 538.0221557617188,
  "tsnr": 78.5725426976569
}