{
  "aor": 0.00168385,
  "aqi": 0.00179809753,
  "bids_meta": {
    "AcquisitionDateTime": "1800-01-01T14:34:14",
    "BodyPartExamined": "BRAIN",
    "ConversionSoftware": "dcm2nii",
    "ConversionSoftwareVersion": "6-2013",
    "EchoTime": 0.025,
    "FlipAngle": 75.0,
    "ImageType": "ORIGINAL_PRIMARY_EPI_NONE",
    "MagneticFieldStrength": 3.0,
    "Manufacturer": "GE MEDICAL SYSTEMS",
    "ProcedureStepDescription": "Mattfeld_WMAZE",
    "ProtocolName": "Mattfeld_WMAZE",
    "RepetitionTime": 2.0,
    "ScanningSequence": "EP_GR",
    "SequenceVariant": "S_S",
    "SliceTiming": [
      0.0,
      1.0,
      0.047619047619047616,
      1.0476190476190477,
      0.09523809523809523,
      1.0952380952380953,
      0.14285714285714285,
      1.1428571428571428,
      0.19047619047619047,
      1.1904761904761905,
      0.23809523809523808,
      1.2380952380952381,
      0.2857142857142857,
      1.2857142857142858,
      0.3333333333333333,
      1.3333333333333333,
      0.38095238095238093,
      1.380952380952381,
      0.42857142857142855,
      1.4285714285714286,
      0.47619047619047616,
      1.4761904761904763,
      0.5238095238095238,
      1.5238095238095237,
      0.5714285714285714,
      1.5714285714285714,
      0.6190476190476191,
      1.619047619047619,
      0.6666666666666666,
      1.6666666666666667,
      0.7142857142857143,
      1.7142857142857142,
      0.7619047619047619,
      1.7619047619047619,
      0.8095238095238095,
      1.8095238095238095,
      0.8571428571428571,
      1.8571428571428572,
      0.9047619047619048,
      1.9047619047619047,
      0.9523809523809523,
      1.9523809523809523
    ],
    "TaskName": "conditional visual associative learning task",
    "dataset": "ds002149",
    "modality": "bold",
    "run_id": 6,
    "subject_id": "017",
    "task_id": "condassoc"
  },
  "dummy_trs": 0,
  "dvars_nstd": 15.529977922914583,
  "dvars_std": 1.1279645424623124,
  "dvars_vstd": 1.0048568713065325,
  "efc": 0.42471866450094004,
  "fber": 60999.69921875,
  "fd_mean": 0.05821133761621711,
  "fd_num": 1,
  "fd_perc": 0.5,
  "fwhm_avg": 3.183858948128888,
  "fwhm_x": 2.920092,
  "fwhm_y": 3.5167479999999998,
  "fwhm_z": 3.114736844386664,
  "gcor": 0.0151884,
  "gsr_x": -0.014916603453457355,
  "gsr_y": 0.025938600301742554,
  "provenance": {
    "md5sum": "aaed376d823dc10f6056d7965c4d5298",
    "settings": {
      "fd_thres": 0.2,
      "testing": false
    },
    "software": "mriqc",
    "version": "22.0.1",
    "webapi_port": null,
    "webapi_url": "https://mriqc.nimh.nih.gov/api/v1"
  },
  "size_t": 200,
  "size_x": 96,
  "size_y": 96,
  "size_z": 42,
  "snr": 3.7467197415472144,
  "spacing_tr": 2.0,
  "spacing_x": 2.5,
  "spacing_y": 2.5,
  "spacing_z": 3.0000736713409424,
  "summary_bg_k": 28.14984762580664,
  "summary_bg_mad": 11.445689301835804,
  "summary_bg_mean": 62.7567024230957,
  "summary_bg_median": 8.130000114440918,
  "summary_bg_n": 269805.0,
  "summary_bg_p05": 0.08999999612569809,
  "summary_bg_p95": 357.4879943847652,
  "summary_bg_stdv": 168.58551025390625,
  "summary_fg_k": 1.4059665624553084,
  "summary_fg_mad": 454.8103102959608,
  "summary_fg_mean": 2067.515380859375,
  "summary_fg_median": 2012.534912109375,
  "summary_fg_n": 57599.0,
  "summary_fg_p05": 1328.1504150390624,
  "summary_fg_p95": 3038.605859375,
  "summary_fg_stdv": 537.1411743164062,
  "tsnr": 95.55207695998251
}