{
  "aor": 0.010674600000000001,
  "aqi": 0.003264819715,
  "bids_meta": {
    "AcquisitionDateTime": "1800-01-01T14:17:45",
    "BodyPartExamined": "BRAIN",
    "ConversionSoftware": "dcm2nii",
    "ConversionSoftwareVersion": "6-2013",
    "EchoTime": 0.025,
    "FlipAngle": 75.0,
    "ImageType": "ORIGINAL_PRIMARY_EPI_NONE",
    "MagneticFieldStrength": 3.0,
    "Manufacturer": "GE MEDICAL SYSTEMS",
    "ProcedureStepDescription": "Mattfeld_WMAZE",
    "ProtocolName": "Mattfeld_WMAZE",
    "RepetitionTime": 2.0,
    "ScanningSequence": "EP_GR",
    "SequenceVariant": "S_S",
    "SliceTiming": [
      0.0,
      1.0,
      0.047619047619047616,
      1.0476190476190477,
      0.09523809523809523,
      1.0952380952380953,
      0.14285714285714285,
      1.1428571428571428,
      0.19047619047619047,
      1.1904761904761905,
      0.23809523809523808,
      1.2380952380952381,
      0.2857142857142857,
      1.2857142857142858,
      0.3333333333333333,
      1.3333333333333333,
      0.38095238095238093,
      1.380952380952381,
      0.42857142857142855,
      1.4285714285714286,
      0.47619047619047616,
      1.4761904761904763,
      0.5238095238095238,
      1.5238095238095237,
      0.5714285714285714,
      1.5714285714285714,
      0.6190476190476191,
      1.619047619047619,
      0.6666666666666666,
      1.6666666666666667,
      0.7142857142857143,
      1.7142857142857142,
      0.7619047619047619,
      1.7619047619047619,
      0.8095238095238095,
      1.8095238095238095,
      0.8571428571428571,
      1.8571428571428572,
      0.9047619047619048,
      1.9047619047619047,
      0.9523809523809523,
      1.9523809523809523
    ],
    "TaskName": "conditional visual associative learning task",
    "dataset": "ds002149",
    "modality": "bold",
    "run_id": 4,
    "subject_id": "017",
    "task_id": "condassoc"
  },
  "dummy_trs": 0,
  "dvars_nstd": 15.970163167839205,
  "dvars_std": 1.1892639801005025,
  "dvars_vstd": 1.0976460902010055,
  "efc": 0.4238377259639445,
  "fber": 63251.60546875,
  "fd_mean": 0.08216322924283621,
  "fd_num": 4,
  "fd_perc": 2.0,
  "fwhm_avg": 3.1675849962465628,
  "fwhm_x": 2.889048,
  "fwhm_y": 3.5319960000000004,
  "fwhm_z": 3.0817109887396876,
  "gcor": 0.0249283,
  "gsr_x": -0.015595969744026661,
  "gsr_y": 0.02378261834383011,
  "provenance": {
    "md5sum": "7d453125835d53be806bd1641d3a78db",
    "settings": {
      "fd_thres": 0.2,
      "testing": false
    },
    "software": "mriqc",
    "version": "22.0.1",
    "webapi_port": null,
    "webapi_url": "https://mriqc.nimh.nih.gov/api/v1"
  },
  "size_t": 200,
  "size_x": 96,
  "size_y": 96,
  "size_z": 42,
  "snr": 3.794735661364424,
  "spacing_tr": 2.0,
  "spacing_x": 2.5,
  "spacing_y": 2.5,
  "spacing_z": 3.0000736713409424,
  "summary_bg_k": 28.6961489962706,
  "summary_bg_mad": 11.4456889041709,
  "summary_bg_mean": 62.413211822509766,
  "summary_bg_median": 8.15999984741211,
  "summary_bg_n": 269847.0,
  "summary_bg_p05": 0.11499999463558197,
  "summary_bg_p95": 353.43699951171857,
  "summary_bg_stdv": 167.69207763671875,
  "summary_fg_k": 1.4678344936848289,
  "summary_fg_mad": 452.11214438109374,
  "summary_fg_mean": 2083.236572265625,
  "summary_fg_median": 2027.3924560546875,
  "summary_fg_n": 57468.0,
  "summary_fg_p05": 1357.1884399414062,
  "summary_fg_p95": 3052.5552246093744,
  "summary_fg_stdv": 534.2598266601562,
  "tsnr": 72.3917816580506
}