{
  "aor": 0.00617565,
  "aqi": 0.0039388324,
  "bids_meta": {
    "AcquisitionDateTime": "1800-01-01T13:53:53",
    "BodyPartExamined": "BRAIN",
    "ConversionSoftware": "dcm2nii",
    "ConversionSoftwareVersion": "6-2013",
    "EchoTime": 0.025,
    "FlipAngle": 75.0,
    "ImageType": "ORIGINAL_PRIMARY_EPI_NONE",
    "MagneticFieldStrength": 3.0,
    "Manufacturer": "GE MEDICAL SYSTEMS",
    "ProcedureStepDescription": "Mattfeld_WMAZE",
    "ProtocolName": "Mattfeld_WMAZE",
    "RepetitionTime": 2.0,
    "ScanningSequence": "EP_GR",
    "SequenceVariant": "S_S",
    "SliceTiming": [
      0.0,
      1.0,
      0.047619047619047616,
      1.0476190476190477,
      0.09523809523809523,
      1.0952380952380953,
      0.14285714285714285,
      1.1428571428571428,
      0.19047619047619047,
      1.1904761904761905,
      0.23809523809523808,
      1.2380952380952381,
      0.2857142857142857,
      1.2857142857142858,
      0.3333333333333333,
      1.3333333333333333,
      0.38095238095238093,
      1.380952380952381,
      0.42857142857142855,
      1.4285714285714286,
      0.47619047619047616,
      1.4761904761904763,
      0.5238095238095238,
      1.5238095238095237,
      0.5714285714285714,
      1.5714285714285714,
      0.6190476190476191,
      1.619047619047619,
      0.6666666666666666,
      1.6666666666666667,
      0.7142857142857143,
      1.7142857142857142,
      0.7619047619047619,
      1.7619047619047619,
      0.8095238095238095,
      1.8095238095238095,
      0.8571428571428571,
      1.8571428571428572,
      0.9047619047619048,
      1.9047619047619047,
      0.9523809523809523,
      1.9523809523809523
    ],
    "TaskName": "conditional visual associative learning task",
    "dataset": "ds002149",
    "modality": "bold",
    "run_id": 1,
    "subject_id": "017",
    "task_id": "condassoc"
  },
  "dummy_trs": 0,
  "dvars_nstd": 15.180682997085407,
  "dvars_std": 1.0429494127638193,
  "dvars_vstd": 1.0085038029145736,
  "efc": 0.42288731027741017,
  "fber": 67058.9921875,
  "fd_mean": 0.11278319183311468,
  "fd_num": 18,
  "fd_perc": 9.0,
  "fwhm_avg": 3.2055355484111208,
  "fwhm_x": 2.93132,
  "fwhm_y": 3.56244,
  "fwhm_z": 3.1228466452333628,
  "gcor": 0.0289787,
  "gsr_x": -0.015371493995189667,
  "gsr_y": 0.022210586816072464,
  "provenance": {
    "md5sum": "f03580ca047bd5c04511774478d79e60",
    "settings": {
      "fd_thres": 0.2,
      "testing": false
    },
    "software": "mriqc",
    "version": "22.0.1",
    "webapi_port": null,
    "webapi_url": "https://mriqc.nimh.nih.gov/api/v1"
  },
  "size_t": 200,
  "size_x": 96,
  "size_y": 96,
  "size_z": 42,
  "snr": 3.723124915671814,
  "spacing_tr": 2.0,
  "spacing_x": 2.5,
  "spacing_y": 2.5,
  "spacing_z": 3.0000736713409424,
  "summary_bg_k": 29.185988824699763,
  "summary_bg_mad": 11.015734052251126,
  "summary_bg_mean": 61.47359848022461,
  "summary_bg_median": 7.819999694824219,
  "summary_bg_n": 270080.0,
  "summary_bg_p05": 0.09999999403953552,
  "summary_bg_p95": 344.442001342773,
  "summary_bg_stdv": 163.10003662109375,
  "summary_fg_k": 1.483929257009148,
  "summary_fg_mad": 459.94023703955713,
  "summary_fg_mean": 2083.375244140625,
  "summary_fg_median": 2030.4349365234375,
  "summary_fg_n": 57293.0,
  "summary_fg_p05": 1335.331005859375,
  "summary_fg_p95": 3062.8889160156227,
  "summary_fg_stdv": 545.3529663085938,
  "tsnr": 65.43843681877479
}