{
  "bids_meta": {
    "AcquisitionDateTime": "1800-01-01T15:14:56",
    "BodyPartExamined": "BRAIN",
    "ConversionSoftware": "dcm2nii",
    "ConversionSoftwareVersion": "6-2013",
    "EchoTime": 0.00368,
    "FlipAngle": 12.0,
    "ImageType": "ORIGINAL_PRIMARY_OTHER",
    "InversionTime": 0.65,
    "MagneticFieldStrength": 3.0,
    "Manufacturer": "GE MEDICAL SYSTEMS",
    "ProcedureStepDescription": "Mattfeld_WMAZE",
    "ProtocolName": "Mattfeld_WMAZE",
    "RepetitionTime": 0.009184,
    "ScanningSequence": "G_R",
    "SequenceVariant": "SS_SK",
    "dataset": "ds002149",
    "modality": "T1w",
    "run_id": 1,
    "subject_id": "024"
  },
  "cjv": 0.326963847599013,
  "cnr": 4.028387994316076,
  "efc": 0.6754191710320577,
  "fber": -1.0,
  "fwhm_avg": 4.17419,
  "fwhm_x": 4.35442,
  "fwhm_y": 4.16996,
  "fwhm_z": 3.99819,
  "icvs_csf": 0.20361304275761724,
  "icvs_gm": 0.44887320857085633,
  "icvs_wm": 0.34751374867152646,
  "inu_med": 0.3806561827659607,
  "inu_range": 0.08969070911407473,
  "provenance": {
    "md5sum": "70c1fd0c6705153c19ec57a297d0e0da",
    "settings": {
      "testing": false
    },
    "software": "mriqc",
    "version": "22.0.1",
    "warnings": {
      "large_rot_frame": true,
      "small_air_mask": false
    },
    "webapi_port": null,
    "webapi_url": "https://mriqc.nimh.nih.gov/api/v1"
  },
  "qi_1": 0.0,
  "qi_2": 0.0019664498134598397,
  "rpve_csf": 29.22415181304933,
  "rpve_gm": 14.026734853840537,
  "rpve_wm": 20.10415086070221,
  "size_x": 186,
  "size_y": 256,
  "size_z": 256,
  "snr_csf": 3.3828418647038543,
  "snr_gm": 15.728718461198758,
  "snr_total": 14.854977300416058,
  "snr_wm": 25.453371575345557,
  "snrd_csf": 14.650426073031774,
  "snrd_gm": 34.57509519224527,
  "snrd_total": 31.86699292267654,
  "snrd_wm": 46.37545750275258,
  "spacing_x": 1.0,
  "spacing_y": 1.0,
  "spacing_z": 1.0,
  "summary_bg_k": 3.2033319737571855,
  "summary_bg_mad": 0.0,
  "summary_bg_mean": 8.724905024606317,
  "summary_bg_median": 0.0,
  "summary_bg_n": 833556.0,
  "summary_bg_p05": 0.0,
  "summary_bg_p95": 40.69697289168835,
  "summary_bg_stdv": 14.126791439686121,
  "summary_csf_k": 1.5265612064325422,
  "summary_csf_mad": 74.812670874928,
  "summary_csf_mean": 316.25111424433896,
  "summary_csf_median": 315.90904372930527,
  "summary_csf_n": 35597.0,
  "summary_csf_p05": 158.9356959141791,
  "summary_csf_p95": 477.54175993725653,
  "summary_csf_stdv": 93.38438479656679,
  "summary_gm_k": 0.2195739219505608,
  "summary_gm_mad": 46.292131595022504,
  "summary_gm_mean": 743.9204312955484,
  "summary_gm_median": 745.5472765490413,
  "summary_gm_n": 38414.0,
  "summary_gm_p05": 662.6066524609923,
  "summary_gm_p95": 818.9661623239517,
  "summary_gm_stdv": 47.39976586243703,
  "summary_wm_k": 0.5802904384318093,
  "summary_wm_mad": 36.90471791244054,
  "summary_wm_mean": 1000.252213990076,
  "summary_wm_median": 1000.0000245161355,
  "summary_wm_n": 181487.0,
  "summary_wm_p05": 936.4895466305315,
  "summary_wm_p95": 1065.9030204042792,
  "summary_wm_stdv": 39.28741882126989,
  "tpm_overlap_csf": 0.15765510519517242,
  "tpm_overlap_gm": 0.4872300645258029,
  "tpm_overlap_wm": 0.5257755341655647,
  "wm2max": 0.7067515922043843
}