{
  "aor": 0.0010150000000000003,
  "aqi": 0.0023238427500000005,
  "bids_meta": {
    "AcquisitionDateTime": "1800-01-01T12:40:19",
    "BodyPartExamined": "BRAIN",
    "ConversionSoftware": "dcm2nii",
    "ConversionSoftwareVersion": "6-2013",
    "EchoTime": 0.025,
    "FlipAngle": 75.0,
    "ImageType": "ORIGINAL_PRIMARY_EPI_NONE",
    "MagneticFieldStrength": 3.0,
    "Manufacturer": "GE MEDICAL SYSTEMS",
    "ProcedureStepDescription": "Mattfeld_WMAZE",
    "ProtocolName": "Mattfeld_WMAZE",
    "RepetitionTime": 2.0,
    "ScanningSequence": "EP_GR",
    "SequenceVariant": "S_S",
    "SliceTiming": [
      0.0,
      1.0,
      0.047619047619047616,
      1.0476190476190477,
      0.09523809523809523,
      1.0952380952380953,
      0.14285714285714285,
      1.1428571428571428,
      0.19047619047619047,
      1.1904761904761905,
      0.23809523809523808,
      1.2380952380952381,
      0.2857142857142857,
      1.2857142857142858,
      0.3333333333333333,
      1.3333333333333333,
      0.38095238095238093,
      1.380952380952381,
      0.42857142857142855,
      1.4285714285714286,
      0.47619047619047616,
      1.4761904761904763,
      0.5238095238095238,
      1.5238095238095237,
      0.5714285714285714,
      1.5714285714285714,
      0.6190476190476191,
      1.619047619047619,
      0.6666666666666666,
      1.6666666666666667,
      0.7142857142857143,
      1.7142857142857142,
      0.7619047619047619,
      1.7619047619047619,
      0.8095238095238095,
      1.8095238095238095,
      0.8571428571428571,
      1.8571428571428572,
      0.9047619047619048,
      1.9047619047619047,
      0.9523809523809523,
      1.9523809523809523
    ],
    "TaskName": "conditional visual associative learning task",
    "dataset": "ds002149",
    "modality": "bold",
    "run_id": 1,
    "subject_id": "018",
    "task_id": "condassoc"
  },
  "dummy_trs": 0,
  "dvars_nstd": 16.58754363125627,
  "dvars_std": 1.1662755941708547,
  "dvars_vstd": 0.9749653121608044,
  "efc": 0.44227192298571155,
  "fber": 57999.10546875,
  "fd_mean": 0.02843025896752814,
  "fd_num": 0,
  "fd_perc": 0.0,
  "fwhm_avg": 3.165440684843688,
  "fwhm_x": 3.014648,
  "fwhm_y": 3.421716,
  "fwhm_z": 3.059958054531063,
  "gcor": 0.0244931,
  "gsr_x": -0.005085737444460392,
  "gsr_y": 0.020177341997623444,
  "provenance": {
    "md5sum": "3116de0ff6391d4dd75c24a769386f4c",
    "settings": {
      "fd_thres": 0.2,
      "testing": false
    },
    "software": "mriqc",
    "version": "22.0.1",
    "webapi_port": null,
    "webapi_url": "https://mriqc.nimh.nih.gov/api/v1"
  },
  "size_t": 200,
  "size_x": 96,
  "size_y": 96,
  "size_z": 42,
  "snr": 3.5908994662258764,
  "spacing_tr": 2.0,
  "spacing_x": 2.5,
  "spacing_y": 2.5,
  "spacing_z": 3.000001907348633,
  "summary_bg_k": 19.74587585577306,
  "summary_bg_mad": 11.616188792028092,
  "summary_bg_mean": 103.57131958007812,
  "summary_bg_median": 8.220000267028809,
  "summary_bg_n": 270612.0,
  "summary_bg_p05": 0.09999999403953552,
  "summary_bg_p95": 710.4394744873027,
  "summary_bg_stdv": 294.4113464355469,
  "summary_fg_k": 1.3976848210750106,
  "summary_fg_mad": 443.46112785940466,
  "summary_fg_mean": 2052.930908203125,
  "summary_fg_median": 1973.982421875,
  "summary_fg_n": 57510.0,
  "summary_fg_p05": 1332.9342529296875,
  "summary_fg_p95": 3089.407214355468,
  "summary_fg_stdv": 549.7133178710938,
  "tsnr": 88.43984885327518
}