{
  "aor": 0.00079015,
  "aqi": 0.00195495275,
  "bids_meta": {
    "AcquisitionDateTime": "1800-01-01T12:48:37",
    "BodyPartExamined": "BRAIN",
    "ConversionSoftware": "dcm2nii",
    "ConversionSoftwareVersion": "6-2013",
    "EchoTime": 0.025,
    "FlipAngle": 75.0,
    "ImageType": "ORIGINAL_PRIMARY_EPI_NONE",
    "MagneticFieldStrength": 3.0,
    "Manufacturer": "GE MEDICAL SYSTEMS",
    "ProcedureStepDescription": "Mattfeld_WMAZE",
    "ProtocolName": "Mattfeld_WMAZE",
    "RepetitionTime": 2.0,
    "ScanningSequence": "EP_GR",
    "SequenceVariant": "S_S",
    "SliceTiming": [
      0.0,
      1.0,
      0.047619047619047616,
      1.0476190476190477,
      0.09523809523809523,
      1.0952380952380953,
      0.14285714285714285,
      1.1428571428571428,
      0.19047619047619047,
      1.1904761904761905,
      0.23809523809523808,
      1.2380952380952381,
      0.2857142857142857,
      1.2857142857142858,
      0.3333333333333333,
      1.3333333333333333,
      0.38095238095238093,
      1.380952380952381,
      0.42857142857142855,
      1.4285714285714286,
      0.47619047619047616,
      1.4761904761904763,
      0.5238095238095238,
      1.5238095238095237,
      0.5714285714285714,
      1.5714285714285714,
      0.6190476190476191,
      1.619047619047619,
      0.6666666666666666,
      1.6666666666666667,
      0.7142857142857143,
      1.7142857142857142,
      0.7619047619047619,
      1.7619047619047619,
      0.8095238095238095,
      1.8095238095238095,
      0.8571428571428571,
      1.8571428571428572,
      0.9047619047619048,
      1.9047619047619047,
      0.9523809523809523,
      1.9523809523809523
    ],
    "TaskName": "conditional visual associative learning task",
    "dataset": "ds002149",
    "modality": "bold",
    "run_id": 2,
    "subject_id": "018",
    "task_id": "condassoc"
  },
  "dummy_trs": 0,
  "dvars_nstd": 16.62390670110554,
  "dvars_std": 1.1776917136683414,
  "dvars_vstd": 0.9847566157788942,
  "efc": 0.4439196111010228,
  "fber": 55387.84375,
  "fd_mean": 0.027223759546343408,
  "fd_num": 0,
  "fd_perc": 0.0,
  "fwhm_avg": 3.060791606522704,
  "fwhm_x": 3.0062919999999997,
  "fwhm_y": 3.270848,
  "fwhm_z": 2.905234819568113,
  "gcor": 0.0235446,
  "gsr_x": -0.014057078398764133,
  "gsr_y": 0.015641042962670326,
  "provenance": {
    "md5sum": "5fdc0327677cda9d51a6dc697ff35dda",
    "settings": {
      "fd_thres": 0.2,
      "testing": false
    },
    "software": "mriqc",
    "version": "22.0.1",
    "webapi_port": null,
    "webapi_url": "https://mriqc.nimh.nih.gov/api/v1"
  },
  "size_t": 200,
  "size_x": 96,
  "size_y": 96,
  "size_z": 42,
  "snr": 3.8090698657684956,
  "spacing_tr": 2.0,
  "spacing_x": 2.5,
  "spacing_y": 2.5,
  "spacing_z": 3.000001907348633,
  "summary_bg_k": 17.085159989400882,
  "summary_bg_mad": 11.964600069475768,
  "summary_bg_mean": 112.49546813964844,
  "summary_bg_median": 8.505000114440918,
  "summary_bg_n": 272630.0,
  "summary_bg_p05": 0.125,
  "summary_bg_p95": 796.4297424316401,
  "summary_bg_stdv": 312.1990051269531,
  "summary_fg_k": 0.8965513002742722,
  "summary_fg_mad": 437.59008098827167,
  "summary_fg_mean": 2066.4892578125,
  "summary_fg_median": 1972.9599609375,
  "summary_fg_n": 56252.0,
  "summary_fg_p05": 1385.6427673339845,
  "summary_fg_p95": 3079.0637573242184,
  "summary_fg_stdv": 517.9591064453125,
  "tsnr": 95.54225275525823
}