{
  "bids_meta": {
    "AcquisitionDateTime": "1800-01-01T17:03:49",
    "BodyPartExamined": "BRAIN",
    "ConversionSoftware": "dcm2nii",
    "ConversionSoftwareVersion": "6-2013",
    "EchoTime": 0.00368,
    "FlipAngle": 12.0,
    "ImageType": "ORIGINAL_PRIMARY_OTHER",
    "InversionTime": 0.65,
    "MagneticFieldStrength": 3.0,
    "Manufacturer": "GE MEDICAL SYSTEMS",
    "ProcedureStepDescription": "Mattfeld_WMAZE",
    "ProtocolName": "Mattfeld_WMAZE",
    "RepetitionTime": 0.009184,
    "ScanningSequence": "G_R",
    "SequenceVariant": "SS_SK",
    "dataset": "ds002149",
    "modality": "T1w",
    "run_id": 1,
    "subject_id": "005"
  },
  "cjv": 0.42527103215203776,
  "cnr": 3.122823198081602,
  "efc": 0.5260233959853413,
  "fber": 5223.896403056213,
  "fwhm_avg": 3.650033333333333,
  "fwhm_x": 3.6085,
  "fwhm_y": 3.8443,
  "fwhm_z": 3.4973,
  "icvs_csf": 0.176356360793414,
  "icvs_gm": 0.3866705190694508,
  "icvs_wm": 0.4369731201371352,
  "inu_med": 0.9317969083786011,
  "inu_range": 0.2621505320072174,
  "provenance": {
    "md5sum": "5667ba37dd94fdff3f298a6bbbe4a216",
    "settings": {
      "testing": false
    },
    "software": "mriqc",
    "version": "22.0.1",
    "warnings": {
      "large_rot_frame": true,
      "small_air_mask": false
    },
    "webapi_port": null,
    "webapi_url": "https://mriqc.nimh.nih.gov/api/v1"
  },
  "qi_1": 0.00029050306433400395,
  "qi_2": 0.0010492983900249934,
  "rpve_csf": 29.292064734677705,
  "rpve_gm": 13.268269699215976,
  "rpve_wm": 13.763724657588902,
  "size_x": 186,
  "size_y": 256,
  "size_z": 256,
  "snr_csf": 3.1313498915525035,
  "snr_gm": 16.756864114129513,
  "snr_total": 12.478822983487712,
  "snr_wm": 17.548254944781117,
  "snrd_csf": 23.311168466854426,
  "snrd_gm": 55.60810980454969,
  "snrd_total": 50.476673941677575,
  "snrd_wm": 72.51074355362861,
  "spacing_x": 1.0,
  "spacing_y": 1.0,
  "spacing_z": 1.0,
  "summary_bg_k": 13.666313778419227,
  "summary_bg_mad": 9.035640684117364,
  "summary_bg_mean": 11.184283011261122,
  "summary_bg_median": 6.094447027891874,
  "summary_bg_n": 3134182.0,
  "summary_bg_p05": 0.0,
  "summary_bg_p95": 42.1504213437438,
  "summary_bg_stdv": 15.17202441957902,
  "summary_csf_k": 2.5900817810501033,
  "summary_csf_mad": 82.43129182772992,
  "summary_csf_mean": 325.9971095444253,
  "summary_csf_median": 321.50761611387134,
  "summary_csf_n": 34747.0,
  "summary_csf_p05": 149.05859825760126,
  "summary_csf_p95": 498.9275237247348,
  "summary_csf_stdv": 102.67233008347023,
  "summary_gm_k": 0.1852123135083854,
  "summary_gm_mad": 45.279160299738976,
  "summary_gm_mean": 766.8857190226505,
  "summary_gm_median": 766.9470041915774,
  "summary_gm_n": 30031.0,
  "summary_gm_p05": 692.2134219221771,
  "summary_gm_p95": 841.7997516263276,
  "summary_gm_stdv": 45.768362720290696,
  "summary_wm_k": 0.7995696425222958,
  "summary_wm_mad": 53.86049502767167,
  "summary_wm_mean": 1009.1872663844425,
  "summary_wm_median": 1000.0681148059666,
  "summary_wm_n": 247298.0,
  "summary_wm_p05": 933.744188491255,
  "summary_wm_p95": 1118.114829961024,
  "summary_wm_stdv": 56.989489607993626,
  "tpm_overlap_csf": 0.14050093648125192,
  "tpm_overlap_gm": 0.4360303352591229,
  "tpm_overlap_wm": 0.4631306993913603,
  "wm2max": 0.5761767028198455
}