{
  "aor": 0.0017265500000000003,
  "aqi": 0.0025353692,
  "bids_meta": {
    "AcquisitionDateTime": "1800-01-01T16:51:23",
    "BodyPartExamined": "BRAIN",
    "ConversionSoftware": "dcm2nii",
    "ConversionSoftwareVersion": "6-2013",
    "EchoTime": 0.025,
    "FlipAngle": 75.0,
    "ImageType": "ORIGINAL_PRIMARY_EPI_NONE",
    "MagneticFieldStrength": 3.0,
    "Manufacturer": "GE MEDICAL SYSTEMS",
    "ProcedureStepDescription": "Mattfeld_WMAZE",
    "ProtocolName": "Mattfeld_WMAZE",
    "RepetitionTime": 2.0,
    "ScanningSequence": "EP_GR",
    "SequenceVariant": "S_S",
    "SliceTiming": [
      0.0,
      1.0,
      0.047619047619047616,
      1.0476190476190477,
      0.09523809523809523,
      1.0952380952380953,
      0.14285714285714285,
      1.1428571428571428,
      0.19047619047619047,
      1.1904761904761905,
      0.23809523809523808,
      1.2380952380952381,
      0.2857142857142857,
      1.2857142857142858,
      0.3333333333333333,
      1.3333333333333333,
      0.38095238095238093,
      1.380952380952381,
      0.42857142857142855,
      1.4285714285714286,
      0.47619047619047616,
      1.4761904761904763,
      0.5238095238095238,
      1.5238095238095237,
      0.5714285714285714,
      1.5714285714285714,
      0.6190476190476191,
      1.619047619047619,
      0.6666666666666666,
      1.6666666666666667,
      0.7142857142857143,
      1.7142857142857142,
      0.7619047619047619,
      1.7619047619047619,
      0.8095238095238095,
      1.8095238095238095,
      0.8571428571428571,
      1.8571428571428572,
      0.9047619047619048,
      1.9047619047619047,
      0.9523809523809523,
      1.9523809523809523
    ],
    "TaskName": "conditional visual associative learning task",
    "dataset": "ds002149",
    "modality": "bold",
    "run_id": 6,
    "subject_id": "001",
    "task_id": "condassoc"
  },
  "dummy_trs": 0,
  "dvars_nstd": 16.16542169653268,
  "dvars_std": 1.1435275289447235,
  "dvars_vstd": 0.9863519432160809,
  "efc": 0.4231164201752744,
  "fber": 72359.1640625,
  "fd_mean": 0.062493330978243375,
  "fd_num": 5,
  "fd_perc": 2.5,
  "fwhm_avg": 3.404215126216616,
  "fwhm_x": 3.4586239999999995,
  "fwhm_y": 3.5569200000000003,
  "fwhm_z": 3.197101378649848,
  "gcor": 0.0395819,
  "gsr_x": -0.02695891447365284,
  "gsr_y": 0.016868650913238525,
  "provenance": {
    "md5sum": "b915cdd797a4ad669b2f6a695be30b89",
    "settings": {
      "fd_thres": 0.2,
      "testing": false
    },
    "software": "mriqc",
    "version": "22.0.1",
    "webapi_port": null,
    "webapi_url": "https://mriqc.nimh.nih.gov/api/v1"
  },
  "size_t": 200,
  "size_x": 96,
  "size_y": 96,
  "size_z": 42,
  "snr": 3.3925004222179096,
  "spacing_tr": 2.0,
  "spacing_x": 2.5,
  "spacing_y": 2.5,
  "spacing_z": 2.9997735023498535,
  "summary_bg_k": 28.1210204437144,
  "summary_bg_mad": 10.58577946544129,
  "summary_bg_mean": 75.13391876220703,
  "summary_bg_median": 7.674999713897705,
  "summary_bg_n": 273074.0,
  "summary_bg_p05": 0.09999999403953552,
  "summary_bg_p95": 471.5727386474594,
  "summary_bg_stdv": 216.98719787597656,
  "summary_fg_k": 1.9654744912780249,
  "summary_fg_mad": 450.7778566789535,
  "summary_fg_mean": 2130.468017578125,
  "summary_fg_median": 2004.467529296875,
  "summary_fg_n": 56812.0,
  "summary_fg_p05": 1396.2494873046876,
  "summary_fg_p95": 3341.14990234375,
  "summary_fg_stdv": 590.8473510742188,
  "tsnr": 88.547280987259
}