{
  "aor": 0.0004929000000000001,
  "aqi": 0.0029219819999999996,
  "bids_meta": {
    "AcquisitionDateTime": "1800-01-01T16:34:38",
    "BodyPartExamined": "BRAIN",
    "ConversionSoftware": "dcm2nii",
    "ConversionSoftwareVersion": "6-2013",
    "EchoTime": 0.025,
    "FlipAngle": 75.0,
    "ImageType": "ORIGINAL_PRIMARY_EPI_NONE",
    "MagneticFieldStrength": 3.0,
    "Manufacturer": "GE MEDICAL SYSTEMS",
    "ProcedureStepDescription": "Mattfeld_WMAZE",
    "ProtocolName": "Mattfeld_WMAZE",
    "RepetitionTime": 2.0,
    "ScanningSequence": "EP_GR",
    "SequenceVariant": "S_S",
    "SliceTiming": [
      0.0,
      1.0,
      0.047619047619047616,
      1.0476190476190477,
      0.09523809523809523,
      1.0952380952380953,
      0.14285714285714285,
      1.1428571428571428,
      0.19047619047619047,
      1.1904761904761905,
      0.23809523809523808,
      1.2380952380952381,
      0.2857142857142857,
      1.2857142857142858,
      0.3333333333333333,
      1.3333333333333333,
      0.38095238095238093,
      1.380952380952381,
      0.42857142857142855,
      1.4285714285714286,
      0.47619047619047616,
      1.4761904761904763,
      0.5238095238095238,
      1.5238095238095237,
      0.5714285714285714,
      1.5714285714285714,
      0.6190476190476191,
      1.619047619047619,
      0.6666666666666666,
      1.6666666666666667,
      0.7142857142857143,
      1.7142857142857142,
      0.7619047619047619,
      1.7619047619047619,
      0.8095238095238095,
      1.8095238095238095,
      0.8571428571428571,
      1.8571428571428572,
      0.9047619047619048,
      1.9047619047619047,
      0.9523809523809523,
      1.9523809523809523
    ],
    "TaskName": "conditional visual associative learning task",
    "dataset": "ds002149",
    "modality": "bold",
    "run_id": 4,
    "subject_id": "001",
    "task_id": "condassoc"
  },
  "dummy_trs": 0,
  "dvars_nstd": 17.196371940753764,
  "dvars_std": 1.1398288681407032,
  "dvars_vstd": 0.9460281502010051,
  "efc": 0.4197996335148995,
  "fber": 70998.6640625,
  "fd_mean": 0.05343894829734446,
  "fd_num": 1,
  "fd_perc": 0.5,
  "fwhm_avg": 3.49046910041852,
  "fwhm_x": 3.5364359999999997,
  "fwhm_y": 3.659424,
  "fwhm_z": 3.2755473012555596,
  "gcor": 0.0142873,
  "gsr_x": -0.025266680866479874,
  "gsr_y": 0.015582398511469364,
  "provenance": {
    "md5sum": "efcdad5395bf474de5260fe4605e1bd5",
    "settings": {
      "fd_thres": 0.2,
      "testing": false
    },
    "software": "mriqc",
    "version": "22.0.1",
    "webapi_port": null,
    "webapi_url": "https://mriqc.nimh.nih.gov/api/v1"
  },
  "size_t": 200,
  "size_x": 96,
  "size_y": 96,
  "size_z": 42,
  "snr": 3.306736607170485,
  "spacing_tr": 2.0,
  "spacing_x": 2.5,
  "spacing_y": 2.5,
  "spacing_z": 2.9997735023498535,
  "summary_bg_k": 30.339674963521624,
  "summary_bg_mad": 10.622844750665873,
  "summary_bg_mean": 72.2513656616211,
  "summary_bg_median": 7.724999904632568,
  "summary_bg_n": 273220.0,
  "summary_bg_p05": 0.14999999105930328,
  "summary_bg_p95": 446.6922515869135,
  "summary_bg_stdv": 212.48028564453125,
  "summary_fg_k": 1.988213251023426,
  "summary_fg_mad": 461.8083303134115,
  "summary_fg_mean": 2141.846435546875,
  "summary_fg_median": 2008.0299072265625,
  "summary_fg_n": 56611.0,
  "summary_fg_p05": 1400.0574340820312,
  "summary_fg_p95": 3404.7174072265625,
  "summary_fg_stdv": 607.2489013671875,
  "tsnr": 83.62067887396552
}