{
  "aor": 0.0007364499999999999,
  "aqi": 0.00321102575,
  "bids_meta": {
    "AcquisitionDateTime": "1800-01-01T16:10:15",
    "BodyPartExamined": "BRAIN",
    "ConversionSoftware": "dcm2nii",
    "ConversionSoftwareVersion": "6-2013",
    "EchoTime": 0.025,
    "FlipAngle": 75.0,
    "ImageType": "ORIGINAL_PRIMARY_EPI_NONE",
    "MagneticFieldStrength": 3.0,
    "Manufacturer": "GE MEDICAL SYSTEMS",
    "ProcedureStepDescription": "Mattfeld_WMAZE",
    "ProtocolName": "Mattfeld_WMAZE",
    "RepetitionTime": 2.0,
    "ScanningSequence": "EP_GR",
    "SequenceVariant": "S_S",
    "SliceTiming": [
      0.0,
      1.0,
      0.047619047619047616,
      1.0476190476190477,
      0.09523809523809523,
      1.0952380952380953,
      0.14285714285714285,
      1.1428571428571428,
      0.19047619047619047,
      1.1904761904761905,
      0.23809523809523808,
      1.2380952380952381,
      0.2857142857142857,
      1.2857142857142858,
      0.3333333333333333,
      1.3333333333333333,
      0.38095238095238093,
      1.380952380952381,
      0.42857142857142855,
      1.4285714285714286,
      0.47619047619047616,
      1.4761904761904763,
      0.5238095238095238,
      1.5238095238095237,
      0.5714285714285714,
      1.5714285714285714,
      0.6190476190476191,
      1.619047619047619,
      0.6666666666666666,
      1.6666666666666667,
      0.7142857142857143,
      1.7142857142857142,
      0.7619047619047619,
      1.7619047619047619,
      0.8095238095238095,
      1.8095238095238095,
      0.8571428571428571,
      1.8571428571428572,
      0.9047619047619048,
      1.9047619047619047,
      0.9523809523809523,
      1.9523809523809523
    ],
    "TaskName": "conditional visual associative learning task",
    "dataset": "ds002149",
    "modality": "bold",
    "run_id": 1,
    "subject_id": "001",
    "task_id": "condassoc"
  },
  "dummy_trs": 0,
  "dvars_nstd": 15.883652888643212,
  "dvars_std": 1.068669902211055,
  "dvars_vstd": 0.9332874900502515,
  "efc": 0.41850192357823474,
  "fber": 77706.3515625,
  "fd_mean": 0.055827008507340445,
  "fd_num": 2,
  "fd_perc": 1.0,
  "fwhm_avg": 3.421144435080634,
  "fwhm_x": 3.470932,
  "fwhm_y": 3.5787120000000003,
  "fwhm_z": 3.213789305241901,
  "gcor": 0.0246038,
  "gsr_x": -0.02465735748410225,
  "gsr_y": 0.014324265532195568,
  "provenance": {
    "md5sum": "94b90ec1df6e5f23853e46f02a80d130",
    "settings": {
      "fd_thres": 0.2,
      "testing": false
    },
    "software": "mriqc",
    "version": "22.0.1",
    "webapi_port": null,
    "webapi_url": "https://mriqc.nimh.nih.gov/api/v1"
  },
  "size_t": 200,
  "size_x": 96,
  "size_y": 96,
  "size_z": 42,
  "snr": 3.3698453366898207,
  "spacing_tr": 2.0,
  "spacing_x": 2.5,
  "spacing_y": 2.5,
  "spacing_z": 2.9997735023498535,
  "summary_bg_k": 29.4767107238115,
  "summary_bg_mad": 10.289259481264057,
  "summary_bg_mean": 72.4304428100586,
  "summary_bg_median": 7.440000057220459,
  "summary_bg_n": 273949.0,
  "summary_bg_p05": 0.14000000059604645,
  "summary_bg_p95": 455.03898925781215,
  "summary_bg_stdv": 210.81361389160156,
  "summary_fg_k": 1.8560970046816427,
  "summary_fg_mad": 472.3274401089549,
  "summary_fg_mean": 2156.35888671875,
  "summary_fg_median": 2025.094970703125,
  "summary_fg_n": 56100.0,
  "summary_fg_p05": 1421.2137145996094,
  "summary_fg_p95": 3381.711584472656,
  "summary_fg_stdv": 600.9406127929688,
  "tsnr": 76.51720979972742
}