{
  "aor": 0.0006168181818181819,
  "aqi": 0.0024342860101010107,
  "bids_meta": {
    "AcquisitionDateTime": "1800-01-01T16:18:21",
    "BodyPartExamined": "BRAIN",
    "ConversionSoftware": "dcm2nii",
    "ConversionSoftwareVersion": "6-2013",
    "EchoTime": 0.025,
    "FlipAngle": 75.0,
    "ImageType": "ORIGINAL_PRIMARY_EPI_NONE",
    "MagneticFieldStrength": 3.0,
    "Manufacturer": "GE MEDICAL SYSTEMS",
    "ProcedureStepDescription": "Mattfeld_WMAZE",
    "ProtocolName": "Mattfeld_WMAZE",
    "RepetitionTime": 2.0,
    "ScanningSequence": "EP_GR",
    "SequenceVariant": "S_S",
    "SliceTiming": [
      0.0,
      1.0,
      0.047619047619047616,
      1.0476190476190477,
      0.09523809523809523,
      1.0952380952380953,
      0.14285714285714285,
      1.1428571428571428,
      0.19047619047619047,
      1.1904761904761905,
      0.23809523809523808,
      1.2380952380952381,
      0.2857142857142857,
      1.2857142857142858,
      0.3333333333333333,
      1.3333333333333333,
      0.38095238095238093,
      1.380952380952381,
      0.42857142857142855,
      1.4285714285714286,
      0.47619047619047616,
      1.4761904761904763,
      0.5238095238095238,
      1.5238095238095237,
      0.5714285714285714,
      1.5714285714285714,
      0.6190476190476191,
      1.619047619047619,
      0.6666666666666666,
      1.6666666666666667,
      0.7142857142857143,
      1.7142857142857142,
      0.7619047619047619,
      1.7619047619047619,
      0.8095238095238095,
      1.8095238095238095,
      0.8571428571428571,
      1.8571428571428572,
      0.9047619047619048,
      1.9047619047619047,
      0.9523809523809523,
      1.9523809523809523
    ],
    "TaskName": "conditional visual associative learning task",
    "dataset": "ds002149",
    "modality": "bold",
    "run_id": 2,
    "subject_id": "001",
    "task_id": "condassoc"
  },
  "dummy_trs": 2,
  "dvars_nstd": 15.636145098172591,
  "dvars_std": 1.1217323489847717,
  "dvars_vstd": 0.9651315367005072,
  "efc": 0.4188729461963815,
  "fber": 73232.8203125,
  "fd_mean": 0.04116632406083036,
  "fd_num": 0,
  "fd_perc": 0.0,
  "fwhm_avg": 3.425712088191015,
  "fwhm_x": 3.4446559999999997,
  "fwhm_y": 3.570664,
  "fwhm_z": 3.2618162645730453,
  "gcor": 0.0187312,
  "gsr_x": -0.025514142587780952,
  "gsr_y": 0.015160255134105682,
  "provenance": {
    "md5sum": "927759874bb9f774adf75db88efd11a3",
    "settings": {
      "fd_thres": 0.2,
      "testing": false
    },
    "software": "mriqc",
    "version": "22.0.1",
    "webapi_port": null,
    "webapi_url": "https://mriqc.nimh.nih.gov/api/v1"
  },
  "size_t": 198,
  "size_x": 96,
  "size_y": 96,
  "size_z": 42,
  "snr": 3.339753582979474,
  "spacing_tr": 2.0,
  "spacing_x": 2.5,
  "spacing_y": 2.5,
  "spacing_z": 2.9997735023498535,
  "summary_bg_k": 28.637176136125774,
  "summary_bg_mad": 10.527973127654779,
  "summary_bg_mean": 72.4587173461914,
  "summary_bg_median": 7.651515007019043,
  "summary_bg_n": 273677.0,
  "summary_bg_p05": 0.14545454382896975,
  "summary_bg_p95": 457.6575683593749,
  "summary_bg_stdv": 211.46377563476562,
  "summary_fg_k": 1.9125162313195023,
  "summary_fg_mad": 472.7778131095349,
  "summary_fg_mean": 2160.359130859375,
  "summary_fg_median": 2027.16162109375,
  "summary_fg_n": 56207.0,
  "summary_fg_p05": 1421.0318115234375,
  "summary_fg_p95": 3409.1833740234374,
  "summary_fg_stdv": 606.9739990234375,
  "tsnr": 91.40008367132396
}