{
  "aor": 0.005044300000000001,
  "aqi": 0.0029000862999999997,
  "bids_meta": {
    "AcquisitionDateTime": "1800-01-01T16:43:33",
    "BodyPartExamined": "BRAIN",
    "ConversionSoftware": "dcm2nii",
    "ConversionSoftwareVersion": "6-2013",
    "EchoTime": 0.025,
    "FlipAngle": 75.0,
    "ImageType": "ORIGINAL_PRIMARY_EPI_NONE",
    "MagneticFieldStrength": 3.0,
    "Manufacturer": "GE MEDICAL SYSTEMS",
    "ProcedureStepDescription": "Mattfeld_WMAZE",
    "ProtocolName": "Mattfeld_WMAZE",
    "RepetitionTime": 2.0,
    "ScanningSequence": "EP_GR",
    "SequenceVariant": "S_S",
    "SliceTiming": [
      0.0,
      1.0,
      0.047619047619047616,
      1.0476190476190477,
      0.09523809523809523,
      1.0952380952380953,
      0.14285714285714285,
      1.1428571428571428,
      0.19047619047619047,
      1.1904761904761905,
      0.23809523809523808,
      1.2380952380952381,
      0.2857142857142857,
      1.2857142857142858,
      0.3333333333333333,
      1.3333333333333333,
      0.38095238095238093,
      1.380952380952381,
      0.42857142857142855,
      1.4285714285714286,
      0.47619047619047616,
      1.4761904761904763,
      0.5238095238095238,
      1.5238095238095237,
      0.5714285714285714,
      1.5714285714285714,
      0.6190476190476191,
      1.619047619047619,
      0.6666666666666666,
      1.6666666666666667,
      0.7142857142857143,
      1.7142857142857142,
      0.7619047619047619,
      1.7619047619047619,
      0.8095238095238095,
      1.8095238095238095,
      0.8571428571428571,
      1.8571428571428572,
      0.9047619047619048,
      1.9047619047619047,
      0.9523809523809523,
      1.9523809523809523
    ],
    "TaskName": "conditional visual associative learning task",
    "dataset": "ds002149",
    "modality": "bold",
    "run_id": 5,
    "subject_id": "001",
    "task_id": "condassoc"
  },
  "dummy_trs": 0,
  "dvars_nstd": 15.906086734924612,
  "dvars_std": 1.1411854831658295,
  "dvars_vstd": 1.0032939738190958,
  "efc": 0.4208452676653758,
  "fber": 73527.7890625,
  "fd_mean": 0.05221761810267657,
  "fd_num": 4,
  "fd_perc": 2.0,
  "fwhm_avg": 3.445280304401068,
  "fwhm_x": 3.4965719999999996,
  "fwhm_y": 3.613012,
  "fwhm_z": 3.226256913203203,
  "gcor": 0.0212369,
  "gsr_x": -0.026263926178216934,
  "gsr_y": 0.01564253866672516,
  "provenance": {
    "md5sum": "899e8fa5c2a00ecce7f5d8f8992ca470",
    "settings": {
      "fd_thres": 0.2,
      "testing": false
    },
    "software": "mriqc",
    "version": "22.0.1",
    "webapi_port": null,
    "webapi_url": "https://mriqc.nimh.nih.gov/api/v1"
  },
  "size_t": 200,
  "size_x": 96,
  "size_y": 96,
  "size_z": 42,
  "snr": 3.3088347234064055,
  "spacing_tr": 2.0,
  "spacing_x": 2.5,
  "spacing_y": 2.5,
  "spacing_z": 2.9997735023498535,
  "summary_bg_k": 29.2494618043468,
  "summary_bg_mad": 10.60801891935997,
  "summary_bg_mean": 76.01966857910156,
  "summary_bg_median": 7.710000038146973,
  "summary_bg_n": 273583.0,
  "summary_bg_p05": 0.1550000011920929,
  "summary_bg_p95": 479.80999755859375,
  "summary_bg_stdv": 220.7393341064453,
  "summary_fg_k": 2.0976706871665742,
  "summary_fg_mad": 461.7305081754772,
  "summary_fg_mean": 2157.49462890625,
  "summary_fg_median": 2023.697509765625,
  "summary_fg_n": 56500.0,
  "summary_fg_p05": 1416.6515258789063,
  "summary_fg_p95": 3422.248120117187,
  "summary_fg_stdv": 611.598876953125,
  "tsnr": 81.00775471143425
}