{
  "aor": 0.0008185000000000001,
  "aqi": 0.0014808116999999999,
  "bids_meta": {
    "AcquisitionDateTime": "2015-11-12T16:40:03",
    "BodyPartExamined": "BRAIN",
    "ConversionSoftware": "dcm2nii",
    "ConversionSoftwareVersion": "6-2013",
    "EchoTime": 0.025,
    "FlipAngle": 75.0,
    "ImageType": "ORIGINAL_PRIMARY_EPI_NONE",
    "MagneticFieldStrength": 3.0,
    "Manufacturer": "GE MEDICAL SYSTEMS",
    "ProcedureStepDescription": "Mattfeld_WMAZE",
    "ProtocolName": "Mattfeld_WMAZE",
    "RepetitionTime": 2.0,
    "ScanningSequence": "EP_GR",
    "SequenceVariant": "S_S",
    "SliceTiming": [
      0.0,
      1.0,
      0.047619047619047616,
      1.0476190476190477,
      0.09523809523809523,
      1.0952380952380953,
      0.14285714285714285,
      1.1428571428571428,
      0.19047619047619047,
      1.1904761904761905,
      0.23809523809523808,
      1.2380952380952381,
      0.2857142857142857,
      1.2857142857142858,
      0.3333333333333333,
      1.3333333333333333,
      0.38095238095238093,
      1.380952380952381,
      0.42857142857142855,
      1.4285714285714286,
      0.47619047619047616,
      1.4761904761904763,
      0.5238095238095238,
      1.5238095238095237,
      0.5714285714285714,
      1.5714285714285714,
      0.6190476190476191,
      1.619047619047619,
      0.6666666666666666,
      1.6666666666666667,
      0.7142857142857143,
      1.7142857142857142,
      0.7619047619047619,
      1.7619047619047619,
      0.8095238095238095,
      1.8095238095238095,
      0.8571428571428571,
      1.8571428571428572,
      0.9047619047619048,
      1.9047619047619047,
      0.9523809523809523,
      1.9523809523809523
    ],
    "TaskName": "conditional visual associative learning task",
    "dataset": "ds002149",
    "modality": "bold",
    "run_id": 4,
    "subject_id": "026",
    "task_id": "condassoc"
  },
  "dummy_trs": 0,
  "dvars_nstd": 15.918568726180906,
  "dvars_std": 1.12906841718593,
  "dvars_vstd": 0.985223162713568,
  "efc": 0.4468848336249918,
  "fber": 63157.26953125,
  "fd_mean": 0.0409885822122934,
  "fd_num": 0,
  "fd_perc": 0.0,
  "fwhm_avg": 3.193845530933055,
  "fwhm_x": 3.140176,
  "fwhm_y": 3.3964756760868378,
  "fwhm_z": 3.044884916712326,
  "gcor": 0.0167162,
  "gsr_x": -0.018552904948592186,
  "gsr_y": 0.029247796162962914,
  "provenance": {
    "md5sum": "7b450a642ab80733992152058a86d9d3",
    "settings": {
      "fd_thres": 0.2,
      "testing": false
    },
    "software": "mriqc",
    "version": "22.0.1",
    "webapi_port": null,
    "webapi_url": "https://mriqc.nimh.nih.gov/api/v1"
  },
  "size_t": 200,
  "size_x": 96,
  "size_y": 96,
  "size_z": 42,
  "snr": 3.589948222696499,
  "spacing_tr": 2.0,
  "spacing_x": 2.5,
  "spacing_y": 2.500000238418579,
  "spacing_z": 3.000267744064331,
  "summary_bg_k": 28.74849120836906,
  "summary_bg_mad": 11.223298871852988,
  "summary_bg_mean": 63.85375213623047,
  "summary_bg_median": 7.940000057220459,
  "summary_bg_n": 259431.0,
  "summary_bg_p05": 0.05999999865889549,
  "summary_bg_p95": 368.43748474121094,
  "summary_bg_stdv": 178.70242309570312,
  "summary_fg_k": 1.4437504375910004,
  "summary_fg_mad": 460.2032939639465,
  "summary_fg_mean": 2095.482177734375,
  "summary_fg_median": 1993.4149169921875,
  "summary_fg_n": 67004.0,
  "summary_fg_p05": 1387.7152160644532,
  "summary_fg_p95": 3167.1284179687495,
  "summary_fg_stdv": 555.2726440429688,
  "tsnr": 102.1710017900914
}