{
  "aor": 0.0006911,
  "aqi": 0.0015550586,
  "bids_meta": {
    "AcquisitionDateTime": "2015-11-12T16:24:22",
    "BodyPartExamined": "BRAIN",
    "ConversionSoftware": "dcm2nii",
    "ConversionSoftwareVersion": "6-2013",
    "EchoTime": 0.025,
    "FlipAngle": 75.0,
    "ImageType": "ORIGINAL_PRIMARY_EPI_NONE",
    "MagneticFieldStrength": 3.0,
    "Manufacturer": "GE MEDICAL SYSTEMS",
    "ProcedureStepDescription": "Mattfeld_WMAZE",
    "ProtocolName": "Mattfeld_WMAZE",
    "RepetitionTime": 2.0,
    "ScanningSequence": "EP_GR",
    "SequenceVariant": "S_S",
    "SliceTiming": [
      0.0,
      1.0,
      0.047619047619047616,
      1.0476190476190477,
      0.09523809523809523,
      1.0952380952380953,
      0.14285714285714285,
      1.1428571428571428,
      0.19047619047619047,
      1.1904761904761905,
      0.23809523809523808,
      1.2380952380952381,
      0.2857142857142857,
      1.2857142857142858,
      0.3333333333333333,
      1.3333333333333333,
      0.38095238095238093,
      1.380952380952381,
      0.42857142857142855,
      1.4285714285714286,
      0.47619047619047616,
      1.4761904761904763,
      0.5238095238095238,
      1.5238095238095237,
      0.5714285714285714,
      1.5714285714285714,
      0.6190476190476191,
      1.619047619047619,
      0.6666666666666666,
      1.6666666666666667,
      0.7142857142857143,
      1.7142857142857142,
      0.7619047619047619,
      1.7619047619047619,
      0.8095238095238095,
      1.8095238095238095,
      0.8571428571428571,
      1.8571428571428572,
      0.9047619047619048,
      1.9047619047619047,
      0.9523809523809523,
      1.9523809523809523
    ],
    "TaskName": "conditional visual associative learning task",
    "dataset": "ds002149",
    "modality": "bold",
    "run_id": 2,
    "subject_id": "026",
    "task_id": "condassoc"
  },
  "dummy_trs": 0,
  "dvars_nstd": 17.047596821306524,
  "dvars_std": 1.1576598997989944,
  "dvars_vstd": 0.9830815312562812,
  "efc": 0.44466937263179973,
  "fber": 62921.12890625,
  "fd_mean": 0.03934886621215901,
  "fd_num": 0,
  "fd_perc": 0.0,
  "fwhm_avg": 3.185642200507305,
  "fwhm_x": 3.1586,
  "fwhm_y": 3.3460156808990784,
  "fwhm_z": 3.052310920622837,
  "gcor": 0.0201692,
  "gsr_x": -0.01996668241918087,
  "gsr_y": 0.026921238750219345,
  "provenance": {
    "md5sum": "389e089b3bd074bcb5a93ef2006bfdff",
    "settings": {
      "fd_thres": 0.2,
      "testing": false
    },
    "software": "mriqc",
    "version": "22.0.1",
    "webapi_port": null,
    "webapi_url": "https://mriqc.nimh.nih.gov/api/v1"
  },
  "size_t": 200,
  "size_x": 96,
  "size_y": 96,
  "size_z": 42,
  "snr": 3.626884030125619,
  "spacing_tr": 2.0,
  "spacing_x": 2.5,
  "spacing_y": 2.500000238418579,
  "spacing_z": 3.000267744064331,
  "summary_bg_k": 30.24452990734367,
  "summary_bg_mad": 11.401210835848334,
  "summary_bg_mean": 66.13711547851562,
  "summary_bg_median": 8.03499984741211,
  "summary_bg_n": 260938.0,
  "summary_bg_p05": 0.05999999865889549,
  "summary_bg_p95": 376.76148071289055,
  "summary_bg_stdv": 187.90879821777344,
  "summary_fg_k": 1.3610001016116504,
  "summary_fg_mad": 462.24567263043036,
  "summary_fg_mean": 2117.6728515625,
  "summary_fg_median": 2011.4049072265625,
  "summary_fg_n": 65958.0,
  "summary_fg_p05": 1407.5862121582031,
  "summary_fg_p95": 3191.9674682617183,
  "summary_fg_stdv": 554.577880859375,
  "tsnr": 99.81012427434325
}