{
  "aor": 0.0006984999999999999,
  "aqi": 0.0013954559500000002,
  "bids_meta": {
    "AcquisitionDateTime": "2015-11-12T16:32:14",
    "BodyPartExamined": "BRAIN",
    "ConversionSoftware": "dcm2nii",
    "ConversionSoftwareVersion": "6-2013",
    "EchoTime": 0.025,
    "FlipAngle": 75.0,
    "ImageType": "ORIGINAL_PRIMARY_EPI_NONE",
    "MagneticFieldStrength": 3.0,
    "Manufacturer": "GE MEDICAL SYSTEMS",
    "ProcedureStepDescription": "Mattfeld_WMAZE",
    "ProtocolName": "Mattfeld_WMAZE",
    "RepetitionTime": 2.0,
    "ScanningSequence": "EP_GR",
    "SequenceVariant": "S_S",
    "SliceTiming": [
      0.0,
      1.0,
      0.047619047619047616,
      1.0476190476190477,
      0.09523809523809523,
      1.0952380952380953,
      0.14285714285714285,
      1.1428571428571428,
      0.19047619047619047,
      1.1904761904761905,
      0.23809523809523808,
      1.2380952380952381,
      0.2857142857142857,
      1.2857142857142858,
      0.3333333333333333,
      1.3333333333333333,
      0.38095238095238093,
      1.380952380952381,
      0.42857142857142855,
      1.4285714285714286,
      0.47619047619047616,
      1.4761904761904763,
      0.5238095238095238,
      1.5238095238095237,
      0.5714285714285714,
      1.5714285714285714,
      0.6190476190476191,
      1.619047619047619,
      0.6666666666666666,
      1.6666666666666667,
      0.7142857142857143,
      1.7142857142857142,
      0.7619047619047619,
      1.7619047619047619,
      0.8095238095238095,
      1.8095238095238095,
      0.8571428571428571,
      1.8571428571428572,
      0.9047619047619048,
      1.9047619047619047,
      0.9523809523809523,
      1.9523809523809523
    ],
    "TaskName": "conditional visual associative learning task",
    "dataset": "ds002149",
    "modality": "bold",
    "run_id": 3,
    "subject_id": "026",
    "task_id": "condassoc"
  },
  "dummy_trs": 0,
  "dvars_nstd": 16.67639628834172,
  "dvars_std": 1.1548406495477392,
  "dvars_vstd": 0.9868554767839202,
  "efc": 0.44560697865950777,
  "fber": 62663.27734375,
  "fd_mean": 0.04136684265821798,
  "fd_num": 0,
  "fd_perc": 0.0,
  "fwhm_avg": 3.2165661945511186,
  "fwhm_x": 3.1897919999999997,
  "fwhm_y": 3.3850276771786043,
  "fwhm_z": 3.0748789064747517,
  "gcor": 0.0206226,
  "gsr_x": -0.02052868716418743,
  "gsr_y": 0.027678674086928368,
  "provenance": {
    "md5sum": "9093ce79dcdcd5430af54b087afd7177",
    "settings": {
      "fd_thres": 0.2,
      "testing": false
    },
    "software": "mriqc",
    "version": "22.0.1",
    "webapi_port": null,
    "webapi_url": "https://mriqc.nimh.nih.gov/api/v1"
  },
  "size_t": 200,
  "size_x": 96,
  "size_y": 96,
  "size_z": 42,
  "snr": 3.593275005777478,
  "spacing_tr": 2.0,
  "spacing_x": 2.5,
  "spacing_y": 2.500000238418579,
  "spacing_z": 3.000267744064331,
  "summary_bg_k": 29.95294564094148,
  "summary_bg_mad": 11.408624193351178,
  "summary_bg_mean": 66.49747467041016,
  "summary_bg_median": 8.045000076293945,
  "summary_bg_n": 260550.0,
  "summary_bg_p05": 0.054999999701976776,
  "summary_bg_p95": 380.9032470703123,
  "summary_bg_stdv": 188.69334411621094,
  "summary_fg_k": 1.4043511095282106,
  "summary_fg_mad": 463.2093097779442,
  "summary_fg_mean": 2110.824951171875,
  "summary_fg_median": 2003.52734375,
  "summary_fg_n": 66328.0,
  "summary_fg_p05": 1402.105731201172,
  "summary_fg_p95": 3201.2513793945313,
  "summary_fg_stdv": 557.57275390625,
  "tsnr": 103.95978518202901
}