{
  "aor": 0.0009408999999999999,
  "aqi": 0.0014637240600000002,
  "bids_meta": {
    "AcquisitionDateTime": "2015-11-12T16:48:01",
    "BodyPartExamined": "BRAIN",
    "ConversionSoftware": "dcm2nii",
    "ConversionSoftwareVersion": "6-2013",
    "EchoTime": 0.025,
    "FlipAngle": 75.0,
    "ImageType": "ORIGINAL_PRIMARY_EPI_NONE",
    "MagneticFieldStrength": 3.0,
    "Manufacturer": "GE MEDICAL SYSTEMS",
    "ProcedureStepDescription": "Mattfeld_WMAZE",
    "ProtocolName": "Mattfeld_WMAZE",
    "RepetitionTime": 2.0,
    "ScanningSequence": "EP_GR",
    "SequenceVariant": "S_S",
    "SliceTiming": [
      0.0,
      1.0,
      0.047619047619047616,
      1.0476190476190477,
      0.09523809523809523,
      1.0952380952380953,
      0.14285714285714285,
      1.1428571428571428,
      0.19047619047619047,
      1.1904761904761905,
      0.23809523809523808,
      1.2380952380952381,
      0.2857142857142857,
      1.2857142857142858,
      0.3333333333333333,
      1.3333333333333333,
      0.38095238095238093,
      1.380952380952381,
      0.42857142857142855,
      1.4285714285714286,
      0.47619047619047616,
      1.4761904761904763,
      0.5238095238095238,
      1.5238095238095237,
      0.5714285714285714,
      1.5714285714285714,
      0.6190476190476191,
      1.619047619047619,
      0.6666666666666666,
      1.6666666666666667,
      0.7142857142857143,
      1.7142857142857142,
      0.7619047619047619,
      1.7619047619047619,
      0.8095238095238095,
      1.8095238095238095,
      0.8571428571428571,
      1.8571428571428572,
      0.9047619047619048,
      1.9047619047619047,
      0.9523809523809523,
      1.9523809523809523
    ],
    "TaskName": "conditional visual associative learning task",
    "dataset": "ds002149",
    "modality": "bold",
    "run_id": 5,
    "subject_id": "026",
    "task_id": "condassoc"
  },
  "dummy_trs": 0,
  "dvars_nstd": 15.843738024070351,
  "dvars_std": 1.1374250580904517,
  "dvars_vstd": 0.9931823228643221,
  "efc": 0.44748356317836946,
  "fber": 66261.3359375,
  "fd_mean": 0.03972117453974246,
  "fd_num": 0,
  "fd_perc": 0.0,
  "fwhm_avg": 3.185031007369426,
  "fwhm_x": 3.1268719999999997,
  "fwhm_y": 3.3806596775951694,
  "fwhm_z": 3.0475613445131073,
  "gcor": 0.0182121,
  "gsr_x": -0.017815668135881424,
  "gsr_y": 0.028923388570547104,
  "provenance": {
    "md5sum": "a81db1ae856a34de89a4fe566fc6adc4",
    "settings": {
      "fd_thres": 0.2,
      "testing": false
    },
    "software": "mriqc",
    "version": "22.0.1",
    "webapi_port": null,
    "webapi_url": "https://mriqc.nimh.nih.gov/api/v1"
  },
  "size_t": 200,
  "size_x": 96,
  "size_y": 96,
  "size_z": 42,
  "snr": 3.56478416036289,
  "spacing_tr": 2.0,
  "spacing_x": 2.5,
  "spacing_y": 2.500000238418579,
  "spacing_z": 3.000267744064331,
  "summary_bg_k": 29.077308635031173,
  "summary_bg_mad": 10.96384293572064,
  "summary_bg_mean": 64.34101867675781,
  "summary_bg_median": 7.714999675750732,
  "summary_bg_n": 259344.0,
  "summary_bg_p05": 0.044999998062849045,
  "summary_bg_p95": 371.3339950561514,
  "summary_bg_stdv": 179.469482421875,
  "summary_fg_k": 1.486528533617511,
  "summary_fg_mad": 459.13604478395047,
  "summary_fg_mean": 2092.75390625,
  "summary_fg_median": 1989.364990234375,
  "summary_fg_n": 67106.0,
  "summary_fg_p05": 1385.2137145996094,
  "summary_fg_p95": 3169.1837158203125,
  "summary_fg_stdv": 558.0562744140625,
  "tsnr": 102.93273930810392
}