{
  "bids_meta": {
    "AcquisitionDateTime": "2015-11-12T17:28:06",
    "BodyPartExamined": "BRAIN",
    "ConversionSoftware": "dcm2nii",
    "ConversionSoftwareVersion": "6-2013",
    "EchoTime": 0.00368,
    "FlipAngle": 12.0,
    "ImageType": "ORIGINAL_PRIMARY_OTHER",
    "InversionTime": 0.65,
    "MagneticFieldStrength": 3.0,
    "Manufacturer": "GE MEDICAL SYSTEMS",
    "ProcedureStepDescription": "Mattfeld_WMAZE",
    "ProtocolName": "Mattfeld_WMAZE",
    "RepetitionTime": 0.009184,
    "ScanningSequence": "G_R",
    "SequenceVariant": "SS_SK",
    "dataset": "ds002149",
    "modality": "T1w",
    "run_id": 1,
    "subject_id": "027"
  },
  "cjv": 0.3248224158756008,
  "cnr": 4.076021384984108,
  "efc": 0.6671712821034649,
  "fber": 52812.21826446281,
  "fwhm_avg": 4.23529,
  "fwhm_x": 4.35682,
  "fwhm_y": 4.34803,
  "fwhm_z": 4.00102,
  "icvs_csf": 0.17442899873774503,
  "icvs_gm": 0.4566964889230347,
  "icvs_wm": 0.36887451233922025,
  "inu_med": 0.33287936449050903,
  "inu_range": 0.06688444167375568,
  "provenance": {
    "md5sum": "995faeddd5e06fdc1107553155805c56",
    "settings": {
      "testing": false
    },
    "software": "mriqc",
    "version": "22.0.1",
    "warnings": {
      "large_rot_frame": true,
      "small_air_mask": false
    },
    "webapi_port": null,
    "webapi_url": "https://mriqc.nimh.nih.gov/api/v1"
  },
  "qi_1": 0.0,
  "qi_2": 0.0012292510554558736,
  "rpve_csf": 29.687114053831525,
  "rpve_gm": 12.58209929835026,
  "rpve_wm": 17.46024204884272,
  "size_x": 186,
  "size_y": 256,
  "size_z": 256,
  "snr_csf": 3.155363351544341,
  "snr_gm": 15.934481253154052,
  "snr_total": 15.238574134098675,
  "snr_wm": 26.625877797597628,
  "snrd_csf": 14.77965569065785,
  "snrd_gm": 32.517766211043,
  "snrd_total": 30.266709783150457,
  "snrd_wm": 43.50270744775052,
  "spacing_x": 1.0,
  "spacing_y": 1.0,
  "spacing_z": 1.0,
  "summary_bg_k": 3.90209802728208,
  "summary_bg_mad": 0.0,
  "summary_bg_mean": 9.297456587033654,
  "summary_bg_median": 0.0,
  "summary_bg_n": 907012.0,
  "summary_bg_p05": 0.0,
  "summary_bg_p95": 42.21823595650494,
  "summary_bg_stdv": 15.060066174960472,
  "summary_csf_k": 0.8287374842011146,
  "summary_csf_mad": 81.04620777777728,
  "summary_csf_mean": 331.5469739131939,
  "summary_csf_median": 339.75000128895044,
  "summary_csf_n": 26391.0,
  "summary_csf_p05": 111.47882105316967,
  "summary_csf_p95": 501.4635128462687,
  "summary_csf_stdv": 107.6717723200386,
  "summary_gm_k": 0.07824798933519395,
  "summary_gm_mad": 46.9153156456019,
  "summary_gm_mean": 747.1950455522373,
  "summary_gm_median": 747.5080166514963,
  "summary_gm_n": 54612.0,
  "summary_gm_p05": 669.7312670937739,
  "summary_gm_p95": 823.1105666123331,
  "summary_gm_stdv": 46.910919843395156,
  "summary_wm_k": 0.627808507833687,
  "summary_wm_mad": 35.108294541458754,
  "summary_wm_mean": 1000.931829597501,
  "summary_wm_median": 1000.0263349022716,
  "summary_wm_n": 222902.0,
  "summary_wm_p05": 940.7467631157488,
  "summary_wm_p95": 1063.973381869495,
  "summary_wm_stdv": 37.55835204023477,
  "tpm_overlap_csf": 0.13903842915738687,
  "tpm_overlap_gm": 0.4691984655526596,
  "tpm_overlap_wm": 0.5040214414741839,
  "wm2max": 0.6925164695903744
}