{
  "bids_meta": {
    "AcquisitionDateTime": "1800-01-01T13:39:52",
    "BodyPartExamined": "BRAIN",
    "ConversionSoftware": "dcm2nii",
    "ConversionSoftwareVersion": "6-2013",
    "EchoTime": 0.00368,
    "FlipAngle": 12.0,
    "ImageType": "ORIGINAL_PRIMARY_OTHER",
    "InversionTime": 0.65,
    "MagneticFieldStrength": 3.0,
    "Manufacturer": "GE MEDICAL SYSTEMS",
    "ProcedureStepDescription": "Mattfeld_WMAZE",
    "ProtocolName": "Mattfeld_WMAZE",
    "RepetitionTime": 0.009184,
    "ScanningSequence": "G_R",
    "SequenceVariant": "SS_SK",
    "dataset": "ds002149",
    "modality": "T1w",
    "run_id": 1,
    "subject_id": "017"
  },
  "cjv": 0.40680291124969825,
  "cnr": 3.427546531991048,
  "efc": 0.491121113315102,
  "fber": 14998.689224203627,
  "fwhm_avg": 3.726576666666667,
  "fwhm_x": 3.53115,
  "fwhm_y": 4.02233,
  "fwhm_z": 3.62625,
  "icvs_csf": 0.13794273791468423,
  "icvs_gm": 0.42399448962996794,
  "icvs_wm": 0.4380627724553478,
  "inu_med": 0.8001723885536194,
  "inu_range": 0.20256422758102421,
  "provenance": {
    "md5sum": "71d23605c595804eda0a7bd2ecd0649b",
    "settings": {
      "testing": false
    },
    "software": "mriqc",
    "version": "22.0.1",
    "warnings": {
      "large_rot_frame": true,
      "small_air_mask": false
    },
    "webapi_port": null,
    "webapi_url": "https://mriqc.nimh.nih.gov/api/v1"
  },
  "qi_1": 0.00012703313313554756,
  "qi_2": 0.0008595525744581102,
  "rpve_csf": 41.39222291933768,
  "rpve_gm": 14.425806985439605,
  "rpve_wm": 15.533204556736722,
  "size_x": 186,
  "size_y": 256,
  "size_z": 256,
  "snr_csf": 1.1145070418207113,
  "snr_gm": 18.16290006367923,
  "snr_total": 12.560630302141377,
  "snr_wm": 18.40448380092419,
  "snrd_csf": 21.470768979095716,
  "snrd_gm": 62.16975179437682,
  "snrd_total": 55.183269304817344,
  "snrd_wm": 81.90928714097949,
  "spacing_x": 1.0,
  "spacing_y": 1.0,
  "spacing_z": 1.0,
  "summary_bg_k": 221.0015751349976,
  "summary_bg_mad": 7.998625022287704,
  "summary_bg_mean": 8.977214706509207,
  "summary_bg_median": 5.3949905931949615,
  "summary_bg_n": 3493010.0,
  "summary_bg_p05": 0.0,
  "summary_bg_p95": 35.2601170912385,
  "summary_bg_stdv": 15.655160158507055,
  "summary_csf_k": 9.1072320950108,
  "summary_csf_mad": 199.3085956446475,
  "summary_csf_mean": 276.4585513350564,
  "summary_csf_median": 262.13873935863376,
  "summary_csf_n": 13410.0,
  "summary_csf_p05": 34.219654619693756,
  "summary_csf_p95": 535.757247986644,
  "summary_csf_stdv": 235.1972265208596,
  "summary_gm_k": 0.05466325597777377,
  "summary_gm_mad": 41.992781367010444,
  "summary_gm_mean": 759.051626395853,
  "summary_gm_median": 759.0366408154368,
  "summary_gm_n": 46673.0,
  "summary_gm_p05": 691.0828807294369,
  "summary_gm_p95": 827.3757573723793,
  "summary_gm_stdv": 41.790050414792624,
  "summary_wm_k": 0.05672912149183995,
  "summary_wm_mad": 56.04750819188741,
  "summary_wm_mean": 1005.9201014838023,
  "summary_wm_median": 1000.0385777428746,
  "summary_wm_n": 208313.0,
  "summary_wm_p05": 929.4027366191149,
  "summary_wm_p95": 1104.3545744270086,
  "summary_wm_stdv": 54.33655125730383,
  "tpm_overlap_csf": 0.11590417187768355,
  "tpm_overlap_gm": 0.4531802632501862,
  "tpm_overlap_wm": 0.48074158783991644,
  "wm2max": 0.5801828791164569
}