{
  "aor": 0.00970585,
  "aqi": 0.0027426451399999996,
  "bids_meta": {
    "AcquisitionDateTime": "1800-01-01T18:00:22",
    "BodyPartExamined": "BRAIN",
    "ConversionSoftware": "dcm2nii",
    "ConversionSoftwareVersion": "6-2013",
    "EchoTime": 0.025,
    "FlipAngle": 75.0,
    "ImageType": "ORIGINAL_PRIMARY_EPI_NONE",
    "MagneticFieldStrength": 3.0,
    "Manufacturer": "GE MEDICAL SYSTEMS",
    "ProcedureStepDescription": "Mattfeld_WMAZE",
    "ProtocolName": "Mattfeld_WMAZE",
    "RepetitionTime": 2.0,
    "ScanningSequence": "EP_GR",
    "SequenceVariant": "S_S",
    "SliceTiming": [
      0.0,
      1.0,
      0.047619047619047616,
      1.0476190476190477,
      0.09523809523809523,
      1.0952380952380953,
      0.14285714285714285,
      1.1428571428571428,
      0.19047619047619047,
      1.1904761904761905,
      0.23809523809523808,
      1.2380952380952381,
      0.2857142857142857,
      1.2857142857142858,
      0.3333333333333333,
      1.3333333333333333,
      0.38095238095238093,
      1.380952380952381,
      0.42857142857142855,
      1.4285714285714286,
      0.47619047619047616,
      1.4761904761904763,
      0.5238095238095238,
      1.5238095238095237,
      0.5714285714285714,
      1.5714285714285714,
      0.6190476190476191,
      1.619047619047619,
      0.6666666666666666,
      1.6666666666666667,
      0.7142857142857143,
      1.7142857142857142,
      0.7619047619047619,
      1.7619047619047619,
      0.8095238095238095,
      1.8095238095238095,
      0.8571428571428571,
      1.8571428571428572,
      0.9047619047619048,
      1.9047619047619047,
      0.9523809523809523,
      1.9523809523809523
    ],
    "TaskName": "conditional visual associative learning task",
    "dataset": "ds002149",
    "modality": "bold",
    "run_id": 4,
    "subject_id": "002",
    "task_id": "condassoc"
  },
  "dummy_trs": 0,
  "dvars_nstd": 18.74637183969849,
  "dvars_std": 1.1677333881407037,
  "dvars_vstd": 1.059494406432161,
  "efc": 0.4704904729100524,
  "fber": 58273.2578125,
  "fd_mean": 0.14389489736660113,
  "fd_num": 25,
  "fd_perc": 12.5,
  "fwhm_avg": 3.445565368939596,
  "fwhm_x": 3.335208,
  "fwhm_y": 3.63388,
  "fwhm_z": 3.367608106818788,
  "gcor": 0.0614157,
  "gsr_x": -0.014441129751503468,
  "gsr_y": 0.021563943475484848,
  "provenance": {
    "md5sum": "cfd437b95c382667339e4b9b1f734c8d",
    "settings": {
      "fd_thres": 0.2,
      "testing": false
    },
    "software": "mriqc",
    "version": "22.0.1",
    "webapi_port": null,
    "webapi_url": "https://mriqc.nimh.nih.gov/api/v1"
  },
  "size_t": 200,
  "size_x": 96,
  "size_y": 96,
  "size_z": 42,
  "snr": 3.1973648661843934,
  "spacing_tr": 2.0,
  "spacing_x": 2.5,
  "spacing_y": 2.5,
  "spacing_z": 3.000170946121216,
  "summary_bg_k": 22.747086330850447,
  "summary_bg_mad": 11.831165643583118,
  "summary_bg_mean": 81.3448257446289,
  "summary_bg_median": 8.414999961853027,
  "summary_bg_n": 251749.0,
  "summary_bg_p05": 0.10999999940395355,
  "summary_bg_p95": 534.7009765624991,
  "summary_bg_stdv": 222.8852996826172,
  "summary_fg_k": 1.0047434093751395,
  "summary_fg_mad": 538.3179888423185,
  "summary_fg_mean": 2164.17822265625,
  "summary_fg_median": 2034.1649169921875,
  "summary_fg_n": 74541.0,
  "summary_fg_p05": 1366.4599609375,
  "summary_fg_p95": 3424.929931640625,
  "summary_fg_stdv": 636.1961669921875,
  "tsnr": 74.36552486708388
}