{
  "aor": 0.0028547499999999996,
  "aqi": 0.001775179925,
  "bids_meta": {
    "AcquisitionDateTime": "1800-01-01T17:44:00",
    "BodyPartExamined": "BRAIN",
    "ConversionSoftware": "dcm2nii",
    "ConversionSoftwareVersion": "6-2013",
    "EchoTime": 0.025,
    "FlipAngle": 75.0,
    "ImageType": "ORIGINAL_PRIMARY_EPI_NONE",
    "MagneticFieldStrength": 3.0,
    "Manufacturer": "GE MEDICAL SYSTEMS",
    "ProcedureStepDescription": "Mattfeld_WMAZE",
    "ProtocolName": "Mattfeld_WMAZE",
    "RepetitionTime": 2.0,
    "ScanningSequence": "EP_GR",
    "SequenceVariant": "S_S",
    "SliceTiming": [
      0.0,
      1.0,
      0.047619047619047616,
      1.0476190476190477,
      0.09523809523809523,
      1.0952380952380953,
      0.14285714285714285,
      1.1428571428571428,
      0.19047619047619047,
      1.1904761904761905,
      0.23809523809523808,
      1.2380952380952381,
      0.2857142857142857,
      1.2857142857142858,
      0.3333333333333333,
      1.3333333333333333,
      0.38095238095238093,
      1.380952380952381,
      0.42857142857142855,
      1.4285714285714286,
      0.47619047619047616,
      1.4761904761904763,
      0.5238095238095238,
      1.5238095238095237,
      0.5714285714285714,
      1.5714285714285714,
      0.6190476190476191,
      1.619047619047619,
      0.6666666666666666,
      1.6666666666666667,
      0.7142857142857143,
      1.7142857142857142,
      0.7619047619047619,
      1.7619047619047619,
      0.8095238095238095,
      1.8095238095238095,
      0.8571428571428571,
      1.8571428571428572,
      0.9047619047619048,
      1.9047619047619047,
      0.9523809523809523,
      1.9523809523809523
    ],
    "TaskName": "conditional visual associative learning task",
    "dataset": "ds002149",
    "modality": "bold",
    "run_id": 2,
    "subject_id": "002",
    "task_id": "condassoc"
  },
  "dummy_trs": 0,
  "dvars_nstd": 17.26139013482412,
  "dvars_std": 1.1641335322613073,
  "dvars_vstd": 1.0048537796482409,
  "efc": 0.47161869886077046,
  "fber": 60616.68359375,
  "fd_mean": 0.07123674543548143,
  "fd_num": 7,
  "fd_perc": 3.5,
  "fwhm_avg": 3.4720047029109544,
  "fwhm_x": 3.382744,
  "fwhm_y": 3.6539960000000002,
  "fwhm_z": 3.379274108732863,
  "gcor": 0.0334915,
  "gsr_x": -0.01432786975055933,
  "gsr_y": 0.02229103073477745,
  "provenance": {
    "md5sum": "8f83c17031c562920955bbe817dbf67b",
    "settings": {
      "fd_thres": 0.2,
      "testing": false
    },
    "software": "mriqc",
    "version": "22.0.1",
    "webapi_port": null,
    "webapi_url": "https://mriqc.nimh.nih.gov/api/v1"
  },
  "size_t": 200,
  "size_x": 96,
  "size_y": 96,
  "size_z": 42,
  "snr": 3.1810513626857384,
  "spacing_tr": 2.0,
  "spacing_x": 2.5,
  "spacing_y": 2.5,
  "spacing_z": 3.000170946121216,
  "summary_bg_k": 24.014338973427524,
  "summary_bg_mad": 11.549471534896778,
  "summary_bg_mean": 81.16796112060547,
  "summary_bg_median": 8.21500015258789,
  "summary_bg_n": 250942.0,
  "summary_bg_p05": 0.08999999612569809,
  "summary_bg_p95": 529.6594726562498,
  "summary_bg_stdv": 224.79818725585938,
  "summary_fg_k": 0.9571903515382356,
  "summary_fg_mad": 541.2054616322536,
  "summary_fg_mean": 2156.620361328125,
  "summary_fg_median": 2027.1025390625,
  "summary_fg_n": 75206.0,
  "summary_fg_p05": 1354.0799560546875,
  "summary_fg_p95": 3422.7048950195312,
  "summary_fg_stdv": 637.2387084960938,
  "tsnr": 92.26607818249613
}