{
  "aor": 0.015371250000000001,
  "aqi": 0.00394094495,
  "bids_meta": {
    "AcquisitionDateTime": "1800-01-01T18:16:18",
    "BodyPartExamined": "BRAIN",
    "ConversionSoftware": "dcm2nii",
    "ConversionSoftwareVersion": "6-2013",
    "EchoTime": 0.025,
    "FlipAngle": 75.0,
    "ImageType": "ORIGINAL_PRIMARY_EPI_NONE",
    "MagneticFieldStrength": 3.0,
    "Manufacturer": "GE MEDICAL SYSTEMS",
    "ProcedureStepDescription": "Mattfeld_WMAZE",
    "ProtocolName": "Mattfeld_WMAZE",
    "RepetitionTime": 2.0,
    "ScanningSequence": "EP_GR",
    "SequenceVariant": "S_S",
    "SliceTiming": [
      0.0,
      1.0,
      0.047619047619047616,
      1.0476190476190477,
      0.09523809523809523,
      1.0952380952380953,
      0.14285714285714285,
      1.1428571428571428,
      0.19047619047619047,
      1.1904761904761905,
      0.23809523809523808,
      1.2380952380952381,
      0.2857142857142857,
      1.2857142857142858,
      0.3333333333333333,
      1.3333333333333333,
      0.38095238095238093,
      1.380952380952381,
      0.42857142857142855,
      1.4285714285714286,
      0.47619047619047616,
      1.4761904761904763,
      0.5238095238095238,
      1.5238095238095237,
      0.5714285714285714,
      1.5714285714285714,
      0.6190476190476191,
      1.619047619047619,
      0.6666666666666666,
      1.6666666666666667,
      0.7142857142857143,
      1.7142857142857142,
      0.7619047619047619,
      1.7619047619047619,
      0.8095238095238095,
      1.8095238095238095,
      0.8571428571428571,
      1.8571428571428572,
      0.9047619047619048,
      1.9047619047619047,
      0.9523809523809523,
      1.9523809523809523
    ],
    "TaskName": "conditional visual associative learning task",
    "dataset": "ds002149",
    "modality": "bold",
    "run_id": 6,
    "subject_id": "002",
    "task_id": "condassoc"
  },
  "dummy_trs": 0,
  "dvars_nstd": 22.52361269341709,
  "dvars_std": 1.1498274204020094,
  "dvars_vstd": 1.046205879095478,
  "efc": 0.47290939398426846,
  "fber": 59814.32421875,
  "fd_mean": 0.23225596945453056,
  "fd_num": 54,
  "fd_perc": 27.0,
  "fwhm_avg": 3.44884957658579,
  "fwhm_x": 3.374888,
  "fwhm_y": 3.638384,
  "fwhm_z": 3.3332767297573698,
  "gcor": 0.113527,
  "gsr_x": -0.014250597916543484,
  "gsr_y": 0.022699175402522087,
  "provenance": {
    "md5sum": "fb6f73bd848572340a1a0a357c403c91",
    "settings": {
      "fd_thres": 0.2,
      "testing": false
    },
    "software": "mriqc",
    "version": "22.0.1",
    "webapi_port": null,
    "webapi_url": "https://mriqc.nimh.nih.gov/api/v1"
  },
  "size_t": 200,
  "size_x": 96,
  "size_y": 96,
  "size_z": 42,
  "snr": 3.1882562102720136,
  "spacing_tr": 2.0,
  "spacing_x": 2.5,
  "spacing_y": 2.5,
  "spacing_z": 3.000170946121216,
  "summary_bg_k": 20.69842565239915,
  "summary_bg_mad": 11.504992361949478,
  "summary_bg_mean": 84.29823303222656,
  "summary_bg_median": 8.22499942779541,
  "summary_bg_n": 251205.0,
  "summary_bg_p05": 0.14000000059604645,
  "summary_bg_p95": 552.5660034179685,
  "summary_bg_stdv": 229.72283935546875,
  "summary_fg_k": 0.9899620358597581,
  "summary_fg_mad": 539.3854190040306,
  "summary_fg_mean": 2157.5849609375,
  "summary_fg_median": 2027.7049560546875,
  "summary_fg_n": 75049.0,
  "summary_fg_p05": 1357.5739501953126,
  "summary_fg_p95": 3421.5068359374964,
  "summary_fg_stdv": 635.9876098632812,
  "tsnr": 57.665118146222085
}