{
  "aor": 0.0047426000000000005,
  "aqi": 0.0023129506,
  "bids_meta": {
    "AcquisitionDateTime": "1800-01-01T17:35:45",
    "BodyPartExamined": "BRAIN",
    "ConversionSoftware": "dcm2nii",
    "ConversionSoftwareVersion": "6-2013",
    "EchoTime": 0.025,
    "FlipAngle": 75.0,
    "ImageType": "ORIGINAL_PRIMARY_EPI_NONE",
    "MagneticFieldStrength": 3.0,
    "Manufacturer": "GE MEDICAL SYSTEMS",
    "ProcedureStepDescription": "Mattfeld_WMAZE",
    "ProtocolName": "Mattfeld_WMAZE",
    "RepetitionTime": 2.0,
    "ScanningSequence": "EP_GR",
    "SequenceVariant": "S_S",
    "SliceTiming": [
      0.0,
      1.0,
      0.047619047619047616,
      1.0476190476190477,
      0.09523809523809523,
      1.0952380952380953,
      0.14285714285714285,
      1.1428571428571428,
      0.19047619047619047,
      1.1904761904761905,
      0.23809523809523808,
      1.2380952380952381,
      0.2857142857142857,
      1.2857142857142858,
      0.3333333333333333,
      1.3333333333333333,
      0.38095238095238093,
      1.380952380952381,
      0.42857142857142855,
      1.4285714285714286,
      0.47619047619047616,
      1.4761904761904763,
      0.5238095238095238,
      1.5238095238095237,
      0.5714285714285714,
      1.5714285714285714,
      0.6190476190476191,
      1.619047619047619,
      0.6666666666666666,
      1.6666666666666667,
      0.7142857142857143,
      1.7142857142857142,
      0.7619047619047619,
      1.7619047619047619,
      0.8095238095238095,
      1.8095238095238095,
      0.8571428571428571,
      1.8571428571428572,
      0.9047619047619048,
      1.9047619047619047,
      0.9523809523809523,
      1.9523809523809523
    ],
    "TaskName": "conditional visual associative learning task",
    "dataset": "ds002149",
    "modality": "bold",
    "run_id": 1,
    "subject_id": "002",
    "task_id": "condassoc"
  },
  "dummy_trs": 0,
  "dvars_nstd": 18.95036580969848,
  "dvars_std": 1.1948411379396988,
  "dvars_vstd": 1.0240993203015076,
  "efc": 0.4710417152282098,
  "fber": 61147.546875,
  "fd_mean": 0.09857367165658676,
  "fd_num": 16,
  "fd_perc": 8.0,
  "fwhm_avg": 3.453067449347932,
  "fwhm_x": 3.317044,
  "fwhm_y": 3.667084,
  "fwhm_z": 3.3750743480437957,
  "gcor": 0.0520491,
  "gsr_x": -0.014140406623482704,
  "gsr_y": 0.02422296442091465,
  "provenance": {
    "md5sum": "2271f2eba141eb508c81bc664e290053",
    "settings": {
      "fd_thres": 0.2,
      "testing": false
    },
    "software": "mriqc",
    "version": "22.0.1",
    "webapi_port": null,
    "webapi_url": "https://mriqc.nimh.nih.gov/api/v1"
  },
  "size_t": 200,
  "size_x": 96,
  "size_y": 96,
  "size_z": 42,
  "snr": 3.183124358155392,
  "spacing_tr": 2.0,
  "spacing_x": 2.5,
  "spacing_y": 2.5,
  "spacing_z": 3.000170946121216,
  "summary_bg_k": 25.273487003384652,
  "summary_bg_mad": 11.490167193418415,
  "summary_bg_mean": 76.56742858886719,
  "summary_bg_median": 8.15999984741211,
  "summary_bg_n": 250189.0,
  "summary_bg_p05": 0.09999999403953552,
  "summary_bg_p95": 504.13200073242024,
  "summary_bg_stdv": 211.53623962402344,
  "summary_fg_k": 0.9705432170082013,
  "summary_fg_mad": 539.4669512671455,
  "summary_fg_mean": 2152.229248046875,
  "summary_fg_median": 2027.114990234375,
  "summary_fg_n": 75482.0,
  "summary_fg_p05": 1351.5787048339844,
  "summary_fg_p95": 3410.1738159179686,
  "summary_fg_stdv": 636.82763671875,
  "tsnr": 83.69944811146706
}