{
  "aor": 0.013522699999999999,
  "aqi": 0.00370677855,
  "bids_meta": {
    "AcquisitionDateTime": "1800-01-01T18:08:20",
    "BodyPartExamined": "BRAIN",
    "ConversionSoftware": "dcm2nii",
    "ConversionSoftwareVersion": "6-2013",
    "EchoTime": 0.025,
    "FlipAngle": 75.0,
    "ImageType": "ORIGINAL_PRIMARY_EPI_NONE",
    "MagneticFieldStrength": 3.0,
    "Manufacturer": "GE MEDICAL SYSTEMS",
    "ProcedureStepDescription": "Mattfeld_WMAZE",
    "ProtocolName": "Mattfeld_WMAZE",
    "RepetitionTime": 2.0,
    "ScanningSequence": "EP_GR",
    "SequenceVariant": "S_S",
    "SliceTiming": [
      0.0,
      1.0,
      0.047619047619047616,
      1.0476190476190477,
      0.09523809523809523,
      1.0952380952380953,
      0.14285714285714285,
      1.1428571428571428,
      0.19047619047619047,
      1.1904761904761905,
      0.23809523809523808,
      1.2380952380952381,
      0.2857142857142857,
      1.2857142857142858,
      0.3333333333333333,
      1.3333333333333333,
      0.38095238095238093,
      1.380952380952381,
      0.42857142857142855,
      1.4285714285714286,
      0.47619047619047616,
      1.4761904761904763,
      0.5238095238095238,
      1.5238095238095237,
      0.5714285714285714,
      1.5714285714285714,
      0.6190476190476191,
      1.619047619047619,
      0.6666666666666666,
      1.6666666666666667,
      0.7142857142857143,
      1.7142857142857142,
      0.7619047619047619,
      1.7619047619047619,
      0.8095238095238095,
      1.8095238095238095,
      0.8571428571428571,
      1.8571428571428572,
      0.9047619047619048,
      1.9047619047619047,
      0.9523809523809523,
      1.9523809523809523
    ],
    "TaskName": "conditional visual associative learning task",
    "dataset": "ds002149",
    "modality": "bold",
    "run_id": 5,
    "subject_id": "002",
    "task_id": "condassoc"
  },
  "dummy_trs": 0,
  "dvars_nstd": 23.29050823211055,
  "dvars_std": 1.1989045533165823,
  "dvars_vstd": 1.0706290784422117,
  "efc": 0.4718344806136179,
  "fber": 58224.4921875,
  "fd_mean": 0.2730033738777274,
  "fd_num": 55,
  "fd_perc": 27.5,
  "fwhm_avg": 3.4561179495000474,
  "fwhm_x": 3.368316,
  "fwhm_y": 3.639596,
  "fwhm_z": 3.3604418485001424,
  "gcor": 0.0734707,
  "gsr_x": -0.013361930847167969,
  "gsr_y": 0.024006426334381104,
  "provenance": {
    "md5sum": "0187d2390396f4e2495b76b676134269",
    "settings": {
      "fd_thres": 0.2,
      "testing": false
    },
    "software": "mriqc",
    "version": "22.0.1",
    "webapi_port": null,
    "webapi_url": "https://mriqc.nimh.nih.gov/api/v1"
  },
  "size_t": 200,
  "size_x": 96,
  "size_y": 96,
  "size_z": 42,
  "snr": 3.1785328848370393,
  "spacing_tr": 2.0,
  "spacing_x": 2.5,
  "spacing_y": 2.5,
  "spacing_z": 3.000170946121216,
  "summary_bg_k": 26.11055114139323,
  "summary_bg_mad": 11.74220968367794,
  "summary_bg_mean": 81.60089874267578,
  "summary_bg_median": 8.420000076293945,
  "summary_bg_n": 250782.0,
  "summary_bg_p05": 0.14499999582767487,
  "summary_bg_p95": 535.1732391357416,
  "summary_bg_stdv": 224.73440551757812,
  "summary_fg_k": 1.0229650954791136,
  "summary_fg_mad": 539.4336506313783,
  "summary_fg_mean": 2161.755615234375,
  "summary_fg_median": 2031.182373046875,
  "summary_fg_n": 75070.0,
  "summary_fg_p05": 1363.792169189453,
  "summary_fg_p95": 3433.751684570313,
  "summary_fg_stdv": 639.0271606445312,
  "tsnr": 62.68394149839878
}