{
  "aor": 0.0007042499999999999,
  "aqi": 0.001724649965,
  "bids_meta": {
    "AcquisitionDateTime": "1800-01-01T13:12:33",
    "BodyPartExamined": "BRAIN",
    "ConversionSoftware": "dcm2nii",
    "ConversionSoftwareVersion": "6-2013",
    "EchoTime": 0.025,
    "FlipAngle": 75.0,
    "ImageType": "ORIGINAL_PRIMARY_EPI_NONE",
    "MagneticFieldStrength": 3.0,
    "Manufacturer": "GE MEDICAL SYSTEMS",
    "ProcedureStepDescription": "Mattfeld_WMAZE",
    "ProtocolName": "Mattfeld_WMAZE",
    "RepetitionTime": 2.0,
    "ScanningSequence": "EP_GR",
    "SequenceVariant": "S_S",
    "SliceTiming": [
      0.0,
      1.0,
      0.047619047619047616,
      1.0476190476190477,
      0.09523809523809523,
      1.0952380952380953,
      0.14285714285714285,
      1.1428571428571428,
      0.19047619047619047,
      1.1904761904761905,
      0.23809523809523808,
      1.2380952380952381,
      0.2857142857142857,
      1.2857142857142858,
      0.3333333333333333,
      1.3333333333333333,
      0.38095238095238093,
      1.380952380952381,
      0.42857142857142855,
      1.4285714285714286,
      0.47619047619047616,
      1.4761904761904763,
      0.5238095238095238,
      1.5238095238095237,
      0.5714285714285714,
      1.5714285714285714,
      0.6190476190476191,
      1.619047619047619,
      0.6666666666666666,
      1.6666666666666667,
      0.7142857142857143,
      1.7142857142857142,
      0.7619047619047619,
      1.7619047619047619,
      0.8095238095238095,
      1.8095238095238095,
      0.8571428571428571,
      1.8571428571428572,
      0.9047619047619048,
      1.9047619047619047,
      0.9523809523809523,
      1.9523809523809523
    ],
    "TaskName": "conditional visual associative learning task",
    "dataset": "ds002149",
    "modality": "bold",
    "run_id": 5,
    "subject_id": "018",
    "task_id": "condassoc"
  },
  "dummy_trs": 0,
  "dvars_nstd": 16.15506407959799,
  "dvars_std": 1.1707283173869356,
  "dvars_vstd": 0.9927014507537691,
  "efc": 0.44010797512051375,
  "fber": 60878.3203125,
  "fd_mean": 0.02547918848842362,
  "fd_num": 0,
  "fd_perc": 0.0,
  "fwhm_avg": 3.031390060359069,
  "fwhm_x": 3.011736,
  "fwhm_y": 3.221516,
  "fwhm_z": 2.8609181810772064,
  "gcor": 0.0305028,
  "gsr_x": -0.0115585345774889,
  "gsr_y": 0.014160331338644028,
  "provenance": {
    "md5sum": "6281a42bca7a48afdda18e8b915901ea",
    "settings": {
      "fd_thres": 0.2,
      "testing": false
    },
    "software": "mriqc",
    "version": "22.0.1",
    "webapi_port": null,
    "webapi_url": "https://mriqc.nimh.nih.gov/api/v1"
  },
  "size_t": 200,
  "size_x": 96,
  "size_y": 96,
  "size_z": 42,
  "snr": 3.816379454512418,
  "spacing_tr": 2.0,
  "spacing_x": 2.5,
  "spacing_y": 2.5,
  "spacing_z": 3.000001907348633,
  "summary_bg_k": 17.310890489716098,
  "summary_bg_mad": 11.408624414276124,
  "summary_bg_mean": 108.41400146484375,
  "summary_bg_median": 8.135000228881836,
  "summary_bg_n": 273353.0,
  "summary_bg_p05": 0.12999999523162842,
  "summary_bg_p95": 768.4839843749997,
  "summary_bg_stdv": 302.3854064941406,
  "summary_fg_k": 0.8965442984089944,
  "summary_fg_mad": 434.9805961143064,
  "summary_fg_mean": 2065.237060546875,
  "summary_fg_median": 1973.58251953125,
  "summary_fg_n": 55664.0,
  "summary_fg_p05": 1384.125,
  "summary_fg_p95": 3081.2232055664062,
  "summary_fg_stdv": 517.130126953125,
  "tsnr": 98.00725235044956
}