{
  "aor": 0.0005474000000000001,
  "aqi": 0.0021325614,
  "bids_meta": {
    "AcquisitionDateTime": "1800-01-01T13:04:30",
    "BodyPartExamined": "BRAIN",
    "ConversionSoftware": "dcm2nii",
    "ConversionSoftwareVersion": "6-2013",
    "EchoTime": 0.025,
    "FlipAngle": 75.0,
    "ImageType": "ORIGINAL_PRIMARY_EPI_NONE",
    "MagneticFieldStrength": 3.0,
    "Manufacturer": "GE MEDICAL SYSTEMS",
    "ProcedureStepDescription": "Mattfeld_WMAZE",
    "ProtocolName": "Mattfeld_WMAZE",
    "RepetitionTime": 2.0,
    "ScanningSequence": "EP_GR",
    "SequenceVariant": "S_S",
    "SliceTiming": [
      0.0,
      1.0,
      0.047619047619047616,
      1.0476190476190477,
      0.09523809523809523,
      1.0952380952380953,
      0.14285714285714285,
      1.1428571428571428,
      0.19047619047619047,
      1.1904761904761905,
      0.23809523809523808,
      1.2380952380952381,
      0.2857142857142857,
      1.2857142857142858,
      0.3333333333333333,
      1.3333333333333333,
      0.38095238095238093,
      1.380952380952381,
      0.42857142857142855,
      1.4285714285714286,
      0.47619047619047616,
      1.4761904761904763,
      0.5238095238095238,
      1.5238095238095237,
      0.5714285714285714,
      1.5714285714285714,
      0.6190476190476191,
      1.619047619047619,
      0.6666666666666666,
      1.6666666666666667,
      0.7142857142857143,
      1.7142857142857142,
      0.7619047619047619,
      1.7619047619047619,
      0.8095238095238095,
      1.8095238095238095,
      0.8571428571428571,
      1.8571428571428572,
      0.9047619047619048,
      1.9047619047619047,
      0.9523809523809523,
      1.9523809523809523
    ],
    "TaskName": "conditional visual associative learning task",
    "dataset": "ds002149",
    "modality": "bold",
    "run_id": 4,
    "subject_id": "018",
    "task_id": "condassoc"
  },
  "dummy_trs": 0,
  "dvars_nstd": 16.87290960346733,
  "dvars_std": 1.1672614209547736,
  "dvars_vstd": 0.97141422798995,
  "efc": 0.44279696650165046,
  "fber": 56913.9140625,
  "fd_mean": 0.030373613680822916,
  "fd_num": 0,
  "fd_perc": 0.0,
  "fwhm_avg": 3.048312276149998,
  "fwhm_x": 3.00352,
  "fwhm_y": 3.250152,
  "fwhm_z": 2.891264828449994,
  "gcor": 0.0326509,
  "gsr_x": -0.012964338064193726,
  "gsr_y": 0.014382618479430676,
  "provenance": {
    "md5sum": "bed537c3812e0fe19911bd20567833a7",
    "settings": {
      "fd_thres": 0.2,
      "testing": false
    },
    "software": "mriqc",
    "version": "22.0.1",
    "webapi_port": null,
    "webapi_url": "https://mriqc.nimh.nih.gov/api/v1"
  },
  "size_t": 200,
  "size_x": 96,
  "size_y": 96,
  "size_z": 42,
  "snr": 3.817377972731576,
  "spacing_tr": 2.0,
  "spacing_x": 2.5,
  "spacing_y": 2.5,
  "spacing_z": 3.000001907348633,
  "summary_bg_k": 16.770203455878498,
  "summary_bg_mad": 11.83116551102815,
  "summary_bg_mean": 111.9824447631836,
  "summary_bg_median": 8.40999984741211,
  "summary_bg_n": 273146.0,
  "summary_bg_p05": 0.12999999523162842,
  "summary_bg_p95": 795.6187438964844,
  "summary_bg_stdv": 309.2908020019531,
  "summary_fg_k": 0.9262365668424355,
  "summary_fg_mad": 437.4232158460033,
  "summary_fg_mean": 2070.288330078125,
  "summary_fg_median": 1979.487548828125,
  "summary_fg_n": 55912.0,
  "summary_fg_p05": 1387.6419494628906,
  "summary_fg_p95": 3085.6862548828126,
  "summary_fg_stdv": 518.541748046875,
  "tsnr": 92.48729401640594
}