{
  "aor": 0.0007587999999999999,
  "aqi": 0.00205594,
  "bids_meta": {
    "AcquisitionDateTime": "1800-01-01T12:56:37",
    "BodyPartExamined": "BRAIN",
    "ConversionSoftware": "dcm2nii",
    "ConversionSoftwareVersion": "6-2013",
    "EchoTime": 0.025,
    "FlipAngle": 75.0,
    "ImageType": "ORIGINAL_PRIMARY_EPI_NONE",
    "MagneticFieldStrength": 3.0,
    "Manufacturer": "GE MEDICAL SYSTEMS",
    "ProcedureStepDescription": "Mattfeld_WMAZE",
    "ProtocolName": "Mattfeld_WMAZE",
    "RepetitionTime": 2.0,
    "ScanningSequence": "EP_GR",
    "SequenceVariant": "S_S",
    "SliceTiming": [
      0.0,
      1.0,
      0.047619047619047616,
      1.0476190476190477,
      0.09523809523809523,
      1.0952380952380953,
      0.14285714285714285,
      1.1428571428571428,
      0.19047619047619047,
      1.1904761904761905,
      0.23809523809523808,
      1.2380952380952381,
      0.2857142857142857,
      1.2857142857142858,
      0.3333333333333333,
      1.3333333333333333,
      0.38095238095238093,
      1.380952380952381,
      0.42857142857142855,
      1.4285714285714286,
      0.47619047619047616,
      1.4761904761904763,
      0.5238095238095238,
      1.5238095238095237,
      0.5714285714285714,
      1.5714285714285714,
      0.6190476190476191,
      1.619047619047619,
      0.6666666666666666,
      1.6666666666666667,
      0.7142857142857143,
      1.7142857142857142,
      0.7619047619047619,
      1.7619047619047619,
      0.8095238095238095,
      1.8095238095238095,
      0.8571428571428571,
      1.8571428571428572,
      0.9047619047619048,
      1.9047619047619047,
      0.9523809523809523,
      1.9523809523809523
    ],
    "TaskName": "conditional visual associative learning task",
    "dataset": "ds002149",
    "modality": "bold",
    "run_id": 3,
    "subject_id": "018",
    "task_id": "condassoc"
  },
  "dummy_trs": 0,
  "dvars_nstd": 17.1448276657789,
  "dvars_std": 1.1938339141708547,
  "dvars_vstd": 0.9796736588944719,
  "efc": 0.4438502254490471,
  "fber": 56939.8359375,
  "fd_mean": 0.029915910501247426,
  "fd_num": 0,
  "fd_perc": 0.0,
  "fwhm_avg": 3.0716698267768265,
  "fwhm_x": 3.011788,
  "fwhm_y": 3.2887,
  "fwhm_z": 2.9145214803304795,
  "gcor": 0.0211244,
  "gsr_x": -0.013598262332379818,
  "gsr_y": 0.015290076844394207,
  "provenance": {
    "md5sum": "0513bcc8224c062e275fbdae40df71c6",
    "settings": {
      "fd_thres": 0.2,
      "testing": false
    },
    "software": "mriqc",
    "version": "22.0.1",
    "webapi_port": null,
    "webapi_url": "https://mriqc.nimh.nih.gov/api/v1"
  },
  "size_t": 200,
  "size_x": 96,
  "size_y": 96,
  "size_z": 42,
  "snr": 3.7884895185759455,
  "spacing_tr": 2.0,
  "spacing_x": 2.5,
  "spacing_y": 2.5,
  "spacing_z": 3.000001907348633,
  "summary_bg_k": 16.93836754810404,
  "summary_bg_mad": 11.82375246282023,
  "summary_bg_mean": 113.02859497070312,
  "summary_bg_median": 8.40999984741211,
  "summary_bg_n": 272714.0,
  "summary_bg_p05": 0.12999999523162842,
  "summary_bg_p95": 802.9605010986321,
  "summary_bg_stdv": 312.8540344238281,
  "summary_fg_k": 0.8993042617849634,
  "summary_fg_mad": 440.036229863433,
  "summary_fg_mean": 2070.8173828125,
  "summary_fg_median": 1976.3599853515625,
  "summary_fg_n": 56253.0,
  "summary_fg_p05": 1383.0779541015625,
  "summary_fg_p95": 3093.16298828125,
  "summary_fg_stdv": 521.6702880859375,
  "tsnr": 93.217217635829
}