{
  "aor": 0.00067105,
  "aqi": 0.00172446049,
  "bids_meta": {
    "AcquisitionDateTime": "1800-01-01T13:20:40",
    "BodyPartExamined": "BRAIN",
    "ConversionSoftware": "dcm2nii",
    "ConversionSoftwareVersion": "6-2013",
    "EchoTime": 0.025,
    "FlipAngle": 75.0,
    "ImageType": "ORIGINAL_PRIMARY_EPI_NONE",
    "MagneticFieldStrength": 3.0,
    "Manufacturer": "GE MEDICAL SYSTEMS",
    "ProcedureStepDescription": "Mattfeld_WMAZE",
    "ProtocolName": "Mattfeld_WMAZE",
    "RepetitionTime": 2.0,
    "ScanningSequence": "EP_GR",
    "SequenceVariant": "S_S",
    "SliceTiming": [
      0.0,
      1.0,
      0.047619047619047616,
      1.0476190476190477,
      0.09523809523809523,
      1.0952380952380953,
      0.14285714285714285,
      1.1428571428571428,
      0.19047619047619047,
      1.1904761904761905,
      0.23809523809523808,
      1.2380952380952381,
      0.2857142857142857,
      1.2857142857142858,
      0.3333333333333333,
      1.3333333333333333,
      0.38095238095238093,
      1.380952380952381,
      0.42857142857142855,
      1.4285714285714286,
      0.47619047619047616,
      1.4761904761904763,
      0.5238095238095238,
      1.5238095238095237,
      0.5714285714285714,
      1.5714285714285714,
      0.6190476190476191,
      1.619047619047619,
      0.6666666666666666,
      1.6666666666666667,
      0.7142857142857143,
      1.7142857142857142,
      0.7619047619047619,
      1.7619047619047619,
      0.8095238095238095,
      1.8095238095238095,
      0.8571428571428571,
      1.8571428571428572,
      0.9047619047619048,
      1.9047619047619047,
      0.9523809523809523,
      1.9523809523809523
    ],
    "TaskName": "conditional visual associative learning task",
    "dataset": "ds002149",
    "modality": "bold",
    "run_id": 6,
    "subject_id": "018",
    "task_id": "condassoc"
  },
  "dummy_trs": 0,
  "dvars_nstd": 16.29071504060302,
  "dvars_std": 1.1622419138190954,
  "dvars_vstd": 0.9867914538693469,
  "efc": 0.4407293655703388,
  "fber": 63714.79296875,
  "fd_mean": 0.02228446044510285,
  "fd_num": 0,
  "fd_perc": 0.0,
  "fwhm_avg": 3.165661352542441,
  "fwhm_x": 3.004964,
  "fwhm_y": 3.436932,
  "fwhm_z": 3.0550880576273234,
  "gcor": 0.0261027,
  "gsr_x": -0.0029045867267996073,
  "gsr_y": 0.02179587073624134,
  "provenance": {
    "md5sum": "4a708cb392a84737bc8045a41c6497d6",
    "settings": {
      "fd_thres": 0.2,
      "testing": false
    },
    "software": "mriqc",
    "version": "22.0.1",
    "webapi_port": null,
    "webapi_url": "https://mriqc.nimh.nih.gov/api/v1"
  },
  "size_t": 200,
  "size_x": 96,
  "size_y": 96,
  "size_z": 42,
  "snr": 3.5518081421676895,
  "spacing_tr": 2.0,
  "spacing_x": 2.5,
  "spacing_y": 2.5,
  "spacing_z": 3.000001907348633,
  "summary_bg_k": 19.881687322554964,
  "summary_bg_mad": 10.874886931630472,
  "summary_bg_mean": 99.98625946044922,
  "summary_bg_median": 7.759999752044678,
  "summary_bg_n": 270305.0,
  "summary_bg_p05": 0.11999999731779099,
  "summary_bg_p95": 690.1819702148418,
  "summary_bg_stdv": 287.47064208984375,
  "summary_fg_k": 1.4192853330746855,
  "summary_fg_mad": 437.6789430108896,
  "summary_fg_mean": 2025.3564453125,
  "summary_fg_median": 1946.85498046875,
  "summary_fg_n": 57631.0,
  "summary_fg_p05": 1312.489990234375,
  "summary_fg_p95": 3059.032470703125,
  "summary_fg_stdv": 548.1259155273438,
  "tsnr": 97.21977299451828
}