{
  "aor": 0.0017477500000000002,
  "aqi": 0.0033988058,
  "bids_meta": {
    "AcquisitionDateTime": "1800-01-01T17:53:38",
    "BodyPartExamined": "BRAIN",
    "ConversionSoftware": "dcm2nii",
    "ConversionSoftwareVersion": "6-2013",
    "EchoTime": 0.025,
    "FlipAngle": 75.0,
    "ImageType": "ORIGINAL_PRIMARY_EPI_NONE",
    "MagneticFieldStrength": 3.0,
    "Manufacturer": "GE MEDICAL SYSTEMS",
    "ProcedureStepDescription": "Mattfeld_WMAZE",
    "ProtocolName": "Mattfeld_WMAZE",
    "RepetitionTime": 2.0,
    "ScanningSequence": "EP_GR",
    "SequenceVariant": "S_S",
    "SliceTiming": [
      0.0,
      1.0,
      0.047619047619047616,
      1.0476190476190477,
      0.09523809523809523,
      1.0952380952380953,
      0.14285714285714285,
      1.1428571428571428,
      0.19047619047619047,
      1.1904761904761905,
      0.23809523809523808,
      1.2380952380952381,
      0.2857142857142857,
      1.2857142857142858,
      0.3333333333333333,
      1.3333333333333333,
      0.38095238095238093,
      1.380952380952381,
      0.42857142857142855,
      1.4285714285714286,
      0.47619047619047616,
      1.4761904761904763,
      0.5238095238095238,
      1.5238095238095237,
      0.5714285714285714,
      1.5714285714285714,
      0.6190476190476191,
      1.619047619047619,
      0.6666666666666666,
      1.6666666666666667,
      0.7142857142857143,
      1.7142857142857142,
      0.7619047619047619,
      1.7619047619047619,
      0.8095238095238095,
      1.8095238095238095,
      0.8571428571428571,
      1.8571428571428572,
      0.9047619047619048,
      1.9047619047619047,
      0.9523809523809523,
      1.9523809523809523
    ],
    "TaskName": "conditional visual associative learning task",
    "dataset": "ds002149",
    "modality": "bold",
    "run_id": 5,
    "subject_id": "009",
    "task_id": "condassoc"
  },
  "dummy_trs": 0,
  "dvars_nstd": 16.891142772914588,
  "dvars_std": 1.077862638693467,
  "dvars_vstd": 0.9541182604522617,
  "efc": 0.4266693010474927,
  "fber": 43348.9453125,
  "fd_mean": 0.06276627690485777,
  "fd_num": 5,
  "fd_perc": 2.5,
  "fwhm_avg": 3.2148250041323845,
  "fwhm_x": 3.2675363116165457,
  "fwhm_y": 3.3044,
  "fwhm_z": 3.0725387007806084,
  "gcor": 0.00685516,
  "gsr_x": -0.028378328308463097,
  "gsr_y": 0.02920863777399063,
  "provenance": {
    "md5sum": "7d47f85f4e0e6a35e66bfc3830e2adab",
    "settings": {
      "fd_thres": 0.2,
      "testing": false
    },
    "software": "mriqc",
    "version": "22.0.1",
    "webapi_port": null,
    "webapi_url": "https://mriqc.nimh.nih.gov/api/v1"
  },
  "size_t": 200,
  "size_x": 96,
  "size_y": 96,
  "size_z": 42,
  "snr": 3.85523755911933,
  "spacing_tr": 2.0,
  "spacing_x": 2.499999761581421,
  "spacing_y": 2.5,
  "spacing_z": 2.999929666519165,
  "summary_bg_k": 32.09822938660447,
  "summary_bg_mad": 13.88456912766932,
  "summary_bg_mean": 73.9400863647461,
  "summary_bg_median": 9.729999542236328,
  "summary_bg_n": 272820.0,
  "summary_bg_p05": 0.08999999612569809,
  "summary_bg_p95": 386.4254882812499,
  "summary_bg_stdv": 200.49203491210938,
  "summary_fg_k": 1.1504733982677386,
  "summary_fg_mad": 432.0970144312681,
  "summary_fg_mean": 2114.6875,
  "summary_fg_median": 2025.074951171875,
  "summary_fg_n": 56230.0,
  "summary_fg_p05": 1398.1307556152344,
  "summary_fg_p95": 3127.116857910155,
  "summary_fg_stdv": 525.2742309570312,
  "tsnr": 75.74125948653091
}