{
  "aor": 0.00193895,
  "aqi": 0.0032696530499999998,
  "bids_meta": {
    "AcquisitionDateTime": "1800-01-01T17:21:24",
    "BodyPartExamined": "BRAIN",
    "ConversionSoftware": "dcm2nii",
    "ConversionSoftwareVersion": "6-2013",
    "EchoTime": 0.025,
    "FlipAngle": 75.0,
    "ImageType": "ORIGINAL_PRIMARY_EPI_NONE",
    "MagneticFieldStrength": 3.0,
    "Manufacturer": "GE MEDICAL SYSTEMS",
    "ProcedureStepDescription": "Mattfeld_WMAZE",
    "ProtocolName": "Mattfeld_WMAZE",
    "RepetitionTime": 2.0,
    "ScanningSequence": "EP_GR",
    "SequenceVariant": "S_S",
    "SliceTiming": [
      0.0,
      1.0,
      0.047619047619047616,
      1.0476190476190477,
      0.09523809523809523,
      1.0952380952380953,
      0.14285714285714285,
      1.1428571428571428,
      0.19047619047619047,
      1.1904761904761905,
      0.23809523809523808,
      1.2380952380952381,
      0.2857142857142857,
      1.2857142857142858,
      0.3333333333333333,
      1.3333333333333333,
      0.38095238095238093,
      1.380952380952381,
      0.42857142857142855,
      1.4285714285714286,
      0.47619047619047616,
      1.4761904761904763,
      0.5238095238095238,
      1.5238095238095237,
      0.5714285714285714,
      1.5714285714285714,
      0.6190476190476191,
      1.619047619047619,
      0.6666666666666666,
      1.6666666666666667,
      0.7142857142857143,
      1.7142857142857142,
      0.7619047619047619,
      1.7619047619047619,
      0.8095238095238095,
      1.8095238095238095,
      0.8571428571428571,
      1.8571428571428572,
      0.9047619047619048,
      1.9047619047619047,
      0.9523809523809523,
      1.9523809523809523
    ],
    "TaskName": "conditional visual associative learning task",
    "dataset": "ds002149",
    "modality": "bold",
    "run_id": 1,
    "subject_id": "009",
    "task_id": "condassoc"
  },
  "dummy_trs": 0,
  "dvars_nstd": 15.737742840954773,
  "dvars_std": 1.0440392708542703,
  "dvars_vstd": 0.9734495780904511,
  "efc": 0.42367501279766306,
  "fber": 46950.8984375,
  "fd_mean": 0.07027880174470738,
  "fd_num": 1,
  "fd_perc": 0.5,
  "fwhm_avg": 3.244365822748724,
  "fwhm_x": 3.31014031567958,
  "fwhm_y": 3.331148,
  "fwhm_z": 3.0918091525665923,
  "gcor": 0.0103503,
  "gsr_x": -0.02676987275481224,
  "gsr_y": 0.026958277449011803,
  "provenance": {
    "md5sum": "72fe4fa3d1d83215d6f25372100b31a8",
    "settings": {
      "fd_thres": 0.2,
      "testing": false
    },
    "software": "mriqc",
    "version": "22.0.1",
    "webapi_port": null,
    "webapi_url": "https://mriqc.nimh.nih.gov/api/v1"
  },
  "size_t": 200,
  "size_x": 96,
  "size_y": 96,
  "size_z": 42,
  "snr": 3.8346876687281695,
  "spacing_tr": 2.0,
  "spacing_x": 2.499999761581421,
  "spacing_y": 2.5,
  "spacing_z": 2.999929666519165,
  "summary_bg_k": 33.70935278225085,
  "summary_bg_mad": 13.387897990687996,
  "summary_bg_mean": 69.40574645996094,
  "summary_bg_median": 9.414999961853027,
  "summary_bg_n": 272616.0,
  "summary_bg_p05": 0.09999999403953552,
  "summary_bg_p95": 356.9074935913086,
  "summary_bg_stdv": 189.36219787597656,
  "summary_fg_k": 1.0937276405121947,
  "summary_fg_mad": 439.3951926249141,
  "summary_fg_mean": 2116.88037109375,
  "summary_fg_median": 2032.64990234375,
  "summary_fg_n": 56318.0,
  "summary_fg_p05": 1376.1197448730468,
  "summary_fg_p95": 3134.6129516601545,
  "summary_fg_stdv": 530.0645141601562,
  "tsnr": 76.85298846941441
}