{
  "aor": 0.003919547738693467,
  "aqi": 0.0026062093467336686,
  "bids_meta": {
    "AcquisitionDateTime": "1800-01-01T17:29:27",
    "BodyPartExamined": "BRAIN",
    "ConversionSoftware": "dcm2nii",
    "ConversionSoftwareVersion": "6-2013",
    "EchoTime": 0.025,
    "FlipAngle": 75.0,
    "ImageType": "ORIGINAL_PRIMARY_EPI_NONE",
    "MagneticFieldStrength": 3.0,
    "Manufacturer": "GE MEDICAL SYSTEMS",
    "ProcedureStepDescription": "Mattfeld_WMAZE",
    "ProtocolName": "Mattfeld_WMAZE",
    "RepetitionTime": 2.0,
    "ScanningSequence": "EP_GR",
    "SequenceVariant": "S_S",
    "SliceTiming": [
      0.0,
      1.0,
      0.047619047619047616,
      1.0476190476190477,
      0.09523809523809523,
      1.0952380952380953,
      0.14285714285714285,
      1.1428571428571428,
      0.19047619047619047,
      1.1904761904761905,
      0.23809523809523808,
      1.2380952380952381,
      0.2857142857142857,
      1.2857142857142858,
      0.3333333333333333,
      1.3333333333333333,
      0.38095238095238093,
      1.380952380952381,
      0.42857142857142855,
      1.4285714285714286,
      0.47619047619047616,
      1.4761904761904763,
      0.5238095238095238,
      1.5238095238095237,
      0.5714285714285714,
      1.5714285714285714,
      0.6190476190476191,
      1.619047619047619,
      0.6666666666666666,
      1.6666666666666667,
      0.7142857142857143,
      1.7142857142857142,
      0.7619047619047619,
      1.7619047619047619,
      0.8095238095238095,
      1.8095238095238095,
      0.8571428571428571,
      1.8571428571428572,
      0.9047619047619048,
      1.9047619047619047,
      0.9523809523809523,
      1.9523809523809523
    ],
    "TaskName": "conditional visual associative learning task",
    "dataset": "ds002149",
    "modality": "bold",
    "run_id": 2,
    "subject_id": "009",
    "task_id": "condassoc"
  },
  "dummy_trs": 1,
  "dvars_nstd": 16.384964471010107,
  "dvars_std": 1.0962214591414143,
  "dvars_vstd": 1.009185872626263,
  "efc": 0.4244912015592106,
  "fber": 45986.12109375,
  "fd_mean": 0.06707139689057529,
  "fd_num": 4,
  "fd_perc": 2.0100502512562812,
  "fwhm_avg": 3.2421328812712815,
  "fwhm_x": 3.304608315152008,
  "fwhm_y": 3.336688,
  "fwhm_z": 3.0851023286618355,
  "gcor": 0.0148019,
  "gsr_x": -0.027296552434563637,
  "gsr_y": 0.02644198015332222,
  "provenance": {
    "md5sum": "a3037fec46b566b06f5011bfb1cabbde",
    "settings": {
      "fd_thres": 0.2,
      "testing": false
    },
    "software": "mriqc",
    "version": "22.0.1",
    "webapi_port": null,
    "webapi_url": "https://mriqc.nimh.nih.gov/api/v1"
  },
  "size_t": 199,
  "size_x": 96,
  "size_y": 96,
  "size_z": 42,
  "snr": 3.8466754938115613,
  "spacing_tr": 2.0,
  "spacing_x": 2.499999761581421,
  "spacing_y": 2.5,
  "spacing_z": 2.999929666519165,
  "summary_bg_k": 34.93723783363712,
  "summary_bg_mad": 13.58927881174399,
  "summary_bg_mean": 71.69354248046875,
  "summary_bg_median": 9.552763938903809,
  "summary_bg_n": 272919.0,
  "summary_bg_p05": 0.09045226126909256,
  "summary_bg_p95": 368.15726928710905,
  "summary_bg_stdv": 196.91421508789062,
  "summary_fg_k": 1.102138383228544,
  "summary_fg_mad": 438.5262089149343,
  "summary_fg_mean": 2120.04833984375,
  "summary_fg_median": 2033.1607666015625,
  "summary_fg_n": 56196.0,
  "summary_fg_p05": 1385.301513671875,
  "summary_fg_p95": 3140.44970703125,
  "summary_fg_stdv": 528.54541015625,
  "tsnr": 82.18078876007348
}