{
  "aor": 0.002431,
  "aqi": 0.00217319015,
  "bids_meta": {
    "AcquisitionDateTime": "1800-01-01T15:29:15",
    "BodyPartExamined": "BRAIN",
    "ConversionSoftware": "dcm2nii",
    "ConversionSoftwareVersion": "6-2013",
    "EchoTime": 0.025,
    "FlipAngle": 75.0,
    "ImageType": "ORIGINAL_PRIMARY_EPI_NONE",
    "MagneticFieldStrength": 3.0,
    "Manufacturer": "GE MEDICAL SYSTEMS",
    "ProcedureStepDescription": "Mattfeld_WMAZE",
    "ProtocolName": "Mattfeld_WMAZE",
    "RepetitionTime": 2.0,
    "ScanningSequence": "EP_GR",
    "SequenceVariant": "S_S",
    "SliceTiming": [
      0.0,
      1.0,
      0.047619047619047616,
      1.0476190476190477,
      0.09523809523809523,
      1.0952380952380953,
      0.14285714285714285,
      1.1428571428571428,
      0.19047619047619047,
      1.1904761904761905,
      0.23809523809523808,
      1.2380952380952381,
      0.2857142857142857,
      1.2857142857142858,
      0.3333333333333333,
      1.3333333333333333,
      0.38095238095238093,
      1.380952380952381,
      0.42857142857142855,
      1.4285714285714286,
      0.47619047619047616,
      1.4761904761904763,
      0.5238095238095238,
      1.5238095238095237,
      0.5714285714285714,
      1.5714285714285714,
      0.6190476190476191,
      1.619047619047619,
      0.6666666666666666,
      1.6666666666666667,
      0.7142857142857143,
      1.7142857142857142,
      0.7619047619047619,
      1.7619047619047619,
      0.8095238095238095,
      1.8095238095238095,
      0.8571428571428571,
      1.8571428571428572,
      0.9047619047619048,
      1.9047619047619047,
      0.9523809523809523,
      1.9523809523809523
    ],
    "TaskName": "conditional visual associative learning task",
    "dataset": "ds002149",
    "modality": "bold",
    "run_id": 1,
    "subject_id": "021",
    "task_id": "condassoc"
  },
  "dummy_trs": 0,
  "dvars_nstd": 19.125683659798998,
  "dvars_std": 1.3470346626633167,
  "dvars_vstd": 1.0024076819095473,
  "efc": 0.41634508202376674,
  "fber": 66728.8828125,
  "fd_mean": 0.060656578144186735,
  "fd_num": 4,
  "fd_perc": 2.0,
  "fwhm_avg": 3.2655954119286243,
  "fwhm_x": 3.2830399999999997,
  "fwhm_y": 3.4268799999999997,
  "fwhm_z": 3.086866235785873,
  "gcor": 0.0277172,
  "gsr_x": -0.025429856032133102,
  "gsr_y": 0.018444407731294632,
  "provenance": {
    "md5sum": "90f61b79129631cd512345e9a0379ef6",
    "settings": {
      "fd_thres": 0.2,
      "testing": false
    },
    "software": "mriqc",
    "version": "22.0.1",
    "webapi_port": null,
    "webapi_url": "https://mriqc.nimh.nih.gov/api/v1"
  },
  "size_t": 200,
  "size_x": 96,
  "size_y": 96,
  "size_z": 42,
  "snr": 3.7932010693491187,
  "spacing_tr": 2.0,
  "spacing_x": 2.5,
  "spacing_y": 2.5,
  "spacing_z": 3.0002498626708984,
  "summary_bg_k": 26.063063984309853,
  "summary_bg_mad": 11.319667393931203,
  "summary_bg_mean": 71.91451263427734,
  "summary_bg_median": 8.149999618530273,
  "summary_bg_n": 275407.0,
  "summary_bg_p05": 0.14999999105930328,
  "summary_bg_p95": 426.6634948730459,
  "summary_bg_stdv": 207.5115966796875,
  "summary_fg_k": 1.515744230842662,
  "summary_fg_mad": 441.203833405021,
  "summary_fg_mean": 2181.85595703125,
  "summary_fg_median": 2067.45751953125,
  "summary_fg_n": 54602.0,
  "summary_fg_p05": 1499.4757263183594,
  "summary_fg_p95": 3266.931335449218,
  "summary_fg_stdv": 545.0379638671875,
  "tsnr": 103.0115744061768
}