{
  "aor": 0.0014418,
  "aqi": 0.0034830087,
  "bids_meta": {
    "AcquisitionDateTime": "1800-01-01T16:10:08",
    "BodyPartExamined": "BRAIN",
    "ConversionSoftware": "dcm2nii",
    "ConversionSoftwareVersion": "6-2013",
    "EchoTime": 0.025,
    "FlipAngle": 75.0,
    "ImageType": "ORIGINAL_PRIMARY_EPI_NONE",
    "MagneticFieldStrength": 3.0,
    "Manufacturer": "GE MEDICAL SYSTEMS",
    "ProcedureStepDescription": "Mattfeld_WMAZE",
    "ProtocolName": "Mattfeld_WMAZE",
    "RepetitionTime": 2.0,
    "ScanningSequence": "EP_GR",
    "SequenceVariant": "S_S",
    "SliceTiming": [
      0.0,
      1.0,
      0.047619047619047616,
      1.0476190476190477,
      0.09523809523809523,
      1.0952380952380953,
      0.14285714285714285,
      1.1428571428571428,
      0.19047619047619047,
      1.1904761904761905,
      0.23809523809523808,
      1.2380952380952381,
      0.2857142857142857,
      1.2857142857142858,
      0.3333333333333333,
      1.3333333333333333,
      0.38095238095238093,
      1.380952380952381,
      0.42857142857142855,
      1.4285714285714286,
      0.47619047619047616,
      1.4761904761904763,
      0.5238095238095238,
      1.5238095238095237,
      0.5714285714285714,
      1.5714285714285714,
      0.6190476190476191,
      1.619047619047619,
      0.6666666666666666,
      1.6666666666666667,
      0.7142857142857143,
      1.7142857142857142,
      0.7619047619047619,
      1.7619047619047619,
      0.8095238095238095,
      1.8095238095238095,
      0.8571428571428571,
      1.8571428571428572,
      0.9047619047619048,
      1.9047619047619047,
      0.9523809523809523,
      1.9523809523809523
    ],
    "TaskName": "conditional visual associative learning task",
    "dataset": "ds002149",
    "modality": "bold",
    "run_id": 6,
    "subject_id": "021",
    "task_id": "condassoc"
  },
  "dummy_trs": 0,
  "dvars_nstd": 15.957062840854265,
  "dvars_std": 1.1486251885427134,
  "dvars_vstd": 0.9719737599999992,
  "efc": 0.41798252241201694,
  "fber": 66451.2890625,
  "fd_mean": 0.06226157587749706,
  "fd_num": 0,
  "fd_perc": 0.0,
  "fwhm_avg": 3.246449031192089,
  "fwhm_x": 3.2116439999999997,
  "fwhm_y": 3.4511360000000004,
  "fwhm_z": 3.076567093576267,
  "gcor": 0.0292228,
  "gsr_x": -0.022656267508864403,
  "gsr_y": 0.02122984454035759,
  "provenance": {
    "md5sum": "c30af0dc65b869280113743ea47365eb",
    "settings": {
      "fd_thres": 0.2,
      "testing": false
    },
    "software": "mriqc",
    "version": "22.0.1",
    "webapi_port": null,
    "webapi_url": "https://mriqc.nimh.nih.gov/api/v1"
  },
  "size_t": 200,
  "size_x": 96,
  "size_y": 96,
  "size_z": 42,
  "snr": 3.73450791802004,
  "spacing_tr": 2.0,
  "spacing_x": 2.5,
  "spacing_y": 2.5,
  "spacing_z": 3.0002498626708984,
  "summary_bg_k": 25.338186389185847,
  "summary_bg_mad": 11.260364068707593,
  "summary_bg_mean": 70.54161834716797,
  "summary_bg_median": 8.130000114440918,
  "summary_bg_n": 274437.0,
  "summary_bg_p05": 0.17000000178813934,
  "summary_bg_p95": 421.4779785156247,
  "summary_bg_stdv": 199.01800537109375,
  "summary_fg_k": 1.6431042497043444,
  "summary_fg_mad": 440.6738284493455,
  "summary_fg_mean": 2165.11962890625,
  "summary_fg_median": 2062.239990234375,
  "summary_fg_n": 55177.0,
  "summary_fg_p05": 1468.5279296875,
  "summary_fg_p95": 3244.771923828124,
  "summary_fg_stdv": 552.2069702148438,
  "tsnr": 85.67225394304842
}