{
  "aor": 0.0014052000000000001,
  "aqi": 0.00286564425,
  "bids_meta": {
    "AcquisitionDateTime": "1800-01-01T15:37:24",
    "BodyPartExamined": "BRAIN",
    "ConversionSoftware": "dcm2nii",
    "ConversionSoftwareVersion": "6-2013",
    "EchoTime": 0.025,
    "FlipAngle": 75.0,
    "ImageType": "ORIGINAL_PRIMARY_EPI_NONE",
    "MagneticFieldStrength": 3.0,
    "Manufacturer": "GE MEDICAL SYSTEMS",
    "ProcedureStepDescription": "Mattfeld_WMAZE",
    "ProtocolName": "Mattfeld_WMAZE",
    "RepetitionTime": 2.0,
    "ScanningSequence": "EP_GR",
    "SequenceVariant": "S_S",
    "SliceTiming": [
      0.0,
      1.0,
      0.047619047619047616,
      1.0476190476190477,
      0.09523809523809523,
      1.0952380952380953,
      0.14285714285714285,
      1.1428571428571428,
      0.19047619047619047,
      1.1904761904761905,
      0.23809523809523808,
      1.2380952380952381,
      0.2857142857142857,
      1.2857142857142858,
      0.3333333333333333,
      1.3333333333333333,
      0.38095238095238093,
      1.380952380952381,
      0.42857142857142855,
      1.4285714285714286,
      0.47619047619047616,
      1.4761904761904763,
      0.5238095238095238,
      1.5238095238095237,
      0.5714285714285714,
      1.5714285714285714,
      0.6190476190476191,
      1.619047619047619,
      0.6666666666666666,
      1.6666666666666667,
      0.7142857142857143,
      1.7142857142857142,
      0.7619047619047619,
      1.7619047619047619,
      0.8095238095238095,
      1.8095238095238095,
      0.8571428571428571,
      1.8571428571428572,
      0.9047619047619048,
      1.9047619047619047,
      0.9523809523809523,
      1.9523809523809523
    ],
    "TaskName": "conditional visual associative learning task",
    "dataset": "ds002149",
    "modality": "bold",
    "run_id": 2,
    "subject_id": "021",
    "task_id": "condassoc"
  },
  "dummy_trs": 0,
  "dvars_nstd": 17.129878278592965,
  "dvars_std": 1.210537312512563,
  "dvars_vstd": 0.9675563350753767,
  "efc": 0.4182801029862264,
  "fber": 69667.703125,
  "fd_mean": 0.0558718584110089,
  "fd_num": 1,
  "fd_perc": 0.5,
  "fwhm_avg": 3.259034455112699,
  "fwhm_x": 3.2494639999999997,
  "fwhm_y": 3.470344,
  "fwhm_z": 3.0572953653380974,
  "gcor": 0.0173593,
  "gsr_x": -0.02253580093383789,
  "gsr_y": 0.02065877430140972,
  "provenance": {
    "md5sum": "c0dd089a415fca6dfca44497d87b9c09",
    "settings": {
      "fd_thres": 0.2,
      "testing": false
    },
    "software": "mriqc",
    "version": "22.0.1",
    "webapi_port": null,
    "webapi_url": "https://mriqc.nimh.nih.gov/api/v1"
  },
  "size_t": 200,
  "size_x": 96,
  "size_y": 96,
  "size_z": 42,
  "snr": 3.745757051506932,
  "spacing_tr": 2.0,
  "spacing_x": 2.5,
  "spacing_y": 2.5,
  "spacing_z": 3.0002498626708984,
  "summary_bg_k": 26.032830796268698,
  "summary_bg_mad": 11.04538642182276,
  "summary_bg_mean": 69.66812133789062,
  "summary_bg_median": 7.954999923706055,
  "summary_bg_n": 274192.0,
  "summary_bg_p05": 0.14000000059604645,
  "summary_bg_p95": 413.88948364257794,
  "summary_bg_stdv": 197.3058624267578,
  "summary_fg_k": 1.644526799303625,
  "summary_fg_mad": 439.0062629169589,
  "summary_fg_mean": 2164.48193359375,
  "summary_fg_median": 2059.704833984375,
  "summary_fg_n": 55477.0,
  "summary_fg_p05": 1475.2949462890626,
  "summary_fg_p95": 3232.5928710937483,
  "summary_fg_stdv": 549.871826171875,
  "tsnr": 91.60969063453376
}