{
  "aor": 0.0024329,
  "aqi": 0.0039004149,
  "bids_meta": {
    "AcquisitionDateTime": "1800-01-01T16:01:38",
    "BodyPartExamined": "BRAIN",
    "ConversionSoftware": "dcm2nii",
    "ConversionSoftwareVersion": "6-2013",
    "EchoTime": 0.025,
    "FlipAngle": 75.0,
    "ImageType": "ORIGINAL_PRIMARY_EPI_NONE",
    "MagneticFieldStrength": 3.0,
    "Manufacturer": "GE MEDICAL SYSTEMS",
    "ProcedureStepDescription": "Mattfeld_WMAZE",
    "ProtocolName": "Mattfeld_WMAZE",
    "RepetitionTime": 2.0,
    "ScanningSequence": "EP_GR",
    "SequenceVariant": "S_S",
    "SliceTiming": [
      0.0,
      1.0,
      0.047619047619047616,
      1.0476190476190477,
      0.09523809523809523,
      1.0952380952380953,
      0.14285714285714285,
      1.1428571428571428,
      0.19047619047619047,
      1.1904761904761905,
      0.23809523809523808,
      1.2380952380952381,
      0.2857142857142857,
      1.2857142857142858,
      0.3333333333333333,
      1.3333333333333333,
      0.38095238095238093,
      1.380952380952381,
      0.42857142857142855,
      1.4285714285714286,
      0.47619047619047616,
      1.4761904761904763,
      0.5238095238095238,
      1.5238095238095237,
      0.5714285714285714,
      1.5714285714285714,
      0.6190476190476191,
      1.619047619047619,
      0.6666666666666666,
      1.6666666666666667,
      0.7142857142857143,
      1.7142857142857142,
      0.7619047619047619,
      1.7619047619047619,
      0.8095238095238095,
      1.8095238095238095,
      0.8571428571428571,
      1.8571428571428572,
      0.9047619047619048,
      1.9047619047619047,
      0.9523809523809523,
      1.9523809523809523
    ],
    "TaskName": "conditional visual associative learning task",
    "dataset": "ds002149",
    "modality": "bold",
    "run_id": 5,
    "subject_id": "021",
    "task_id": "condassoc"
  },
  "dummy_trs": 0,
  "dvars_nstd": 16.404734031507537,
  "dvars_std": 1.1670148076381912,
  "dvars_vstd": 0.9686190840703512,
  "efc": 0.41771986340770295,
  "fber": 65376.40234375,
  "fd_mean": 0.057039623003491184,
  "fd_num": 1,
  "fd_perc": 0.5,
  "fwhm_avg": 3.2412580461942557,
  "fwhm_x": 3.289084,
  "fwhm_y": 3.410692,
  "fwhm_z": 3.0239981385827672,
  "gcor": 0.0148247,
  "gsr_x": -0.026111537590622902,
  "gsr_y": 0.01958758570253849,
  "provenance": {
    "md5sum": "8eb6efaad7d03a583706d4877e6ba39e",
    "settings": {
      "fd_thres": 0.2,
      "testing": false
    },
    "software": "mriqc",
    "version": "22.0.1",
    "webapi_port": null,
    "webapi_url": "https://mriqc.nimh.nih.gov/api/v1"
  },
  "size_t": 200,
  "size_x": 96,
  "size_y": 96,
  "size_z": 42,
  "snr": 3.825039398988711,
  "spacing_tr": 2.0,
  "spacing_x": 2.5,
  "spacing_y": 2.5,
  "spacing_z": 3.0002498626708984,
  "summary_bg_k": 24.634920092014116,
  "summary_bg_mad": 11.460514470366867,
  "summary_bg_mean": 74.5656509399414,
  "summary_bg_median": 8.255000114440918,
  "summary_bg_n": 275799.0,
  "summary_bg_p05": 0.1599999964237213,
  "summary_bg_p95": 445.79150085449066,
  "summary_bg_stdv": 210.7084503173828,
  "summary_fg_k": 1.4695103455129832,
  "summary_fg_mad": 439.3544717387857,
  "summary_fg_mean": 2179.001220703125,
  "summary_fg_median": 2070.034912109375,
  "summary_fg_n": 54393.0,
  "summary_fg_p05": 1494.1669677734376,
  "summary_fg_p95": 3251.2739746093744,
  "summary_fg_stdv": 541.175048828125,
  "tsnr": 82.16839277464896
}