{
  "aor": 0.0036534500000000004,
  "aqi": 0.0056493687999999995,
  "bids_meta": {
    "AcquisitionDateTime": "1800-01-01T15:55:19",
    "BodyPartExamined": "BRAIN",
    "ConversionSoftware": "dcm2nii",
    "ConversionSoftwareVersion": "6-2013",
    "EchoTime": 0.025,
    "FlipAngle": 75.0,
    "ImageType": "ORIGINAL_PRIMARY_EPI_NONE",
    "MagneticFieldStrength": 3.0,
    "Manufacturer": "GE MEDICAL SYSTEMS",
    "ProcedureStepDescription": "Mattfeld_WMAZE",
    "ProtocolName": "Mattfeld_WMAZE",
    "RepetitionTime": 2.0,
    "ScanningSequence": "EP_GR",
    "SequenceVariant": "S_S",
    "SliceTiming": [
      0.0,
      1.0,
      0.047619047619047616,
      1.0476190476190477,
      0.09523809523809523,
      1.0952380952380953,
      0.14285714285714285,
      1.1428571428571428,
      0.19047619047619047,
      1.1904761904761905,
      0.23809523809523808,
      1.2380952380952381,
      0.2857142857142857,
      1.2857142857142858,
      0.3333333333333333,
      1.3333333333333333,
      0.38095238095238093,
      1.380952380952381,
      0.42857142857142855,
      1.4285714285714286,
      0.47619047619047616,
      1.4761904761904763,
      0.5238095238095238,
      1.5238095238095237,
      0.5714285714285714,
      1.5714285714285714,
      0.6190476190476191,
      1.619047619047619,
      0.6666666666666666,
      1.6666666666666667,
      0.7142857142857143,
      1.7142857142857142,
      0.7619047619047619,
      1.7619047619047619,
      0.8095238095238095,
      1.8095238095238095,
      0.8571428571428571,
      1.8571428571428572,
      0.9047619047619048,
      1.9047619047619047,
      0.9523809523809523,
      1.9523809523809523
    ],
    "TaskName": "conditional visual associative learning task",
    "dataset": "ds002149",
    "modality": "bold",
    "run_id": 2,
    "subject_id": "006",
    "task_id": "condassoc"
  },
  "dummy_trs": 0,
  "dvars_nstd": 18.105611182864312,
  "dvars_std": 1.160804126934673,
  "dvars_vstd": 0.9739517207035172,
  "efc": 0.46314666500576096,
  "fber": 41029.16796875,
  "fd_mean": 0.05221096481034686,
  "fd_num": 1,
  "fd_perc": 0.5,
  "fwhm_avg": 2.8633033530415255,
  "fwhm_x": 2.4764679999999997,
  "fwhm_y": 3.2553840000000003,
  "fwhm_z": 2.858058059124577,
  "gcor": 0.00473409,
  "gsr_x": -0.02596604824066162,
  "gsr_y": 0.037458524107933044,
  "provenance": {
    "md5sum": "181bda56fd8087d27068976063405935",
    "settings": {
      "fd_thres": 0.2,
      "testing": false
    },
    "software": "mriqc",
    "version": "22.0.1",
    "webapi_port": null,
    "webapi_url": "https://mriqc.nimh.nih.gov/api/v1"
  },
  "size_t": 200,
  "size_x": 96,
  "size_y": 96,
  "size_z": 42,
  "snr": 3.885023940943959,
  "spacing_tr": 2.0,
  "spacing_x": 2.5,
  "spacing_y": 2.5,
  "spacing_z": 3.0000510215759277,
  "summary_bg_k": 21.184219400048285,
  "summary_bg_mad": 12.527989170548233,
  "summary_bg_mean": 105.35688018798828,
  "summary_bg_median": 9.095000267028809,
  "summary_bg_n": 266090.0,
  "summary_bg_p05": 0.2449999898672104,
  "summary_bg_p95": 701.2582580566404,
  "summary_bg_stdv": 274.75909423828125,
  "summary_fg_k": 1.627863214575111,
  "summary_fg_mad": 404.03878554422124,
  "summary_fg_mean": 1871.369384765625,
  "summary_fg_median": 1843.739990234375,
  "summary_fg_n": 60419.0,
  "summary_fg_p05": 1203.5244262695312,
  "summary_fg_p95": 2672.810546875,
  "summary_fg_stdv": 474.5722961425781,
  "tsnr": 68.18979392014444
}