{
  "aor": 0.00228785,
  "aqi": 0.00224819485,
  "bids_meta": {
    "AcquisitionDateTime": "1800-01-01T15:46:57",
    "BodyPartExamined": "BRAIN",
    "ConversionSoftware": "dcm2nii",
    "ConversionSoftwareVersion": "6-2013",
    "EchoTime": 0.025,
    "FlipAngle": 75.0,
    "ImageType": "ORIGINAL_PRIMARY_EPI_NONE",
    "MagneticFieldStrength": 3.0,
    "Manufacturer": "GE MEDICAL SYSTEMS",
    "ProcedureStepDescription": "Mattfeld_WMAZE",
    "ProtocolName": "Mattfeld_WMAZE",
    "RepetitionTime": 2.0,
    "ScanningSequence": "EP_GR",
    "SequenceVariant": "S_S",
    "SliceTiming": [
      0.0,
      1.0,
      0.047619047619047616,
      1.0476190476190477,
      0.09523809523809523,
      1.0952380952380953,
      0.14285714285714285,
      1.1428571428571428,
      0.19047619047619047,
      1.1904761904761905,
      0.23809523809523808,
      1.2380952380952381,
      0.2857142857142857,
      1.2857142857142858,
      0.3333333333333333,
      1.3333333333333333,
      0.38095238095238093,
      1.380952380952381,
      0.42857142857142855,
      1.4285714285714286,
      0.47619047619047616,
      1.4761904761904763,
      0.5238095238095238,
      1.5238095238095237,
      0.5714285714285714,
      1.5714285714285714,
      0.6190476190476191,
      1.619047619047619,
      0.6666666666666666,
      1.6666666666666667,
      0.7142857142857143,
      1.7142857142857142,
      0.7619047619047619,
      1.7619047619047619,
      0.8095238095238095,
      1.8095238095238095,
      0.8571428571428571,
      1.8571428571428572,
      0.9047619047619048,
      1.9047619047619047,
      0.9523809523809523,
      1.9523809523809523
    ],
    "TaskName": "conditional visual associative learning task",
    "dataset": "ds002149",
    "modality": "bold",
    "run_id": 1,
    "subject_id": "006",
    "task_id": "condassoc"
  },
  "dummy_trs": 0,
  "dvars_nstd": 17.880196949899496,
  "dvars_std": 1.2167324113567834,
  "dvars_vstd": 1.0007177585929645,
  "efc": 0.46104374601511405,
  "fber": 41155.3203125,
  "fd_mean": 0.04359199156810525,
  "fd_num": 1,
  "fd_perc": 0.5,
  "fwhm_avg": 2.8720168444432645,
  "fwhm_x": 2.4835760000000002,
  "fwhm_y": 3.2631,
  "fwhm_z": 2.8693745333297938,
  "gcor": 0.00977335,
  "gsr_x": -0.02362951450049877,
  "gsr_y": 0.03428306058049202,
  "provenance": {
    "md5sum": "c784770a5f3061233bbb1a0aa52a44f7",
    "settings": {
      "fd_thres": 0.2,
      "testing": false
    },
    "software": "mriqc",
    "version": "22.0.1",
    "webapi_port": null,
    "webapi_url": "https://mriqc.nimh.nih.gov/api/v1"
  },
  "size_t": 200,
  "size_x": 96,
  "size_y": 96,
  "size_z": 42,
  "snr": 3.8827472028478267,
  "spacing_tr": 2.0,
  "spacing_x": 2.5,
  "spacing_y": 2.5,
  "spacing_z": 3.0000510215759277,
  "summary_bg_k": 21.1605562155383,
  "summary_bg_mad": 12.40938039922153,
  "summary_bg_mean": 103.73426818847656,
  "summary_bg_median": 9.03499984741211,
  "summary_bg_n": 266431.0,
  "summary_bg_p05": 0.22499999403953552,
  "summary_bg_p95": 691.8349914550781,
  "summary_bg_stdv": 273.61956787109375,
  "summary_fg_k": 1.6259892085973133,
  "summary_fg_mad": 404.868948676092,
  "summary_fg_mean": 1874.34765625,
  "summary_fg_median": 1847.114990234375,
  "summary_fg_n": 60302.0,
  "summary_fg_p05": 1201.4847290039063,
  "summary_fg_p95": 2673.448205566406,
  "summary_fg_stdv": 475.71978759765625,
  "tsnr": 92.39402829436585
}