{
  "aor": 0.00079215,
  "aqi": 0.0025744791,
  "bids_meta": {
    "AcquisitionDateTime": "1800-01-01T16:03:24",
    "BodyPartExamined": "BRAIN",
    "ConversionSoftware": "dcm2nii",
    "ConversionSoftwareVersion": "6-2013",
    "EchoTime": 0.025,
    "FlipAngle": 75.0,
    "ImageType": "ORIGINAL_PRIMARY_EPI_NONE",
    "MagneticFieldStrength": 3.0,
    "Manufacturer": "GE MEDICAL SYSTEMS",
    "ProcedureStepDescription": "Mattfeld_WMAZE",
    "ProtocolName": "Mattfeld_WMAZE",
    "RepetitionTime": 2.0,
    "ScanningSequence": "EP_GR",
    "SequenceVariant": "S_S",
    "SliceTiming": [
      0.0,
      1.0,
      0.047619047619047616,
      1.0476190476190477,
      0.09523809523809523,
      1.0952380952380953,
      0.14285714285714285,
      1.1428571428571428,
      0.19047619047619047,
      1.1904761904761905,
      0.23809523809523808,
      1.2380952380952381,
      0.2857142857142857,
      1.2857142857142858,
      0.3333333333333333,
      1.3333333333333333,
      0.38095238095238093,
      1.380952380952381,
      0.42857142857142855,
      1.4285714285714286,
      0.47619047619047616,
      1.4761904761904763,
      0.5238095238095238,
      1.5238095238095237,
      0.5714285714285714,
      1.5714285714285714,
      0.6190476190476191,
      1.619047619047619,
      0.6666666666666666,
      1.6666666666666667,
      0.7142857142857143,
      1.7142857142857142,
      0.7619047619047619,
      1.7619047619047619,
      0.8095238095238095,
      1.8095238095238095,
      0.8571428571428571,
      1.8571428571428572,
      0.9047619047619048,
      1.9047619047619047,
      0.9523809523809523,
      1.9523809523809523
    ],
    "TaskName": "conditional visual associative learning task",
    "dataset": "ds002149",
    "modality": "bold",
    "run_id": 3,
    "subject_id": "006",
    "task_id": "condassoc"
  },
  "dummy_trs": 0,
  "dvars_nstd": 17.405856928140704,
  "dvars_std": 1.1555738054271356,
  "dvars_vstd": 0.9595474657788944,
  "efc": 0.4635313207608014,
  "fber": 40454.44921875,
  "fd_mean": 0.042980190217744824,
  "fd_num": 1,
  "fd_perc": 0.5,
  "fwhm_avg": 2.8633449455776465,
  "fwhm_x": 2.477664,
  "fwhm_y": 3.260836,
  "fwhm_z": 2.851534836732939,
  "gcor": 0.00640134,
  "gsr_x": -0.02576032280921936,
  "gsr_y": 0.04075875133275986,
  "provenance": {
    "md5sum": "0db0816aa41ed420faaca28233b5e773",
    "settings": {
      "fd_thres": 0.2,
      "testing": false
    },
    "software": "mriqc",
    "version": "22.0.1",
    "webapi_port": null,
    "webapi_url": "https://mriqc.nimh.nih.gov/api/v1"
  },
  "size_t": 200,
  "size_x": 96,
  "size_y": 96,
  "size_z": 42,
  "snr": 3.8843103533033116,
  "spacing_tr": 2.0,
  "spacing_x": 2.5,
  "spacing_y": 2.5,
  "spacing_z": 3.0000510215759277,
  "summary_bg_k": 17.360498722685485,
  "summary_bg_mad": 12.416793579984416,
  "summary_bg_mean": 104.7427749633789,
  "summary_bg_median": 9.039999961853027,
  "summary_bg_n": 265877.0,
  "summary_bg_p05": 0.22499999403953552,
  "summary_bg_p95": 701.2229614257797,
  "summary_bg_stdv": 271.8445739746094,
  "summary_fg_k": 1.6612771149814556,
  "summary_fg_mad": 403.3049046853296,
  "summary_fg_mean": 1861.8740234375,
  "summary_fg_median": 1837.6749267578125,
  "summary_fg_n": 60678.0,
  "summary_fg_p05": 1187.7724548339845,
  "summary_fg_p95": 2654.7824096679683,
  "summary_fg_stdv": 473.09808349609375,
  "tsnr": 86.72298981109634
}