{
  "aor": 0.0026004500000000002,
  "aqi": 0.00261182665,
  "bids_meta": {
    "AcquisitionDateTime": "1800-01-01T16:27:35",
    "BodyPartExamined": "BRAIN",
    "ConversionSoftware": "dcm2nii",
    "ConversionSoftwareVersion": "6-2013",
    "EchoTime": 0.025,
    "FlipAngle": 75.0,
    "ImageType": "ORIGINAL_PRIMARY_EPI_NONE",
    "MagneticFieldStrength": 3.0,
    "Manufacturer": "GE MEDICAL SYSTEMS",
    "ProcedureStepDescription": "Mattfeld_WMAZE",
    "ProtocolName": "Mattfeld_WMAZE",
    "RepetitionTime": 2.0,
    "ScanningSequence": "EP_GR",
    "SequenceVariant": "S_S",
    "SliceTiming": [
      0.0,
      1.0,
      0.047619047619047616,
      1.0476190476190477,
      0.09523809523809523,
      1.0952380952380953,
      0.14285714285714285,
      1.1428571428571428,
      0.19047619047619047,
      1.1904761904761905,
      0.23809523809523808,
      1.2380952380952381,
      0.2857142857142857,
      1.2857142857142858,
      0.3333333333333333,
      1.3333333333333333,
      0.38095238095238093,
      1.380952380952381,
      0.42857142857142855,
      1.4285714285714286,
      0.47619047619047616,
      1.4761904761904763,
      0.5238095238095238,
      1.5238095238095237,
      0.5714285714285714,
      1.5714285714285714,
      0.6190476190476191,
      1.619047619047619,
      0.6666666666666666,
      1.6666666666666667,
      0.7142857142857143,
      1.7142857142857142,
      0.7619047619047619,
      1.7619047619047619,
      0.8095238095238095,
      1.8095238095238095,
      0.8571428571428571,
      1.8571428571428572,
      0.9047619047619048,
      1.9047619047619047,
      0.9523809523809523,
      1.9523809523809523
    ],
    "TaskName": "conditional visual associative learning task",
    "dataset": "ds002149",
    "modality": "bold",
    "run_id": 6,
    "subject_id": "006",
    "task_id": "condassoc"
  },
  "dummy_trs": 0,
  "dvars_nstd": 16.185139967537683,
  "dvars_std": 1.1300160445226135,
  "dvars_vstd": 0.9858020397487436,
  "efc": 0.4638322562456558,
  "fber": 40171.6796875,
  "fd_mean": 0.04382301671583122,
  "fd_num": 0,
  "fd_perc": 0.0,
  "fwhm_avg": 2.8429252128303677,
  "fwhm_x": 2.4567039999999998,
  "fwhm_y": 3.22848,
  "fwhm_z": 2.843591638491103,
  "gcor": 0.0100386,
  "gsr_x": -0.026039674878120422,
  "gsr_y": 0.04236758127808571,
  "provenance": {
    "md5sum": "380634403c024298247771249708cd87",
    "settings": {
      "fd_thres": 0.2,
      "testing": false
    },
    "software": "mriqc",
    "version": "22.0.1",
    "webapi_port": null,
    "webapi_url": "https://mriqc.nimh.nih.gov/api/v1"
  },
  "size_t": 200,
  "size_x": 96,
  "size_y": 96,
  "size_z": 42,
  "snr": 3.9078236934566717,
  "spacing_tr": 2.0,
  "spacing_x": 2.5,
  "spacing_y": 2.5,
  "spacing_z": 3.0000510215759277,
  "summary_bg_k": 16.814969580598913,
  "summary_bg_mad": 12.602118503817703,
  "summary_bg_mean": 107.65030670166016,
  "summary_bg_median": 9.154999732971191,
  "summary_bg_n": 266419.0,
  "summary_bg_p05": 0.20999999344348907,
  "summary_bg_p95": 718.1764831542954,
  "summary_bg_stdv": 277.4851379394531,
  "summary_fg_k": 1.683079347544016,
  "summary_fg_mad": 402.6376250979724,
  "summary_fg_mean": 1874.3021240234375,
  "summary_fg_median": 1852.72998046875,
  "summary_fg_n": 60313.0,
  "summary_fg_p05": 1196.4469970703126,
  "summary_fg_p95": 2667.79091796875,
  "summary_fg_stdv": 474.10394287109375,
  "tsnr": 86.12814086233266
}