{
  "bids_meta": {
    "AcquisitionDateTime": "1800-01-01T17:21:34",
    "BodyPartExamined": "BRAIN",
    "ConversionSoftware": "dcm2nii",
    "ConversionSoftwareVersion": "6-2013",
    "EchoTime": 0.00368,
    "FlipAngle": 12.0,
    "ImageType": "ORIGINAL_PRIMARY_OTHER",
    "InversionTime": 0.65,
    "MagneticFieldStrength": 3.0,
    "Manufacturer": "GE MEDICAL SYSTEMS",
    "ProcedureStepDescription": "Mattfeld_WMAZE",
    "ProtocolName": "Mattfeld_WMAZE",
    "RepetitionTime": 0.009184,
    "ScanningSequence": "G_R",
    "SequenceVariant": "SS_SK",
    "dataset": "ds002149",
    "modality": "T1w",
    "run_id": 1,
    "subject_id": "002"
  },
  "cjv": 0.4324222660180807,
  "cnr": 3.1508030076862283,
  "efc": 0.5317657374206927,
  "fber": 7752.484250254028,
  "fwhm_avg": 3.636203333333333,
  "fwhm_x": 3.64215,
  "fwhm_y": 3.80554,
  "fwhm_z": 3.46092,
  "icvs_csf": 0.1686316132475308,
  "icvs_gm": 0.4084386036880547,
  "icvs_wm": 0.42292978306441453,
  "inu_med": 0.8760330080986023,
  "inu_range": 0.3000444650650024,
  "provenance": {
    "md5sum": "c11d01d3d90a405c41af520123556e9f",
    "settings": {
      "testing": false
    },
    "software": "mriqc",
    "version": "22.0.1",
    "warnings": {
      "large_rot_frame": true,
      "small_air_mask": false
    },
    "webapi_port": null,
    "webapi_url": "https://mriqc.nimh.nih.gov/api/v1"
  },
  "qi_1": 0.0017695504372189242,
  "qi_2": 0.0011053218573892731,
  "rpve_csf": 27.417132342456732,
  "rpve_gm": 11.707486679574567,
  "rpve_wm": 12.985079896069454,
  "size_x": 186,
  "size_y": 256,
  "size_z": 256,
  "snr_csf": 3.34131531781129,
  "snr_gm": 16.18243221439152,
  "snr_total": 12.480380767308679,
  "snr_wm": 17.91739476972323,
  "snrd_csf": 30.64723181402844,
  "snrd_gm": 68.9580067233969,
  "snrd_total": 63.232809848951185,
  "snrd_wm": 90.09319100942822,
  "spacing_x": 1.0,
  "spacing_y": 1.0,
  "spacing_z": 1.0,
  "summary_bg_k": 12.005925434881664,
  "summary_bg_mad": 7.272324059646672,
  "summary_bg_mean": 9.757406167680129,
  "summary_bg_median": 4.905108038336039,
  "summary_bg_n": 3024269.0,
  "summary_bg_p05": 0.0,
  "summary_bg_p95": 41.0128666870296,
  "summary_bg_stdv": 13.83896380492122,
  "summary_csf_k": 2.37159420191879,
  "summary_csf_mad": 83.00348926717145,
  "summary_csf_mean": 341.49968559916186,
  "summary_csf_median": 340.19877583160996,
  "summary_csf_n": 35731.0,
  "summary_csf_p05": 187.0746570955962,
  "summary_csf_p95": 506.6129124201834,
  "summary_csf_stdv": 101.81440028420349,
  "summary_gm_k": 0.07464794442730494,
  "summary_gm_mad": 47.6889313335469,
  "summary_gm_mean": 765.2594816732335,
  "summary_gm_median": 765.4665065165609,
  "summary_gm_n": 35246.0,
  "summary_gm_p05": 687.5947062587366,
  "summary_gm_p95": 841.6497682742774,
  "summary_gm_stdv": 47.301643991787245,
  "summary_wm_k": 0.6607909733662947,
  "summary_wm_mad": 53.76189304827801,
  "summary_wm_mean": 1007.2124193923422,
  "summary_wm_median": 1000.0770535543561,
  "summary_wm_n": 255974.0,
  "summary_wm_p05": 930.378293260932,
  "summary_wm_p95": 1111.5334351584315,
  "summary_wm_stdv": 55.8158768577493,
  "tpm_overlap_csf": 0.14563036605520835,
  "tpm_overlap_gm": 0.4473420740149729,
  "tpm_overlap_wm": 0.47798667600481975,
  "wm2max": 0.6677623705992864
}