{
  "bids_meta": {
    "AcquisitionDateTime": "1800-01-01T17:07:33",
    "BodyPartExamined": "BRAIN",
    "ConversionSoftware": "dcm2nii",
    "ConversionSoftwareVersion": "6-2013",
    "EchoTime": 0.00368,
    "FlipAngle": 12.0,
    "ImageType": "ORIGINAL_PRIMARY_OTHER",
    "InversionTime": 0.65,
    "MagneticFieldStrength": 3.0,
    "Manufacturer": "GE MEDICAL SYSTEMS",
    "ProcedureStepDescription": "Mattfeld_WMAZE",
    "ProtocolName": "Mattfeld_WMAZE",
    "RepetitionTime": 0.009184,
    "ScanningSequence": "G_R",
    "SequenceVariant": "SS_SK",
    "dataset": "ds002149",
    "modality": "T1w",
    "run_id": 1,
    "subject_id": "007"
  },
  "cjv": 0.41549548577886813,
  "cnr": 3.1094402400219274,
  "efc": 0.5409684381610874,
  "fber": 4590.373285077014,
  "fwhm_avg": 3.6242400000000004,
  "fwhm_x": 3.65822,
  "fwhm_y": 3.73831,
  "fwhm_z": 3.47619,
  "icvs_csf": 0.2093151713184527,
  "icvs_gm": 0.38084883759373805,
  "icvs_wm": 0.4098359910878092,
  "inu_med": 0.8573340475559235,
  "inu_range": 0.2606835097074508,
  "provenance": {
    "md5sum": "66352400abe639d00f579c4c132052b7",
    "settings": {
      "testing": false
    },
    "software": "mriqc",
    "version": "22.0.1",
    "warnings": {
      "large_rot_frame": true,
      "small_air_mask": false
    },
    "webapi_port": null,
    "webapi_url": "https://mriqc.nimh.nih.gov/api/v1"
  },
  "qi_1": 0.0013103942002946657,
  "qi_2": 0.0005742613395278971,
  "rpve_csf": 24.592803476424482,
  "rpve_gm": 12.674968184912249,
  "rpve_wm": 14.046870762314823,
  "size_x": 186,
  "size_y": 256,
  "size_z": 256,
  "snr_csf": 3.2442545882701785,
  "snr_gm": 16.018792883009535,
  "snr_total": 12.169455933450957,
  "snr_wm": 17.245320329073163,
  "snrd_csf": 24.540189956550826,
  "snrd_gm": 53.639258063054214,
  "snrd_total": 49.53433600006726,
  "snrd_wm": 70.42355998059676,
  "spacing_x": 1.0,
  "spacing_y": 1.0,
  "spacing_z": 1.0,
  "summary_bg_k": 18.508782314193397,
  "summary_bg_mad": 9.30343999445335,
  "summary_bg_mean": 11.353431942924537,
  "summary_bg_median": 6.275074917823076,
  "summary_bg_n": 2936366.0,
  "summary_bg_p05": 0.0,
  "summary_bg_p95": 39.604981038719416,
  "summary_bg_stdv": 15.869508603149711,
  "summary_csf_k": 3.3353142932627353,
  "summary_csf_mad": 67.5134880471806,
  "summary_csf_mean": 346.7892271864887,
  "summary_csf_median": 348.4895431138575,
  "summary_csf_n": 49484.0,
  "summary_csf_p05": 121.60272230096162,
  "summary_csf_p95": 520.9683782868087,
  "summary_csf_stdv": 107.41636094820375,
  "summary_gm_k": 0.2916129473851665,
  "summary_gm_mad": 45.144561284560524,
  "summary_gm_mean": 760.5138568603332,
  "summary_gm_median": 761.7186569646001,
  "summary_gm_n": 19287.0,
  "summary_gm_p05": 679.947229879722,
  "summary_gm_p95": 837.602486435324,
  "summary_gm_stdv": 47.550331371817656,
  "summary_wm_k": 1.0480351491875979,
  "summary_wm_mad": 53.88877810994837,
  "summary_wm_mean": 1008.2773723993855,
  "summary_wm_median": 1000.0686337612569,
  "summary_wm_n": 212116.0,
  "summary_wm_p05": 929.0882781334221,
  "summary_wm_p95": 1117.7177159637213,
  "summary_wm_stdv": 57.99058859521143,
  "tpm_overlap_csf": 0.1622223437664348,
  "tpm_overlap_gm": 0.4391084427283087,
  "tpm_overlap_wm": 0.4806622324831375,
  "wm2max": 0.5515734926999016
}