{
  "bids_meta": {
    "AcquisitionDateTime": "1800-01-01T16:04:45",
    "BodyPartExamined": "BRAIN",
    "ConversionSoftware": "dcm2nii",
    "ConversionSoftwareVersion": "6-2013",
    "EchoTime": 0.00368,
    "FlipAngle": 12.0,
    "ImageType": "ORIGINAL_PRIMARY_OTHER",
    "InversionTime": 0.65,
    "MagneticFieldStrength": 3.0,
    "Manufacturer": "GE MEDICAL SYSTEMS",
    "ProcedureStepDescription": "Mattfeld_WMAZE",
    "ProtocolName": "Mattfeld_WMAZE",
    "RepetitionTime": 0.009184,
    "ScanningSequence": "G_R",
    "SequenceVariant": "SS_SK",
    "dataset": "ds002149",
    "modality": "T1w",
    "run_id": 1,
    "subject_id": "022"
  },
  "cjv": 0.38689465858895994,
  "cnr": 3.593116027973112,
  "efc": 0.46266396646411434,
  "fber": 21017.109583969643,
  "fwhm_avg": 3.66344,
  "fwhm_x": 3.50164,
  "fwhm_y": 3.87173,
  "fwhm_z": 3.61695,
  "icvs_csf": 0.16092228834710132,
  "icvs_gm": 0.41517453373283125,
  "icvs_wm": 0.42390317792006743,
  "inu_med": 0.6302892863750458,
  "inu_range": 0.15657127201557164,
  "provenance": {
    "md5sum": "8734d1bf8f7ca548d2d31bb9f501e2c8",
    "settings": {
      "testing": false
    },
    "software": "mriqc",
    "version": "22.0.1",
    "warnings": {
      "large_rot_frame": true,
      "small_air_mask": false
    },
    "webapi_port": null,
    "webapi_url": "https://mriqc.nimh.nih.gov/api/v1"
  },
  "qi_1": 0.0008250644443225407,
  "qi_2": 0.0007709052209794163,
  "rpve_csf": 37.81889101171572,
  "rpve_gm": 15.289411286584244,
  "rpve_wm": 17.14284458696062,
  "size_x": 186,
  "size_y": 256,
  "size_z": 256,
  "snr_csf": 2.7599956765003966,
  "snr_gm": 17.48294528050748,
  "snr_total": 14.182226017113114,
  "snr_wm": 22.30373709433147,
  "snrd_csf": 32.29586802512111,
  "snrd_gm": 69.9775827702753,
  "snrd_total": 64.35798646013377,
  "snrd_wm": 90.80050858500489,
  "spacing_x": 1.0,
  "spacing_y": 1.0,
  "spacing_z": 1.0,
  "summary_bg_k": 42.40184857370781,
  "summary_bg_mad": 7.21537241972359,
  "summary_bg_mean": 6.891658966229422,
  "summary_bg_median": 4.866694740951061,
  "summary_bg_n": 3816494.0,
  "summary_bg_p05": 0.0,
  "summary_bg_p95": 25.320919014513493,
  "summary_bg_stdv": 10.96125047458652,
  "summary_csf_k": 8.210951768746744,
  "summary_csf_mad": 74.82027487409026,
  "summary_csf_mean": 355.8294561277288,
  "summary_csf_median": 355.6919069364667,
  "summary_csf_n": 20581.0,
  "summary_csf_p05": 92.04400923103094,
  "summary_csf_p95": 548.1379446275532,
  "summary_csf_stdv": 128.8709502667339,
  "summary_gm_k": 0.020772055499094222,
  "summary_gm_mad": 44.23337005134896,
  "summary_gm_mean": 770.5567095994976,
  "summary_gm_median": 770.7010642662644,
  "summary_gm_n": 31472.0,
  "summary_gm_p05": 697.8064408637583,
  "summary_gm_p95": 842.5183143040164,
  "summary_gm_stdv": 44.08232180388309,
  "summary_wm_k": 0.2852484821624346,
  "summary_wm_mad": 44.494796588295465,
  "summary_wm_mean": 1003.5746740480978,
  "summary_wm_median": 1000.0352374576032,
  "summary_wm_n": 190484.0,
  "summary_wm_p05": 937.5793216153979,
  "summary_wm_p95": 1084.6734068654478,
  "summary_wm_stdv": 44.83699786451679,
  "tpm_overlap_csf": 0.13777504135391336,
  "tpm_overlap_gm": 0.4519653571290596,
  "tpm_overlap_wm": 0.4785059518180108,
  "wm2max": 0.5496820966116152
}