{
  "aor": 0.0018128499999999997,
  "aqi": 0.0041356596,
  "bids_meta": {
    "AcquisitionDateTime": "1800-01-01T17:37:26",
    "BodyPartExamined": "BRAIN",
    "ConversionSoftware": "dcm2nii",
    "ConversionSoftwareVersion": "6-2013",
    "EchoTime": 0.025,
    "FlipAngle": 75.0,
    "ImageType": "ORIGINAL_PRIMARY_EPI_NONE",
    "MagneticFieldStrength": 3.0,
    "Manufacturer": "GE MEDICAL SYSTEMS",
    "ProcedureStepDescription": "Mattfeld_WMAZE",
    "ProtocolName": "Mattfeld_WMAZE",
    "RepetitionTime": 2.0,
    "ScanningSequence": "EP_GR",
    "SequenceVariant": "S_S",
    "SliceTiming": [
      0.0,
      1.0,
      0.047619047619047616,
      1.0476190476190477,
      0.09523809523809523,
      1.0952380952380953,
      0.14285714285714285,
      1.1428571428571428,
      0.19047619047619047,
      1.1904761904761905,
      0.23809523809523808,
      1.2380952380952381,
      0.2857142857142857,
      1.2857142857142858,
      0.3333333333333333,
      1.3333333333333333,
      0.38095238095238093,
      1.380952380952381,
      0.42857142857142855,
      1.4285714285714286,
      0.47619047619047616,
      1.4761904761904763,
      0.5238095238095238,
      1.5238095238095237,
      0.5714285714285714,
      1.5714285714285714,
      0.6190476190476191,
      1.619047619047619,
      0.6666666666666666,
      1.6666666666666667,
      0.7142857142857143,
      1.7142857142857142,
      0.7619047619047619,
      1.7619047619047619,
      0.8095238095238095,
      1.8095238095238095,
      0.8571428571428571,
      1.8571428571428572,
      0.9047619047619048,
      1.9047619047619047,
      0.9523809523809523,
      1.9523809523809523
    ],
    "TaskName": "conditional visual associative learning task",
    "dataset": "ds002149",
    "modality": "bold",
    "run_id": 3,
    "subject_id": "009",
    "task_id": "condassoc"
  },
  "dummy_trs": 0,
  "dvars_nstd": 16.948198960954777,
  "dvars_std": 1.0479226292964823,
  "dvars_vstd": 0.9425316910050249,
  "efc": 0.4245346019032815,
  "fber": 43945.37890625,
  "fd_mean": 0.07001472065566625,
  "fd_num": 2,
  "fd_perc": 1.0,
  "fwhm_avg": 3.2650826253445095,
  "fwhm_x": 3.3207923166954343,
  "fwhm_y": 3.365296,
  "fwhm_z": 3.1091595593380936,
  "gcor": 0.0064591,
  "gsr_x": -0.027153942734003067,
  "gsr_y": 0.02792453020811081,
  "provenance": {
    "md5sum": "b44855b0645490a1f07e3f44cb8d048d",
    "settings": {
      "fd_thres": 0.2,
      "testing": false
    },
    "software": "mriqc",
    "version": "22.0.1",
    "webapi_port": null,
    "webapi_url": "https://mriqc.nimh.nih.gov/api/v1"
  },
  "size_t": 200,
  "size_x": 96,
  "size_y": 96,
  "size_z": 42,
  "snr": 3.8493490923171985,
  "spacing_tr": 2.0,
  "spacing_x": 2.499999761581421,
  "spacing_y": 2.5,
  "spacing_z": 2.999929666519165,
  "summary_bg_k": 33.18358597547172,
  "summary_bg_mad": 13.751135718031424,
  "summary_bg_mean": 70.99967956542969,
  "summary_bg_median": 9.670000076293945,
  "summary_bg_n": 272832.0,
  "summary_bg_p05": 0.09999999403953552,
  "summary_bg_p95": 365.6844970703123,
  "summary_bg_stdv": 194.00729370117188,
  "summary_fg_k": 1.0647911524682536,
  "summary_fg_mad": 436.5298900952045,
  "summary_fg_mean": 2114.6982421875,
  "summary_fg_median": 2028.919921875,
  "summary_fg_n": 56068.0,
  "summary_fg_p05": 1379.5972229003905,
  "summary_fg_p95": 3130.5634399414057,
  "summary_fg_stdv": 527.0765991210938,
  "tsnr": 67.04197892872617
}