{
  "aor": 0.00481645,
  "aqi": 0.0051043045,
  "bids_meta": {
    "AcquisitionDateTime": "1800-01-01T17:45:32",
    "BodyPartExamined": "BRAIN",
    "ConversionSoftware": "dcm2nii",
    "ConversionSoftwareVersion": "6-2013",
    "EchoTime": 0.025,
    "FlipAngle": 75.0,
    "ImageType": "ORIGINAL_PRIMARY_EPI_NONE",
    "MagneticFieldStrength": 3.0,
    "Manufacturer": "GE MEDICAL SYSTEMS",
    "ProcedureStepDescription": "Mattfeld_WMAZE",
    "ProtocolName": "Mattfeld_WMAZE",
    "RepetitionTime": 2.0,
    "ScanningSequence": "EP_GR",
    "SequenceVariant": "S_S",
    "SliceTiming": [
      0.0,
      1.0,
      0.047619047619047616,
      1.0476190476190477,
      0.09523809523809523,
      1.0952380952380953,
      0.14285714285714285,
      1.1428571428571428,
      0.19047619047619047,
      1.1904761904761905,
      0.23809523809523808,
      1.2380952380952381,
      0.2857142857142857,
      1.2857142857142858,
      0.3333333333333333,
      1.3333333333333333,
      0.38095238095238093,
      1.380952380952381,
      0.42857142857142855,
      1.4285714285714286,
      0.47619047619047616,
      1.4761904761904763,
      0.5238095238095238,
      1.5238095238095237,
      0.5714285714285714,
      1.5714285714285714,
      0.6190476190476191,
      1.619047619047619,
      0.6666666666666666,
      1.6666666666666667,
      0.7142857142857143,
      1.7142857142857142,
      0.7619047619047619,
      1.7619047619047619,
      0.8095238095238095,
      1.8095238095238095,
      0.8571428571428571,
      1.8571428571428572,
      0.9047619047619048,
      1.9047619047619047,
      0.9523809523809523,
      1.9523809523809523
    ],
    "TaskName": "conditional visual associative learning task",
    "dataset": "ds002149",
    "modality": "bold",
    "run_id": 4,
    "subject_id": "009",
    "task_id": "condassoc"
  },
  "dummy_trs": 0,
  "dvars_nstd": 18.242768043567843,
  "dvars_std": 1.005709399447236,
  "dvars_vstd": 0.9236124807035182,
  "efc": 0.4271501512404809,
  "fber": 43196.984375,
  "fd_mean": 0.06770694587714,
  "fd_num": 3,
  "fd_perc": 1.5,
  "fwhm_avg": 3.2106842301234564,
  "fwhm_x": 3.2711283119591057,
  "fwhm_y": 3.302136,
  "fwhm_z": 3.0587883784112635,
  "gcor": 0.0299871,
  "gsr_x": -0.028299041092395782,
  "gsr_y": 0.03013702854514122,
  "provenance": {
    "md5sum": "9eae1f1fcb0cabd9a888a10453afcbe2",
    "settings": {
      "fd_thres": 0.2,
      "testing": false
    },
    "software": "mriqc",
    "version": "22.0.1",
    "webapi_port": null,
    "webapi_url": "https://mriqc.nimh.nih.gov/api/v1"
  },
  "size_t": 200,
  "size_x": 96,
  "size_y": 96,
  "size_z": 42,
  "snr": 3.8836330003218538,
  "spacing_tr": 2.0,
  "spacing_x": 2.499999761581421,
  "spacing_y": 2.5,
  "spacing_z": 2.999929666519165,
  "summary_bg_k": 30.78605316478761,
  "summary_bg_mad": 13.817851826353015,
  "summary_bg_mean": 73.59547424316406,
  "summary_bg_median": 9.72499942779541,
  "summary_bg_n": 272530.0,
  "summary_bg_p05": 0.11499999463558197,
  "summary_bg_p95": 387.94323883056626,
  "summary_bg_stdv": 199.11512756347656,
  "summary_fg_k": 1.1042427961798404,
  "summary_fg_mad": 429.4135080354073,
  "summary_fg_mean": 2108.4326171875,
  "summary_fg_median": 2021.9599609375,
  "summary_fg_n": 56385.0,
  "summary_fg_p05": 1393.0110107421874,
  "summary_fg_p95": 3112.65302734375,
  "summary_fg_stdv": 520.631591796875,
  "tsnr": 65.50965839414857
}