{
  "aor": 0.00364305,
  "aqi": 0.00555230505,
  "bids_meta": {
    "AcquisitionDateTime": "1800-01-01T18:01:33",
    "BodyPartExamined": "BRAIN",
    "ConversionSoftware": "dcm2nii",
    "ConversionSoftwareVersion": "6-2013",
    "EchoTime": 0.025,
    "FlipAngle": 75.0,
    "ImageType": "ORIGINAL_PRIMARY_EPI_NONE",
    "MagneticFieldStrength": 3.0,
    "Manufacturer": "GE MEDICAL SYSTEMS",
    "ProcedureStepDescription": "Mattfeld_WMAZE",
    "ProtocolName": "Mattfeld_WMAZE",
    "RepetitionTime": 2.0,
    "ScanningSequence": "EP_GR",
    "SequenceVariant": "S_S",
    "SliceTiming": [
      0.0,
      1.0,
      0.047619047619047616,
      1.0476190476190477,
      0.09523809523809523,
      1.0952380952380953,
      0.14285714285714285,
      1.1428571428571428,
      0.19047619047619047,
      1.1904761904761905,
      0.23809523809523808,
      1.2380952380952381,
      0.2857142857142857,
      1.2857142857142858,
      0.3333333333333333,
      1.3333333333333333,
      0.38095238095238093,
      1.380952380952381,
      0.42857142857142855,
      1.4285714285714286,
      0.47619047619047616,
      1.4761904761904763,
      0.5238095238095238,
      1.5238095238095237,
      0.5714285714285714,
      1.5714285714285714,
      0.6190476190476191,
      1.619047619047619,
      0.6666666666666666,
      1.6666666666666667,
      0.7142857142857143,
      1.7142857142857142,
      0.7619047619047619,
      1.7619047619047619,
      0.8095238095238095,
      1.8095238095238095,
      0.8571428571428571,
      1.8571428571428572,
      0.9047619047619048,
      1.9047619047619047,
      0.9523809523809523,
      1.9523809523809523
    ],
    "TaskName": "conditional visual associative learning task",
    "dataset": "ds002149",
    "modality": "bold",
    "run_id": 6,
    "subject_id": "009",
    "task_id": "condassoc"
  },
  "dummy_trs": 0,
  "dvars_nstd": 16.16914735713568,
  "dvars_std": 1.034380276934673,
  "dvars_vstd": 0.9481628003015078,
  "efc": 0.4314961634883594,
  "fber": 43758.49609375,
  "fd_mean": 0.05316031304511853,
  "fd_num": 2,
  "fd_perc": 1.0,
  "fwhm_avg": 3.1696241301871493,
  "fwhm_x": 3.24368030934146,
  "fwhm_y": 3.275952,
  "fwhm_z": 2.989240081219988,
  "gcor": 0.00676358,
  "gsr_x": -0.029116155579686165,
  "gsr_y": 0.03274170681834221,
  "provenance": {
    "md5sum": "68067c5c6ac62c3272b10c70e6533e6e",
    "settings": {
      "fd_thres": 0.2,
      "testing": false
    },
    "software": "mriqc",
    "version": "22.0.1",
    "webapi_port": null,
    "webapi_url": "https://mriqc.nimh.nih.gov/api/v1"
  },
  "size_t": 200,
  "size_x": 96,
  "size_y": 96,
  "size_z": 42,
  "snr": 3.913074148336114,
  "spacing_tr": 2.0,
  "spacing_x": 2.499999761581421,
  "spacing_y": 2.5,
  "spacing_z": 2.999929666519165,
  "summary_bg_k": 30.445314819613422,
  "summary_bg_mad": 13.728896175742763,
  "summary_bg_mean": 76.305419921875,
  "summary_bg_median": 9.654999732971191,
  "summary_bg_n": 271758.0,
  "summary_bg_p05": 0.10999999940395355,
  "summary_bg_p95": 399.3214782714843,
  "summary_bg_stdv": 203.4108123779297,
  "summary_fg_k": 1.1841890182379435,
  "summary_fg_mad": 418.1826876411977,
  "summary_fg_mean": 2095.737548828125,
  "summary_fg_median": 2006.0699462890625,
  "summary_fg_n": 57053.0,
  "summary_fg_p05": 1397.7369873046875,
  "summary_fg_p95": 3089.4329589843733,
  "summary_fg_stdv": 512.65380859375,
  "tsnr": 67.1785968854092
}