{
  "bids_meta": {
    "AcquisitionDateTime": "1800-01-01T15:28:57",
    "BodyPartExamined": "BRAIN",
    "ConversionSoftware": "dcm2nii",
    "ConversionSoftwareVersion": "6-2013",
    "EchoTime": 0.00368,
    "FlipAngle": 12.0,
    "ImageType": "ORIGINAL_PRIMARY_OTHER",
    "InversionTime": 0.65,
    "MagneticFieldStrength": 3.0,
    "Manufacturer": "GE MEDICAL SYSTEMS",
    "ProcedureStepDescription": "Mattfeld_WMAZE",
    "ProtocolName": "Mattfeld_WMAZE",
    "RepetitionTime": 0.009184,
    "ScanningSequence": "G_R",
    "SequenceVariant": "SS_SK",
    "dataset": "ds002149",
    "modality": "T1w",
    "run_id": 1,
    "subject_id": "004"
  },
  "cjv": 0.37973449987268093,
  "cnr": 3.5892003393047354,
  "efc": 0.4852638666098103,
  "fber": 15406.176953981007,
  "fwhm_avg": 3.787246666666667,
  "fwhm_x": 3.67863,
  "fwhm_y": 3.95204,
  "fwhm_z": 3.73107,
  "icvs_csf": 0.1655535835995474,
  "icvs_gm": 0.4248921062323253,
  "icvs_wm": 0.4095543101681273,
  "inu_med": 0.7171914577484131,
  "inu_range": 0.19076339006423948,
  "provenance": {
    "md5sum": "9b192d3fc95c3c0c39cbc6dde85e0883",
    "settings": {
      "testing": false
    },
    "software": "mriqc",
    "version": "22.0.1",
    "warnings": {
      "large_rot_frame": true,
      "small_air_mask": false
    },
    "webapi_port": null,
    "webapi_url": "https://mriqc.nimh.nih.gov/api/v1"
  },
  "qi_1": 0.0,
  "qi_2": 0.0009557296884961647,
  "rpve_csf": 36.04772881194825,
  "rpve_gm": 14.644738363073328,
  "rpve_wm": 16.859102402639877,
  "size_x": 186,
  "size_y": 256,
  "size_z": 256,
  "snr_csf": 2.661889012133079,
  "snr_gm": 18.539546135855055,
  "snr_total": 13.955691570143786,
  "snr_wm": 20.665639562443225,
  "snrd_csf": 26.020220214368695,
  "snrd_gm": 60.26136767056481,
  "snrd_total": 54.9873853448913,
  "snrd_wm": 78.68056814974041,
  "spacing_x": 1.0,
  "spacing_y": 1.0,
  "spacing_z": 1.0,
  "summary_bg_k": 142.9989234677588,
  "summary_bg_mad": 8.326869922667264,
  "summary_bg_mean": 8.281569335721718,
  "summary_bg_median": 5.616388414055109,
  "summary_bg_n": 3686871.0,
  "summary_bg_p05": 0.0,
  "summary_bg_p95": 30.425471048802137,
  "summary_bg_stdv": 14.353068091462854,
  "summary_csf_k": 0.37127188504399466,
  "summary_csf_mad": 96.86725658239544,
  "summary_csf_mean": 319.0017111974759,
  "summary_csf_median": 330.72042567655444,
  "summary_csf_n": 24215.0,
  "summary_csf_p05": 70.22505801171064,
  "summary_csf_p95": 510.7681003026664,
  "summary_csf_stdv": 124.24019005478324,
  "summary_gm_k": 0.08741485113326242,
  "summary_gm_mad": 41.574444074324326,
  "summary_gm_mean": 765.7171287533646,
  "summary_gm_median": 765.92991925776,
  "summary_gm_n": 39658.0,
  "summary_gm_p05": 697.6039278320968,
  "summary_gm_p95": 832.2760327532887,
  "summary_gm_stdv": 41.31278386728861,
  "summary_wm_k": 0.5900733246423395,
  "summary_wm_mad": 47.325375819475816,
  "summary_wm_mean": 1005.4140799410138,
  "summary_wm_median": 1000.0403830781579,
  "summary_wm_n": 195502.0,
  "summary_wm_p05": 937.5328084267676,
  "summary_wm_p95": 1093.9835705794394,
  "summary_wm_stdv": 48.39133201908911,
  "tpm_overlap_csf": 0.13200458028522027,
  "tpm_overlap_gm": 0.47388491022034734,
  "tpm_overlap_wm": 0.49168497801881933,
  "wm2max": 0.532714566530966
}