{
  "aor": 0.00043075000000000003,
  "aqi": 0.0017344426499999999,
  "bids_meta": {
    "AcquisitionDateTime": "1800-01-01T14:43:58",
    "BodyPartExamined": "BRAIN",
    "ConversionSoftware": "dcm2nii",
    "ConversionSoftwareVersion": "6-2013",
    "EchoTime": 0.025,
    "FlipAngle": 75.0,
    "ImageType": "ORIGINAL_PRIMARY_EPI_NONE",
    "MagneticFieldStrength": 3.0,
    "Manufacturer": "GE MEDICAL SYSTEMS",
    "ProcedureStepDescription": "Mattfeld_WMAZE",
    "ProtocolName": "Mattfeld_WMAZE",
    "RepetitionTime": 2.0,
    "ScanningSequence": "EP_GR",
    "SequenceVariant": "S_S",
    "SliceTiming": [
      0.0,
      1.0,
      0.047619047619047616,
      1.0476190476190477,
      0.09523809523809523,
      1.0952380952380953,
      0.14285714285714285,
      1.1428571428571428,
      0.19047619047619047,
      1.1904761904761905,
      0.23809523809523808,
      1.2380952380952381,
      0.2857142857142857,
      1.2857142857142858,
      0.3333333333333333,
      1.3333333333333333,
      0.38095238095238093,
      1.380952380952381,
      0.42857142857142855,
      1.4285714285714286,
      0.47619047619047616,
      1.4761904761904763,
      0.5238095238095238,
      1.5238095238095237,
      0.5714285714285714,
      1.5714285714285714,
      0.6190476190476191,
      1.619047619047619,
      0.6666666666666666,
      1.6666666666666667,
      0.7142857142857143,
      1.7142857142857142,
      0.7619047619047619,
      1.7619047619047619,
      0.8095238095238095,
      1.8095238095238095,
      0.8571428571428571,
      1.8571428571428572,
      0.9047619047619048,
      1.9047619047619047,
      0.9523809523809523,
      1.9523809523809523
    ],
    "TaskName": "conditional visual associative learning task",
    "dataset": "ds002149",
    "modality": "bold",
    "run_id": 6,
    "subject_id": "023",
    "task_id": "condassoc"
  },
  "dummy_trs": 0,
  "dvars_nstd": 17.11539683020099,
  "dvars_std": 1.1670389820100502,
  "dvars_vstd": 0.9679530083919597,
  "efc": 0.40782775687505,
  "fber": 61640.02734375,
  "fd_mean": 0.07420742483896747,
  "fd_num": 0,
  "fd_perc": 0.0,
  "fwhm_avg": 3.298731101746396,
  "fwhm_x": 3.3257559999999997,
  "fwhm_y": 3.4580159999999998,
  "fwhm_z": 3.112421305239187,
  "gcor": 0.0200922,
  "gsr_x": -0.020012659952044487,
  "gsr_y": 0.01663634553551674,
  "provenance": {
    "md5sum": "81f8e02c477cab149ca80f02e0d47cc3",
    "settings": {
      "fd_thres": 0.2,
      "testing": false
    },
    "software": "mriqc",
    "version": "22.0.1",
    "webapi_port": null,
    "webapi_url": "https://mriqc.nimh.nih.gov/api/v1"
  },
  "size_t": 200,
  "size_x": 96,
  "size_y": 96,
  "size_z": 42,
  "snr": 3.490074443303458,
  "spacing_tr": 2.0,
  "spacing_x": 2.5,
  "spacing_y": 2.5,
  "spacing_z": 3.0001626014709473,
  "summary_bg_k": 30.540282811971295,
  "summary_bg_mad": 11.408624325906144,
  "summary_bg_mean": 63.175254821777344,
  "summary_bg_median": 8.21500015258789,
  "summary_bg_n": 276180.0,
  "summary_bg_p05": 0.10999999940395355,
  "summary_bg_p95": 341.7702392578124,
  "summary_bg_stdv": 186.24668884277344,
  "summary_fg_k": 1.1877457208709021,
  "summary_fg_mad": 470.2221702961172,
  "summary_fg_mean": 2124.767333984375,
  "summary_fg_median": 2014.969970703125,
  "summary_fg_n": 53537.0,
  "summary_fg_p05": 1361.36298828125,
  "summary_fg_p95": 3278.378955078125,
  "summary_fg_stdv": 577.3375854492188,
  "tsnr": 100.6321891117841
}