{
  "aor": 0.004221399999999999,
  "aqi": 0.0021837026750000004,
  "bids_meta": {
    "AcquisitionDateTime": "1800-01-01T14:28:08",
    "BodyPartExamined": "BRAIN",
    "ConversionSoftware": "dcm2nii",
    "ConversionSoftwareVersion": "6-2013",
    "EchoTime": 0.025,
    "FlipAngle": 75.0,
    "ImageType": "ORIGINAL_PRIMARY_EPI_NONE",
    "MagneticFieldStrength": 3.0,
    "Manufacturer": "GE MEDICAL SYSTEMS",
    "ProcedureStepDescription": "Mattfeld_WMAZE",
    "ProtocolName": "Mattfeld_WMAZE",
    "RepetitionTime": 2.0,
    "ScanningSequence": "EP_GR",
    "SequenceVariant": "S_S",
    "SliceTiming": [
      0.0,
      1.0,
      0.047619047619047616,
      1.0476190476190477,
      0.09523809523809523,
      1.0952380952380953,
      0.14285714285714285,
      1.1428571428571428,
      0.19047619047619047,
      1.1904761904761905,
      0.23809523809523808,
      1.2380952380952381,
      0.2857142857142857,
      1.2857142857142858,
      0.3333333333333333,
      1.3333333333333333,
      0.38095238095238093,
      1.380952380952381,
      0.42857142857142855,
      1.4285714285714286,
      0.47619047619047616,
      1.4761904761904763,
      0.5238095238095238,
      1.5238095238095237,
      0.5714285714285714,
      1.5714285714285714,
      0.6190476190476191,
      1.619047619047619,
      0.6666666666666666,
      1.6666666666666667,
      0.7142857142857143,
      1.7142857142857142,
      0.7619047619047619,
      1.7619047619047619,
      0.8095238095238095,
      1.8095238095238095,
      0.8571428571428571,
      1.8571428571428572,
      0.9047619047619048,
      1.9047619047619047,
      0.9523809523809523,
      1.9523809523809523
    ],
    "TaskName": "conditional visual associative learning task",
    "dataset": "ds002149",
    "modality": "bold",
    "run_id": 4,
    "subject_id": "023",
    "task_id": "condassoc"
  },
  "dummy_trs": 0,
  "dvars_nstd": 17.130598048844224,
  "dvars_std": 1.2331201329648245,
  "dvars_vstd": 1.025701431256281,
  "efc": 0.4062754397196192,
  "fber": 59178.79296875,
  "fd_mean": 0.07263467317861787,
  "fd_num": 1,
  "fd_perc": 0.5,
  "fwhm_avg": 3.3294931615454217,
  "fwhm_x": 3.3360080000000005,
  "fwhm_y": 3.48186,
  "fwhm_z": 3.170611484636265,
  "gcor": 0.0331039,
  "gsr_x": -0.02048937790095806,
  "gsr_y": 0.01521096657961607,
  "provenance": {
    "md5sum": "36b5e0d34b5cd5e893daa1ec42199631",
    "settings": {
      "fd_thres": 0.2,
      "testing": false
    },
    "software": "mriqc",
    "version": "22.0.1",
    "webapi_port": null,
    "webapi_url": "https://mriqc.nimh.nih.gov/api/v1"
  },
  "size_t": 200,
  "size_x": 96,
  "size_y": 96,
  "size_z": 42,
  "snr": 3.4904564109045015,
  "spacing_tr": 2.0,
  "spacing_x": 2.5,
  "spacing_y": 2.5,
  "spacing_z": 3.0001626014709473,
  "summary_bg_k": 31.02788572219768,
  "summary_bg_mad": 11.631014181484101,
  "summary_bg_mean": 63.444950103759766,
  "summary_bg_median": 8.40999984741211,
  "summary_bg_n": 277031.0,
  "summary_bg_p05": 0.14999999105930328,
  "summary_bg_p95": 341.86000061035156,
  "summary_bg_stdv": 187.18934631347656,
  "summary_fg_k": 1.208339416201638,
  "summary_fg_mad": 475.80418936659675,
  "summary_fg_mean": 2131.272216796875,
  "summary_fg_median": 2022.47998046875,
  "summary_fg_n": 52885.0,
  "summary_fg_p05": 1372.4169189453125,
  "summary_fg_p95": 3289.74599609375,
  "summary_fg_stdv": 579.4259033203125,
  "tsnr": 89.51254501193762
}