{
  "aor": 0.0008457499999999999,
  "aqi": 0.001831330265,
  "bids_meta": {
    "AcquisitionDateTime": "1800-01-01T14:04:03",
    "BodyPartExamined": "BRAIN",
    "ConversionSoftware": "dcm2nii",
    "ConversionSoftwareVersion": "6-2013",
    "EchoTime": 0.025,
    "FlipAngle": 75.0,
    "ImageType": "ORIGINAL_PRIMARY_EPI_NONE",
    "MagneticFieldStrength": 3.0,
    "Manufacturer": "GE MEDICAL SYSTEMS",
    "ProcedureStepDescription": "Mattfeld_WMAZE",
    "ProtocolName": "Mattfeld_WMAZE",
    "RepetitionTime": 2.0,
    "ScanningSequence": "EP_GR",
    "SequenceVariant": "S_S",
    "SliceTiming": [
      0.0,
      1.0,
      0.047619047619047616,
      1.0476190476190477,
      0.09523809523809523,
      1.0952380952380953,
      0.14285714285714285,
      1.1428571428571428,
      0.19047619047619047,
      1.1904761904761905,
      0.23809523809523808,
      1.2380952380952381,
      0.2857142857142857,
      1.2857142857142858,
      0.3333333333333333,
      1.3333333333333333,
      0.38095238095238093,
      1.380952380952381,
      0.42857142857142855,
      1.4285714285714286,
      0.47619047619047616,
      1.4761904761904763,
      0.5238095238095238,
      1.5238095238095237,
      0.5714285714285714,
      1.5714285714285714,
      0.6190476190476191,
      1.619047619047619,
      0.6666666666666666,
      1.6666666666666667,
      0.7142857142857143,
      1.7142857142857142,
      0.7619047619047619,
      1.7619047619047619,
      0.8095238095238095,
      1.8095238095238095,
      0.8571428571428571,
      1.8571428571428572,
      0.9047619047619048,
      1.9047619047619047,
      0.9523809523809523,
      1.9523809523809523
    ],
    "TaskName": "conditional visual associative learning task",
    "dataset": "ds002149",
    "modality": "bold",
    "run_id": 1,
    "subject_id": "023",
    "task_id": "condassoc"
  },
  "dummy_trs": 0,
  "dvars_nstd": 15.758020717286442,
  "dvars_std": 1.179578320552764,
  "dvars_vstd": 0.9730568066331656,
  "efc": 0.40498995995721476,
  "fber": 60111.08984375,
  "fd_mean": 0.04026826516198505,
  "fd_num": 0,
  "fd_perc": 0.0,
  "fwhm_avg": 3.3118983828694204,
  "fwhm_x": 3.3416400000000004,
  "fwhm_y": 3.478744,
  "fwhm_z": 3.115311148608259,
  "gcor": 0.0242269,
  "gsr_x": -0.019963297992944717,
  "gsr_y": 0.013936372473835945,
  "provenance": {
    "md5sum": "b26858f9f69410b8b733ff170f0c87b1",
    "settings": {
      "fd_thres": 0.2,
      "testing": false
    },
    "software": "mriqc",
    "version": "22.0.1",
    "webapi_port": null,
    "webapi_url": "https://mriqc.nimh.nih.gov/api/v1"
  },
  "size_t": 200,
  "size_x": 96,
  "size_y": 96,
  "size_z": 42,
  "snr": 3.517746855996157,
  "spacing_tr": 2.0,
  "spacing_x": 2.5,
  "spacing_y": 2.5,
  "spacing_z": 3.0001626014709473,
  "summary_bg_k": 30.610691417526795,
  "summary_bg_mad": 11.564296791797819,
  "summary_bg_mean": 63.02070617675781,
  "summary_bg_median": 8.359999656677246,
  "summary_bg_n": 277455.0,
  "summary_bg_p05": 0.14499999582767487,
  "summary_bg_p95": 337.1915039062499,
  "summary_bg_stdv": 186.24911499023438,
  "summary_fg_k": 1.1666076322333625,
  "summary_fg_mad": 475.6817552356374,
  "summary_fg_mean": 2130.0693359375,
  "summary_fg_median": 2026.3299560546875,
  "summary_fg_n": 52474.0,
  "summary_fg_p05": 1369.772442626953,
  "summary_fg_p95": 3273.9537353515616,
  "summary_fg_stdv": 576.025146484375,
  "tsnr": 99.2518921578303
}