{
  "aor": 0.00246145,
  "aqi": 0.001905239215,
  "bids_meta": {
    "AcquisitionDateTime": "1800-01-01T14:36:05",
    "BodyPartExamined": "BRAIN",
    "ConversionSoftware": "dcm2nii",
    "ConversionSoftwareVersion": "6-2013",
    "EchoTime": 0.025,
    "FlipAngle": 75.0,
    "ImageType": "ORIGINAL_PRIMARY_EPI_NONE",
    "MagneticFieldStrength": 3.0,
    "Manufacturer": "GE MEDICAL SYSTEMS",
    "ProcedureStepDescription": "Mattfeld_WMAZE",
    "ProtocolName": "Mattfeld_WMAZE",
    "RepetitionTime": 2.0,
    "ScanningSequence": "EP_GR",
    "SequenceVariant": "S_S",
    "SliceTiming": [
      0.0,
      1.0,
      0.047619047619047616,
      1.0476190476190477,
      0.09523809523809523,
      1.0952380952380953,
      0.14285714285714285,
      1.1428571428571428,
      0.19047619047619047,
      1.1904761904761905,
      0.23809523809523808,
      1.2380952380952381,
      0.2857142857142857,
      1.2857142857142858,
      0.3333333333333333,
      1.3333333333333333,
      0.38095238095238093,
      1.380952380952381,
      0.42857142857142855,
      1.4285714285714286,
      0.47619047619047616,
      1.4761904761904763,
      0.5238095238095238,
      1.5238095238095237,
      0.5714285714285714,
      1.5714285714285714,
      0.6190476190476191,
      1.619047619047619,
      0.6666666666666666,
      1.6666666666666667,
      0.7142857142857143,
      1.7142857142857142,
      0.7619047619047619,
      1.7619047619047619,
      0.8095238095238095,
      1.8095238095238095,
      0.8571428571428571,
      1.8571428571428572,
      0.9047619047619048,
      1.9047619047619047,
      0.9523809523809523,
      1.9523809523809523
    ],
    "TaskName": "conditional visual associative learning task",
    "dataset": "ds002149",
    "modality": "bold",
    "run_id": 5,
    "subject_id": "023",
    "task_id": "condassoc"
  },
  "dummy_trs": 0,
  "dvars_nstd": 15.783367770452251,
  "dvars_std": 1.1803792385427136,
  "dvars_vstd": 0.9935105094974873,
  "efc": 0.4058155729677559,
  "fber": 61117.53515625,
  "fd_mean": 0.056842624606027674,
  "fd_num": 0,
  "fd_perc": 0.0,
  "fwhm_avg": 3.3532480486154697,
  "fwhm_x": 3.377668,
  "fwhm_y": 3.523664,
  "fwhm_z": 3.158412145846409,
  "gcor": 0.0188103,
  "gsr_x": -0.01980128511786461,
  "gsr_y": 0.01680447906255722,
  "provenance": {
    "md5sum": "730a2baf9b03346e44b4f69161b23d7d",
    "settings": {
      "fd_thres": 0.2,
      "testing": false
    },
    "software": "mriqc",
    "version": "22.0.1",
    "webapi_port": null,
    "webapi_url": "https://mriqc.nimh.nih.gov/api/v1"
  },
  "size_t": 200,
  "size_x": 96,
  "size_y": 96,
  "size_z": 42,
  "snr": 3.4331042498075846,
  "spacing_tr": 2.0,
  "spacing_x": 2.5,
  "spacing_y": 2.5,
  "spacing_z": 3.0001626014709473,
  "summary_bg_k": 30.308780154689444,
  "summary_bg_mad": 11.453102703523639,
  "summary_bg_mean": 63.39738082885742,
  "summary_bg_median": 8.295000076293945,
  "summary_bg_n": 276788.0,
  "summary_bg_p05": 0.14499999582767487,
  "summary_bg_p95": 339.21073303222465,
  "summary_bg_stdv": 187.96273803710938,
  "summary_fg_k": 1.2746193478778034,
  "summary_fg_mad": 476.3601651985364,
  "summary_fg_mean": 2138.999755859375,
  "summary_fg_median": 2024.864990234375,
  "summary_fg_n": 53013.0,
  "summary_fg_p05": 1369.252001953125,
  "summary_fg_p95": 3321.8020019531245,
  "summary_fg_stdv": 589.80029296875,
  "tsnr": 94.68032364919782
}