{
  "aor": 0.00090245,
  "aqi": 0.00236929035,
  "bids_meta": {
    "AcquisitionDateTime": "1800-01-01T16:11:05",
    "BodyPartExamined": "BRAIN",
    "ConversionSoftware": "dcm2nii",
    "ConversionSoftwareVersion": "6-2013",
    "EchoTime": 0.025,
    "FlipAngle": 75.0,
    "ImageType": "ORIGINAL_PRIMARY_EPI_NONE",
    "MagneticFieldStrength": 3.0,
    "Manufacturer": "GE MEDICAL SYSTEMS",
    "ProcedureStepDescription": "Mattfeld_WMAZE",
    "ProtocolName": "Mattfeld_WMAZE",
    "RepetitionTime": 2.0,
    "ScanningSequence": "EP_GR",
    "SequenceVariant": "S_S",
    "SliceTiming": [
      0.0,
      1.0,
      0.047619047619047616,
      1.0476190476190477,
      0.09523809523809523,
      1.0952380952380953,
      0.14285714285714285,
      1.1428571428571428,
      0.19047619047619047,
      1.1904761904761905,
      0.23809523809523808,
      1.2380952380952381,
      0.2857142857142857,
      1.2857142857142858,
      0.3333333333333333,
      1.3333333333333333,
      0.38095238095238093,
      1.380952380952381,
      0.42857142857142855,
      1.4285714285714286,
      0.47619047619047616,
      1.4761904761904763,
      0.5238095238095238,
      1.5238095238095237,
      0.5714285714285714,
      1.5714285714285714,
      0.6190476190476191,
      1.619047619047619,
      0.6666666666666666,
      1.6666666666666667,
      0.7142857142857143,
      1.7142857142857142,
      0.7619047619047619,
      1.7619047619047619,
      0.8095238095238095,
      1.8095238095238095,
      0.8571428571428571,
      1.8571428571428572,
      0.9047619047619048,
      1.9047619047619047,
      0.9523809523809523,
      1.9523809523809523
    ],
    "TaskName": "conditional visual associative learning task",
    "dataset": "ds002149",
    "modality": "bold",
    "run_id": 4,
    "subject_id": "008",
    "task_id": "condassoc"
  },
  "dummy_trs": 0,
  "dvars_nstd": 17.867452189899502,
  "dvars_std": 1.1716063915577881,
  "dvars_vstd": 0.9682137365829143,
  "efc": 0.43699742396724184,
  "fber": 48761.328125,
  "fd_mean": 0.08461718332521322,
  "fd_num": 10,
  "fd_perc": 5.0,
  "fwhm_avg": 3.1637695736935445,
  "fwhm_x": 3.136936,
  "fwhm_y": 3.27342,
  "fwhm_z": 3.080952721080634,
  "gcor": 0.0244417,
  "gsr_x": -0.02847258187830448,
  "gsr_y": 0.023470796644687653,
  "provenance": {
    "md5sum": "f35c20b36a2e39b5e961cb8106b1730f",
    "settings": {
      "fd_thres": 0.2,
      "testing": false
    },
    "software": "mriqc",
    "version": "22.0.1",
    "webapi_port": null,
    "webapi_url": "https://mriqc.nimh.nih.gov/api/v1"
  },
  "size_t": 200,
  "size_x": 96,
  "size_y": 96,
  "size_z": 42,
  "snr": 3.7837858661453763,
  "spacing_tr": 2.0,
  "spacing_x": 2.5,
  "spacing_y": 2.5,
  "spacing_z": 2.999929189682007,
  "summary_bg_k": 28.702251114355857,
  "summary_bg_mad": 12.313011170183486,
  "summary_bg_mean": 71.11646270751953,
  "summary_bg_median": 8.824999809265137,
  "summary_bg_n": 268075.0,
  "summary_bg_p05": 0.125,
  "summary_bg_p95": 417.2629821777343,
  "summary_bg_stdv": 198.9610595703125,
  "summary_fg_k": 1.2052720852831333,
  "summary_fg_mad": 436.570701472191,
  "summary_fg_mean": 2039.6900634765625,
  "summary_fg_median": 1951.4649658203125,
  "summary_fg_n": 60216.0,
  "summary_fg_p05": 1369.0150146484375,
  "summary_fg_p95": 3042.3336181640625,
  "summary_fg_stdv": 515.73974609375,
  "tsnr": 90.06005868315697
}