{
  "aor": 0.0021904999999999997,
  "aqi": 0.00357643885,
  "bids_meta": {
    "AcquisitionDateTime": "1800-01-01T16:02:58",
    "BodyPartExamined": "BRAIN",
    "ConversionSoftware": "dcm2nii",
    "ConversionSoftwareVersion": "6-2013",
    "EchoTime": 0.025,
    "FlipAngle": 75.0,
    "ImageType": "ORIGINAL_PRIMARY_EPI_NONE",
    "MagneticFieldStrength": 3.0,
    "Manufacturer": "GE MEDICAL SYSTEMS",
    "ProcedureStepDescription": "Mattfeld_WMAZE",
    "ProtocolName": "Mattfeld_WMAZE",
    "RepetitionTime": 2.0,
    "ScanningSequence": "EP_GR",
    "SequenceVariant": "S_S",
    "SliceTiming": [
      0.0,
      1.0,
      0.047619047619047616,
      1.0476190476190477,
      0.09523809523809523,
      1.0952380952380953,
      0.14285714285714285,
      1.1428571428571428,
      0.19047619047619047,
      1.1904761904761905,
      0.23809523809523808,
      1.2380952380952381,
      0.2857142857142857,
      1.2857142857142858,
      0.3333333333333333,
      1.3333333333333333,
      0.38095238095238093,
      1.380952380952381,
      0.42857142857142855,
      1.4285714285714286,
      0.47619047619047616,
      1.4761904761904763,
      0.5238095238095238,
      1.5238095238095237,
      0.5714285714285714,
      1.5714285714285714,
      0.6190476190476191,
      1.619047619047619,
      0.6666666666666666,
      1.6666666666666667,
      0.7142857142857143,
      1.7142857142857142,
      0.7619047619047619,
      1.7619047619047619,
      0.8095238095238095,
      1.8095238095238095,
      0.8571428571428571,
      1.8571428571428572,
      0.9047619047619048,
      1.9047619047619047,
      0.9523809523809523,
      1.9523809523809523
    ],
    "TaskName": "conditional visual associative learning task",
    "dataset": "ds002149",
    "modality": "bold",
    "run_id": 3,
    "subject_id": "008",
    "task_id": "condassoc"
  },
  "dummy_trs": 0,
  "dvars_nstd": 18.728157100603006,
  "dvars_std": 1.1763399767336677,
  "dvars_vstd": 0.9840279000502509,
  "efc": 0.4366950245213787,
  "fber": 47844.421875,
  "fd_mean": 0.10926693263031084,
  "fd_num": 16,
  "fd_perc": 8.0,
  "fwhm_avg": 3.221453894232108,
  "fwhm_x": 3.150708,
  "fwhm_y": 3.363716,
  "fwhm_z": 3.1499376826963235,
  "gcor": 0.0302854,
  "gsr_x": -0.027164585888385773,
  "gsr_y": 0.02287214621901512,
  "provenance": {
    "md5sum": "4195fda5f3ba9ceee00d2bb981b25887",
    "settings": {
      "fd_thres": 0.2,
      "testing": false
    },
    "software": "mriqc",
    "version": "22.0.1",
    "webapi_port": null,
    "webapi_url": "https://mriqc.nimh.nih.gov/api/v1"
  },
  "size_t": 200,
  "size_x": 96,
  "size_y": 96,
  "size_z": 42,
  "snr": 3.7407718098360827,
  "spacing_tr": 2.0,
  "spacing_x": 2.5,
  "spacing_y": 2.5,
  "spacing_z": 2.999929189682007,
  "summary_bg_k": 33.735476626024166,
  "summary_bg_mad": 12.298185073767648,
  "summary_bg_mean": 68.0503158569336,
  "summary_bg_median": 8.864999771118164,
  "summary_bg_n": 267189.0,
  "summary_bg_p05": 0.1550000011920929,
  "summary_bg_p95": 395.25798339843504,
  "summary_bg_stdv": 192.1600799560547,
  "summary_fg_k": 1.255709817729449,
  "summary_fg_mad": 437.5899000065555,
  "summary_fg_mean": 2037.882568359375,
  "summary_fg_median": 1951.56494140625,
  "summary_fg_n": 60551.0,
  "summary_fg_p05": 1359.544921875,
  "summary_fg_p95": 3051.5899658203125,
  "summary_fg_stdv": 521.6968383789062,
  "tsnr": 75.57560190325603
}