{
  "aor": 0.0015799499999999999,
  "aqi": 0.0029097385500000002,
  "bids_meta": {
    "AcquisitionDateTime": "1800-01-01T15:46:35",
    "BodyPartExamined": "BRAIN",
    "ConversionSoftware": "dcm2nii",
    "ConversionSoftwareVersion": "6-2013",
    "EchoTime": 0.025,
    "FlipAngle": 75.0,
    "ImageType": "ORIGINAL_PRIMARY_EPI_NONE",
    "MagneticFieldStrength": 3.0,
    "Manufacturer": "GE MEDICAL SYSTEMS",
    "ProcedureStepDescription": "Mattfeld_WMAZE",
    "ProtocolName": "Mattfeld_WMAZE",
    "RepetitionTime": 2.0,
    "ScanningSequence": "EP_GR",
    "SequenceVariant": "S_S",
    "SliceTiming": [
      0.0,
      1.0,
      0.047619047619047616,
      1.0476190476190477,
      0.09523809523809523,
      1.0952380952380953,
      0.14285714285714285,
      1.1428571428571428,
      0.19047619047619047,
      1.1904761904761905,
      0.23809523809523808,
      1.2380952380952381,
      0.2857142857142857,
      1.2857142857142858,
      0.3333333333333333,
      1.3333333333333333,
      0.38095238095238093,
      1.380952380952381,
      0.42857142857142855,
      1.4285714285714286,
      0.47619047619047616,
      1.4761904761904763,
      0.5238095238095238,
      1.5238095238095237,
      0.5714285714285714,
      1.5714285714285714,
      0.6190476190476191,
      1.619047619047619,
      0.6666666666666666,
      1.6666666666666667,
      0.7142857142857143,
      1.7142857142857142,
      0.7619047619047619,
      1.7619047619047619,
      0.8095238095238095,
      1.8095238095238095,
      0.8571428571428571,
      1.8571428571428572,
      0.9047619047619048,
      1.9047619047619047,
      0.9523809523809523,
      1.9523809523809523
    ],
    "TaskName": "conditional visual associative learning task",
    "dataset": "ds002149",
    "modality": "bold",
    "run_id": 2,
    "subject_id": "008",
    "task_id": "condassoc"
  },
  "dummy_trs": 0,
  "dvars_nstd": 18.344794676080387,
  "dvars_std": 1.1649966106030145,
  "dvars_vstd": 0.9697308812060299,
  "efc": 0.43563597072832255,
  "fber": 50992.44921875,
  "fd_mean": 0.09114739937758155,
  "fd_num": 14,
  "fd_perc": 7.0,
  "fwhm_avg": 3.158924277504583,
  "fwhm_x": 3.10554,
  "fwhm_y": 3.3420479999999997,
  "fwhm_z": 3.02918483251375,
  "gcor": 0.0231623,
  "gsr_x": -0.027169441804289818,
  "gsr_y": 0.024754000827670097,
  "provenance": {
    "md5sum": "f98c45dc9aa706e6039709cf040160cb",
    "settings": {
      "fd_thres": 0.2,
      "testing": false
    },
    "software": "mriqc",
    "version": "22.0.1",
    "webapi_port": null,
    "webapi_url": "https://mriqc.nimh.nih.gov/api/v1"
  },
  "size_t": 200,
  "size_x": 96,
  "size_y": 96,
  "size_z": 42,
  "snr": 3.743983614472919,
  "spacing_tr": 2.0,
  "spacing_x": 2.5,
  "spacing_y": 2.5,
  "spacing_z": 2.999929189682007,
  "summary_bg_k": 31.731370197106862,
  "summary_bg_mad": 12.001665001220438,
  "summary_bg_mean": 69.93587493896484,
  "summary_bg_median": 8.625,
  "summary_bg_n": 268310.0,
  "summary_bg_p05": 0.14000000059604645,
  "summary_bg_p95": 410.39523620605405,
  "summary_bg_stdv": 196.19415283203125,
  "summary_fg_k": 1.1983594022209108,
  "summary_fg_mad": 440.1697943699341,
  "summary_fg_mean": 2046.7598876953125,
  "summary_fg_median": 1959.2650146484375,
  "summary_fg_n": 60215.0,
  "summary_fg_p05": 1365.5314453125,
  "summary_fg_p95": 3071.1204589843746,
  "summary_fg_stdv": 523.305908203125,
  "tsnr": 80.0564885432832
}