{
  "aor": 0.0013033499999999998,
  "aqi": 0.0029829909499999997,
  "bids_meta": {
    "AcquisitionDateTime": "1800-01-01T15:38:03",
    "BodyPartExamined": "BRAIN",
    "ConversionSoftware": "dcm2nii",
    "ConversionSoftwareVersion": "6-2013",
    "EchoTime": 0.025,
    "FlipAngle": 75.0,
    "ImageType": "ORIGINAL_PRIMARY_EPI_NONE",
    "MagneticFieldStrength": 3.0,
    "Manufacturer": "GE MEDICAL SYSTEMS",
    "ProcedureStepDescription": "Mattfeld_WMAZE",
    "ProtocolName": "Mattfeld_WMAZE",
    "RepetitionTime": 2.0,
    "ScanningSequence": "EP_GR",
    "SequenceVariant": "S_S",
    "SliceTiming": [
      0.0,
      1.0,
      0.047619047619047616,
      1.0476190476190477,
      0.09523809523809523,
      1.0952380952380953,
      0.14285714285714285,
      1.1428571428571428,
      0.19047619047619047,
      1.1904761904761905,
      0.23809523809523808,
      1.2380952380952381,
      0.2857142857142857,
      1.2857142857142858,
      0.3333333333333333,
      1.3333333333333333,
      0.38095238095238093,
      1.380952380952381,
      0.42857142857142855,
      1.4285714285714286,
      0.47619047619047616,
      1.4761904761904763,
      0.5238095238095238,
      1.5238095238095237,
      0.5714285714285714,
      1.5714285714285714,
      0.6190476190476191,
      1.619047619047619,
      0.6666666666666666,
      1.6666666666666667,
      0.7142857142857143,
      1.7142857142857142,
      0.7619047619047619,
      1.7619047619047619,
      0.8095238095238095,
      1.8095238095238095,
      0.8571428571428571,
      1.8571428571428572,
      0.9047619047619048,
      1.9047619047619047,
      0.9523809523809523,
      1.9523809523809523
    ],
    "TaskName": "conditional visual associative learning task",
    "dataset": "ds002149",
    "modality": "bold",
    "run_id": 1,
    "subject_id": "008",
    "task_id": "condassoc"
  },
  "dummy_trs": 0,
  "dvars_nstd": 18.237670673366818,
  "dvars_std": 1.1749523857286428,
  "dvars_vstd": 0.9717832964321604,
  "efc": 0.4353919162284943,
  "fber": 49381.5625,
  "fd_mean": 0.08477642662912183,
  "fd_num": 11,
  "fd_perc": 5.5,
  "fwhm_avg": 3.162384421642613,
  "fwhm_x": 3.081856,
  "fwhm_y": 3.329548,
  "fwhm_z": 3.075749264927839,
  "gcor": 0.0355764,
  "gsr_x": -0.02654537558555603,
  "gsr_y": 0.023640571162104607,
  "provenance": {
    "md5sum": "18e25939c3619459f23f86b73a0de32c",
    "settings": {
      "fd_thres": 0.2,
      "testing": false
    },
    "software": "mriqc",
    "version": "22.0.1",
    "webapi_port": null,
    "webapi_url": "https://mriqc.nimh.nih.gov/api/v1"
  },
  "size_t": 200,
  "size_x": 96,
  "size_y": 96,
  "size_z": 42,
  "snr": 3.797128375477111,
  "spacing_tr": 2.0,
  "spacing_x": 2.5,
  "spacing_y": 2.5,
  "spacing_z": 2.999929189682007,
  "summary_bg_k": 33.35403989393633,
  "summary_bg_mad": 12.261119435063149,
  "summary_bg_mean": 69.15059661865234,
  "summary_bg_median": 8.804999351501465,
  "summary_bg_n": 268284.0,
  "summary_bg_p05": 0.13499999046325684,
  "summary_bg_p95": 403.7112472534174,
  "summary_bg_stdv": 195.41233825683594,
  "summary_fg_k": 1.1682041559437284,
  "summary_fg_mad": 435.6998174541918,
  "summary_fg_mean": 2044.169189453125,
  "summary_fg_median": 1958.5400390625,
  "summary_fg_n": 60208.0,
  "summary_fg_p05": 1370.9024841308594,
  "summary_fg_p95": 3046.264221191406,
  "summary_fg_stdv": 515.790771484375,
  "tsnr": 81.72678912291303
}