{
  "aor": 0.0018429499999999999,
  "aqi": 0.0022061092,
  "bids_meta": {
    "AcquisitionDateTime": "1800-01-01T16:28:04",
    "BodyPartExamined": "BRAIN",
    "ConversionSoftware": "dcm2nii",
    "ConversionSoftwareVersion": "6-2013",
    "EchoTime": 0.025,
    "FlipAngle": 75.0,
    "ImageType": "ORIGINAL_PRIMARY_EPI_NONE",
    "MagneticFieldStrength": 3.0,
    "Manufacturer": "GE MEDICAL SYSTEMS",
    "ProcedureStepDescription": "Mattfeld_WMAZE",
    "ProtocolName": "Mattfeld_WMAZE",
    "RepetitionTime": 2.0,
    "ScanningSequence": "EP_GR",
    "SequenceVariant": "S_S",
    "SliceTiming": [
      0.0,
      1.0,
      0.047619047619047616,
      1.0476190476190477,
      0.09523809523809523,
      1.0952380952380953,
      0.14285714285714285,
      1.1428571428571428,
      0.19047619047619047,
      1.1904761904761905,
      0.23809523809523808,
      1.2380952380952381,
      0.2857142857142857,
      1.2857142857142858,
      0.3333333333333333,
      1.3333333333333333,
      0.38095238095238093,
      1.380952380952381,
      0.42857142857142855,
      1.4285714285714286,
      0.47619047619047616,
      1.4761904761904763,
      0.5238095238095238,
      1.5238095238095237,
      0.5714285714285714,
      1.5714285714285714,
      0.6190476190476191,
      1.619047619047619,
      0.6666666666666666,
      1.6666666666666667,
      0.7142857142857143,
      1.7142857142857142,
      0.7619047619047619,
      1.7619047619047619,
      0.8095238095238095,
      1.8095238095238095,
      0.8571428571428571,
      1.8571428571428572,
      0.9047619047619048,
      1.9047619047619047,
      0.9523809523809523,
      1.9523809523809523
    ],
    "TaskName": "conditional visual associative learning task",
    "dataset": "ds002149",
    "modality": "bold",
    "run_id": 6,
    "subject_id": "008",
    "task_id": "condassoc"
  },
  "dummy_trs": 0,
  "dvars_nstd": 17.433135579296486,
  "dvars_std": 1.1922832491457287,
  "dvars_vstd": 0.9990795562814071,
  "efc": 0.43599067628105964,
  "fber": 46938.21875,
  "fd_mean": 0.08235394204305346,
  "fd_num": 7,
  "fd_perc": 3.5,
  "fwhm_avg": 3.227712670267667,
  "fwhm_x": 3.186168,
  "fwhm_y": 3.361376,
  "fwhm_z": 3.135594010803001,
  "gcor": 0.0346485,
  "gsr_x": -0.028079502284526825,
  "gsr_y": 0.024596333503723145,
  "provenance": {
    "md5sum": "6c8c83f8a795bc4be39bee531ec37617",
    "settings": {
      "fd_thres": 0.2,
      "testing": false
    },
    "software": "mriqc",
    "version": "22.0.1",
    "webapi_port": null,
    "webapi_url": "https://mriqc.nimh.nih.gov/api/v1"
  },
  "size_t": 200,
  "size_x": 96,
  "size_y": 96,
  "size_z": 42,
  "snr": 3.661660837768526,
  "spacing_tr": 2.0,
  "spacing_x": 2.5,
  "spacing_y": 2.5,
  "spacing_z": 2.999929189682007,
  "summary_bg_k": 30.07149447724977,
  "summary_bg_mad": 12.505750158479444,
  "summary_bg_mean": 71.15040588378906,
  "summary_bg_median": 8.970000267028809,
  "summary_bg_n": 268229.0,
  "summary_bg_p05": 0.12999999523162842,
  "summary_bg_p95": 416.6959899902341,
  "summary_bg_stdv": 198.52537536621094,
  "summary_fg_k": 1.399098601195866,
  "summary_fg_mad": 440.2660766429132,
  "summary_fg_mean": 2043.8126220703125,
  "summary_fg_median": 1950.3099365234375,
  "summary_fg_n": 59942.0,
  "summary_fg_p05": 1360.0852111816407,
  "summary_fg_p95": 3089.159777832031,
  "summary_fg_stdv": 532.6254272460938,
  "tsnr": 91.62933802418411
}