{
  "bids_meta": {
    "AcquisitionDateTime": "1800-01-01T13:48:17",
    "BodyPartExamined": "BRAIN",
    "ConversionSoftware": "dcm2nii",
    "ConversionSoftwareVersion": "6-2013",
    "EchoTime": 0.00368,
    "FlipAngle": 12.0,
    "ImageType": "ORIGINAL_PRIMARY_OTHER",
    "InversionTime": 0.65,
    "MagneticFieldStrength": 3.0,
    "Manufacturer": "GE MEDICAL SYSTEMS",
    "ProcedureStepDescription": "Mattfeld_WMAZE",
    "ProtocolName": "Mattfeld_WMAZE",
    "RepetitionTime": 0.009184,
    "ScanningSequence": "G_R",
    "SequenceVariant": "SS_SK",
    "dataset": "ds002149",
    "modality": "T1w",
    "run_id": 1,
    "subject_id": "020"
  },
  "cjv": 0.4052432904529358,
  "cnr": 3.3079117001787663,
  "efc": 0.4908862840921505,
  "fber": 7724.152810791988,
  "fwhm_avg": 3.81566,
  "fwhm_x": 3.85086,
  "fwhm_y": 3.98562,
  "fwhm_z": 3.6105,
  "icvs_csf": 0.22089699614271358,
  "icvs_gm": 0.3854597777340589,
  "icvs_wm": 0.39364322612322755,
  "inu_med": 0.8188497424125671,
  "inu_range": 0.331236869096756,
  "provenance": {
    "md5sum": "0a60ee7e5812a416782fa056cd5a45dd",
    "settings": {
      "testing": false
    },
    "software": "mriqc",
    "version": "22.0.1",
    "warnings": {
      "large_rot_frame": true,
      "small_air_mask": false
    },
    "webapi_port": null,
    "webapi_url": "https://mriqc.nimh.nih.gov/api/v1"
  },
  "qi_1": 0.0017523631475214914,
  "qi_2": 0.000986904761918107,
  "rpve_csf": 27.094086802590937,
  "rpve_gm": 14.561687670462737,
  "rpve_wm": 16.612521036595428,
  "size_x": 186,
  "size_y": 256,
  "size_z": 256,
  "snr_csf": 3.543337493505451,
  "snr_gm": 16.744062554416516,
  "snr_total": 12.796630357868608,
  "snr_wm": 18.10249102568386,
  "snrd_csf": 30.37330433022226,
  "snrd_gm": 73.05181682009206,
  "snrd_total": 66.50847379455047,
  "snrd_wm": 96.1003002333371,
  "spacing_x": 1.0,
  "spacing_y": 1.0,
  "spacing_z": 1.0,
  "summary_bg_k": 10.171684030570908,
  "summary_bg_mad": 6.817432696538915,
  "summary_bg_mean": 8.486866423650211,
  "summary_bg_median": 4.598288476467133,
  "summary_bg_n": 3060712.0,
  "summary_bg_p05": 0.0,
  "summary_bg_p95": 34.10397286713123,
  "summary_bg_stdv": 12.01595523969168,
  "summary_csf_k": 2.576947893775552,
  "summary_csf_mad": 57.42740181181739,
  "summary_csf_mean": 316.3276656747091,
  "summary_csf_median": 316.06846763938665,
  "summary_csf_n": 51245.0,
  "summary_csf_p05": 159.66918083354832,
  "summary_csf_p95": 462.7027779445052,
  "summary_csf_stdv": 89.1999094943625,
  "summary_gm_k": 0.45435540984159273,
  "summary_gm_mad": 42.23020809244939,
  "summary_gm_mean": 756.5189671572169,
  "summary_gm_median": 760.1864963248372,
  "summary_gm_n": 17913.0,
  "summary_gm_p05": 676.8361311770975,
  "summary_gm_p95": 825.6674015320834,
  "summary_gm_stdv": 45.39909443773843,
  "summary_wm_k": 0.4495580561628092,
  "summary_wm_mad": 54.965551115845,
  "summary_wm_mean": 1005.3472656111942,
  "summary_wm_median": 1000.0319459550083,
  "summary_wm_n": 170323.0,
  "summary_wm_p05": 925.8526117131114,
  "summary_wm_p95": 1105.5371204428375,
  "summary_wm_stdv": 55.242618755575805,
  "tpm_overlap_csf": 0.15282395587237896,
  "tpm_overlap_gm": 0.4319355796622188,
  "tpm_overlap_wm": 0.45711677490024555,
  "wm2max": 0.6883718742378899
}