{
  "aor": 0.00562845,
  "aqi": 0.00199084324,
  "bids_meta": {
    "AcquisitionDateTime": "1800-01-01T17:52:15",
    "BodyPartExamined": "BRAIN",
    "ConversionSoftware": "dcm2nii",
    "ConversionSoftwareVersion": "6-2013",
    "EchoTime": 0.025,
    "FlipAngle": 75.0,
    "ImageType": "ORIGINAL_PRIMARY_EPI_NONE",
    "MagneticFieldStrength": 3.0,
    "Manufacturer": "GE MEDICAL SYSTEMS",
    "ProcedureStepDescription": "Mattfeld_WMAZE",
    "ProtocolName": "Mattfeld_WMAZE",
    "RepetitionTime": 2.0,
    "ScanningSequence": "EP_GR",
    "SequenceVariant": "S_S",
    "SliceTiming": [
      0.0,
      1.0,
      0.047619047619047616,
      1.0476190476190477,
      0.09523809523809523,
      1.0952380952380953,
      0.14285714285714285,
      1.1428571428571428,
      0.19047619047619047,
      1.1904761904761905,
      0.23809523809523808,
      1.2380952380952381,
      0.2857142857142857,
      1.2857142857142858,
      0.3333333333333333,
      1.3333333333333333,
      0.38095238095238093,
      1.380952380952381,
      0.42857142857142855,
      1.4285714285714286,
      0.47619047619047616,
      1.4761904761904763,
      0.5238095238095238,
      1.5238095238095237,
      0.5714285714285714,
      1.5714285714285714,
      0.6190476190476191,
      1.619047619047619,
      0.6666666666666666,
      1.6666666666666667,
      0.7142857142857143,
      1.7142857142857142,
      0.7619047619047619,
      1.7619047619047619,
      0.8095238095238095,
      1.8095238095238095,
      0.8571428571428571,
      1.8571428571428572,
      0.9047619047619048,
      1.9047619047619047,
      0.9523809523809523,
      1.9523809523809523
    ],
    "TaskName": "conditional visual associative learning task",
    "dataset": "ds002149",
    "modality": "bold",
    "run_id": 3,
    "subject_id": "002",
    "task_id": "condassoc"
  },
  "dummy_trs": 0,
  "dvars_nstd": 18.608534592412067,
  "dvars_std": 1.1820164532160806,
  "dvars_vstd": 1.0358568796984913,
  "efc": 0.4719496150471159,
  "fber": 59689.6640625,
  "fd_mean": 0.11238843348313714,
  "fd_num": 22,
  "fd_perc": 11.0,
  "fwhm_avg": 3.4620492625791814,
  "fwhm_x": 3.33424,
  "fwhm_y": 3.6787,
  "fwhm_z": 3.373207787737544,
  "gcor": 0.0558536,
  "gsr_x": -0.01423534844070673,
  "gsr_y": 0.024931836873292923,
  "provenance": {
    "md5sum": "f2e7bf28f8ccc6ee987347f62ae1e8db",
    "settings": {
      "fd_thres": 0.2,
      "testing": false
    },
    "software": "mriqc",
    "version": "22.0.1",
    "webapi_port": null,
    "webapi_url": "https://mriqc.nimh.nih.gov/api/v1"
  },
  "size_t": 200,
  "size_x": 96,
  "size_y": 96,
  "size_z": 42,
  "snr": 3.1791019385477903,
  "spacing_tr": 2.0,
  "spacing_x": 2.5,
  "spacing_y": 2.5,
  "spacing_z": 3.000170946121216,
  "summary_bg_k": 24.502470178827988,
  "summary_bg_mad": 11.593949382294399,
  "summary_bg_mean": 78.57596588134766,
  "summary_bg_median": 8.25,
  "summary_bg_n": 250190.0,
  "summary_bg_p05": 0.10499999672174454,
  "summary_bg_p95": 517.0459838867185,
  "summary_bg_stdv": 216.68948364257812,
  "summary_fg_k": 0.973909886552053,
  "summary_fg_mad": 541.0459262494883,
  "summary_fg_mean": 2151.624267578125,
  "summary_fg_median": 2025.9349365234375,
  "summary_fg_n": 75489.0,
  "summary_fg_p05": 1349.120947265625,
  "summary_fg_p95": 3410.6370117187494,
  "summary_fg_stdv": 637.26220703125,
  "tsnr": 84.85203419532627
}