{
  "aor": 0.0005713500000000001,
  "aqi": 0.0019629274000000003,
  "bids_meta": {
    "AcquisitionDateTime": "1800-01-01T16:27:16",
    "BodyPartExamined": "BRAIN",
    "ConversionSoftware": "dcm2nii",
    "ConversionSoftwareVersion": "6-2013",
    "EchoTime": 0.025,
    "FlipAngle": 75.0,
    "ImageType": "ORIGINAL_PRIMARY_EPI_NONE",
    "MagneticFieldStrength": 3.0,
    "Manufacturer": "GE MEDICAL SYSTEMS",
    "ProcedureStepDescription": "Mattfeld_WMAZE",
    "ProtocolName": "Mattfeld_WMAZE",
    "RepetitionTime": 2.0,
    "ScanningSequence": "EP_GR",
    "SequenceVariant": "S_S",
    "SliceTiming": [
      0.0,
      1.0,
      0.047619047619047616,
      1.0476190476190477,
      0.09523809523809523,
      1.0952380952380953,
      0.14285714285714285,
      1.1428571428571428,
      0.19047619047619047,
      1.1904761904761905,
      0.23809523809523808,
      1.2380952380952381,
      0.2857142857142857,
      1.2857142857142858,
      0.3333333333333333,
      1.3333333333333333,
      0.38095238095238093,
      1.380952380952381,
      0.42857142857142855,
      1.4285714285714286,
      0.47619047619047616,
      1.4761904761904763,
      0.5238095238095238,
      1.5238095238095237,
      0.5714285714285714,
      1.5714285714285714,
      0.6190476190476191,
      1.619047619047619,
      0.6666666666666666,
      1.6666666666666667,
      0.7142857142857143,
      1.7142857142857142,
      0.7619047619047619,
      1.7619047619047619,
      0.8095238095238095,
      1.8095238095238095,
      0.8571428571428571,
      1.8571428571428572,
      0.9047619047619048,
      1.9047619047619047,
      0.9523809523809523,
      1.9523809523809523
    ],
    "TaskName": "conditional visual associative learning task",
    "dataset": "ds002149",
    "modality": "bold",
    "run_id": 2,
    "subject_id": "022",
    "task_id": "condassoc"
  },
  "dummy_trs": 0,
  "dvars_nstd": 15.436950674371865,
  "dvars_std": 1.106894298994975,
  "dvars_vstd": 0.9647609524623119,
  "efc": 0.41425421021225406,
  "fber": 56507.9140625,
  "fd_mean": 0.054096471937098906,
  "fd_num": 2,
  "fd_perc": 1.0,
  "fwhm_avg": 3.1571137106104117,
  "fwhm_x": 3.041128,
  "fwhm_y": 3.379972,
  "fwhm_z": 3.050241131831235,
  "gcor": 0.019873,
  "gsr_x": -0.02946048229932785,
  "gsr_y": 0.022240566089749336,
  "provenance": {
    "md5sum": "5c519cc08eb5e2813f2664d04c54a474",
    "settings": {
      "fd_thres": 0.2,
      "testing": false
    },
    "software": "mriqc",
    "version": "22.0.1",
    "webapi_port": null,
    "webapi_url": "https://mriqc.nimh.nih.gov/api/v1"
  },
  "size_t": 200,
  "size_x": 96,
  "size_y": 96,
  "size_z": 42,
  "snr": 3.8564570655157775,
  "spacing_tr": 2.0,
  "spacing_x": 2.5,
  "spacing_y": 2.5,
  "spacing_z": 2.9996349811553955,
  "summary_bg_k": 42.19871531695081,
  "summary_bg_mad": 11.230710859621164,
  "summary_bg_mean": 62.33649826049805,
  "summary_bg_median": 8.054999351501465,
  "summary_bg_n": 275881.0,
  "summary_bg_p05": 0.08500000089406967,
  "summary_bg_p95": 340.1349792480469,
  "summary_bg_stdv": 174.30886840820312,
  "summary_fg_k": 1.3846665634416295,
  "summary_fg_mad": 409.4243489618458,
  "summary_fg_mean": 1989.7562255859375,
  "summary_fg_median": 1920.242431640625,
  "summary_fg_n": 53060.0,
  "summary_fg_p05": 1299.4386901855469,
  "summary_fg_p95": 2917.300793457031,
  "summary_fg_stdv": 497.9244689941406,
  "tsnr": 94.62539889849722
}