{
  "aor": 0.0007689447236180904,
  "aqi": 0.0018222125577889443,
  "bids_meta": {
    "AcquisitionDateTime": "1800-01-01T16:35:11",
    "BodyPartExamined": "BRAIN",
    "ConversionSoftware": "dcm2nii",
    "ConversionSoftwareVersion": "6-2013",
    "EchoTime": 0.025,
    "FlipAngle": 75.0,
    "ImageType": "ORIGINAL_PRIMARY_EPI_NONE",
    "MagneticFieldStrength": 3.0,
    "Manufacturer": "GE MEDICAL SYSTEMS",
    "ProcedureStepDescription": "Mattfeld_WMAZE",
    "ProtocolName": "Mattfeld_WMAZE",
    "RepetitionTime": 2.0,
    "ScanningSequence": "EP_GR",
    "SequenceVariant": "S_S",
    "SliceTiming": [
      0.0,
      1.0,
      0.047619047619047616,
      1.0476190476190477,
      0.09523809523809523,
      1.0952380952380953,
      0.14285714285714285,
      1.1428571428571428,
      0.19047619047619047,
      1.1904761904761905,
      0.23809523809523808,
      1.2380952380952381,
      0.2857142857142857,
      1.2857142857142858,
      0.3333333333333333,
      1.3333333333333333,
      0.38095238095238093,
      1.380952380952381,
      0.42857142857142855,
      1.4285714285714286,
      0.47619047619047616,
      1.4761904761904763,
      0.5238095238095238,
      1.5238095238095237,
      0.5714285714285714,
      1.5714285714285714,
      0.6190476190476191,
      1.619047619047619,
      0.6666666666666666,
      1.6666666666666667,
      0.7142857142857143,
      1.7142857142857142,
      0.7619047619047619,
      1.7619047619047619,
      0.8095238095238095,
      1.8095238095238095,
      0.8571428571428571,
      1.8571428571428572,
      0.9047619047619048,
      1.9047619047619047,
      0.9523809523809523,
      1.9523809523809523
    ],
    "TaskName": "conditional visual associative learning task",
    "dataset": "ds002149",
    "modality": "bold",
    "run_id": 3,
    "subject_id": "022",
    "task_id": "condassoc"
  },
  "dummy_trs": 1,
  "dvars_nstd": 15.557620939393923,
  "dvars_std": 1.1288793835858597,
  "dvars_vstd": 0.988236552525252,
  "efc": 0.41478349311528073,
  "fber": 54842.77734375,
  "fd_mean": 0.057743115448170096,
  "fd_num": 0,
  "fd_perc": 0.0,
  "fwhm_avg": 3.1403827409549607,
  "fwhm_x": 3.0352799999999998,
  "fwhm_y": 3.354056,
  "fwhm_z": 3.0318122228648825,
  "gcor": 0.0261701,
  "gsr_x": -0.029571209102869034,
  "gsr_y": 0.022424085065722466,
  "provenance": {
    "md5sum": "0d36ddb4e05aeffe8018d986c4ea4b05",
    "settings": {
      "fd_thres": 0.2,
      "testing": false
    },
    "software": "mriqc",
    "version": "22.0.1",
    "webapi_port": null,
    "webapi_url": "https://mriqc.nimh.nih.gov/api/v1"
  },
  "size_t": 199,
  "size_x": 96,
  "size_y": 96,
  "size_z": 42,
  "snr": 3.8533701629558212,
  "spacing_tr": 2.0,
  "spacing_x": 2.5,
  "spacing_y": 2.5,
  "spacing_z": 2.9996349811553955,
  "summary_bg_k": 40.814474463411884,
  "summary_bg_mad": 11.44360332849149,
  "summary_bg_mean": 63.1284065246582,
  "summary_bg_median": 8.195980072021484,
  "summary_bg_n": 275913.0,
  "summary_bg_p05": 0.08542713522911072,
  "summary_bg_p95": 346.41105957031243,
  "summary_bg_stdv": 175.9755859375,
  "summary_fg_k": 1.4077956255233541,
  "summary_fg_mad": 408.2221779124777,
  "summary_fg_mean": 1990.1103515625,
  "summary_fg_median": 1921.4722900390625,
  "summary_fg_n": 53101.0,
  "summary_fg_p05": 1297.251220703125,
  "summary_fg_p95": 2922.09033203125,
  "summary_fg_stdv": 498.64251708984375,
  "tsnr": 100.40686636604369
}