{
  "aor": 0.0013404000000000003,
  "aqi": 0.0024138745,
  "bids_meta": {
    "AcquisitionDateTime": "1800-01-01T16:43:03",
    "BodyPartExamined": "BRAIN",
    "ConversionSoftware": "dcm2nii",
    "ConversionSoftwareVersion": "6-2013",
    "EchoTime": 0.025,
    "FlipAngle": 75.0,
    "ImageType": "ORIGINAL_PRIMARY_EPI_NONE",
    "MagneticFieldStrength": 3.0,
    "Manufacturer": "GE MEDICAL SYSTEMS",
    "ProcedureStepDescription": "Mattfeld_WMAZE",
    "ProtocolName": "Mattfeld_WMAZE",
    "RepetitionTime": 2.0,
    "ScanningSequence": "EP_GR",
    "SequenceVariant": "S_S",
    "SliceTiming": [
      0.0,
      1.0,
      0.047619047619047616,
      1.0476190476190477,
      0.09523809523809523,
      1.0952380952380953,
      0.14285714285714285,
      1.1428571428571428,
      0.19047619047619047,
      1.1904761904761905,
      0.23809523809523808,
      1.2380952380952381,
      0.2857142857142857,
      1.2857142857142858,
      0.3333333333333333,
      1.3333333333333333,
      0.38095238095238093,
      1.380952380952381,
      0.42857142857142855,
      1.4285714285714286,
      0.47619047619047616,
      1.4761904761904763,
      0.5238095238095238,
      1.5238095238095237,
      0.5714285714285714,
      1.5714285714285714,
      0.6190476190476191,
      1.619047619047619,
      0.6666666666666666,
      1.6666666666666667,
      0.7142857142857143,
      1.7142857142857142,
      0.7619047619047619,
      1.7619047619047619,
      0.8095238095238095,
      1.8095238095238095,
      0.8571428571428571,
      1.8571428571428572,
      0.9047619047619048,
      1.9047619047619047,
      0.9523809523809523,
      1.9523809523809523
    ],
    "TaskName": "conditional visual associative learning task",
    "dataset": "ds002149",
    "modality": "bold",
    "run_id": 4,
    "subject_id": "022",
    "task_id": "condassoc"
  },
  "dummy_trs": 0,
  "dvars_nstd": 16.132346934170855,
  "dvars_std": 1.1155113958291454,
  "dvars_vstd": 0.9738978902512562,
  "efc": 0.41420934590717445,
  "fber": 55434.93359375,
  "fd_mean": 0.07370117051739156,
  "fd_num": 1,
  "fd_perc": 0.5,
  "fwhm_avg": 3.1706417789515045,
  "fwhm_x": 3.0655919999999997,
  "fwhm_y": 3.388928,
  "fwhm_z": 3.057405336854515,
  "gcor": 0.0269056,
  "gsr_x": -0.029304098337888718,
  "gsr_y": 0.021776707842946053,
  "provenance": {
    "md5sum": "749180ee2a2ab00f43475fe0809bcd71",
    "settings": {
      "fd_thres": 0.2,
      "testing": false
    },
    "software": "mriqc",
    "version": "22.0.1",
    "webapi_port": null,
    "webapi_url": "https://mriqc.nimh.nih.gov/api/v1"
  },
  "size_t": 200,
  "size_x": 96,
  "size_y": 96,
  "size_z": 42,
  "snr": 3.798719274368496,
  "spacing_tr": 2.0,
  "spacing_x": 2.5,
  "spacing_y": 2.5,
  "spacing_z": 2.9996349811553955,
  "summary_bg_k": 41.54169682091185,
  "summary_bg_mad": 11.386385358022345,
  "summary_bg_mean": 63.65647888183594,
  "summary_bg_median": 8.175000190734863,
  "summary_bg_n": 276089.0,
  "summary_bg_p05": 0.09999999403953552,
  "summary_bg_p95": 347.0739929199215,
  "summary_bg_stdv": 178.2688751220703,
  "summary_fg_k": 1.480300906728523,
  "summary_fg_mad": 411.34809411340893,
  "summary_fg_mean": 1999.245849609375,
  "summary_fg_median": 1927.97998046875,
  "summary_fg_n": 52983.0,
  "summary_fg_p05": 1300.6874389648438,
  "summary_fg_p95": 2941.9434570312496,
  "summary_fg_stdv": 507.5294189453125,
  "tsnr": 89.85548341367394
}