{
  "aor": 0.00498,
  "aqi": 0.00333958535,
  "bids_meta": {
    "AcquisitionDateTime": "2015-11-12T18:06:13",
    "BodyPartExamined": "BRAIN",
    "ConversionSoftware": "dcm2nii",
    "ConversionSoftwareVersion": "6-2013",
    "EchoTime": 0.025,
    "FlipAngle": 75.0,
    "ImageType": "ORIGINAL_PRIMARY_EPI_NONE",
    "MagneticFieldStrength": 3.0,
    "Manufacturer": "GE MEDICAL SYSTEMS",
    "ProcedureStepDescription": "Mattfeld_WMAZE",
    "ProtocolName": "Mattfeld_WMAZE",
    "RepetitionTime": 2.0,
    "ScanningSequence": "EP_GR",
    "SequenceVariant": "S_S",
    "SliceTiming": [
      0.0,
      1.0,
      0.047619047619047616,
      1.0476190476190477,
      0.09523809523809523,
      1.0952380952380953,
      0.14285714285714285,
      1.1428571428571428,
      0.19047619047619047,
      1.1904761904761905,
      0.23809523809523808,
      1.2380952380952381,
      0.2857142857142857,
      1.2857142857142858,
      0.3333333333333333,
      1.3333333333333333,
      0.38095238095238093,
      1.380952380952381,
      0.42857142857142855,
      1.4285714285714286,
      0.47619047619047616,
      1.4761904761904763,
      0.5238095238095238,
      1.5238095238095237,
      0.5714285714285714,
      1.5714285714285714,
      0.6190476190476191,
      1.619047619047619,
      0.6666666666666666,
      1.6666666666666667,
      0.7142857142857143,
      1.7142857142857142,
      0.7619047619047619,
      1.7619047619047619,
      0.8095238095238095,
      1.8095238095238095,
      0.8571428571428571,
      1.8571428571428572,
      0.9047619047619048,
      1.9047619047619047,
      0.9523809523809523,
      1.9523809523809523
    ],
    "TaskName": "conditional visual associative learning task",
    "dataset": "ds002149",
    "modality": "bold",
    "run_id": 4,
    "subject_id": "027",
    "task_id": "condassoc"
  },
  "dummy_trs": 0,
  "dvars_nstd": 21.962235632964827,
  "dvars_std": 1.1697206019095479,
  "dvars_vstd": 1.0069209506030155,
  "efc": 0.4397034338951049,
  "fber": 48876.50390625,
  "fd_mean": 0.15069347549995263,
  "fd_num": 38,
  "fd_perc": 19.0,
  "fwhm_avg": 3.1122518617131636,
  "fwhm_x": 3.126548,
  "fwhm_y": 3.2233400000000003,
  "fwhm_z": 2.9868675851394912,
  "gcor": 0.0589826,
  "gsr_x": -0.01806763745844364,
  "gsr_y": 0.016526363790035248,
  "provenance": {
    "md5sum": "96016563d84b2ab26c91847a315b965a",
    "settings": {
      "fd_thres": 0.2,
      "testing": false
    },
    "software": "mriqc",
    "version": "22.0.1",
    "webapi_port": null,
    "webapi_url": "https://mriqc.nimh.nih.gov/api/v1"
  },
  "size_t": 200,
  "size_x": 96,
  "size_y": 96,
  "size_z": 42,
  "snr": 3.840132646096918,
  "spacing_tr": 2.0,
  "spacing_x": 2.5,
  "spacing_y": 2.5,
  "spacing_z": 3.0001463890075684,
  "summary_bg_k": 26.26510473599512,
  "summary_bg_mad": 12.609531949690524,
  "summary_bg_mean": 73.05523681640625,
  "summary_bg_median": 8.960000038146973,
  "summary_bg_n": 267293.0,
  "summary_bg_p05": 0.07000000029802322,
  "summary_bg_p95": 423.3450012207031,
  "summary_bg_stdv": 195.40647888183594,
  "summary_fg_k": 1.88940807966698,
  "summary_fg_mad": 417.11525747948554,
  "summary_fg_mean": 2045.0267333984375,
  "summary_fg_median": 1951.5673828125,
  "summary_fg_n": 61788.0,
  "summary_fg_p05": 1394.6684204101562,
  "summary_fg_p95": 3018.946447753905,
  "summary_fg_stdv": 508.1990051269531,
  "tsnr": 74.17801227420568
}