{
  "aor": 0.0084134,
  "aqi": 0.0027962322500000004,
  "bids_meta": {
    "AcquisitionDateTime": "2015-11-12T18:14:18",
    "BodyPartExamined": "BRAIN",
    "ConversionSoftware": "dcm2nii",
    "ConversionSoftwareVersion": "6-2013",
    "EchoTime": 0.025,
    "FlipAngle": 75.0,
    "ImageType": "ORIGINAL_PRIMARY_EPI_NONE",
    "MagneticFieldStrength": 3.0,
    "Manufacturer": "GE MEDICAL SYSTEMS",
    "ProcedureStepDescription": "Mattfeld_WMAZE",
    "ProtocolName": "Mattfeld_WMAZE",
    "RepetitionTime": 2.0,
    "ScanningSequence": "EP_GR",
    "SequenceVariant": "S_S",
    "SliceTiming": [
      0.0,
      1.0,
      0.047619047619047616,
      1.0476190476190477,
      0.09523809523809523,
      1.0952380952380953,
      0.14285714285714285,
      1.1428571428571428,
      0.19047619047619047,
      1.1904761904761905,
      0.23809523809523808,
      1.2380952380952381,
      0.2857142857142857,
      1.2857142857142858,
      0.3333333333333333,
      1.3333333333333333,
      0.38095238095238093,
      1.380952380952381,
      0.42857142857142855,
      1.4285714285714286,
      0.47619047619047616,
      1.4761904761904763,
      0.5238095238095238,
      1.5238095238095237,
      0.5714285714285714,
      1.5714285714285714,
      0.6190476190476191,
      1.619047619047619,
      0.6666666666666666,
      1.6666666666666667,
      0.7142857142857143,
      1.7142857142857142,
      0.7619047619047619,
      1.7619047619047619,
      0.8095238095238095,
      1.8095238095238095,
      0.8571428571428571,
      1.8571428571428572,
      0.9047619047619048,
      1.9047619047619047,
      0.9523809523809523,
      1.9523809523809523
    ],
    "TaskName": "conditional visual associative learning task",
    "dataset": "ds002149",
    "modality": "bold",
    "run_id": 5,
    "subject_id": "027",
    "task_id": "condassoc"
  },
  "dummy_trs": 0,
  "dvars_nstd": 20.86626583869347,
  "dvars_std": 1.187159415829146,
  "dvars_vstd": 1.0326507022613067,
  "efc": 0.4426786296534458,
  "fber": 51350.75,
  "fd_mean": 0.12497921784166777,
  "fd_num": 33,
  "fd_perc": 16.5,
  "fwhm_avg": 3.136316468464562,
  "fwhm_x": 3.146792,
  "fwhm_y": 3.2579439999999997,
  "fwhm_z": 3.004213405393687,
  "gcor": 0.0479548,
  "gsr_x": -0.018725812435150146,
  "gsr_y": 0.017872003838419914,
  "provenance": {
    "md5sum": "257e3ff6591dcd7c3810220bc64382b9",
    "settings": {
      "fd_thres": 0.2,
      "testing": false
    },
    "software": "mriqc",
    "version": "22.0.1",
    "webapi_port": null,
    "webapi_url": "https://mriqc.nimh.nih.gov/api/v1"
  },
  "size_t": 200,
  "size_x": 96,
  "size_y": 96,
  "size_z": 42,
  "snr": 3.857644047478269,
  "spacing_tr": 2.0,
  "spacing_x": 2.5,
  "spacing_y": 2.5,
  "spacing_z": 3.0001463890075684,
  "summary_bg_k": 24.477914063783228,
  "summary_bg_mad": 12.409380575961487,
  "summary_bg_mean": 75.51006317138672,
  "summary_bg_median": 8.875,
  "summary_bg_n": 266866.0,
  "summary_bg_p05": 0.10499999672174454,
  "summary_bg_p95": 438.51123809814453,
  "summary_bg_stdv": 197.923828125,
  "summary_fg_k": 1.6925964524307089,
  "summary_fg_mad": 420.9922478023404,
  "summary_fg_mean": 2046.5770263671875,
  "summary_fg_median": 1956.22998046875,
  "summary_fg_n": 62232.0,
  "summary_fg_p05": 1394.1689758300781,
  "summary_fg_p95": 3026.0544433593745,
  "summary_fg_stdv": 507.10076904296875,
  "tsnr": 75.79571226425469
}