{
  "aor": 0.005053232323232323,
  "aqi": 0.003932156515151515,
  "bids_meta": {
    "AcquisitionDateTime": "2015-11-12T17:42:24",
    "BodyPartExamined": "BRAIN",
    "ConversionSoftware": "dcm2nii",
    "ConversionSoftwareVersion": "6-2013",
    "EchoTime": 0.025,
    "FlipAngle": 75.0,
    "ImageType": "ORIGINAL_PRIMARY_EPI_NONE",
    "MagneticFieldStrength": 3.0,
    "Manufacturer": "GE MEDICAL SYSTEMS",
    "ProcedureStepDescription": "Mattfeld_WMAZE",
    "ProtocolName": "Mattfeld_WMAZE",
    "RepetitionTime": 2.0,
    "ScanningSequence": "EP_GR",
    "SequenceVariant": "S_S",
    "SliceTiming": [
      0.0,
      1.0,
      0.047619047619047616,
      1.0476190476190477,
      0.09523809523809523,
      1.0952380952380953,
      0.14285714285714285,
      1.1428571428571428,
      0.19047619047619047,
      1.1904761904761905,
      0.23809523809523808,
      1.2380952380952381,
      0.2857142857142857,
      1.2857142857142858,
      0.3333333333333333,
      1.3333333333333333,
      0.38095238095238093,
      1.380952380952381,
      0.42857142857142855,
      1.4285714285714286,
      0.47619047619047616,
      1.4761904761904763,
      0.5238095238095238,
      1.5238095238095237,
      0.5714285714285714,
      1.5714285714285714,
      0.6190476190476191,
      1.619047619047619,
      0.6666666666666666,
      1.6666666666666667,
      0.7142857142857143,
      1.7142857142857142,
      0.7619047619047619,
      1.7619047619047619,
      0.8095238095238095,
      1.8095238095238095,
      0.8571428571428571,
      1.8571428571428572,
      0.9047619047619048,
      1.9047619047619047,
      0.9523809523809523,
      1.9523809523809523
    ],
    "TaskName": "conditional visual associative learning task",
    "dataset": "ds002149",
    "modality": "bold",
    "run_id": 1,
    "subject_id": "027",
    "task_id": "condassoc"
  },
  "dummy_trs": 2,
  "dvars_nstd": 18.919112263502534,
  "dvars_std": 1.0984116422842647,
  "dvars_vstd": 0.9948653051776652,
  "efc": 0.44152353391838023,
  "fber": 50985.640625,
  "fd_mean": 0.10640165984627148,
  "fd_num": 26,
  "fd_perc": 13.131313131313131,
  "fwhm_avg": 3.1441182361653905,
  "fwhm_x": 3.156484,
  "fwhm_y": 3.2847,
  "fwhm_z": 2.991170708496172,
  "gcor": 0.0378644,
  "gsr_x": -0.01838209480047226,
  "gsr_y": 0.017398258671164513,
  "provenance": {
    "md5sum": "2d0fa591e9792c1fc86b26bd0063e963",
    "settings": {
      "fd_thres": 0.2,
      "testing": false
    },
    "software": "mriqc",
    "version": "22.0.1",
    "webapi_port": null,
    "webapi_url": "https://mriqc.nimh.nih.gov/api/v1"
  },
  "size_t": 198,
  "size_x": 96,
  "size_y": 96,
  "size_z": 42,
  "snr": 3.851630130357082,
  "spacing_tr": 2.0,
  "spacing_x": 2.5,
  "spacing_y": 2.5,
  "spacing_z": 3.0001463890075684,
  "summary_bg_k": 26.51064393624061,
  "summary_bg_mad": 12.534727690709673,
  "summary_bg_mean": 73.1955337524414,
  "summary_bg_median": 8.934343338012695,
  "summary_bg_n": 266573.0,
  "summary_bg_p05": 0.10101009905338287,
  "summary_bg_p95": 418.341418457031,
  "summary_bg_stdv": 194.74281311035156,
  "summary_fg_k": 1.8152520151063696,
  "summary_fg_mad": 421.010345973953,
  "summary_fg_mean": 2043.864990234375,
  "summary_fg_median": 1950.98486328125,
  "summary_fg_n": 62524.0,
  "summary_fg_p05": 1397.8222106933595,
  "summary_fg_p95": 3021.3890747070313,
  "summary_fg_stdv": 506.5307922363281,
  "tsnr": 67.3137695947662
}