{
  "aor": 0.0011203499999999998,
  "aqi": 0.0021466307,
  "bids_meta": {
    "AcquisitionDateTime": "1800-01-01T16:11:25",
    "BodyPartExamined": "BRAIN",
    "ConversionSoftware": "dcm2nii",
    "ConversionSoftwareVersion": "6-2013",
    "EchoTime": 0.025,
    "FlipAngle": 75.0,
    "ImageType": "ORIGINAL_PRIMARY_EPI_NONE",
    "MagneticFieldStrength": 3.0,
    "Manufacturer": "GE MEDICAL SYSTEMS",
    "ProcedureStepDescription": "Mattfeld_WMAZE",
    "ProtocolName": "Mattfeld_WMAZE",
    "RepetitionTime": 2.0,
    "ScanningSequence": "EP_GR",
    "SequenceVariant": "S_S",
    "SliceTiming": [
      0.0,
      1.0,
      0.047619047619047616,
      1.0476190476190477,
      0.09523809523809523,
      1.0952380952380953,
      0.14285714285714285,
      1.1428571428571428,
      0.19047619047619047,
      1.1904761904761905,
      0.23809523809523808,
      1.2380952380952381,
      0.2857142857142857,
      1.2857142857142858,
      0.3333333333333333,
      1.3333333333333333,
      0.38095238095238093,
      1.380952380952381,
      0.42857142857142855,
      1.4285714285714286,
      0.47619047619047616,
      1.4761904761904763,
      0.5238095238095238,
      1.5238095238095237,
      0.5714285714285714,
      1.5714285714285714,
      0.6190476190476191,
      1.619047619047619,
      0.6666666666666666,
      1.6666666666666667,
      0.7142857142857143,
      1.7142857142857142,
      0.7619047619047619,
      1.7619047619047619,
      0.8095238095238095,
      1.8095238095238095,
      0.8571428571428571,
      1.8571428571428572,
      0.9047619047619048,
      1.9047619047619047,
      0.9523809523809523,
      1.9523809523809523
    ],
    "TaskName": "conditional visual associative learning task",
    "dataset": "ds002149",
    "modality": "bold",
    "run_id": 4,
    "subject_id": "006",
    "task_id": "condassoc"
  },
  "dummy_trs": 0,
  "dvars_nstd": 17.0797475641206,
  "dvars_std": 1.1768519003015079,
  "dvars_vstd": 0.9831545321608048,
  "efc": 0.4638716611961405,
  "fber": 40647.25390625,
  "fd_mean": 0.03940264963914518,
  "fd_num": 0,
  "fd_perc": 0.0,
  "fwhm_avg": 2.8402414855252984,
  "fwhm_x": 2.456484,
  "fwhm_y": 3.2295520000000004,
  "fwhm_z": 2.834688456575894,
  "gcor": 0.00846573,
  "gsr_x": -0.026143047958612442,
  "gsr_y": 0.04143809527158737,
  "provenance": {
    "md5sum": "ac168c33e20c6a6b245fcb94bc400a42",
    "settings": {
      "fd_thres": 0.2,
      "testing": false
    },
    "software": "mriqc",
    "version": "22.0.1",
    "webapi_port": null,
    "webapi_url": "https://mriqc.nimh.nih.gov/api/v1"
  },
  "size_t": 200,
  "size_x": 96,
  "size_y": 96,
  "size_z": 42,
  "snr": 3.8880907654558086,
  "spacing_tr": 2.0,
  "spacing_x": 2.5,
  "spacing_y": 2.5,
  "spacing_z": 3.0000510215759277,
  "summary_bg_k": 17.322247654949344,
  "summary_bg_mad": 12.461271073902124,
  "summary_bg_mean": 106.77276611328125,
  "summary_bg_median": 9.0649995803833,
  "summary_bg_n": 266011.0,
  "summary_bg_p05": 0.2199999988079071,
  "summary_bg_p95": 715.9149780273438,
  "summary_bg_stdv": 276.7354431152344,
  "summary_fg_k": 1.6986099889793476,
  "summary_fg_mad": 401.51454305855145,
  "summary_fg_mean": 1871.6746826171875,
  "summary_fg_median": 1845.9024658203125,
  "summary_fg_n": 60570.0,
  "summary_fg_p05": 1199.78623046875,
  "summary_fg_p95": 2670.0908447265624,
  "summary_fg_stdv": 474.754150390625,
  "tsnr": 93.94455046392977
}