{
  "bids_meta": {
    "AcquisitionDateTime": "1800-01-01T12:25:28",
    "BodyPartExamined": "BRAIN",
    "ConversionSoftware": "dcm2nii",
    "ConversionSoftwareVersion": "6-2013",
    "EchoTime": 0.00368,
    "FlipAngle": 12.0,
    "ImageType": "ORIGINAL_PRIMARY_OTHER",
    "InversionTime": 0.65,
    "MagneticFieldStrength": 3.0,
    "Manufacturer": "GE MEDICAL SYSTEMS",
    "ProcedureStepDescription": "Mattfeld_WMAZE",
    "ProtocolName": "Mattfeld_WMAZE",
    "RepetitionTime": 0.009184,
    "ScanningSequence": "G_R",
    "SequenceVariant": "SS_SK",
    "dataset": "ds002149",
    "modality": "T1w",
    "run_id": 1,
    "subject_id": "018"
  },
  "cjv": 0.4381503098488201,
  "cnr": 3.068916182563963,
  "efc": 0.5031138255440344,
  "fber": 6702.053651147959,
  "fwhm_avg": 3.6189199999999997,
  "fwhm_x": 3.65242,
  "fwhm_y": 3.69588,
  "fwhm_z": 3.50846,
  "icvs_csf": 0.16597703905247327,
  "icvs_gm": 0.40251561165580835,
  "icvs_wm": 0.43150734929171836,
  "inu_med": 0.9373385310173035,
  "inu_range": 0.2994981348514558,
  "provenance": {
    "md5sum": "d77672d6cc8c2d6b926bb3dd709e6377",
    "settings": {
      "testing": false
    },
    "software": "mriqc",
    "version": "22.0.1",
    "warnings": {
      "large_rot_frame": true,
      "small_air_mask": false
    },
    "webapi_port": null,
    "webapi_url": "https://mriqc.nimh.nih.gov/api/v1"
  },
  "qi_1": 0.0004939172350472193,
  "qi_2": 0.001004395465587789,
  "rpve_csf": 36.035642805813076,
  "rpve_gm": 14.787007107754842,
  "rpve_wm": 15.69776376429977,
  "size_x": 186,
  "size_y": 256,
  "size_z": 256,
  "snr_csf": 2.753689702991727,
  "snr_gm": 16.269198444619352,
  "snr_total": 11.834838671571225,
  "snr_wm": 16.481627867102592,
  "snrd_csf": 24.09284064774214,
  "snrd_gm": 56.39733641648598,
  "snrd_total": 51.54549069435285,
  "snrd_wm": 74.14629501883044,
  "spacing_x": 1.0,
  "spacing_y": 1.0,
  "spacing_z": 1.0,
  "summary_bg_k": 28.06972742685652,
  "summary_bg_mad": 8.83621417066073,
  "summary_bg_mean": 10.315826210424754,
  "summary_bg_median": 5.959935888648033,
  "summary_bg_n": 3653427.0,
  "summary_bg_p05": 0.0,
  "summary_bg_p95": 39.429390670731664,
  "summary_bg_stdv": 14.736481330464223,
  "summary_csf_k": 3.7538662697865552,
  "summary_csf_mad": 98.4665162443536,
  "summary_csf_mean": 318.06590476099393,
  "summary_csf_median": 324.9544674102217,
  "summary_csf_n": 29509.0,
  "summary_csf_p05": 84.4544989258051,
  "summary_csf_p95": 488.9134073987602,
  "summary_csf_stdv": 118.00493025321683,
  "summary_gm_k": 0.1333328457519336,
  "summary_gm_mad": 46.06285720446288,
  "summary_gm_mean": 758.2924126654318,
  "summary_gm_median": 760.664410084486,
  "summary_gm_n": 27445.0,
  "summary_gm_p05": 677.3632691223174,
  "summary_gm_p95": 831.6262763734907,
  "summary_gm_stdv": 46.75402753058552,
  "summary_wm_k": 0.5625790846069023,
  "summary_wm_mad": 58.826277673195044,
  "summary_wm_mean": 1009.528613468439,
  "summary_wm_median": 1000.0551682785153,
  "summary_wm_n": 188012.0,
  "summary_wm_p05": 929.1153758261353,
  "summary_wm_p95": 1125.0482681654394,
  "summary_wm_stdv": 60.67680430521399,
  "tpm_overlap_csf": 0.13712648142887157,
  "tpm_overlap_gm": 0.4504394327222028,
  "tpm_overlap_wm": 0.4613582963774401,
  "wm2max": 0.6379413524835428
}