{
  "bids_meta": {
    "AcquisitionDateTime": "1800-01-01T15:15:03",
    "BodyPartExamined": "BRAIN",
    "ConversionSoftware": "dcm2nii",
    "ConversionSoftwareVersion": "6-2013",
    "EchoTime": 0.00368,
    "FlipAngle": 12.0,
    "ImageType": "ORIGINAL_PRIMARY_OTHER",
    "InversionTime": 0.65,
    "MagneticFieldStrength": 3.0,
    "Manufacturer": "GE MEDICAL SYSTEMS",
    "ProcedureStepDescription": "Mattfeld_WMAZE",
    "ProtocolName": "Mattfeld_WMAZE",
    "RepetitionTime": 0.009184,
    "ScanningSequence": "G_R",
    "SequenceVariant": "SS_SK",
    "dataset": "ds002149",
    "modality": "T1w",
    "run_id": 1,
    "subject_id": "021"
  },
  "cjv": 0.39968619982470494,
  "cnr": 3.396157747132436,
  "efc": 0.4648465952554457,
  "fber": 16575.446189314713,
  "fwhm_avg": 3.625856666666667,
  "fwhm_x": 3.54426,
  "fwhm_y": 3.76601,
  "fwhm_z": 3.5673,
  "icvs_csf": 0.17148815076020874,
  "icvs_gm": 0.4132368463367705,
  "icvs_wm": 0.4152750029030208,
  "inu_med": 0.831550121307373,
  "inu_range": 0.254071906208992,
  "provenance": {
    "md5sum": "6978211c2e4118b529b7561e82ded7d5",
    "settings": {
      "testing": false
    },
    "software": "mriqc",
    "version": "22.0.1",
    "warnings": {
      "large_rot_frame": true,
      "small_air_mask": false
    },
    "webapi_port": null,
    "webapi_url": "https://mriqc.nimh.nih.gov/api/v1"
  },
  "qi_1": 0.002127267971830167,
  "qi_2": 0.0008789890505890563,
  "rpve_csf": 34.70702993127993,
  "rpve_gm": 14.759722817036911,
  "rpve_wm": 16.590741150093155,
  "size_x": 186,
  "size_y": 256,
  "size_z": 256,
  "snr_csf": 2.8738097954694766,
  "snr_gm": 18.72554664233573,
  "snr_total": 13.334820018675783,
  "snr_wm": 18.405103618222142,
  "snrd_csf": 28.227360550469466,
  "snrd_gm": 62.58234885939317,
  "snrd_total": 57.5212061390755,
  "snrd_wm": 81.75390900736386,
  "spacing_x": 1.0,
  "spacing_y": 1.0,
  "spacing_z": 1.0,
  "summary_bg_k": 20.34101269306437,
  "summary_bg_mad": 8.013792116358376,
  "summary_bg_mean": 8.429225836675062,
  "summary_bg_median": 5.40522064268589,
  "summary_bg_n": 3367823.0,
  "summary_bg_p05": 0.0,
  "summary_bg_p95": 31.57606742531061,
  "summary_bg_stdv": 12.030233729495333,
  "summary_csf_k": 3.2956921884745567,
  "summary_csf_mad": 94.89750031459825,
  "summary_csf_mean": 333.930207843642,
  "summary_csf_median": 345.2841262444854,
  "summary_csf_n": 22047.0,
  "summary_csf_p05": 104.51233584433794,
  "summary_csf_p95": 518.7506565660241,
  "summary_csf_stdv": 120.1458412670858,
  "summary_gm_k": 0.2995009132994806,
  "summary_gm_mad": 40.01824037852379,
  "summary_gm_mean": 765.4092170630784,
  "summary_gm_median": 765.5229260846972,
  "summary_gm_n": 26863.0,
  "summary_gm_p05": 698.573452681303,
  "summary_gm_p95": 831.4768810026347,
  "summary_gm_stdv": 40.88044487695767,
  "summary_wm_k": 0.4848465224792342,
  "summary_wm_mad": 53.712695260908355,
  "summary_wm_mean": 1006.7506627988427,
  "summary_wm_median": 1000.0342394113541,
  "summary_wm_n": 183701.0,
  "summary_wm_p05": 931.7847762331367,
  "summary_wm_p95": 1107.7623394355178,
  "summary_wm_stdv": 54.334468212942504,
  "tpm_overlap_csf": 0.13190703115165636,
  "tpm_overlap_gm": 0.4555560865129009,
  "tpm_overlap_wm": 0.46802329379413987,
  "wm2max": 0.5836128413991375
}