{
  "aor": 0.0019088,
  "aqi": 0.002052641395,
  "bids_meta": {
    "AcquisitionDateTime": "1800-01-01T16:00:17",
    "BodyPartExamined": "BRAIN",
    "ConversionSoftware": "dcm2nii",
    "ConversionSoftwareVersion": "6-2013",
    "EchoTime": 0.025,
    "FlipAngle": 75.0,
    "ImageType": "ORIGINAL_PRIMARY_EPI_NONE",
    "MagneticFieldStrength": 3.0,
    "Manufacturer": "GE MEDICAL SYSTEMS",
    "ProcedureStepDescription": "Mattfeld_WMAZE",
    "ProtocolName": "Mattfeld_WMAZE",
    "RepetitionTime": 2.0,
    "ScanningSequence": "EP_GR",
    "SequenceVariant": "S_S",
    "SliceTiming": [
      0.0,
      1.0,
      0.047619047619047616,
      1.0476190476190477,
      0.09523809523809523,
      1.0952380952380953,
      0.14285714285714285,
      1.1428571428571428,
      0.19047619047619047,
      1.1904761904761905,
      0.23809523809523808,
      1.2380952380952381,
      0.2857142857142857,
      1.2857142857142858,
      0.3333333333333333,
      1.3333333333333333,
      0.38095238095238093,
      1.380952380952381,
      0.42857142857142855,
      1.4285714285714286,
      0.47619047619047616,
      1.4761904761904763,
      0.5238095238095238,
      1.5238095238095237,
      0.5714285714285714,
      1.5714285714285714,
      0.6190476190476191,
      1.619047619047619,
      0.6666666666666666,
      1.6666666666666667,
      0.7142857142857143,
      1.7142857142857142,
      0.7619047619047619,
      1.7619047619047619,
      0.8095238095238095,
      1.8095238095238095,
      0.8571428571428571,
      1.8571428571428572,
      0.9047619047619048,
      1.9047619047619047,
      0.9523809523809523,
      1.9523809523809523
    ],
    "TaskName": "conditional visual associative learning task",
    "dataset": "ds002149",
    "modality": "bold",
    "run_id": 3,
    "subject_id": "004",
    "task_id": "condassoc"
  },
  "dummy_trs": 0,
  "dvars_nstd": 14.953724856180918,
  "dvars_std": 1.1464987842211045,
  "dvars_vstd": 0.9998675663316581,
  "efc": 0.42034529448171115,
  "fber": 52691.84375,
  "fd_mean": 0.07486466624582827,
  "fd_num": 4,
  "fd_perc": 2.0,
  "fwhm_avg": 3.003612285680552,
  "fwhm_x": 2.9781880000000003,
  "fwhm_y": 3.169352,
  "fwhm_z": 2.8632968570416555,
  "gcor": 0.0138903,
  "gsr_x": -0.02260242961347103,
  "gsr_y": 0.019289609044790268,
  "provenance": {
    "md5sum": "71c56d2a956746905fc159e7b24f3df6",
    "settings": {
      "fd_thres": 0.2,
      "testing": false
    },
    "software": "mriqc",
    "version": "22.0.1",
    "webapi_port": null,
    "webapi_url": "https://mriqc.nimh.nih.gov/api/v1"
  },
  "size_t": 200,
  "size_x": 96,
  "size_y": 96,
  "size_z": 42,
  "snr": 4.350659163701218,
  "spacing_tr": 2.0,
  "spacing_x": 2.5,
  "spacing_y": 2.5,
  "spacing_z": 3.0000312328338623,
  "summary_bg_k": 26.933909293407332,
  "summary_bg_mad": 12.920878030283594,
  "summary_bg_mean": 74.89569854736328,
  "summary_bg_median": 9.114999771118164,
  "summary_bg_n": 276781.0,
  "summary_bg_p05": 0.08999999612569809,
  "summary_bg_p95": 420.25,
  "summary_bg_stdv": 197.39793395996094,
  "summary_fg_k": 0.6990165570904372,
  "summary_fg_mad": 421.0034686687402,
  "summary_fg_mean": 2136.626953125,
  "summary_fg_median": 2077.1748046875,
  "summary_fg_n": 53034.0,
  "summary_fg_p05": 1455.7554260253905,
  "summary_fg_p95": 3026.223352050781,
  "summary_fg_stdv": 477.4346008300781,
  "tsnr": 99.07351259421557
}