{
  "aor": 0.0017399,
  "aqi": 0.00212215592,
  "bids_meta": {
    "AcquisitionDateTime": "1800-01-01T16:08:11",
    "BodyPartExamined": "BRAIN",
    "ConversionSoftware": "dcm2nii",
    "ConversionSoftwareVersion": "6-2013",
    "EchoTime": 0.025,
    "FlipAngle": 75.0,
    "ImageType": "ORIGINAL_PRIMARY_EPI_NONE",
    "MagneticFieldStrength": 3.0,
    "Manufacturer": "GE MEDICAL SYSTEMS",
    "ProcedureStepDescription": "Mattfeld_WMAZE",
    "ProtocolName": "Mattfeld_WMAZE",
    "RepetitionTime": 2.0,
    "ScanningSequence": "EP_GR",
    "SequenceVariant": "S_S",
    "SliceTiming": [
      0.0,
      1.0,
      0.047619047619047616,
      1.0476190476190477,
      0.09523809523809523,
      1.0952380952380953,
      0.14285714285714285,
      1.1428571428571428,
      0.19047619047619047,
      1.1904761904761905,
      0.23809523809523808,
      1.2380952380952381,
      0.2857142857142857,
      1.2857142857142858,
      0.3333333333333333,
      1.3333333333333333,
      0.38095238095238093,
      1.380952380952381,
      0.42857142857142855,
      1.4285714285714286,
      0.47619047619047616,
      1.4761904761904763,
      0.5238095238095238,
      1.5238095238095237,
      0.5714285714285714,
      1.5714285714285714,
      0.6190476190476191,
      1.619047619047619,
      0.6666666666666666,
      1.6666666666666667,
      0.7142857142857143,
      1.7142857142857142,
      0.7619047619047619,
      1.7619047619047619,
      0.8095238095238095,
      1.8095238095238095,
      0.8571428571428571,
      1.8571428571428572,
      0.9047619047619048,
      1.9047619047619047,
      0.9523809523809523,
      1.9523809523809523
    ],
    "TaskName": "conditional visual associative learning task",
    "dataset": "ds002149",
    "modality": "bold",
    "run_id": 4,
    "subject_id": "004",
    "task_id": "condassoc"
  },
  "dummy_trs": 0,
  "dvars_nstd": 15.294481147939704,
  "dvars_std": 1.1441110671356776,
  "dvars_vstd": 0.9963156479396988,
  "efc": 0.4204667422470593,
  "fber": 51927.2734375,
  "fd_mean": 0.0937559411928425,
  "fd_num": 5,
  "fd_perc": 2.5,
  "fwhm_avg": 3.0222993358072983,
  "fwhm_x": 2.987724,
  "fwhm_y": 3.198304,
  "fwhm_z": 2.880870007421893,
  "gcor": 0.0198211,
  "gsr_x": -0.022828057408332825,
  "gsr_y": 0.018871251493692398,
  "provenance": {
    "md5sum": "32767beba16009a2b685ef1ebc99f09b",
    "settings": {
      "fd_thres": 0.2,
      "testing": false
    },
    "software": "mriqc",
    "version": "22.0.1",
    "webapi_port": null,
    "webapi_url": "https://mriqc.nimh.nih.gov/api/v1"
  },
  "size_t": 200,
  "size_x": 96,
  "size_y": 96,
  "size_z": 42,
  "snr": 4.3357027368892656,
  "spacing_tr": 2.0,
  "spacing_x": 2.5,
  "spacing_y": 2.5,
  "spacing_z": 3.0000312328338623,
  "summary_bg_k": 28.151902623246812,
  "summary_bg_mad": 13.032073046442552,
  "summary_bg_mean": 75.41874694824219,
  "summary_bg_median": 9.194999694824219,
  "summary_bg_n": 276914.0,
  "summary_bg_p05": 0.08999999612569809,
  "summary_bg_p95": 425.9617431640624,
  "summary_bg_stdv": 198.72293090820312,
  "summary_fg_k": 0.6578652698968974,
  "summary_fg_mad": 420.7216801367318,
  "summary_fg_mean": 2137.2490234375,
  "summary_fg_median": 2075.8525390625,
  "summary_fg_n": 52936.0,
  "summary_fg_p05": 1456.9174194335938,
  "summary_fg_p95": 3032.9262084960938,
  "summary_fg_stdv": 478.7765808105469,
  "tsnr": 96.16584618180059
}