{
  "aor": 0.0009264,
  "aqi": 0.0025918547000000004,
  "bids_meta": {
    "AcquisitionDateTime": "1800-01-01T16:01:38",
    "BodyPartExamined": "BRAIN",
    "ConversionSoftware": "dcm2nii",
    "ConversionSoftwareVersion": "6-2013",
    "EchoTime": 0.025,
    "FlipAngle": 75.0,
    "ImageType": "ORIGINAL_PRIMARY_EPI_NONE",
    "MagneticFieldStrength": 3.0,
    "Manufacturer": "GE MEDICAL SYSTEMS",
    "ProcedureStepDescription": "Mattfeld_WMAZE",
    "ProtocolName": "Mattfeld_WMAZE",
    "RepetitionTime": 2.0,
    "ScanningSequence": "EP_GR",
    "SequenceVariant": "S_S",
    "SliceTiming": [
      0.0,
      1.0,
      0.047619047619047616,
      1.0476190476190477,
      0.09523809523809523,
      1.0952380952380953,
      0.14285714285714285,
      1.1428571428571428,
      0.19047619047619047,
      1.1904761904761905,
      0.23809523809523808,
      1.2380952380952381,
      0.2857142857142857,
      1.2857142857142858,
      0.3333333333333333,
      1.3333333333333333,
      0.38095238095238093,
      1.380952380952381,
      0.42857142857142855,
      1.4285714285714286,
      0.47619047619047616,
      1.4761904761904763,
      0.5238095238095238,
      1.5238095238095237,
      0.5714285714285714,
      1.5714285714285714,
      0.6190476190476191,
      1.619047619047619,
      0.6666666666666666,
      1.6666666666666667,
      0.7142857142857143,
      1.7142857142857142,
      0.7619047619047619,
      1.7619047619047619,
      0.8095238095238095,
      1.8095238095238095,
      0.8571428571428571,
      1.8571428571428572,
      0.9047619047619048,
      1.9047619047619047,
      0.9523809523809523,
      1.9523809523809523
    ],
    "TaskName": "conditional visual associative learning task",
    "dataset": "ds002149",
    "modality": "bold",
    "run_id": 5,
    "subject_id": "024",
    "task_id": "condassoc"
  },
  "dummy_trs": 0,
  "dvars_nstd": 15.718435790954778,
  "dvars_std": 1.0728700362311556,
  "dvars_vstd": 0.9739615583417088,
  "efc": 0.41546914535355095,
  "fber": 84531.4453125,
  "fd_mean": 0.10047007777547722,
  "fd_num": 19,
  "fd_perc": 9.5,
  "fwhm_avg": 3.3081711624973167,
  "fwhm_x": 3.2872280000000003,
  "fwhm_y": 3.50472,
  "fwhm_z": 3.1325654874919495,
  "gcor": 0.0256604,
  "gsr_x": -0.015041396953165531,
  "gsr_y": 0.015879053622484207,
  "provenance": {
    "md5sum": "9189b962e88d4167c2a8500410b3bcee",
    "settings": {
      "fd_thres": 0.2,
      "testing": false
    },
    "software": "mriqc",
    "version": "22.0.1",
    "webapi_port": null,
    "webapi_url": "https://mriqc.nimh.nih.gov/api/v1"
  },
  "size_t": 200,
  "size_x": 96,
  "size_y": 96,
  "size_z": 42,
  "snr": 3.6059875647045883,
  "spacing_tr": 2.0,
  "spacing_x": 2.5,
  "spacing_y": 2.5,
  "spacing_z": 3.000282049179077,
  "summary_bg_k": 32.160165878068945,
  "summary_bg_mad": 9.844478886408359,
  "summary_bg_mean": 63.14888000488281,
  "summary_bg_median": 7.170000076293945,
  "summary_bg_n": 272721.0,
  "summary_bg_p05": 0.19999998807907104,
  "summary_bg_p95": 349.2850036621094,
  "summary_bg_stdv": 188.70843505859375,
  "summary_fg_k": 1.0828468147808339,
  "summary_fg_mad": 462.26060362201076,
  "summary_fg_mean": 2165.827392578125,
  "summary_fg_median": 2046.125,
  "summary_fg_n": 56093.0,
  "summary_fg_p05": 1449.7530029296875,
  "summary_fg_p95": 3313.406884765623,
  "summary_fg_stdv": 567.4192504882812,
  "tsnr": 83.633369888179
}