{
  "aor": 0.0015281000000000001,
  "aqi": 0.0030742942,
  "bids_meta": {
    "AcquisitionDateTime": "1800-01-01T16:09:41",
    "BodyPartExamined": "BRAIN",
    "ConversionSoftware": "dcm2nii",
    "ConversionSoftwareVersion": "6-2013",
    "EchoTime": 0.025,
    "FlipAngle": 75.0,
    "ImageType": "ORIGINAL_PRIMARY_EPI_NONE",
    "MagneticFieldStrength": 3.0,
    "Manufacturer": "GE MEDICAL SYSTEMS",
    "ProcedureStepDescription": "Mattfeld_WMAZE",
    "ProtocolName": "Mattfeld_WMAZE",
    "RepetitionTime": 2.0,
    "ScanningSequence": "EP_GR",
    "SequenceVariant": "S_S",
    "SliceTiming": [
      0.0,
      1.0,
      0.047619047619047616,
      1.0476190476190477,
      0.09523809523809523,
      1.0952380952380953,
      0.14285714285714285,
      1.1428571428571428,
      0.19047619047619047,
      1.1904761904761905,
      0.23809523809523808,
      1.2380952380952381,
      0.2857142857142857,
      1.2857142857142858,
      0.3333333333333333,
      1.3333333333333333,
      0.38095238095238093,
      1.380952380952381,
      0.42857142857142855,
      1.4285714285714286,
      0.47619047619047616,
      1.4761904761904763,
      0.5238095238095238,
      1.5238095238095237,
      0.5714285714285714,
      1.5714285714285714,
      0.6190476190476191,
      1.619047619047619,
      0.6666666666666666,
      1.6666666666666667,
      0.7142857142857143,
      1.7142857142857142,
      0.7619047619047619,
      1.7619047619047619,
      0.8095238095238095,
      1.8095238095238095,
      0.8571428571428571,
      1.8571428571428572,
      0.9047619047619048,
      1.9047619047619047,
      0.9523809523809523,
      1.9523809523809523
    ],
    "TaskName": "conditional visual associative learning task",
    "dataset": "ds002149",
    "modality": "bold",
    "run_id": 6,
    "subject_id": "024",
    "task_id": "condassoc"
  },
  "dummy_trs": 0,
  "dvars_nstd": 14.738036170150746,
  "dvars_std": 1.045062530351758,
  "dvars_vstd": 0.9634672686934674,
  "efc": 0.415044017176457,
  "fber": 82154.8125,
  "fd_mean": 0.07478196153781032,
  "fd_num": 17,
  "fd_perc": 8.5,
  "fwhm_avg": 3.2699962105260645,
  "fwhm_x": 3.2925759999999995,
  "fwhm_y": 3.4253799999999996,
  "fwhm_z": 3.0920326315781947,
  "gcor": 0.0222702,
  "gsr_x": -0.01639282889664173,
  "gsr_y": 0.01579623855650425,
  "provenance": {
    "md5sum": "839693b4a193cecd11644e186528bba4",
    "settings": {
      "fd_thres": 0.2,
      "testing": false
    },
    "software": "mriqc",
    "version": "22.0.1",
    "webapi_port": null,
    "webapi_url": "https://mriqc.nimh.nih.gov/api/v1"
  },
  "size_t": 200,
  "size_x": 96,
  "size_y": 96,
  "size_z": 42,
  "snr": 3.6641314861279444,
  "spacing_tr": 2.0,
  "spacing_x": 2.5,
  "spacing_y": 2.5,
  "spacing_z": 3.000282049179077,
  "summary_bg_k": 32.28233561122878,
  "summary_bg_mad": 10.007564356322963,
  "summary_bg_mean": 64.78368377685547,
  "summary_bg_median": 7.294999599456787,
  "summary_bg_n": 273418.0,
  "summary_bg_p05": 0.20499999821186066,
  "summary_bg_p95": 359.03299713134754,
  "summary_bg_stdv": 194.7574920654297,
  "summary_fg_k": 1.070898229903607,
  "summary_fg_mad": 453.5132143364845,
  "summary_fg_mean": 2161.09423828125,
  "summary_fg_median": 2042.43994140625,
  "summary_fg_n": 55813.0,
  "summary_fg_p05": 1451.9429443359375,
  "summary_fg_p95": 3293.23193359375,
  "summary_fg_stdv": 557.4094848632812,
  "tsnr": 82.28142607910559
}