{
  "aor": 0.0013791919191919195,
  "aqi": 0.0019064225252525256,
  "bids_meta": {
    "AcquisitionDateTime": "1800-01-01T15:45:42",
    "BodyPartExamined": "BRAIN",
    "ConversionSoftware": "dcm2nii",
    "ConversionSoftwareVersion": "6-2013",
    "EchoTime": 0.025,
    "FlipAngle": 75.0,
    "ImageType": "ORIGINAL_PRIMARY_EPI_NONE",
    "MagneticFieldStrength": 3.0,
    "Manufacturer": "GE MEDICAL SYSTEMS",
    "ProcedureStepDescription": "Mattfeld_WMAZE",
    "ProtocolName": "Mattfeld_WMAZE",
    "RepetitionTime": 2.0,
    "ScanningSequence": "EP_GR",
    "SequenceVariant": "S_S",
    "SliceTiming": [
      0.0,
      1.0,
      0.047619047619047616,
      1.0476190476190477,
      0.09523809523809523,
      1.0952380952380953,
      0.14285714285714285,
      1.1428571428571428,
      0.19047619047619047,
      1.1904761904761905,
      0.23809523809523808,
      1.2380952380952381,
      0.2857142857142857,
      1.2857142857142858,
      0.3333333333333333,
      1.3333333333333333,
      0.38095238095238093,
      1.380952380952381,
      0.42857142857142855,
      1.4285714285714286,
      0.47619047619047616,
      1.4761904761904763,
      0.5238095238095238,
      1.5238095238095237,
      0.5714285714285714,
      1.5714285714285714,
      0.6190476190476191,
      1.619047619047619,
      0.6666666666666666,
      1.6666666666666667,
      0.7142857142857143,
      1.7142857142857142,
      0.7619047619047619,
      1.7619047619047619,
      0.8095238095238095,
      1.8095238095238095,
      0.8571428571428571,
      1.8571428571428572,
      0.9047619047619048,
      1.9047619047619047,
      0.9523809523809523,
      1.9523809523809523
    ],
    "TaskName": "conditional visual associative learning task",
    "dataset": "ds002149",
    "modality": "bold",
    "run_id": 3,
    "subject_id": "024",
    "task_id": "condassoc"
  },
  "dummy_trs": 2,
  "dvars_nstd": 14.291608190913704,
  "dvars_std": 1.1276059885279188,
  "dvars_vstd": 1.0032489089847714,
  "efc": 0.41605335729359216,
  "fber": 81465.625,
  "fd_mean": 0.052516510012249815,
  "fd_num": 3,
  "fd_perc": 1.5151515151515151,
  "fwhm_avg": 3.2979176488273487,
  "fwhm_x": 3.293392,
  "fwhm_y": 3.4691319999999997,
  "fwhm_z": 3.1312289464820475,
  "gcor": 0.0253358,
  "gsr_x": -0.01662721298635006,
  "gsr_y": 0.013779625296592712,
  "provenance": {
    "md5sum": "41be759e9f56208034cdb704f5807e82",
    "settings": {
      "fd_thres": 0.2,
      "testing": false
    },
    "software": "mriqc",
    "version": "22.0.1",
    "webapi_port": null,
    "webapi_url": "https://mriqc.nimh.nih.gov/api/v1"
  },
  "size_t": 198,
  "size_x": 96,
  "size_y": 96,
  "size_z": 42,
  "snr": 3.63938131461209,
  "spacing_tr": 2.0,
  "spacing_x": 2.5,
  "spacing_y": 2.5,
  "spacing_z": 3.000282049179077,
  "summary_bg_k": 32.82880095732193,
  "summary_bg_mad": 10.018796887559958,
  "summary_bg_mean": 64.88368225097656,
  "summary_bg_median": 7.297979831695557,
  "summary_bg_n": 272998.0,
  "summary_bg_p05": 0.20202019810676575,
  "summary_bg_p95": 357.14368896484365,
  "summary_bg_stdv": 196.7889862060547,
  "summary_fg_k": 0.9517243820313062,
  "summary_fg_mad": 464.144261323452,
  "summary_fg_mean": 2160.9375,
  "summary_fg_median": 2039.2474365234375,
  "summary_fg_n": 56131.0,
  "summary_fg_p05": 1449.58837890625,
  "summary_fg_p95": 3293.785400390625,
  "summary_fg_stdv": 560.3230590820312,
  "tsnr": 100.38445050409064
}