{
  "bids_meta": {
    "AcquisitionDateTime": "1800-01-01T15:32:52",
    "BodyPartExamined": "BRAIN",
    "ConversionSoftware": "dcm2nii",
    "ConversionSoftwareVersion": "6-2013",
    "EchoTime": 0.00368,
    "FlipAngle": 12.0,
    "ImageType": "ORIGINAL_PRIMARY_OTHER",
    "InversionTime": 0.65,
    "MagneticFieldStrength": 3.0,
    "Manufacturer": "GE MEDICAL SYSTEMS",
    "ProcedureStepDescription": "Mattfeld_WMAZE",
    "ProtocolName": "Mattfeld_WMAZE",
    "RepetitionTime": 0.009184,
    "ScanningSequence": "G_R",
    "SequenceVariant": "SS_SK",
    "dataset": "ds002149",
    "modality": "T1w",
    "run_id": 1,
    "subject_id": "006"
  },
  "cjv": 0.4078014088285374,
  "cnr": 3.2417499085416797,
  "efc": 0.5007936870588034,
  "fber": 6693.434232335166,
  "fwhm_avg": 3.319993333333333,
  "fwhm_x": 3.29919,
  "fwhm_y": 3.45495,
  "fwhm_z": 3.20584,
  "icvs_csf": 0.1558260029009983,
  "icvs_gm": 0.41433795873304685,
  "icvs_wm": 0.42983603836595485,
  "inu_med": 0.8854797780513763,
  "inu_range": 0.200530907511711,
  "provenance": {
    "md5sum": "3aa0aa939c7f82d9c896380c3c55985b",
    "settings": {
      "testing": false
    },
    "software": "mriqc",
    "version": "22.0.1",
    "warnings": {
      "large_rot_frame": true,
      "small_air_mask": false
    },
    "webapi_port": null,
    "webapi_url": "https://mriqc.nimh.nih.gov/api/v1"
  },
  "qi_1": 8.270910930560189e-05,
  "qi_2": 0.001327589883895103,
  "rpve_csf": 36.44849628692414,
  "rpve_gm": 14.524863279127883,
  "rpve_wm": 16.252718110837364,
  "size_x": 186,
  "size_y": 256,
  "size_z": 256,
  "snr_csf": 1.933015340788587,
  "snr_gm": 15.609729844624972,
  "snr_total": 12.184901023484704,
  "snr_wm": 19.011957885040548,
  "snrd_csf": 24.558912672315497,
  "snrd_gm": 61.44835356066789,
  "snrd_total": 55.546960832024986,
  "snrd_wm": 80.63361626309157,
  "spacing_x": 1.0,
  "spacing_y": 1.0,
  "spacing_z": 1.0,
  "summary_bg_k": 14.804063386073839,
  "summary_bg_mad": 8.125302083120982,
  "summary_bg_mean": 10.946823199686682,
  "summary_bg_median": 5.480432972311974,
  "summary_bg_n": 3747890.0,
  "summary_bg_p05": 0.0,
  "summary_bg_p95": 45.275536715984344,
  "summary_bg_stdv": 15.397314692911698,
  "summary_csf_k": 3.032891627469918,
  "summary_csf_mad": 152.8495896892633,
  "summary_csf_mean": 298.55445904106443,
  "summary_csf_median": 304.59089785814285,
  "summary_csf_n": 12822.0,
  "summary_csf_p05": 54.50139121711254,
  "summary_csf_p95": 544.8211331218481,
  "summary_csf_stdv": 157.56678880524763,
  "summary_gm_k": 0.22841119576162727,
  "summary_gm_mad": 47.13900128122198,
  "summary_gm_mean": 760.7897367176097,
  "summary_gm_median": 762.110661521554,
  "summary_gm_n": 31950.0,
  "summary_gm_p05": 677.9488365799189,
  "summary_gm_p95": 839.0570420473814,
  "summary_gm_stdv": 48.82203230930537,
  "summary_wm_k": 0.6187761203301458,
  "summary_wm_mad": 49.89507108328563,
  "summary_wm_mean": 1007.8671514259663,
  "summary_wm_median": 1000.055088058114,
  "summary_wm_n": 207446.0,
  "summary_wm_p05": 936.2727626115084,
  "summary_wm_p95": 1107.4330185055733,
  "summary_wm_stdv": 52.60124621060275,
  "tpm_overlap_csf": 0.1385744870933381,
  "tpm_overlap_gm": 0.4597483042305754,
  "tpm_overlap_wm": 0.4893213068184015,
  "wm2max": 0.7129820987263169
}