{
  "bids_meta": {
    "AcquisitionDateTime": "1800-01-01T11:24:35",
    "BodyPartExamined": "BRAIN",
    "ConversionSoftware": "dcm2nii",
    "ConversionSoftwareVersion": "6-2013",
    "EchoTime": 0.00368,
    "FlipAngle": 12.0,
    "ImageType": "ORIGINAL_PRIMARY_OTHER",
    "InversionTime": 0.65,
    "MagneticFieldStrength": 3.0,
    "Manufacturer": "GE MEDICAL SYSTEMS",
    "ProcedureStepDescription": "Mattfeld_WMAZE",
    "ProtocolName": "Mattfeld_WMAZE",
    "RepetitionTime": 0.009184,
    "ScanningSequence": "G_R",
    "SequenceVariant": "SS_SK",
    "dataset": "ds002149",
    "modality": "T1w",
    "run_id": 1,
    "subject_id": "010"
  },
  "cjv": 0.40879308263155917,
  "cnr": 3.306083056339504,
  "efc": 0.48879522559750477,
  "fber": 9242.883774492371,
  "fwhm_avg": 3.55387,
  "fwhm_x": 3.44043,
  "fwhm_y": 3.75672,
  "fwhm_z": 3.46446,
  "icvs_csf": 0.13356929696323855,
  "icvs_gm": 0.4103084584218199,
  "icvs_wm": 0.45612224461494155,
  "inu_med": 0.7717797756195068,
  "inu_range": 0.28280702233314514,
  "provenance": {
    "md5sum": "8a699693f6f2e8a6aaf5f46e64a3662e",
    "settings": {
      "testing": false
    },
    "software": "mriqc",
    "version": "22.0.1",
    "warnings": {
      "large_rot_frame": true,
      "small_air_mask": false
    },
    "webapi_port": null,
    "webapi_url": "https://mriqc.nimh.nih.gov/api/v1"
  },
  "qi_1": 0.003130859370706792,
  "qi_2": 0.001119034043137152,
  "rpve_csf": 41.357031108869116,
  "rpve_gm": 14.294761725828929,
  "rpve_wm": 14.871147079434792,
  "size_x": 186,
  "size_y": 256,
  "size_z": 256,
  "snr_csf": 2.34490563760754,
  "snr_gm": 17.271641743920313,
  "snr_total": 13.167248679959265,
  "snr_wm": 19.885198658349942,
  "snrd_csf": 28.536045025816033,
  "snrd_gm": 62.369359603999044,
  "snrd_total": 57.19631412823699,
  "snrd_wm": 80.6835377548959,
  "spacing_x": 1.0,
  "spacing_y": 1.0,
  "spacing_z": 1.0,
  "summary_bg_k": 12.7194618352531,
  "summary_bg_mad": 8.120095025734534,
  "summary_bg_mean": 9.437974686818736,
  "summary_bg_median": 5.476920865476131,
  "summary_bg_n": 3827038.0,
  "summary_bg_p05": 0.0,
  "summary_bg_p95": 37.28265408426523,
  "summary_bg_stdv": 13.486894988990226,
  "summary_csf_k": 4.465765824771603,
  "summary_csf_mad": 110.47731696157497,
  "summary_csf_mean": 333.5216986334213,
  "summary_csf_median": 353.6903113126755,
  "summary_csf_n": 12592.0,
  "summary_csf_p05": 70.42957304511219,
  "summary_csf_p95": 545.2918094815684,
  "summary_csf_stdv": 150.82750500266798,
  "summary_gm_k": 0.24817705174081617,
  "summary_gm_mad": 43.82894664492857,
  "summary_gm_mean": 771.4249103956854,
  "summary_gm_median": 773.0376860126853,
  "summary_gm_n": 30486.0,
  "summary_gm_p05": 695.9978654049337,
  "summary_gm_p95": 841.2929874612018,
  "summary_gm_stdv": 44.7568921820764,
  "summary_wm_k": 0.29465479867928757,
  "summary_wm_mad": 48.96515132988114,
  "summary_wm_mean": 1006.0282225370366,
  "summary_wm_median": 1000.0329604372382,
  "summary_wm_n": 205190.0,
  "summary_wm_p05": 935.0687605328858,
  "summary_wm_p95": 1100.3991849720478,
  "summary_wm_stdv": 50.29019527386556,
  "tpm_overlap_csf": 0.12370913306201312,
  "tpm_overlap_gm": 0.4419583859329981,
  "tpm_overlap_wm": 0.4658533575952628,
  "wm2max": 0.5841297947581643
}